##TITLE=Parameter List, ParaVision 360 V3.6
##JCAMPDX=4.24
##DATATYPE=Parameter Values
##ORIGIN=Bruker BioSpin GmbH & Co. KG
##OWNER=nmrsu
$$ Write Options: Symbolic Enums, RLE encoded arrays, symbol visibility
$$ 2024-07-25 09:46:27.770 +0200  nmrsu@host
$$ /opt/nmrdata/PV-360.3.6/data/nmrsu/20240725_090212_std_PV360_3_6_94T_protocols_1_1/11/pdata/1/reco
$$ process /opt/PV-360.3.6/prog/bin/parxserver
##$RECO_time=<2024-07-25T09:46:27,706+0200>
##$RECO_abs_time=(1721893587, 706, 120)
##$RECO_base_image_uid=( 65 )
<2.16.756.5.5.200.906653985.1404.1721891568.386>
##$RECO_fov=( 2 )
2 2
##$RECO_size=( 2 )
192 192
##$RecoAutoDerive=No
##$RecoDim=2
##$RecoSpatDim=2
##$RecoObjectsPerRepetition=55
##$RecoObjectsPerSetupStep=55
##$RecoSortObjectsPerRepetition=55
##$RecoNumRepetitions=1
##$RecoNumOutputChan=1
##$RecoEncodingFrames=1
##$RecoRepetitionGroupSize=1
##$RecoPreppassProcDim=0
##$RecoPreppassMultiplier=1
##$RECO_inp_order=NO_REORDERING
##$RECO_inp_size=( 2 )
192 192
##$RECO_ft_size=( 2 )
192 192
##$RECO_offset=( 2, 55 )
@110*(0)
##$RECO_qopts=( 2 )
NO_QOPTS NO_QOPTS
##$RECO_wdw_mode=( 2 )
NO_WDW NO_WDW
##$RECO_lb=( 2 )
-0.5 -0.5
##$RECO_sw=( 2 )
0 1
##$RECO_gb=( 2 )
0.5 0.5
##$RECO_sbs=( 2 )
1 1
##$RECO_tm1=( 2 )
0.25 0.25
##$RECO_tm2=( 2 )
0.75 0.75
##$RECO_ft_mode=( 2 )
COMPLEX_FT COMPLEX_FT
##$RECO_pc_mode=( 2 )
FIRST_ORDER_PC FIRST_ORDER_PC
##$RECO_pc_lin=( 2 )
(0, 180) (0, 180)
##$RECO_rotate=( 2, 55 )
@110*(0.5)
##$RECO_ppc_mode=NO_PPC
##$RECO_ppc_degree=1
##$RECO_transposition=( 55 )
@55*(0)
##$RECO_image_type=MAGNITUDE_IMAGE
##$RECO_image_threshold=0.14999999999999999
##$RECO_wordtype=_16BIT_SGN_INT
##$RECO_map_mode=ABSOLUTE_MAPPING
##$RECO_map_range=( 2 )
-2147483647 2147483647
##$RECO_map_percentile=( 2 )
1 99.900000000000006
##$RECO_map_error=0.025000000000000001
##$RECO_minima=( 55 )
52.0420294393886 30.662751571089647 36.14818825589785 41.171410686541812 
31.722860350975161 44.872312435807842 48.979105583749394 53.841981095960897 
36.415646831556089 48.529392191821621 32.949975059492239 46.893182195269091 
34.017386474483814 56.698398960490742 54.497981118617943 46.599301155487403 
42.427925300762823 32.715529850538587 42.285628557908112 38.972801624289545 
36.460342085641507 38.312458166798137 40.157840728844377 50.388786281771885 
31.851492170762718 51.628270614541961 38.029890670016371 33.521844301333246 
50.003256065684347 48.519931159387021 39.276083504879345 52.24677312912862 
50.856480920039765 42.912531503817206 36.643383242859677 46.276692234058466 
51.209463466452647 36.17283923793434 54.120350593189855 46.940913305138785 
39.884720240854449 48.20325522681344 41.918721350538767 45.98339158535201 
47.854278119745025 40.548997732881325 42.062500277125174 54.25400680980033 
28.757990077230279 29.535638866818463 46.495033337879988 36.737823147369426 
31.730027182369405 49.017381313940533 39.103749870830384
##$RECO_maxima=( 55 )
18880.539491129115 15968.185381134379 12995.248250780076 11604.64515457674 
9677.7033097795575 8789.2650795373684 7599.9086674404043 6912.39142292218 
6274.607978622641 5741.4347665272389 5190.4653932067249 20029.719696740216 
17874.717623227552 14284.260451306583 13122.194277904056 11243.761244357624 
10417.936290200098 9246.1289620704647 8564.7323615114383 7900.6702790505151 
7460.7550733234657 6769.2552739503508 23617.744220339137 21340.780184059775 
17772.475197248128 16124.479924443365 13855.537061497649 12908.232614432822 
11381.007398418491 10452.931085218923 9465.4094347417304 8692.6119826313352 
7802.9332007015091 25823.120122629662 21958.865659625026 18904.16942580726 
17368.850720996845 15411.287227238725 14845.956173348754 13474.331669544263 
12781.97474378494 11811.890587633945 11295.129623667637 10302.283651421169 
32766.5 31135.424111144446 27238.084991925371 25945.297624135936 
23180.403735544864 21952.000425536564 19746.541203562032 18739.149217751456 
17130.452085681336 16076.177787779949 14577.716699375025
##$RECO_map_min=( 55 )
@55*(-300659.46847651148)
##$RECO_map_max=( 55 )
@55*(300659.46847651148)
##$RECO_map_offset=( 55 )
@55*(0)
##$RECO_map_slope=( 55 )
@55*(0.10898209913705022)
##$RECO_byte_order=littleEndian
##$RecoUserUpdate=Yes
##$RecoReverseSegment=0
##$RecoB0DemodOff=0
##$RecoB0DemodDelay=0
##$RecoFTOrder=( 2 )
0 1
##$RecoHalfFTAlgorithm=ZEROFILLING
##$RecoHalfFT=( 2 )
No No
##$RecoHalfFTPos=( 2 )
96 96
##$RecoHalfFTAcq=No
##$RecoNoFT=No
##$RecoExportSortedData=No
##$RecoCorrPhase=RecoCorrPhaseOff
##$RecoCorrPhaseRef=-1
##$RECO_map_user_slope=1
##$RECO_map_user_offset=0
##$RecoNumInputChan=4
##$RecoScaleChan=( 4 )
0.99099999999999999 0.96599999999999997 0.98899999999999999 1
##$RecoPhaseChan=( 4 )
348.75999999999999 52.990000000000002 352.43000000000001 21.289999999999999
##$RecoCombineMode=SumOfSquares
##$RecoEncGenInt=3
##$RecoSortDim=2
##$RecoSortSize=( 2 )
192 55
##$RecoSortRange=( 2 )
192 55
##$RecoSortSegment=( 2 )
1 0
##$RecoSortMaps=( 247 )
0 1 2 3 4 5 6 7 8 9 10 11 12 13 14 15 16 17 18 19 20 21 22 23 24 25 26 27 28 
29 30 31 32 33 34 35 36 37 38 39 40 41 42 43 44 45 46 47 48 49 50 51 52 53 54 
55 56 57 58 59 60 61 62 63 64 65 66 67 68 69 70 71 72 73 74 75 76 77 78 79 80 
81 82 83 84 85 86 87 88 89 90 91 92 93 94 95 96 97 98 99 100 101 102 103 104 
105 106 107 108 109 110 111 112 113 114 115 116 117 118 119 120 121 122 123 
124 125 126 127 128 129 130 131 132 133 134 135 136 137 138 139 140 141 142 
143 144 145 146 147 148 149 150 151 152 153 154 155 156 157 158 159 160 161 
162 163 164 165 166 167 168 169 170 171 172 173 174 175 176 177 178 179 180 
181 182 183 184 185 186 187 188 189 190 191 0 1 2 3 4 5 6 7 8 9 10 22 23 24 
25 26 27 28 29 30 31 32 44 45 46 47 48 49 50 51 52 53 54 11 12 13 14 15 16 17 
18 19 20 21 33 34 35 36 37 38 39 40 41 42 43
##$RecoGrappaAccelFactor=1
##$RecoGrappaAccelFactor2=1
##$RecoGrappaKernelRead=5
##$RecoGrappaKernelPhase=4
##$RecoGrappaKernelPhase2=4
##$RecoGrappaKernelTime=3
##$RecoGrappaNumRefRead=64
##$RecoGrappaNumRefPhase=0
##$RecoGrappaNumRefPhase2=0
##$RecoGrappaIncludeRefLines=Yes
##$RecoGrappaFirstRepOnly=No
##$RecoGrappaReadCenter=0
##$RecoGrappaPhaseCenter=0
##$RecoGrappaPhaseCenter2=0
##$RecoGrappaTruncThresh=0.01
##$RecoGrappaLambda=0.01
##$RecoGrappaCoefReps=1
##$RecoSliceGrappaAccelFactor=1
##$RecoSliceGrappaBlipValue=1
##$RecoSliceGrappaKernelRead=5
##$RecoSliceGrappaKernelPhase=4
##$RecoSliceGrappaNumRefRead=0
##$RecoSliceGrappaNumRefPhase=0
##$RecoSliceGrappaReadCenter=0
##$RecoSliceGrappaPhaseCenter=0
##$RecoSliceGrappaTruncThresh=0.01
##$RecoSliceGrappaLambda=0.01
##$RecoSliceGrappaOff=No
##$RecoGrappa3D=No
##$RecoGrappaCaipirinha=No
##$RecoGrappaTCaipirinha=No
##$RecoGrappaVirtualCoils=No
##$RecoGrappaVirtualCoilsLambda=2
##$RecoGrappaPeak=No
##$RecoGrappaTimeLoop=No
##$RecoGrappaOne=No
##$RecoGrappaOneLambda=0.10000000000000001
##$RecoSegGrappa=No
##$RecoSegGrappaCalibrateFromB0=No
##$RecoSegGrappaInt=0
##$RecoSegGrappaSegments=1
##$RecoSegGrappaTruncThresh=0.01
##$RecoSegGrappaLambda=0.01
##$RecoSegGrappaLambdaSeg=2
##$RecoItGrappa=1
##$RecoCS=No
##$RecoNnDenoising=No
##$RecoNnCpuOnly=No
##$RecoNnParallelProcessing=1
##$RecoNnDifferenceMode=No
##$RecoNnPatchSizeMax=0
##$RecoNnNdIso=1
##$RecoNnPatchBorder=32
##$RecoNnDenoisingLevel=( 1 )
100
##$RecoNnDataConsistency=( 1 )
0
##$RecoNnDataConsistencyCenter=( 1 )
0
##$RecoNnDataConsistencyRatio=( 1 )
0
##$RecoNnDataConsistencyCenterRatio=( 1 )
0
##$RecoNnDenoisingPre=No
##$RecoNnDenoisingLevelPre=0
##$RecoNnDataConsistencyPre=100
##$RecoNnDataConsistencyCenterPre=100
##$RecoNnDataConsistencyRatioPre=100
##$RecoNnDataConsistencyCenterRatioPre=100
##$RecoRegridN=Off
##$RecoStageNrPasses=4
##$RecoStagePasses=( 4 )
(<FIRSTPASS>, 0) (<FTPASS1>, 1) (<PREPPASS>, 2) (<MAPPASS>, 3)
##$RecoStageNrNodes=75
##$RecoStageNodes=( 75 )
(<job0>, 0, <RecoSharedQueueSource 
Q0{queueId=Job_In0;initQueue=true;appendPsId=true;dim=2;procDim=1;sizes={768,
10560};nr=1;dataRep=SIGNED;baseField=COMPLEX;wordSize=4}>) (<job0>, 0, 
<RecoSharedQueueSink QS{queueId=Job_Out0;initQueue=true;appendPsId=true}>) 
(<job0>, 0, <RecoFileSink 
FS{jobNdx=0;writeAcqPars=true;filename="/opt/nmrdata/PV-360.3.6/data/nmrsu/20240725_090212_std_PV360_3_6_94T_protocols_1_1/11/rawdata.job0"}>) (<job0>, 0, <RecoProgressMonitorFilter PM{reportScanProgress="1/1"}>) (<job0>, 0, <RecoCastFilter CastToFloatMain{dataRep=FLOAT;wordSize=8}>) (<job0>, 0, <RecoAcqOutFilter Av{displayEachAccumulation=1;displayEachScan=0;displayEachPeStep=0;displayFt=0;magnitudeImage=1;shuffle=0;ftSize=192;size=192;offset=0;cnt=1;ndx=0;procnoPath="/opt/nmrdata/PV-360.3.6/data/nmrsu/20240725_090212_std_PV360_3_6_94T_protocols_1_1/11/pdata/1/";displayObjects=55;modalityType=1;innerObjects=1;outerObjects=1;average=1;numRecs=4;overlayCurves=0;}>) (<job0>, 0, <RecoCastFilter CastToIntMain{dataRep=SIGNED;wordSize=4}>) (<job0>, 0, <RecoTeeFilter TeeStorage>) (<input>, 0, <RecoFileSource FS0{initFromRawJob=0;procDim=1;numChan=4;contData=true;}>) (<input>, 0, <RecoSharedQueueSink JQ0{queueId=Job_Out0;appendPsId=true;initQueue=true;}>) (<compute>, 0, <RecoSharedQueueSource Q0{initFromJob=0;queueId=Job_Out0;appendPsId=true;}>) (<compute>, 0, <RecoBufferSink S0{procDim=1;frameDim=2;bufferId="FIRSTPASS0";memId="out0"}>) (<compute>, 0, <RecoBufferSink S1{procDim=1;frameDim=2;bufferId="FIRSTPASS1";memId="out1"}>) (<compute>, 0, <RecoBufferSink S2{procDim=1;frameDim=2;bufferId="FIRSTPASS2";memId="out2"}>) (<compute>, 0, <RecoBufferSink S3{procDim=1;frameDim=2;bufferId="FIRSTPASS3";memId="out3"}>) (<compute>, 0, <RecoSplitFilter SP0{dim=1; keepBlocksize=1}>) (<compute>, 0, <RecoCastFilter CAST0{dataRep=FLOAT; wordSize=8}>) (<compute>, 0, <RecoFTShiftFilter FTS0{frameDim=2; winDirection=0; shift=\<RECO_rotate[0]\>; exponent=1}>) (<compute>, 0, <RecoFTFilter FT0{direction=0; exponent=1}>) (<compute>, 0, <RecoSortFilter REORD0{sortDim=\<RecoSortDim\>; sortSize=\<RecoSortSize\>; sortRange=\<RecoSortRange\>; sortSegment=\<RecoSortSegment\>; sortMaps=\<RecoSortMaps\>; frameDim = 2}>) (<compute>, 0, <RecoCastFilter CAST1{dataRep=FLOAT; wordSize=8}>) (<compute>, 0, <RecoFTShiftFilter FTS1{frameDim=2; winDirection=0; shift=\<RECO_rotate[0]\>; exponent=1}>) (<compute>, 0, <RecoFTFilter FT1{direction=0; exponent=1}>) (<compute>, 0, <RecoSortFilter REORD1{sortDim=\<RecoSortDim\>; sortSize=\<RecoSortSize\>; sortRange=\<RecoSortRange\>; sortSegment=\<RecoSortSegment\>; sortMaps=\<RecoSortMaps\>; frameDim = 2}>) (<compute>, 0, <RecoCastFilter CAST2{dataRep=FLOAT; wordSize=8}>) (<compute>, 0, <RecoFTShiftFilter FTS2{frameDim=2; winDirection=0; shift=\<RECO_rotate[0]\>; exponent=1}>) (<compute>, 0, <RecoFTFilter FT2{direction=0; exponent=1}>) (<compute>, 0, <RecoSortFilter REORD2{sortDim=\<RecoSortDim\>; sortSize=\<RecoSortSize\>; sortRange=\<RecoSortRange\>; sortSegment=\<RecoSortSegment\>; sortMaps=\<RecoSortMaps\>; frameDim = 2}>) (<compute>, 0, <RecoCastFilter CAST3{dataRep=FLOAT; wordSize=8}>) (<compute>, 0, <RecoFTShiftFilter FTS3{frameDim=2; winDirection=0; shift=\<RECO_rotate[0]\>; exponent=1}>) (<compute>, 0, <RecoFTFilter FT3{direction=0; exponent=1}>) (<compute>, 0, <RecoSortFilter REORD3{sortDim=\<RecoSortDim\>; sortSize=\<RecoSortSize\>; sortRange=\<RecoSortRange\>; sortSegment=\<RecoSortSegment\>; sortMaps=\<RecoSortMaps\>; frameDim = 2}>) (<compute>, 1, <RecoBufferSource Q0{procDim=2;frameDim=2;bufferId="FIRSTPASS0";memId="out0"}>) (<compute>, 1, <RecoBufferSource Q1{procDim=2;frameDim=2;bufferId="FIRSTPASS1";memId="out1"}>) (<compute>, 1, <RecoBufferSource Q2{procDim=2;frameDim=2;bufferId="FIRSTPASS2";memId="out2"}>) (<compute>, 1, <RecoBufferSource Q3{procDim=2;frameDim=2;bufferId="FIRSTPASS3";memId="out3"}>) (<compute>, 1, <RecoBufferSink S0{procDim=2;frameDim=2;bufferId="FTPASS10";memId="in0"}>) (<compute>, 1, <RecoBufferSink S1{procDim=2;frameDim=2;bufferId="FTPASS11";memId="in1"}>) (<compute>, 1, <RecoBufferSink S2{procDim=2;frameDim=2;bufferId="FTPASS12";memId="in2"}>) (<compute>, 1, <RecoBufferSink S3{procDim=2;frameDim=2;bufferId="FTPASS13";memId="in3"}>) (<compute>, 1, <RecoFTShiftFilter FTS0{frameDim=2; winDirection=1; shift=\<RECO_rotate[1]\>; exponent=1}>) (<compute>, 1, <RecoFTFilter FT0{direction=1;exponent=1;}>) (<compute>, 1, <RecoFTShiftFilter FTS1{frameDim=2; winDirection=1; shift=\<RECO_rotate[1]\>; exponent=1}>) (<compute>, 1, <RecoFTFilter FT1{direction=1;exponent=1;}>) (<compute>, 1, <RecoFTShiftFilter FTS2{frameDim=2; winDirection=1; shift=\<RECO_rotate[1]\>; exponent=1}>) (<compute>, 1, <RecoFTFilter FT2{direction=1;exponent=1;}>) (<compute>, 1, <RecoFTShiftFilter FTS3{frameDim=2; winDirection=1; shift=\<RECO_rotate[1]\>; exponent=1}>) (<compute>, 1, <RecoFTFilter FT3{direction=1;exponent=1;}>) (<compute>, 2, <RecoBufferSource Q0{procDim=2;frameDim=2;bufferId="FTPASS10";memId="in0"}>) (<compute>, 2, <RecoBufferSource Q1{procDim=2;frameDim=2;bufferId="FTPASS11";memId="in1"}>) (<compute>, 2, <RecoBufferSource Q2{procDim=2;frameDim=2;bufferId="FTPASS12";memId="in2"}>) (<compute>, 2, <RecoBufferSource Q3{procDim=2;frameDim=2;bufferId="FTPASS13";memId="in3"}>) (<compute>, 2, <RecoBufferSink S0{procDim=2;frameDim=2;bufferId="PREPPASS0";memId="out0"}>) (<compute>, 2, <RecoPhasCorrFilter PHCORR00{winDirection=0; ph0=0.000000; ph1=180.000000}>) (<compute>, 2, <RecoPhasCorrFilter PHCORR01{winDirection=0; ph0=0.000000; ph1=180.000000}>) (<compute>, 2, <RecoPhasCorrFilter PHCORR02{winDirection=0; ph0=0.000000; ph1=180.000000}>) (<compute>, 2, <RecoPhasCorrFilter PHCORR03{winDirection=0; ph0=0.000000; ph1=180.000000}>) (<compute>, 2, <RecoPhasCorrFilter PHCORR10{winDirection=1; ph0=0.000000; ph1=180.000000}>) (<compute>, 2, <RecoPhasCorrFilter PHCORR11{winDirection=1; ph0=0.000000; ph1=180.000000}>) (<compute>, 2, <RecoPhasCorrFilter PHCORR12{winDirection=1; ph0=0.000000; ph1=180.000000}>) (<compute>, 2, <RecoPhasCorrFilter PHCORR13{winDirection=1; ph0=0.000000; ph1=180.000000}>) (<compute>, 2, <RecoScaleFilter SCALE0{scaleFactor=\<RecoScaleChan[0]\>; phaseOffset=\<RecoPhaseChan[0]\>}>) (<compute>, 2, <RecoScaleFilter SCALE1{scaleFactor=\<RecoScaleChan[1]\>; phaseOffset=\<RecoPhaseChan[1]\>}>) (<compute>, 2, <RecoScaleFilter SCALE2{scaleFactor=\<RecoScaleChan[2]\>; phaseOffset=\<RecoPhaseChan[2]\>}>) (<compute>, 2, <RecoScaleFilter SCALE3{scaleFactor=\<RecoScaleChan[3]\>; phaseOffset=\<RecoPhaseChan[3]\>}>) (<compute>, 2, <RecoSumOfSquaresFilter SOS0>) (<compute>, 2, <RecoMagnitudeFilter G0>) (<compute>, 2, <RecoMinMaxFilter M0{map_min=\<RECO_map_min\>;map_max=\<RECO_map_max\>;}>) (<compute>, 3, <RecoBufferSource Q0{procDim=2;frameDim=2;bufferId="PREPPASS0";memId="out0"}>) (<compute>, 3, <RecoSharedQueueSink S0{initQueue=true;queueId=RecoComp_Out;appendPsId=true;}>) (<compute>, 3, <RecoMapFilter MAP0{symmetricMode=true;minima=\<RECO_minima\>;maxima=\<RECO_maxima\>;slope=\<RECO_map_slope\>;offset=\<RECO_map_offset\>;map_min=\<RECO_map_min\>;map_max=\<RECO_map_max\>;rangeMin=-32766.500000;rangeMax=32766.500000;perObjectMode=false;cutoffMode=true;}>) (<compute>, 3, <RecoCastFilter CAST0{dataRep=SIGNED;wordSize=2}>) (<output>, 3, <RecoSharedQueueSource Q{queueId=RecoComp_Out;appendPsId=true;procDim=2;initFromRECO=true;}>) (<output>, 3, <RecoImageDisplayFilter DISP{showAll=1;selectedFrame=\<RecoDisplayFrame\>;modalityType=1;procnoPath="/opt/nmrdata/PV-360.3.6/data/nmrsu/20240725_090212_std_PV360_3_6_94T_protocols_1_1/11/pdata/1/";}>) (<output>, 3, <RecoFileSink S{writePars=true;shuffle=false;filename="2dseq";numChans=1;}>)
##$RecoStageNrEdges=65
##$RecoStageEdges=( 65 )
(<job0>, 0, <Q0-\>PM>) (<job0>, 0, <PM-\>CastToFloatMain>) (<job0>, 0, 
<CastToFloatMain-\>Av>) (<job0>, 0, <Av-\>CastToIntMain>) (<job0>, 0, 
<CastToIntMain-\>TeeStorage>) (<job0>, 0, <TeeStorage-\>QS>) (<job0>, 0, 
<TeeStorage-\>FS>) (<input>, 0, <FS0-\>JQ0>) (<compute>, 0, <Q0-\>SP0>) 
(<compute>, 0, <SP0-\>CAST0>) (<compute>, 0, <SP0-\>CAST1>) (<compute>, 0, 
<SP0-\>CAST2>) (<compute>, 0, <SP0-\>CAST3>) (<compute>, 0, <CAST0-\>FTS0>) 
(<compute>, 0, <FTS0-\>FT0>) (<compute>, 0, <FT0-\>REORD0>) (<compute>, 0, 
<REORD0-\>S0>) (<compute>, 0, <CAST1-\>FTS1>) (<compute>, 0, <FTS1-\>FT1>) 
(<compute>, 0, <FT1-\>REORD1>) (<compute>, 0, <REORD1-\>S1>) (<compute>, 0, 
<CAST2-\>FTS2>) (<compute>, 0, <FTS2-\>FT2>) (<compute>, 0, <FT2-\>REORD2>) 
(<compute>, 0, <REORD2-\>S2>) (<compute>, 0, <CAST3-\>FTS3>) (<compute>, 0, 
<FTS3-\>FT3>) (<compute>, 0, <FT3-\>REORD3>) (<compute>, 0, <REORD3-\>S3>) 
(<compute>, 1, <Q0-\>FTS0>) (<compute>, 1, <Q1-\>FTS1>) (<compute>, 1, 
<Q2-\>FTS2>) (<compute>, 1, <Q3-\>FTS3>) (<compute>, 1, <FTS0-\>FT0>) 
(<compute>, 1, <FT0-\>S0>) (<compute>, 1, <FTS1-\>FT1>) (<compute>, 1, 
<FT1-\>S1>) (<compute>, 1, <FTS2-\>FT2>) (<compute>, 1, <FT2-\>S2>) (<compute>
, 1, <FTS3-\>FT3>) (<compute>, 1, <FT3-\>S3>) (<compute>, 2, <Q0-\>PHCORR00>) 
(<compute>, 2, <Q1-\>PHCORR01>) (<compute>, 2, <Q2-\>PHCORR02>) (<compute>, 2,
 <Q3-\>PHCORR03>) (<compute>, 2, <PHCORR00-\>PHCORR10>) (<compute>, 2, 
<PHCORR01-\>PHCORR11>) (<compute>, 2, <PHCORR02-\>PHCORR12>) (<compute>, 2, 
<PHCORR03-\>PHCORR13>) (<compute>, 2, <PHCORR10-\>SCALE0>) (<compute>, 2, 
<PHCORR11-\>SCALE1>) (<compute>, 2, <PHCORR12-\>SCALE2>) (<compute>, 2, 
<PHCORR13-\>SCALE3>) (<compute>, 2, <SCALE0-\>SOS0.0>) (<compute>, 2, 
<SCALE1-\>SOS0.1>) (<compute>, 2, <SCALE2-\>SOS0.2>) (<compute>, 2, 
<SCALE3-\>SOS0.3>) (<compute>, 2, <SOS0-\>G0>) (<compute>, 2, <G0-\>M0>) 
(<compute>, 2, <M0-\>S0>) (<compute>, 3, <Q0-\>MAP0>) (<compute>, 3, 
<MAP0-\>CAST0>) (<compute>, 3, <CAST0-\>S0>) (<output>, 3, <Q-\>DISP>) 
(<output>, 3, <DISP-\>S>)
##$ACQ_SetupRecoDisplay=Yes
##$ACQ_SetupImageType=MAGNITUDE_IMAGE
##$RecoDisplay=Yes
##$RecoEachNR=No
##$RecoPrototype=No
##$RecoGradientLinearityCorrection=No
##$RecoGradientLinearityCorrectionDebug=1
##$RecoGradientLinearityCorrectionApprox=No
$$ @vis= RECO RECO_INSTANCE RECO_fov RECO_size RecoAutoDerive RecoDim
$$ @vis= RecoSpatDim RecoObjectsPerRepetition RecoObjectsPerSetupStep
$$ @vis= RecoSortObjectsPerRepetition RecoNumRepetitions RecoNumOutputChan
$$ @vis= RecoEncodingFrames RecoRepetitionGroupSize RECO_inp_order
$$ @vis= RECO_inp_size RECO_ft_size RECO_wdw_mode RECO_ft_mode RECO_pc_mode
$$ @vis= RECO_pc_lin RECO_rotate RECO_transposition RECO_image_type
$$ @vis= RECO_wordtype RECO_map_mode RECO_byte_order RecoModeUser
$$ @vis= RecoUserUpdate RecoB0DemodOff RecoWindow RecoFTOrder RecoHalfFT
$$ @vis= RecoHalfFTPos RecoHalfFTAcq RecoNoFT RecoExportSortedData
$$ @vis= RecoCorrPhase RecoCorrPhaseRef RecoMap RecoNumInputChan RecoScaleChan
$$ @vis= RecoPhaseChan RecoCombineMode RecoEncGenInt RecoSortGroup RecoSortDim
$$ @vis= RecoSortSize RecoSortRange RecoSortSegment RecoSortMaps
$$ @vis= RecoGrappaGroup RecoGrappaAccelFactor RecoGrappaAccelFactor2
$$ @vis= RecoGrappaFirstRepOnly RecoGrappaCoefReps RecoSliceGrappaAccelFactor
$$ @vis= RecoSliceGrappaBlipValue RecoSliceGrappaOff RecoGrappa3D
$$ @vis= RecoGrappaCaipirinha RecoGrappaTCaipirinha RecoGrappaOne
$$ @vis= RecoSegGrappa RecoSegGrappaCalibrateFromB0 RecoSegGrappaInt
$$ @vis= RecoSegGrappaSegments RecoItGrappa RecoCSGroup RecoCS RecoNNGroup
$$ @vis= RecoNnDenoising RecoNnCpuOnly RecoNnParallelProcessing
$$ @vis= RecoNnDifferenceMode RecoNnPatchSizeMax RecoNnNdIso RecoNnPatchBorder
$$ @vis= RecoNnDenoisingLevel RecoNnDataConsistency
$$ @vis= RecoNnDataConsistencyCenter RecoNnDataConsistencyRatio
$$ @vis= RecoNnDataConsistencyCenterRatio RecoNnDenoisingPre
$$ @vis= RecoNnDenoisingLevelPre RecoNnDataConsistencyPre
$$ @vis= RecoNnDataConsistencyCenterPre RecoNnDataConsistencyRatioPre
$$ @vis= RecoNnDataConsistencyCenterRatioPre RecoRegridNGroup RecoRegridN
$$ @vis= RecoStageGroup RecoStageNrPasses RecoStagePasses RecoStageNrNodes
$$ @vis= RecoStageNodes RecoStageNrEdges RecoStageEdges RECO_GS
$$ @vis= ACQ_SetupRecoDisplay ACQ_SetupImageType RECO_GO RecoDisplay
$$ @vis= RecoEachNR RecoPrototype RecoGradientLinearityCorrection
$$ @vis= RecoGradientLinearityCorrectionDebug
$$ @vis= RecoGradientLinearityCorrectionApprox
##END=
$$ File finished by PARX at 2024-07-25 09:46:27.771 +0200
