##TITLE=Parameter List, ParaVision 360 V3.6
##JCAMPDX=4.24
##DATATYPE=Parameter Values
##ORIGIN=Bruker BioSpin GmbH & Co. KG
##OWNER=nmrsu
$$ Write Options: Symbolic Enums, RLE encoded arrays, symbol visibility
$$ 2024-07-25 09:35:26.537 +0200  nmrsu@host
$$ /opt/nmrdata/PV-360.3.6/data/nmrsu/20240725_090212_std_PV360_3_6_94T_protocols_1_1/7/method
$$ process /opt/PV-360.3.6/prog/bin/parxserver
##$Method=<Bruker:RARE>
##$PVM_GeoObj=( 2, 65 )
<PVM_SliceGeoObj> <PVM_AtsRefGeoObj>
##$PVM_StudyInstrumentPosition=Head_Prone
##$PVM_ExportHandler=( 3 )
(<BRUKER_PARIMPORT_SLICEGEO>, <>, <Slice Geometry>) (<BRUKER_PARIMPORT_FOVSAT>
, <>, <FOV Saturation>) (<BRUKER_PARIMPORT_SLICEORIENT>, <>, <Slice 
Orientation>)
##$PVM_AtsBedPositionMode=ATS_POS_REFERENCE
##$PVM_AtsChangeRefPos=No
##$PVM_AtsRefGeoObj=(<BRUKER_REFPOS>, GeoPlanarId, Standard_GobjShape, 
<PVM_AtsRefGeoCub>, <>, 0, <D1;first> <D2;second> <S;slice>, No, -1)
##$PVM_AtsRefGeoCub=( 1 )
(((1 0 0 0 1 0 0 0 1, 0 0 0, 0 0 0), 50 50 0.25, <+D1;first> <+D2;second> 
<+S;slice>, 0), 1, 1, 1, 0.25, 0, No)
##$PVM_AtsRefPosTransferred=Yes
##$PVM_EchoTime=8.25
##$EffectiveTE=( 1 )
33
##$PVM_RareFactor=8
##$PVM_RepetitionTime=2500
##$PVM_NAverages=2
##$PVM_NRepetitions=1
##$PVM_NEchoImages=1
##$PVM_ScanTime=160000
##$PVM_DeriveGains=Yes
##$ExcPulse1Enum=<Calculated>
##$ExcPulse1=(2.1000000000000001, 2000, 90, Yes, 3, 4200, 0.23633643342862573, 
0.2005819424414248, 0, 50, 10.991916110429131, <$ExcPulse1Shape>)
##$ExcPulse1Ampl=(10.991916110429131, 23.443459760057955, -10.41073405221594)
##$RefPulse1Enum=<Calculated>
##$RefPulse1=(1.7, 2000, 180, Yes, 3, 3400, 0.16878910571211217, 
0.14790863600258572, 1, 0, 131.53661864124086, <$RefPulse1Shape>)
##$RefPulse1Ampl=(131.53661864124086, 81.097662926018046, -21.190466734337939)
##$PVM_GradCalConst=20550.110000000001
##$PVM_Nucleus1Enum=<1H>
##$PVM_Nucleus1=( 8 )
<1H>
##$PVM_RefPowMod1=AutoAdj
##$PVM_RefPowCh1=2.7075304478287854
##$PVM_RefPowStat1=( 1024 )
<Study: Adj by Bruker:AdjRefPowADJ_REF_POW>
##$PVM_Nucleus2Enum=<1H>
##$PVM_Nucleus3Enum=<1H>
##$PVM_Nucleus4Enum=<1H>
##$PVM_Nucleus5Enum=<1H>
##$PVM_Nucleus6Enum=<1H>
##$PVM_Nucleus7Enum=<1H>
##$PVM_Nucleus8Enum=<1H>
##$PVM_FrqRef=( 8 )
400.38072396468129 0 0 0 0 0 0 0
##$PVM_FrqWorkOffset=( 8 )
0 0 0 0 0 0 0 0
##$PVM_FrqWork=( 8 )
400.38072396468129 0 0 0 0 0 0 0
##$PVM_FrqRefPpm=( 8 )
4.7000000000000002 0 0 0 0 0 0 0
##$PVM_FrqWorkOffsetPpm=( 8 )
0 0 0 0 0 0 0 0
##$PVM_FrqWorkPpm=( 8 )
4.7000000000000002 0 0 0 0 0 0 0
##$PVM_NucleiPpmWork=( 20 )
(<1H>, 4.7000000000000002) (<none>, 0) (<none>, 0) (<none>, 0) (<none>, 0) 
(<none>, 0) (<none>, 0) (<none>, 0) (<none>, 0) (<none>, 0) (<none>, 0) 
(<none>, 0) (<none>, 0) (<none>, 0) (<none>, 0) (<none>, 0) (<none>, 0) 
(<none>, 0) (<none>, 0) (<none>, 0)
##$PVM_TxCoilScMode1=AutoAdj
##$PVM_TxCoilAdjStat1=( 1024 )
<System (Coil)>
##$PVM_TxCoilAmpScaling1=( 2 )
100 100
##$PVM_TxCoilPhaseOffset1=( 2 )
0 90
##$PVM_EncGenOpt=Yes
##$PVM_EncGenEllipse=No
##$PVM_MbEncNBands=1
##$PVM_MbEncAccelFactor=1
##$PVM_MbEncBlipFactor=1
##$PVM_EncGen3D=Yes
##$PVM_EncGen4D=No
##$PVM_EncGenPpi=No
##$PVM_EncGenCaipirinha=No
##$PVM_EncGenTCaipirinha=No
##$PVM_EncVirtualCoils=No
##$PVM_EncCS=No
##$PVM_EncCSUndersampling=100
##$PVM_EncCSCenterRatio=10
##$PVM_EncCSNumRef=( 2 )
256 256
##$PVM_EncCSGradOpt=No
##$PVM_EncCSEllipse=No
##$PVM_EncPftAlgorithm=Zerofilling
##$PVM_EncPpiRefScan=No
##$PVM_IsEpiScan=No
##$PVM_SpatDimEnum=<2D>
##$PVM_IsotropicFovRes=Isot_None
##$PVM_Matrix=( 2 )
256 256
##$PVM_MinMatrix=( 2 )
32 32
##$PVM_MaxMatrix=( 2 )
2048 2048
##$PVM_DefMatrix=( 3 )
256 256 64
##$PVM_AntiAlias=( 2 )
1 1
##$PVM_MaxAntiAlias=( 2 )
2 8
##$PVM_EncSpectroscopy=No
##$PVM_EncUseMultiRec=Yes
##$PVM_EncActReceivers=( 1 )
On
##$PVM_EncZf=( 2 )
1 1
##$PVM_EncPft=( 2 )
1 1
##$PVM_EncPftOverscans=( 2 )
128 128
##$PVM_EncPpi=( 2 )
1 1
##$PVM_EncPpiRefLines=( 2 )
0 0
##$PVM_EncPpiGopRefLines=( 3 )
32 24 24
##$PVM_EncOrder=( 2 )
LINEAR_ENC RARE_ENC
##$PVM_EncStart=( 2 )
0 -1
##$PVM_EncNReceivers=4
##$PVM_EncAvailReceivers=7
##$PVM_EncChanScaling=( 4 )
0.99099999999999999 0.96599999999999997 0.98899999999999999 1
##$PVM_EncChanPhase=( 4 )
348.75999999999999 52.990000000000002 352.43000000000001 21.289999999999999
##$PVM_EncMatrix=( 2 )
256 256
##$PVM_EncTotalAccel=1
##$PVM_EncSteps0=( 1 )
0
##$PVM_EncSteps1=( 256 )
80 48 16 -16 -48 -80 -112 112 81 49 17 -15 -47 -79 -111 113 82 50 18 -14 -46 
-78 -110 114 83 51 19 -13 -45 -77 -109 115 84 52 20 -12 -44 -76 -108 116 85 
53 21 -11 -43 -75 -107 117 86 54 22 -10 -42 -74 -106 118 87 55 23 -9 -41 -73 
-105 119 88 56 24 -8 -40 -72 -104 120 89 57 25 -7 -39 -71 -103 121 90 58 26 
-6 -38 -70 -102 122 91 59 27 -5 -37 -69 -101 123 92 60 28 -4 -36 -68 -100 124 
93 61 29 -3 -35 -67 -99 125 94 62 30 -2 -34 -66 -98 126 95 63 31 -1 -33 -65 
-97 127 96 64 32 0 -32 -64 -96 -128 97 65 33 1 -31 -63 -95 -127 98 66 34 2 
-30 -62 -94 -126 99 67 35 3 -29 -61 -93 -125 100 68 36 4 -28 -60 -92 -124 101 
69 37 5 -27 -59 -91 -123 102 70 38 6 -26 -58 -90 -122 103 71 39 7 -25 -57 -89 
-121 104 72 40 8 -24 -56 -88 -120 105 73 41 9 -23 -55 -87 -119 106 74 42 10 
-22 -54 -86 -118 107 75 43 11 -21 -53 -85 -117 108 76 44 12 -20 -52 -84 -116 
109 77 45 13 -19 -51 -83 -115 110 78 46 14 -18 -50 -82 -114 111 79 47 15 -17 
-49 -81 -113
##$PVM_EncSteps2=( 1 )
0
##$PVM_EncCentralStep1=4
##$PVM_EncValues1=( 256 )
0.625 0.375 0.125 -0.125 -0.375 -0.625 -0.875 0.875 0.6328125 0.3828125 
0.1328125 -0.1171875 -0.3671875 -0.6171875 -0.8671875 0.8828125 0.640625 
0.390625 0.140625 -0.109375 -0.359375 -0.609375 -0.859375 0.890625 0.6484375 
0.3984375 0.1484375 -0.1015625 -0.3515625 -0.6015625 -0.8515625 0.8984375 
0.65625 0.40625 0.15625 -0.09375 -0.34375 -0.59375 -0.84375 0.90625 0.6640625 
0.4140625 0.1640625 -0.0859375 -0.3359375 -0.5859375 -0.8359375 0.9140625 
0.671875 0.421875 0.171875 -0.078125 -0.328125 -0.578125 -0.828125 0.921875 
0.6796875 0.4296875 0.1796875 -0.0703125 -0.3203125 -0.5703125 -0.8203125 
0.9296875 0.6875 0.4375 0.1875 -0.0625 -0.3125 -0.5625 -0.8125 0.9375 
0.6953125 0.4453125 0.1953125 -0.0546875 -0.3046875 -0.5546875 -0.8046875 
0.9453125 0.703125 0.453125 0.203125 -0.046875 -0.296875 -0.546875 -0.796875 
0.953125 0.7109375 0.4609375 0.2109375 -0.0390625 -0.2890625 -0.5390625 
-0.7890625 0.9609375 0.71875 0.46875 0.21875 -0.03125 -0.28125 -0.53125 
-0.78125 0.96875 0.7265625 0.4765625 0.2265625 -0.0234375 -0.2734375 
-0.5234375 -0.7734375 0.9765625 0.734375 0.484375 0.234375 -0.015625 
-0.265625 -0.515625 -0.765625 0.984375 0.7421875 0.4921875 0.2421875 
-0.0078125 -0.2578125 -0.5078125 -0.7578125 0.9921875 0.75 0.5 0.25 0 -0.25 
-0.5 -0.75 -1 0.7578125 0.5078125 0.2578125 0.0078125 -0.2421875 -0.4921875 
-0.7421875 -0.9921875 0.765625 0.515625 0.265625 0.015625 -0.234375 -0.484375 
-0.734375 -0.984375 0.7734375 0.5234375 0.2734375 0.0234375 -0.2265625 
-0.4765625 -0.7265625 -0.9765625 0.78125 0.53125 0.28125 0.03125 -0.21875 
-0.46875 -0.71875 -0.96875 0.7890625 0.5390625 0.2890625 0.0390625 -0.2109375 
-0.4609375 -0.7109375 -0.9609375 0.796875 0.546875 0.296875 0.046875 
-0.203125 -0.453125 -0.703125 -0.953125 0.8046875 0.5546875 0.3046875 
0.0546875 -0.1953125 -0.4453125 -0.6953125 -0.9453125 0.8125 0.5625 0.3125 
0.0625 -0.1875 -0.4375 -0.6875 -0.9375 0.8203125 0.5703125 0.3203125 
0.0703125 -0.1796875 -0.4296875 -0.6796875 -0.9296875 0.828125 0.578125 
0.328125 0.078125 -0.171875 -0.421875 -0.671875 -0.921875 0.8359375 0.5859375 
0.3359375 0.0859375 -0.1640625 -0.4140625 -0.6640625 -0.9140625 0.84375 
0.59375 0.34375 0.09375 -0.15625 -0.40625 -0.65625 -0.90625 0.8515625 
0.6015625 0.3515625 0.1015625 -0.1484375 -0.3984375 -0.6484375 -0.8984375 
0.859375 0.609375 0.359375 0.109375 -0.140625 -0.390625 -0.640625 -0.890625 
0.8671875 0.6171875 0.3671875 0.1171875 -0.1328125 -0.3828125 -0.6328125 
-0.8828125
##$PVM_EncGenSteps0=( 1 )
0
##$PVM_EncGenSteps1=( 256 )
80 48 16 -16 -48 -80 -112 112 81 49 17 -15 -47 -79 -111 113 82 50 18 -14 -46 
-78 -110 114 83 51 19 -13 -45 -77 -109 115 84 52 20 -12 -44 -76 -108 116 85 
53 21 -11 -43 -75 -107 117 86 54 22 -10 -42 -74 -106 118 87 55 23 -9 -41 -73 
-105 119 88 56 24 -8 -40 -72 -104 120 89 57 25 -7 -39 -71 -103 121 90 58 26 
-6 -38 -70 -102 122 91 59 27 -5 -37 -69 -101 123 92 60 28 -4 -36 -68 -100 124 
93 61 29 -3 -35 -67 -99 125 94 62 30 -2 -34 -66 -98 126 95 63 31 -1 -33 -65 
-97 127 96 64 32 0 -32 -64 -96 -128 97 65 33 1 -31 -63 -95 -127 98 66 34 2 
-30 -62 -94 -126 99 67 35 3 -29 -61 -93 -125 100 68 36 4 -28 -60 -92 -124 101 
69 37 5 -27 -59 -91 -123 102 70 38 6 -26 -58 -90 -122 103 71 39 7 -25 -57 -89 
-121 104 72 40 8 -24 -56 -88 -120 105 73 41 9 -23 -55 -87 -119 106 74 42 10 
-22 -54 -86 -118 107 75 43 11 -21 -53 -85 -117 108 76 44 12 -20 -52 -84 -116 
109 77 45 13 -19 -51 -83 -115 110 78 46 14 -18 -50 -82 -114 111 79 47 15 -17 
-49 -81 -113
##$PVM_EncGenSteps2=( 256 )
@256*(0)
##$PVM_EncGenValues1=( 256 )
0.625 0.375 0.125 -0.125 -0.375 -0.625 -0.875 0.875 0.6328125 0.3828125 
0.1328125 -0.1171875 -0.3671875 -0.6171875 -0.8671875 0.8828125 0.640625 
0.390625 0.140625 -0.109375 -0.359375 -0.609375 -0.859375 0.890625 0.6484375 
0.3984375 0.1484375 -0.1015625 -0.3515625 -0.6015625 -0.8515625 0.8984375 
0.65625 0.40625 0.15625 -0.09375 -0.34375 -0.59375 -0.84375 0.90625 0.6640625 
0.4140625 0.1640625 -0.0859375 -0.3359375 -0.5859375 -0.8359375 0.9140625 
0.671875 0.421875 0.171875 -0.078125 -0.328125 -0.578125 -0.828125 0.921875 
0.6796875 0.4296875 0.1796875 -0.0703125 -0.3203125 -0.5703125 -0.8203125 
0.9296875 0.6875 0.4375 0.1875 -0.0625 -0.3125 -0.5625 -0.8125 0.9375 
0.6953125 0.4453125 0.1953125 -0.0546875 -0.3046875 -0.5546875 -0.8046875 
0.9453125 0.703125 0.453125 0.203125 -0.046875 -0.296875 -0.546875 -0.796875 
0.953125 0.7109375 0.4609375 0.2109375 -0.0390625 -0.2890625 -0.5390625 
-0.7890625 0.9609375 0.71875 0.46875 0.21875 -0.03125 -0.28125 -0.53125 
-0.78125 0.96875 0.7265625 0.4765625 0.2265625 -0.0234375 -0.2734375 
-0.5234375 -0.7734375 0.9765625 0.734375 0.484375 0.234375 -0.015625 
-0.265625 -0.515625 -0.765625 0.984375 0.7421875 0.4921875 0.2421875 
-0.0078125 -0.2578125 -0.5078125 -0.7578125 0.9921875 0.75 0.5 0.25 0 -0.25 
-0.5 -0.75 -1 0.7578125 0.5078125 0.2578125 0.0078125 -0.2421875 -0.4921875 
-0.7421875 -0.9921875 0.765625 0.515625 0.265625 0.015625 -0.234375 -0.484375 
-0.734375 -0.984375 0.7734375 0.5234375 0.2734375 0.0234375 -0.2265625 
-0.4765625 -0.7265625 -0.9765625 0.78125 0.53125 0.28125 0.03125 -0.21875 
-0.46875 -0.71875 -0.96875 0.7890625 0.5390625 0.2890625 0.0390625 -0.2109375 
-0.4609375 -0.7109375 -0.9609375 0.796875 0.546875 0.296875 0.046875 
-0.203125 -0.453125 -0.703125 -0.953125 0.8046875 0.5546875 0.3046875 
0.0546875 -0.1953125 -0.4453125 -0.6953125 -0.9453125 0.8125 0.5625 0.3125 
0.0625 -0.1875 -0.4375 -0.6875 -0.9375 0.8203125 0.5703125 0.3203125 
0.0703125 -0.1796875 -0.4296875 -0.6796875 -0.9296875 0.828125 0.578125 
0.328125 0.078125 -0.171875 -0.421875 -0.671875 -0.921875 0.8359375 0.5859375 
0.3359375 0.0859375 -0.1640625 -0.4140625 -0.6640625 -0.9140625 0.84375 
0.59375 0.34375 0.09375 -0.15625 -0.40625 -0.65625 -0.90625 0.8515625 
0.6015625 0.3515625 0.1015625 -0.1484375 -0.3984375 -0.6484375 -0.8984375 
0.859375 0.609375 0.359375 0.109375 -0.140625 -0.390625 -0.640625 -0.890625 
0.8671875 0.6171875 0.3671875 0.1171875 -0.1328125 -0.3828125 -0.6328125 
-0.8828125
##$PVM_EncGenValues2=( 256 )
@256*(0)
##$PVM_EncGenTotalSteps=256
##$PVM_EncGenLoopOuter=1
##$PVM_EffSWh=66666.666666666672
##$EncGradDur=1.1139999999999999
##$PVM_AcquisitionTime=3.8399999999999999
##$ReadDephDur=1.984
##$PVM_MinEchoTime=7.1147503721818133
##$RepetitionSpoiler=(Yes, 4, 0.65500000000000003, 42.45281571317021)
##$EchoSpoilingAuto=Yes
##$EchoSpoilingSlice=1
##$EchoSpoilingSliceEff=1
##$EchoSpoilingRead=0.25
##$EchoSpoilingReadEff=0.25
##$SlabSel=Yes
##$PVM_Isotropic=Isotropic_None
##$PVM_Fov=( 2 )
20 20
##$PVM_FovCm=( 2 )
2 2
##$PVM_SpatResol=( 2 )
0.078125 0.078125
##$PVM_SliceThick=0.69999999999999996
##$PVM_ObjOrderScheme=Interlaced
##$PVM_ObjOrderList=( 9 )
0 2 4 6 8 1 3 5 7
##$PVM_NSPacks=1
##$PVM_SPackArrNSlices=( 1 )
9
##$PVM_MajSliceOri=No
##$PVM_SPackArrSliceOrient=( 1 )
axial
##$PVM_SPackArrReadOrient=( 1 )
L_R
##$PVM_SPackArrReadOffset=( 1 )
0
##$PVM_SPackArrPhase1Offset=( 1 )
0.93750059604644442
##$PVM_SPackArrPhase2Offset=( 1 )
0
##$PVM_SPackArrSliceOffset=( 1 )
-1.7578129610046815
##$PVM_SPackArrSliceGapMode=( 1 )
non_contiguous
##$PVM_SPackArrSliceGap=( 1 )
0.29999999999999993
##$PVM_SPackArrSliceDistance=( 1 )
0.99999999999999989
##$PVM_SPackArrGradOrient=( 1, 3, 3 )
-0.99939082701909576 0 0.034899496702500969 0 -1 0 0.034899496702500969 0 
0.99939082701909576
##$PVM_SliceGeo=( 1 )
(((-0.99939082701909576 0 -0.034899496702500969 0 1 0 0.034899496702500969 0 
-0.99939082701909576, -0.061346787636196345 0.93750059604644442 
1.7567421488433541, 0 0 0), 20 20 8.6999999999999993, <+R;read> <+P;phase> 
<+S;slice>, 0), 9, 1, 256, 0.69999999999999996, 0, No)
##$PVM_SliceGeoObj=(<BRUKER_SLICEPACKAGE>, GeoCuboidPackId, Standard_GobjShape,
 <PVM_SliceGeo>, <PVM_ObjOrderList>, 0, <R;read> <P;phase> <S;slice>, Yes, 
4195848)
##$PVM_EffPhase0Offset=( 9 )
0 0 0 0 0 0 0 0 0
##$PVM_EffPhase1Offset=( 9 )
0.93750059604644442 0.93750059604644442 0.93750059604644442 
0.93750059604644442 0.93750059604644442 0.93750059604644442 
0.93750059604644442 0.93750059604644442 0.93750059604644442
##$PVM_EffPhase2Offset=( 9 )
0 0 0 0 0 0 0 0 0
##$PVM_EffSliceOffset=( 9 )
-5.7578129610046815 -4.7578129610046815 -3.7578129610046815 
-2.757812961004682 -1.757812961004682 -0.75781296100468243 
0.24218703899531757 1.2421870389953176 2.2421870389953176
##$PVM_EffReadOffset=( 9 )
0 0 0 0 0 0 0 0 0
##$PVM_Phase0Offset=( 9 )
0 0 0 0 0 0 0 0 0
##$PVM_Phase1Offset=( 9 )
0.93750059604644442 0.93750059604644442 0.93750059604644442 
0.93750059604644442 0.93750059604644442 0.93750059604644442 
0.93750059604644442 0.93750059604644442 0.93750059604644442
##$PVM_Phase2Offset=( 9 )
0 0 0 0 0 0 0 0 0
##$PVM_SliceOffset=( 9 )
-5.7578129610046815 -4.7578129610046815 -3.7578129610046815 
-2.757812961004682 -1.757812961004682 -0.75781296100468243 
0.24218703899531757 1.2421870389953176 2.2421870389953176
##$PVM_ReadOffset=( 9 )
0 0 0 0 0 0 0 0 0
##$PVM_DummyScans=2
##$PVM_DummyScansDur=5000
##$PVM_TriggerModule=Off
##$PVM_TriggerMode=per_PhaseStep
##$PVM_TriggerDelay=1
##$PVM_TriggerDur=0.01
##$PVM_TriggerModuleTime=0
##$PVM_EvolutionOnOff=Off
##$PVM_NEvolutionCycles=2
##$PVM_EvolutionCycles=1
##$PVM_EvolutionMode=Constant_Delay
##$PVM_EvolutionTime=( 2 )
1 0
##$PVM_EvolutionDelay=1
##$PVM_EvolutionModuleTime=0
##$PVM_SelIrOnOff=Off
##$PVM_BlBloodOnOff=Off
##$PVM_FatSupOnOff=On
##$PVM_FatSupPulEnum=<gauss512>
##$PVM_FatSupPul=(1.9571428571428569, 1400, 90, No, 4, 2740, 
0.41506880000000002, 0.29535713748727183, 0, 50, 4.1028733967757107, 
<gauss512.exc>)
##$PVM_FatSupPulAmpl=(4.1028733967757107, 14.322837352940427, 
-6.130881160578209)
##$PVM_FatSupBandWidth=1400
##$PVM_FatSupSpoil=(Yes, 3, 0.41709891438189733, 50)
##$PVM_FatSupModuleTime=2.5252417715247537
##$PVM_FatSupPerform=Yes
##$PVM_FatSupRampTime=0.13100000000000001
##$PVM_FatSupGradWait=0.01
##$PVM_FatSupFL=( 1 )
-1401.3259476444305
##$PVM_FatSupRfLength=1957.1428571428569
##$PVM_FatSupSpoilDur=0.41709891438189733
##$PVM_FatSupSpoilAmp=50
##$PVM_FwsOnOff=Off
##$PVM_FwsChemShift=3.5
##$PVM_FwsAngle=140
##$PVM_FwsEchoShift=0
##$PVM_FwsLoop=1
##$PVM_SatTransOnOff=Off
##$PVM_SatTransType=MTC
##$PVM_SatTransPulse=(1.8266666666666667, 1500, 117.09999999999999, No, 3, 
2740, 0.4181723, 0.29872376467597078, 0, 50, 7.8554847523852356, <gauss.exc>)
##$PVM_SatTransPulseEnum=<gauss>
##$PVM_SatTransPulseAmpl_uT=10.001764446036766
##$PVM_SatTransFreqInput=by_value
##$PVM_SatTransFreqUnit=unit_hz
##$PVM_SatTransFreqValues=( 1 )
1500
##$PVM_SatTransFreqRanges=( 1, 3 )
0 0 0
##$PVM_SatTransInterPulseDelay=0.01
##$PVM_SatTransNPulses=1
##$PVM_SatTransSpoil=(Yes, 5, 2, 17.379121432579055)
##$PVM_SatTransModuleTime=0
##$PVM_SatTransModuleMeanRFPower=1077.6399465899501
##$PVM_SatTransPowerList=( 1 )
7.8554847523852356
##$PVM_SatTransRepetitions=1
##$PVM_SatTransRefScan=Off
##$PVM_SatTransFL=( 1 )
1500
##$PVM_StD0=9.9999999999999995e-07
##$PVM_StD1=9.9999999999999995e-07
##$PVM_StD2=9.9999999999999995e-07
##$PVM_StD3=9.9999999999999995e-07
##$PVM_StP0=10
##$PVM_FovSatOnOff=Off
##$PVM_FovSatPulEnum=<Calculated>
##$PVM_FovSatPul=(1.2, 5000, 90, Yes, 4, 6000, 0.15558072029082534, 
0.13562335619905388, 0, 50, 77.67822650783387, <$PVM_FovSatPulShape>)
##$PVM_FovSatPulAmpl=(77.67822650783387, 62.321034373570001, 
-18.902993015207787)
##$PVM_FovSatNSlices=1
##$PVM_FovSatThick=( 1 )
4
##$PVM_FovSatOffset=( 1 )
0
##$PVM_FovSatSpoil=(Yes, 10, 0.80000000000000004, 15.206731253506673)
##$PVM_FovSatSpoilDur=0.66900000000000004
##$PVM_FovSatSpoilAmp=15.206731253506673
##$PVM_FovSatModuleTime=0
##$PVM_FovSatGrad=( 1, 3 )
-6.0826925014026685 0 0
##$PVM_FovSatRampTime=0.13100000000000001
##$PVM_FovSatGradWait=0.01
##$PVM_FovSatSliceOri=( 1 )
sagittal
##$PVM_FovSatSliceVec=( 1, 3 )
-1 0 0
##$PVM_FovSatFL=( 1 )
0
##$PVM_FovSatRfLength=1200
##$PVM_FovSatGeoObj=(<BRUKER_FOVSAT>, GeoPlanarId, Standard_GobjShape, 
<PVM_FovSatGeoCub>, <>, 0, <1;first> <2;second> <S;slice>, Yes, 524384)
##$PVM_FovSatGeoCub=( 1 )
(((0 1 0 0 0 -1 -1 0 0, 0 0 0, 0 0 0), 50 50 4, <+1;first> <+2;second> 
<+S;slice>, 0), 1, 1, 1, 4, 0, No)
##$PVM_InFlowSatOnOff=Off
##$PVM_InFlowSatNSlices=1
##$PVM_InFlowSatThick=( 1 )
4
##$PVM_InFlowSatMinThick=0.24330770005610675
##$PVM_InFlowSatSliceGap=1
##$PVM_FlowSatGeoObj=(<BRUKER_FLOWSAT>, GeoPlanarId, Standard_GobjShape, 
<PVM_FlowSatGeoCub>, <>, 0, <1;first> <2;second> <S;slice>, Yes, 553191)
##$PVM_FlowSatGeoCub=( 1 )
(((-1 0 0 0 1 0 0 0 -1, 0 0 -7.3499999999999996, 0 0 0), 42 42 4, <+1;first> 
<+2;second> <+S;slice>, 0), 1, 1, 1, 4, 0, No)
##$PVM_FlowSatPulEnum=<Calculated>
##$PVM_FlowSatPul=(1.2, 5000, 90, Yes, 4, 6000, 0.15558072029082534, 
0.13562335619905388, 0, 50, 77.67822650783387, <$PVM_FlowSatPulShape>)
##$PVM_FlowSatPulAmpl=(77.67822650783387, 62.321034373570001, 
-18.902993015207787)
##$PVM_InFlowSatSpoil=(Yes, 5, 0.39300000000000002, 15.477589062093303)
##$PVM_InFlowSatPos=up
##$PVM_InFlowSatModuleTime=0
##$PVM_InFlowSatFL=( 9 )
-3009.7662012558517 -509.7662012558518 1990.2337987441476 4490.233798744147 
6990.2337987441479 -1759.7662012558519 740.23379874414763 3240.233798744147 
5740.2337987441479
##$PVM_SfD0=0.00013100000000000001
##$PVM_SfD2=0.00039300000000000001
##$PVM_SfP0=1200
##$PVM_SfLp0=1
##$PVM_TaggingOnOff=Off
##$PVM_TaggingPulEnum=<bp>
##$PVM_TaggingPul=(0.20000000000000001, 6400, 90, No, 3, 1280, 1, 1, 0, 50, 
67.688261195719633, <bp.exc>)
##$PVM_TaggingPulAmpl=(67.688261195719633, 58.17570850265583, 
-18.305133579027935)
##$PVM_TaggingMode=SPAMM
##$PVM_TaggingDir=Tagging_grid
##$PVM_TaggingDistance=1
##$PVM_TaggingMinDistance=0.001
##$PVM_TaggingThick=0.20000000000000001
##$PVM_TaggingOffset1=0
##$PVM_TaggingOffset2=0
##$PVM_TaggingAngle=0
##$PVM_TaggingDelay=0.01
##$PVM_TaggingModuleTime=0
##$PVM_TaggingInterPulseDelay=1.144230800224427
##$PVM_TaggingPulseNumber=5
##$PVM_TaggingPulseElement=0.040000000000000001
##$PVM_TaggingGradientStrength=5
##$PVM_TaggingGridDelay=0.01
##$PVM_TaggingFL=( 2 )
0 0
##$PVM_TaggingD0=1.0000000000000001e-05
##$PVM_TaggingD1=1.0000000000000001e-05
##$PVM_TaggingD2=0.00097323080022442704
##$PVM_TaggingD3=0.0011147354242872665
##$PVM_TaggingD4=0.00013100000000000001
##$PVM_TaggingP0=40
##$PVM_TaggingLp0=4
##$PVM_TaggingGradAmp1=5
##$PVM_TaggingGradAmp2=-0
##$PVM_TaggingGradAmp3=0
##$PVM_TaggingGradAmp4=5
##$PVM_TaggingSpoiler=(Yes, 1, 1.2457354242872665, 50)
##$PVM_DriftCompYesNo=No
##$PVM_DriftCompStore=No
##$PVM_DriftCompUpdateTime=2500
##$PVM_DriftCompNavOnOff=On
##$PVM_DriftCompModuleTime=0
##$PVM_DriftCompNavPoints=96
##$PVM_DriftCompNavPulse=(0.54800000000000004, 5000, 1, No, 3, 2740, 0.4181723,
 0.29872376467597078, 0, 50, 0.0063652679518327922, <gauss.exc>)
##$PVM_DriftCompNavPulseEnum=<gauss>
##$PVM_DriftCompNavSWh=10000
##$PVM_DriftCompNavSpoilYesNo=No
##$PVM_DriftCompNavSpoil=(Yes, 1, 1, 10)
##$PVM_DriftCompStickFreq=No
##$PVM_DriftCompNavD1=9.5999999999999996
##$PVM_DriftCompNavD2=0
##$PVM_DriftCompNavD3=0.044999999999999998
##$PVM_DriftCompNavD4=0.065000000000000002
##$PVM_DriftCompNavD5=0
##$PVM_DriftCompNavP0=1
##$PVM_MotionSupOnOff=On
##$PVM_FlipBackOnOff=On
##$PVM_MapShimReady=Yes
##$PVM_MapShimLocShim=No
##$PVM_MapShimStatus=( 128 )
<No map acquired. Mapshim ready.>
##$PVM_MapShimFailure=( 7, 57 )
<Failed to retrieve "PVM_StudyB0MapShimSets" (code: -1)> 
<"PVM_StudyB0MapShimSets" has no value!> <Failed to retrieve 
"PVM_StudyB0MapAtsOffsets" (code: -1)> <"PVM_StudyB0MapAtsOffsets" has no 
value!> <Failed to retrieve "PVM_StudyB0Maps" (code: -1)> <"PVM_StudyB0Maps" 
has no value!> <Mapshim is possible.>
##$PVM_MapShimCalcStat=( 256 )
<Not Calculated.>
##$PVM_DynamicShim=( 1, 10 )
0 0 0 0 0 0 0 0 0 0
##$PVM_MapShimNVolumes=1
##$PVM_MapShimVolShape=Cuboid
##$PVM_ReqShimEnum=Current_Shim
##$PVM_MapShimUseShims=AllShims
##$PVM_MapShimVolDerive=No
##$PVM_MapShimVolMargin=( 3 )
0 0 0
##$PVM_DynamicShimEnable=No
##$PVM_DynamicShimConstrainToFast=No
##$PVM_DynamicShimSliceMargin=1
##$PVM_DynamicShimEventDuration=30
##$PVM_AtsNpos=1
##$PVM_AtsOverlap=0
##$PVM_AtsShifts=( 1 )
0
##$PVM_AtsPositions=( 1 )
-0
##$PVM_AtsCentralSetup=Yes
##$PVM_AtsScanPosition=-0
##$PVM_AtsCentralEndPos=Yes
##$PVM_AtsCenterPos=-0
##$PVM_AtsFov=8.6947001950661331
##$PVM_AtsResol=-0.99939082701909565
##$PVM_AtsMultiPosSupported=Yes
##$PVM_AutoRg=( 1 )
(<job0>, 80.599999999999994)
##$PVM_RampTime=0.10000000000000001
##$PVM_RiseTime=0.13100000000000001
##$PVM_DynamicShimRisetime=10
##$PVM_RgJob=<job0>
##$PVM_RgValue=80.599999999999994
$$ @vis= MethodFileGroup MethodClass Method MethManagGroup PVM_GeoObj
$$ @vis= PVM_StudyInstrumentPosition PVM_ExportHandler MethodAtsRefPosGroup
$$ @vis= PVM_AtsBedPositionMode PVM_AtsChangeRefPos PVM_AtsRefGeoObj
$$ @vis= PVM_AtsRefGeoCub PVM_AtsRefPosTransferred PVM_EchoTime EffectiveTE
$$ @vis= PVM_RareFactor PVM_RepetitionTime PVM_NAverages PVM_NRepetitions
$$ @vis= PVM_NEchoImages PVM_ScanTimeStr PVM_DeriveGains RF_Pulses
$$ @vis= ExcPulse1Enum ExcPulse1 RefPulse1Enum RefPulse1 Nuclei
$$ @vis= PVM_GradCalConst PVM_Nucleus1Enum PVM_Nucleus1 PVM_RefPowMod1
$$ @vis= PVM_RefPowCh1 PVM_RefPowStat1 PVM_FrqRef PVM_FrqWorkOffset
$$ @vis= PVM_FrqWork PVM_FrqRefPpm PVM_FrqWorkOffsetPpm PVM_FrqWorkPpm
$$ @vis= PVM_NucleiPpmWork PVM_TxCoilScMode1 PVM_TxCoilAdjStat1
$$ @vis= PVM_TxCoilAmpScaling1 PVM_TxCoilPhaseOffset1 Encoding PVM_EncGenOpt
$$ @vis= PVM_EncGenEllipse PVM_MbEncAccelFactor PVM_MbEncBlipFactor
$$ @vis= PVM_EncGen3D PVM_EncGen4D PVM_EncGenPpi PVM_EncGenCaipirinha
$$ @vis= PVM_EncGenTCaipirinha PVM_EncVirtualCoils PVM_EncCS PVM_EncCSNumRef
$$ @vis= PVM_EncCSGradOpt PVM_EncCSEllipse PVM_EncPftAlgorithm PVM_IsEpiScan
$$ @vis= PVM_SpatDimEnum PVM_IsotropicFovRes PVM_Matrix PVM_MinMatrix
$$ @vis= PVM_MaxMatrix PVM_DefMatrix PVM_AntiAlias PVM_MaxAntiAlias
$$ @vis= PVM_EncSpectroscopy PVM_EncUseMultiRec PVM_EncActReceivers PVM_EncZf
$$ @vis= PVM_EncPft PVM_EncPftOverscans PVM_EncPpi PVM_EncOrder PVM_EncStart
$$ @vis= Encoding_Output PVM_EncNReceivers PVM_EncAvailReceivers
$$ @vis= PVM_EncChanScaling PVM_EncChanPhase PVM_EncMatrix PVM_EncTotalAccel
$$ @vis= PVM_EncSteps1 PVM_EncCentralStep1 PVM_EncValues1 PVM_EncGenSteps0
$$ @vis= PVM_EncGenSteps1 PVM_EncGenSteps2 PVM_EncGenValues1 PVM_EncGenValues2
$$ @vis= PVM_EncGenTotalSteps PVM_EncGenLoopOuter Sequence_Details PVM_EffSWh
$$ @vis= EncGradDur PVM_AcquisitionTime ReadDephDur PVM_MinEchoTime PVM_MinFov
$$ @vis= PVM_MinSliceThick RepetitionSpoiler EchoSpoilingAuto
$$ @vis= EchoSpoilingSlice EchoSpoilingSliceEff EchoSpoilingRead
$$ @vis= EchoSpoilingReadEff SlabSel ImageGeometry PVM_Isotropic PVM_Fov
$$ @vis= PVM_SpatResol PVM_SliceThick PVM_ObjOrderScheme PVM_ObjOrderList
$$ @vis= PVM_NSPacks PVM_SPackArrNSlices PVM_MajSliceOri
$$ @vis= PVM_SPackArrSliceOrient PVM_SPackArrReadOrient PVM_SPackArrReadOffset
$$ @vis= PVM_SPackArrPhase1Offset PVM_SPackArrSliceOffset
$$ @vis= PVM_SPackArrSliceGapMode PVM_SPackArrSliceGap
$$ @vis= PVM_SPackArrSliceDistance PVM_SliceGeo PVM_SliceGeoObj
$$ @vis= SliceOffsetPars Preparation DummyScans_Parameters PVM_DummyScans
$$ @vis= PVM_DummyScansDur PVM_TriggerModule PVM_EvolutionOnOff PVM_SelIrOnOff
$$ @vis= PVM_SelIrInvTime PVM_SelIrNSlabs PVM_SelIrSlabThick PVM_SelIrMinThick
$$ @vis= PVM_SelIrSlabOffset PVM_SelIrPulEnum PVM_SelIrPul PVM_SelIrPulAmpl
$$ @vis= PVM_SelIrSpoiler PVM_SelIrModuleTime PVM_SelIrOffsetHz PVM_SelIrGrad
$$ @vis= PVM_SelIrFL PVM_SelIrD0 PVM_SelIrD1 PVM_SelIrD2 PVM_SelIrD4
$$ @vis= PVM_SelIrP0 PVM_SelIrL0 PVM_BlBloodOnOff PVM_BlBloodInvTime
$$ @vis= PVM_BlBloodNSlabs PVM_BlBloodSlabThick PVM_BlBloodMinThick
$$ @vis= PVM_BlBloodSlabOffset PVM_BlBloodPulEnum PVM_BlBloodPul
$$ @vis= PVM_BlBloodPulAmpl PVM_BlBloodSpoiler PVM_BlBloodModuleTime
$$ @vis= PVM_BlBloodOffsetHz PVM_BlBloodGrad PVM_BlBloodFL PVM_BlbD0 PVM_BlbD1
$$ @vis= PVM_BlbD2 PVM_BlbP0 PVM_FatSupOnOff Fat_Sup_Parameters
$$ @vis= PVM_FatSupPulEnum PVM_FatSupPul PVM_FatSupBandWidth PVM_FatSupSpoil
$$ @vis= PVM_FatSupModuleTime PVM_FatSupPerform PVM_FatSupRampTime
$$ @vis= PVM_FatSupGradWait PVM_FatSupFL PVM_FatSupRfLength PVM_FatSupSpoilDur
$$ @vis= PVM_FatSupSpoilAmp Fws_Parameters PVM_FwsOnOff PVM_FwsLoop
$$ @vis= PVM_SatTransOnOff PVM_FovSatOnOff Fov_Sat_Parameters
$$ @vis= PVM_InFlowSatOnOff PVM_TaggingOnOff DriftComp_Parameters
$$ @vis= PVM_DriftCompYesNo PVM_DriftCompNavOnOff PVM_DriftCompNavD1
$$ @vis= PVM_DriftCompNavD2 PVM_DriftCompNavD3 PVM_DriftCompNavD4
$$ @vis= PVM_DriftCompNavD5 PVM_DriftCompNavP0 PVM_MotionSupOnOff
$$ @vis= PVM_FlipBackOnOff MapShim PVM_MapShimReady PVM_MapShimStatus
$$ @vis= PVM_MapShimFailure PVM_DynamicShim PVM_MapShimNVolumes
$$ @vis= PVM_ReqShimEnum PVM_DynamicShimConstrainToFast MethodAtsGroup
$$ @vis= PVM_AtsNpos PVM_AtsScanPosition PVM_AtsCenterPos PVM_AtsMultiPosFov
$$ @vis= PVM_AtsMultiPosSupported PVM_AutoRg PVM_RampTime PVM_RiseTime
$$ @vis= PVM_DynamicShimRisetime RgGroup PVM_RgJob PVM_RgValue
##END=
$$ File finished by PARX at 2024-07-25 09:35:26.541 +0200
