##TITLE=Parameter List, ParaVision 360 V3.6
##JCAMPDX=4.24
##DATATYPE=Parameter Values
##ORIGIN=Bruker BioSpin GmbH & Co. KG
##OWNER=nmrsu
$$ Write Options: Symbolic Enums, RLE encoded arrays, symbol visibility
$$ 2024-07-25 10:42:43.616 +0200  nmrsu@host
$$ /opt/nmrdata/PV-360.3.6/data/nmrsu/20240725_090212_std_PV360_3_6_94T_protocols_1_1/18/acqp
$$ process /opt/PV-360.3.6/prog/bin/parxserver
##$ACQ_protocol_name=( 64 )
<PRESS_1H>
##$ACQ_scan_name=( 64 )
<PRESS_1H (E18)>
##$ACQ_method=( 40 )
<Bruker:PRESS>
##$ACQ_patient_pos=Head_Prone
##$ACQ_abs_time=(1721896319, 898, 120)
##$ACQ_operator=( 16 )
<nmrsu>
##$ACQ_institution=( 48 )
<Bruker BioSpin>
##$ACQ_station=( 64 )
<System C1 94/17 Maxwell PET/MR>
##$ACQ_system_order_number=( 24 )
<0>
##$ACQ_sw_version=( 65 )
<PV-360.3.6>
##$ACQ_contrast_agent=( 20 )
<>
##$ACQ_AtsOffsetsSize=1
##$ACQ_AtsOffsets=( 1 )
-0
##$ACQ_AtsAbsolutePosition=762.14800000000002
##$ACQ_AtsCenterDistance=369.35388739293921
##$ACQ_AtsCurrentOffset=-0.0018873929392384525
##$ACQ_AtsCoverOpen=Yes
##$SIMUL_ExperimentDurationFactor=0.10000000000000001
##$GOSI_RepetitionTime=2500
##$PULPROG=( 32 )
<PRESS.ppg>
##$ACQ_experiment_mode=SingleExperiment
##$ACQ_DS_enabled=Yes
##$ACQ_switch_pll_enabled=No
##$ACQ_GradRes=1
##$ACQ_dim_desc=( 1 )
Spectroscopic
##$ACQ_size=( 1 )
1024
##$ACQ_ns_list_size=1
##$ACQ_ns=1
##$ACQ_ns_list=( 1 )
1
##$ACQ_phase_factor=1
##$ACQ_scan_size=One_scan
##$NI=1
##$NA=1
##$NAE=1
##$NR=1
##$DS=0
##$SW_h=0
##$SF0ppm=400.37884595979068
##$ACQ_O1_list_size=3
##$ACQ_O1_list=( 3 )
632.81290233135235 6562.4999879999987 -1265.6244719401088
##$ACQ_O1B_list_size=1
##$ACQ_O1B_list=( 1 )
0
##$ACQ_O2_list_size=1
##$ACQ_O2_list=( 1 )
0
##$ACQ_O3_list_size=1
##$ACQ_O3_list=( 1 )
0
##$NUCLEUS=( 8 )
<1H>
##$ACQ_vd_list_size=0
##$ACQ_vp_list_size=0
##$ACQ_completed=Yes
##$ACQ_word_size=_32_BIT
##$NECHOES=1
##$ACQ_n_echo_images=1
##$ACQ_n_movie_frames=1
##$ACQ_echo_descr=( 1, 20 )
<>
##$ACQ_movie_descr=( 1, 20 )
<>
##$ACQ_fov=( 1 )
10
##$ACQ_read_ext=1
##$ACQ_slice_angle=( 1 )
0
##$ACQ_slice_orient=Arbitrary_Oblique
##$ACQ_slice_sepn=( 1 )
0
##$ACQ_slice_sepn_mode=Contiguous
##$ACQ_slice_thick=2
##$ACQ_obj_order=( 1 )
0
##$ACQ_flip_angle=90
##$ACQ_echo_time=( 1 )
0
##$ACQ_inter_echo_time=( 1 )
0
##$ACQ_recov_time=( 1 )
0
##$ACQ_inversion_time=( 1 )
0
##$ACQ_temporal_delay=( 1 )
0
##$ACQ_RF_power=0
##$ACQ_transmitter_coil=( 16 )
<>
##$ACQ_position_X=0
##$ACQ_position_Y=0
##$ACQ_position_Z=0
##$BYTORDA=little
##$ACQ_adc_overflow=( 2 )
No No
##$GRPDLY=-1
##$FRQLO3=0
##$FQ1LIST=( 16 )
<ACQ_O1_list>
##$FQ2LIST=( 16 )
<ACQ_O2_list>
##$FQ3LIST=( 16 )
<ACQ_O3_list>
##$FQ8LIST=( 16 )
<ACQ_O1B_list>
##$HPPRGN=normal
##$LOCNUC=( 8 )
<off>
##$SOLVENT=( 16 )
<>
##$DE=4.75
##$ACQ_scaling_read=1
##$ACQ_scaling_phase=1
##$ACQ_scaling_slice=1
##$ACQ_grad_matrix_size=1
##$ACQ_grad_matrix=( 1, 3, 3 )
-1 0 0 0 1 0 0 0 -1
##$ACQ_GradientMatrixSize=1
##$ACQ_GradientMatrix=( 1, 3, 3 )
-1 0 0 0 1 0 0 0 -1
##$NSLICES=1
##$ACQ_phase_encoding_mode=( 1 )
Read
##$ACQ_phase_enc_start=( 1 )
-1
##$ACQ_gradient_amplitude=( 100 )
0 13.138615803029763 5.8393848013465615 5.8393848013465615 6.2899148941575529 
8.4852813742385695 -8.4852813742385695 8.4852813742385695 1 12 12 @89*(0)
##$ACQ_ScanPipeJobSettings=( 2 )
(STORE_raw, STORE_32bit_signed, DISPLAY_each_accumulation, LOG_none, 
ACCUM_average, 1, 1, 0, 0, 256, 1, NORMALIZE_none, PIPELINE_raw, 0, 
STREAMING_none, DISPLAY_CoilsSideBySide, 1) (STORE_processed, 
STORE_32bit_signed, DISPLAY_each_scan, LOG_none, ACCUM_average, 0, 0, 0, 0, 
256, 256, NORMALIZE_none, PIPELINE_processed, 0, STREAMING_none, 
DISPLAY_CoilsSideBySide, 1)
##$ACQ_SetupPipeJobSettings=( 2 )
(DISPLAY_each_accumulation, 1) (DISPLAY_each_scan, 256)
##$ACQ_ScanInnerAccumWeights=( 2, 1 )
256 0
##$ACQ_ScanOuterAccumWeights=( 2, 1 )
0 0
##$ACQ_ScanOnlineReco=Yes
##$ACQ_ScanTagFilterLength=( 8 )
0 0 0 0 0 0 0 0
##$ACQ_ScanFtDisplay=Yes
##$ACQ_jobs_size=2
##$ACQ_repetition_time=( 1 )
0
##$ACQ_scan_type=Scan_Experiment
##$ACQ_DebugOptions=(20, 0, No)
##$ACQ_TriggerTimeout=(30, No, No)
##$ACQ_dim=1
##$ACQ_RxFilterDefaultOptions=( 2 )
(No, No) (Yes, Yes)
##$ACQ_SetupRecoDisplay=No
##$ACQ_SetupDim=1
##$ACQ_SetupImageType=MAGNITUDE_IMAGE
##$ACQ_SetupOnlineReco=Yes
##$ACQ_SetupShowDigFilling=Yes
##$ACQ_SetupType=Spectrometer_Parameters
##$ACQ_SetupFtDisplay=Yes
##$ACQ_RxFilterSettings=( 2 )
(HwFilter_BypassFir, SwFilter_LowPassSharp_Decim, 2280, 24, 0, 0, 
SwDataExt_Zero, 0) (HwFilter_BypassFir, SwFilter_LowPassSmooth_Decim, 2280, 
24, 2, 360, SwDataExt_Zero, 0)
##$ACQ_RxFilterInfo=( 2 )
(76.083333333333329, 0, 8, 19.869890304886631, 31) (0, 15.083333333333334, 
27.000000000000004, 19.869890304886631, 31)
##$ACQ_jobs=( 2 )
(4096, 256, 2, 256, 101, 4385.9649122807014, 256, 1, <job0>) (272, 256, 2, 
256, 40.299999999999997, 4385.9649122807014, 256, 1, <Navigator>)
##$ACQ_preload=0
##$ACQ_branch_preload=( 10, 2 )
@18*(1000000) 500 500
##$ACQ_ReceiverSelect=( 7 )
No No No Yes Yes Yes Yes
##$ACQ_ReceiverSelectPerChan=( 1, 7 )
No No No Yes Yes Yes Yes
##$ACQ_TxSguSelect=( 7 )
No Yes Yes No No No No
##$ACQ_RfShapes=( 64 )
(<gauss.exc>, 0.10184428722932469, 0, 0.5, 1, 0 100 100 @21*(0), 0 0 90 
@21*(0)) (<$VoxPul1Shape>, 80.13106844502839, 0, 0.5, 1, 0 100 100 @21*(0), 0 
0 90 @21*(0)) (<$VoxPul2Shape>, 189.41273084338681, 0, 0, 1, 0 100 100 @21*(0)
, 0 0 90 @21*(0)) (<$VoxPul3Shape>, 189.41273084338681, 0, 0, 1, 0 100 100 
@21*(0), 0 0 90 @21*(0)) (<>, 0, 0, 0.5, 0, @24*(0), @24*(0)) (<>, 0, 0, 0.5, 
0, @24*(0), @24*(0)) (<>, 0, 0, 0.5, 0, @24*(0), @24*(0)) (<>, 0, 0, 0.5, 0, 
@24*(0), @24*(0)) (<>, 0, 0, 0.5, 0, @24*(0), @24*(0)) (<>, 0, 0, 0.5, 0, 
@24*(0), @24*(0)) (<>, 0, 0, 0.5, 0, @24*(0), @24*(0)) (<>, 0, 0, 0.5, 0, 
@24*(0), @24*(0)) (<>, 0, 0, 0.5, 0, @24*(0), @24*(0)) (<>, 0, 0, 0.5, 0, 
@24*(0), @24*(0)) (<>, 0, 0, 0.5, 0, @24*(0), @24*(0)) (<>, 0, 0, 0.5, 0, 
@24*(0), @24*(0)) (<>, 0, 0, 0.5, 0, @24*(0), @24*(0)) (<>, 0, 0, 0.5, 0, 
@24*(0), @24*(0)) (<>, 0, 0, 0.5, 0, @24*(0), @24*(0)) (<>, 0, 0, 0.5, 0, 
@24*(0), @24*(0)) (<>, 0, 0, 0.5, 0, @24*(0), @24*(0)) (<>, 0, 0, 0.5, 0, 
@24*(0), @24*(0)) (<>, 0, 0, 0.5, 0, @24*(0), @24*(0)) (<>, 0, 0, 0.5, 0, 
@24*(0), @24*(0)) (<>, 0, 0, 0.5, 0, @24*(0), @24*(0)) (<>, 0, 0, 0.5, 0, 
@24*(0), @24*(0)) (<>, 0, 0, 0.5, 0, @24*(0), @24*(0)) (<>, 0, 0, 0.5, 0, 
@24*(0), @24*(0)) (<>, 0, 0, 0.5, 0, @24*(0), @24*(0)) (<>, 0, 0, 0.5, 0, 
@24*(0), @24*(0)) (<>, 0, 0, 0.5, 0, @24*(0), @24*(0)) (<>, 0, 0, 0.5, 0, 
@24*(0), @24*(0)) (<>, 0, 0, 0.5, 0, @24*(0), @24*(0)) (<>, 0, 0, 0.5, 0, 
@24*(0), @24*(0)) (<>, 0, 0, 0.5, 0, @24*(0), @24*(0)) (<>, 0, 0, 0.5, 0, 
@24*(0), @24*(0)) (<>, 0, 0, 0.5, 0, @24*(0), @24*(0)) (<>, 0, 0, 0.5, 0, 
@24*(0), @24*(0)) (<>, 0, 0, 0.5, 0, @24*(0), @24*(0)) (<>, 0, 0, 0.5, 0, 
@24*(0), @24*(0)) (<>, 0, 0, 0.5, 0, @24*(0), @24*(0)) (<>, 0, 0, 0.5, 0, 
@24*(0), @24*(0)) (<>, 0, 0, 0.5, 0, @24*(0), @24*(0)) (<>, 0, 0, 0.5, 0, 
@24*(0), @24*(0)) (<>, 0, 0, 0.5, 0, @24*(0), @24*(0)) (<>, 0, 0, 0.5, 0, 
@24*(0), @24*(0)) (<>, 0, 0, 0.5, 0, @24*(0), @24*(0)) (<>, 0, 0, 0.5, 0, 
@24*(0), @24*(0)) (<>, 0, 0, 0.5, 0, @24*(0), @24*(0)) (<>, 0, 0, 0.5, 0, 
@24*(0), @24*(0)) (<hermite.exc>, 0.1803104800027629, 0, 0.5, 1, 0 100 100 
@21*(0), 0 0 90 @21*(0)) (<hermite.inv>, 1.798110049889049, 0, 0, 1, 0 100 
100 @21*(0), 0 0 90 @21*(0)) (<>, 0, 0, 0.5, 0, @24*(0), @24*(0)) (<sech.exc>,
 233.17023790809975, 0, 0.5, 1, 0 100 100 @21*(0), 0 0 90 @21*(0)) (<>, 0, 0, 
0.5, 0, @24*(0), @24*(0)) (<>, 0, 0, 0.5, 0, @24*(0), @24*(0)) (<>, 0, 0, 0.5,
 0, @24*(0), @24*(0)) (<>, 0, 0, 0.5, 0, @24*(0), @24*(0)) (<>, 0, 0, 0.5, 0, 
@24*(0), @24*(0)) (<>, 0, 0, 0.5, 0, @24*(0), @24*(0)) (<>, 0, 0, 0.5, 0, 
@24*(0), @24*(0)) (<>, 0, 0, 0.5, 0, @24*(0), @24*(0)) (<>, 0, 0, 0.5, 0, 
@24*(0), @24*(0)) (<>, 0, 0, 0.5, 0, @24*(0), @24*(0))
##$ACQ_WriteServerIOR=( 445 )
<IOR:010000002600000049444c3a73632e6e6d722e6272756b65722e64652f6163712f41637157726974653a312e300000000100000000000000a0000000010102000d00000031302e35342e33332e3131330000a8ed0e000000fe7a0da2660000b1bf000000000300000400000000000000080000000100000000545441010000001c000000010000000100010501000000010001050901010001000000090101000300000018000000010000000d0000003134392e3233362e39392e3100009eaa0300000014000000010000000a0000003132372e302e302e31007dd9>
##$D=( 64 )
0 1.345127 0 0 0.00013100000000000001 0 2.5000000000000001e-05 
0.000249999999999998 0.0028689999999999996 0.00089433333333333324 
0.0028689999999999996 0.00023044444444444623 @52*(0)
##$P=( 64 )
1370 777.77777777777783 1416.6666666666667 1416.6666666666667 @60*(0)
##$PLW=( 64 )
@64*(0)
##$PH_ref=0
##$BF1=400.38072774036669
##$SFO1=400.38072774036669
##$O1=0
##$BF2=400.39499999999998
##$SFO2=400.39499999999998
##$O2=0
##$BF3=400.39499999999998
##$SFO3=400.39499999999998
##$O3=0
##$BF4=400.39499999999998
##$SFO4=400.39499999999998
##$O4=0
##$BF5=400.39499999999998
##$SFO5=400.39499999999998
##$O5=0
##$BF6=400.39499999999998
##$SFO6=400.39499999999998
##$O6=0
##$BF7=400.39499999999998
##$SFO7=400.39499999999998
##$O7=0
##$BF8=400.39499999999998
##$SFO8=400.39499999999998
##$O8=0
##$NUC1=( 8 )
<1H>
##$NUC2=( 8 )
<off>
##$NUC3=( 8 )
<off>
##$NUC4=( 8 )
<off>
##$NUC5=( 8 )
<off>
##$NUC6=( 8 )
<off>
##$NUC7=( 8 )
<off>
##$NUC8=( 8 )
<off>
##$L=( 32 )
@32*(0)
##$ACQ_DriftCompActive=Yes
##$ACQ_DriftCompJob=1
##$ACQ_DriftCompFilterWidth=2
##$ACQ_DriftCompStep=0
##$ACQ_DriftCompOffset=-0.054854623398823341
##$ACQ_DriftCompDebug=No
$$ @vis= ACQP ACQ_COMMON ACQ_protocol_name ACQ_scan_name ACQ_method
$$ @vis= ACQ_patient_pos ACQ_abs_time ACQ_operator ACQ_institution ACQ_station
$$ @vis= ACQ_system_order_number ACQ_sw_version ACQ_contrast_agent
$$ @vis= ACQ_contrast ACQ_ATS ACQ_AtsOffsetsSize ACQ_AtsOffsets
$$ @vis= ACQ_AtsAbsolutePosition ACQ_AtsCenterDistance ACQ_AtsCurrentOffset
$$ @vis= ACQ_AtsCoverOpen ACQ_SIMUL SIMUL_ExperimentDurationFactor
$$ @vis= GOSI_RepetitionTime PULPROG ACQ_experiment_mode ACQ_n_experiments
$$ @vis= ACQ_experiments ACQ_DS_enabled ACQ_switch_pll_enabled ACQ_GradRes
$$ @vis= ACQ_dim_desc ACQ_size ACQ_ns_list_size ACQ_ns ACQ_ns_list
$$ @vis= ACQ_phase_factor ACQ_scan_size NI NA NAE NR DS SW_h SF0ppm
$$ @vis= ACQ_O1_mode ACQ_O1_list_size ACQ_O1_list ACQ_O1B_list_size
$$ @vis= ACQ_O1B_list ACQ_O2_mode ACQ_O2_list_size ACQ_O2_list ACQ_O3_mode
$$ @vis= ACQ_O3_list_size ACQ_O3_list NUCLEUS ACQ_vd_list_size
$$ @vis= ACQ_vp_list_size ACQ_INFO ACQ_completed ACQ_word_size NECHOES
$$ @vis= ACQ_n_echo_images ACQ_n_movie_frames ACQ_echo_descr ACQ_movie_descr
$$ @vis= ACQ_fov ACQ_read_ext ACQ_slice_angle ACQ_slice_orient ACQ_slice_sepn
$$ @vis= ACQ_slice_sepn_mode ACQ_slice_thick ACQ_obj_order ACQ_flip_angle
$$ @vis= ACQ_echo_time ACQ_inter_echo_time ACQ_recov_time ACQ_inversion_time
$$ @vis= ACQ_temporal_delay ACQ_RF_power ACQ_transmitter_coil ACQ_position_X
$$ @vis= ACQ_position_Y ACQ_position_Z BYTORDA ACQ_adc_overflow GRPDLY FRQLO3
$$ @vis= HIRES FQ1LIST FQ2LIST FQ3LIST FQ8LIST HPPRGN LOCNUC SOLVENT
$$ @vis= AVANCE_PARS DE GRAD_PARS ACQ_scaling_read ACQ_scaling_phase
$$ @vis= ACQ_scaling_slice ACQ_grad_matrix_size ACQ_grad_matrix
$$ @vis= ACQ_GradientMatrixSize ACQ_GradientMatrix NSLICES
$$ @vis= ACQ_phase_encoding_mode ACQ_phase_enc_start ACQ_spatial_size_0
$$ @vis= ACQ_spatial_phase_0 ACQ_spatial_size_1 ACQ_spatial_phase_1
$$ @vis= ACQ_spatial_size_2 ACQ_spatial_phase_2 ACQ_gradient_amplitude
$$ @vis= ACQ_SCAN ACQ_ScanPipeJobSettings ACQ_SetupPipeJobSettings
$$ @vis= ACQ_ScanInnerAccumWeights ACQ_ScanOuterAccumWeights
$$ @vis= ACQ_ScanOnlineReco ACQ_ScanTagFilterLength ACQ_ScanFtDisplay
$$ @vis= ACQ_jobs_size ACQ_repetition_time ACQ_scan_type ACQ_DebugOptions
$$ @vis= ACQ_TriggerTimeout ACQ_dim ACQ_RxFilterDefaultOptions ACQ_SETUP
$$ @vis= ACQ_SetupRecoDisplay ACQ_SetupDim ACQ_SetupImageType
$$ @vis= ACQ_SetupOnlineReco ACQ_SetupShowDigFilling ACQ_SetupType
$$ @vis= ACQ_SetupFtDisplay ACQ_CONTROL ACQ_RxFilterSettings ACQ_RxFilterInfo
$$ @vis= ACQ_jobs ACQ_preload ACQ_branch_preload ACQ_ReceiverSelect
$$ @vis= ACQ_ReceiverSelectPerChan ACQ_TxSguSelect ACQ_RfShapes
$$ @vis= ACQ_WriteServerIOR D P PLW PH_ref BF1 SFO1 O1 BF2 SFO2 O2 BF3 SFO3 O3
$$ @vis= BF4 SFO4 O4 BF5 SFO5 O5 BF6 SFO6 O6 BF7 SFO7 O7 BF8 SFO8 O8 NUC1 NUC2
$$ @vis= NUC3 NUC4 NUC5 NUC6 NUC7 NUC8 L Drift ACQ_DriftCompActive
$$ @vis= ACQ_DriftCompJob ACQ_DriftCompFilterWidth ACQ_DriftCompStep
$$ @vis= ACQ_DriftCompOffset ACQ_DriftCompDebug
##END=
$$ File finished by PARX at 2024-07-25 10:42:43.618 +0200
