##TITLE=Parameter List, ParaVision 360 V3.6
##JCAMPDX=4.24
##DATATYPE=Parameter Values
##ORIGIN=Bruker BioSpin GmbH & Co. KG
##OWNER=nmrsu
$$ Write Options: Symbolic Enums, RLE encoded arrays, symbol visibility
$$ 2024-07-25 10:04:19.234 +0200  nmrsu@host
$$ /opt/nmrdata/PV-360.3.6/data/nmrsu/20240725_090212_std_PV360_3_6_94T_protocols_1_1/14/pdata/2/reco
$$ process /opt/PV-360.3.6/prog/bin/parxserver
##$RECO_abs_time=(1721894659, 167, 120)
##$RECO_base_image_uid=( 65 )
<2.16.756.5.5.200.906653985.1404.1721894656.1426>
##$RECO_fov=( 2 )
1.8 1.5
##$RECO_size=( 2 )
128 128
##$RecoAutoDerive=No
##$RecoDim=2
##$RecoSpatDim=2
##$RecoObjectsPerRepetition=115
##$RecoObjectsPerSetupStep=100
##$RecoSortObjectsPerRepetition=5
##$RecoNumRepetitions=1
##$RecoNumOutputChan=1
##$RecoDescriptionInSliceCount=1
##$RecoDescriptionSliceCount=5
##$RecoDescriptionOutSliceCount=23
##$RecoEncodingFrames=1
##$RecoRepetitionGroupSize=35
##$RecoPreppassProcDim=4
##$RecoPreppassMultiplier=1
##$RECO_inp_order=REV_ALT_ROWS
##$RECO_inp_size=( 2 )
0 80
##$RECO_ft_size=( 2 )
128 128
##$RECO_offset=( 2, 5 )
0 0 0 0 0 0 0 0 0 0
##$RECO_qopts=( 2 )
NO_QOPTS NO_QOPTS
##$RECO_wdw_mode=( 2 )
NO_WDW NO_WDW
##$RECO_lb=( 2 )
-0.5 -0.5
##$RECO_sw=( 2 )
0 1
##$RECO_gb=( 2 )
0.5 0.5
##$RECO_sbs=( 2 )
1 1
##$RECO_tm1=( 2 )
0.25 0.25
##$RECO_tm2=( 2 )
0.75 0.75
##$RECO_ft_mode=( 2 )
COMPLEX_FT COMPLEX_FT
##$RECO_pc_mode=( 2 )
FIRST_ORDER_PC FIRST_ORDER_PC
##$RECO_pc_lin=( 2 )
(0, 180) (0, 180)
##$RECO_rotate=( 2, 5 )
0.5 0.5 0.5 0.5 0.5 0.65624999999999978 0.65624999999999978 
0.65624999999999978 0.65624999999999978 0.65624999999999978
##$RECO_ppc_mode=NO_PPC
##$RECO_ppc_degree=1
##$RECO_transposition=( 115 )
@115*(0)
##$RECO_image_type=MAGNITUDE_IMAGE
##$RECO_image_threshold=0.14999999999999999
##$RECO_wordtype=_32BIT_SGN_INT
##$RECO_map_mode=ABSOLUTE_MAPPING
##$RECO_map_range=( 2 )
-2147483647 2147483647
##$RECO_map_percentile=( 2 )
1 99.900000000000006
##$RECO_map_error=0.025000000000000001
##$RECO_minima=( 115 )
39300783.074990034 40155387.018010855 34896309.406251669 24488628.491798259 
23449534.763815254 -363192679.13358748 -322116549.49096054 
-312653745.79890436 -288307322.17222786 -365828348.89527297 27981794.65436383 
29755051.255354673 28543331.735900398 28355145.24158974 26243443.298709787 
53901895.45702187 54783718.548920952 51890971.556155585 50232053.407441415 
50861881.317643762 -360258416.53908181 -330512784.73267865 
-365459960.85279489 -356062582.2001611 -375397317.44657952 
-545880805.20773387 -435800210.43570143 -380097088.34788215 
-357439054.69692463 -450092621.72466236 -379485682.89416385 
-380795426.18086398 -373450464.15951496 -416286707.64562631 
-448924163.8716222 -1789027899.1495976 -1562370778.0562916 
-1514717755.5013247 -1925337730.9966154 -1673687788.7178741 
-1744095361.019645 -1775408303.115077 -1733304671.2646062 -1656715960.4433351 
-1680386771.8762457 -1895886273.8926377 -1701426395.0326779 
-1719767632.9273646 -1624784616.1239703 -2147483646.5 -254926920.36987862 
-192816392.40637624 -215905361.75273144 -185315226.3905375 
-209665400.48314828 -350786489.27863336 -351597063.28293949 
-315985615.55084682 -298894823.02687448 -331325652.81244797 
-610674099.67190552 -523242876.72692871 -477705450.00246042 
-504005255.61795187 -633404385.91572547 -2147442083.4529254 
-2147418830.1800101 -2147459705.3330891 -2147483646.5 -2147148119.9468977 
-2146973801.9363637 -2146142514.2198343 -2147403533.4529037 
-2147331202.9712834 -2147375745.4529974 -2146821549.3170321 
-2146128262.6060882 -2146492207.2955565 -2146661199.9604645 
-2146652993.4291432 -2147226802.4753156 -2146714393.035038 
-2147168972.4172382 -2147483646.5 -2147218235.686799 -2147154848.4638324 
-2147280037.8547132 -2147345443.762079 -2147089757.2351701 -2147483646.5 
-2147483646.5 -2147472178.8908346 -2147430238.8969619 -2147196874.3303216 
-2147385585.8443072 -2146655384.383383 -2147280771.0504439 
-2146699192.4100151 -2146579740.9856105 -2146885162.0278924 
-2147429114.8588965 -2147455541.1525145 -2147482338.312793 
-2146631682.9904268 -2147356937.3415098 -2147119727.2993133 
-2146194774.0773523 -2147077323.3112323 -2144101296.6366785 
-2143145970.7710102 0 0 0 0 0
##$RECO_maxima=( 115 )
2147483646.4458959 2147483631.8978562 2147483646.5 2147483645.4799726 
2147483584.6467185 1936202275.6058526 2030255448.9685049 2147483646.5 
1975809760.5863683 1960828909.6779678 1624345613.8507326 1800501110.5795367 
2012517526.925097 2147483646.5 2049656937.8339188 1259027772.8845301 
1534063821.5728705 1487881756.8188021 1744800636.6160934 2147483646.5 
1922763533.1340907 1965241395.2097702 2147483646.5 1950885659.388021 
1859137774.344645 1931954342.8847766 2068203849.5542183 2147483646.5 
1980500853.7751122 1867177687.4903283 1971440754.2460024 2062227735.1123188 
2147483646.4999998 2042286835.0050867 2120191022.8688633 1641066848.4578574 
1870015367.00524 2010290078.7943022 1948658708.2309101 2147483646.5 
2015487129.2036595 1785978092.8935831 2147483646.5 1613680003.4602995 
1719564526.512589 1582896474.6982028 1887118635.7401104 1667522455.3824189 
1710324543.2660117 1830787286.6214926 1818541898.083519 1918992888.9117088 
2147483646.5 1840763683.8424177 1949025459.6341169 1988895245.1618445 
2055356421.8226721 2147483646.5 2018002960.1340008 1968406292.78795 
2047704171.7624085 2140505475.8840113 2147483646.5 2098420633.0110164 
2033152807.2262206 2146048655.9333134 2146012901.4952903 2147394992.8340139 
2145909331.6515942 2145439224.6556609 2147452380.3664329 2147015213.144408 
2147029205.6078758 2147483646.4999998 2147406945.7268746 2147385771.1148424 
2147483646.4999998 2147314049.0457554 2147476146.0067842 2147392993.7413843 
2147377484.5733221 2147445264.4423616 2147448665.5825944 2147268710.9822831 
2147369714.370261 2147269190.7200453 2147467442.9754577 2147232128.346566 
2147278095.776916 2147202896.4671297 2147450483.6002054 2147434342.9149859 
2147335199.5431077 2147396718.8192103 2147360889.0781813 2147237490.6925328 
2146786343.7349422 2147321159.917628 2147483646.5 2147374368.3764486 
2147418070.0773029 2146718532.8431993 2147250846.1815319 2147328051.2995255 
2147483646.5 2147345036.7925296 2147483646.5 2147450218.595854 
2147433287.6966126 2147140060.6159155 2147483646.5 2147483646.5 2147483646.5 
2147483646.5 2147483646.5
##$RECO_map_min=( 115 )
-1.224744871325526 -1.224744871325526 -1.224744871325526 -1.224744871325526 
-1.224744871325526 -0.0017764294199483716 -0.0017764294199483716 
-0.0017764294199483716 -0.0017764294199483716 -0.0017764294199483716 
-259624.15190463149 -259624.15190463149 -259624.15190463149 
-259624.15190463149 -259624.15190463149 -181300.50932866719 
-181300.50932866719 -181300.50932866719 -181300.50932866719 
-181300.50932866719 -0.0018487287192497179 -0.0018487287192497179 
-0.0018487287192497179 -0.0018487287192497179 -0.0018487287192497179 
-0.0017534495103718652 -0.0017534495103718652 -0.0017534495103718652 
-0.0017534495103718652 -0.0017534495103718652 -0.0017634162437272071 
-0.0017634162437272071 -0.0017634162437272071 -0.0017634162437272071 
-0.0017634162437272071 -0.00023035713855776459 -0.00023035713855776459 
-0.00023035713855776459 -0.00023035713855776459 -0.00023035713855776459 
-0.00023843259948882635 -0.00023843259948882635 -0.00023843259948882635 
-0.00023843259948882635 -0.00023843259948882635 -0.00025582232904941278 
-0.00025582232904941278 -0.00025582232904941278 -0.00025582232904941278 
-0.00025582232904941278 -0.0019818000385785723 -0.0019818000385785723 
-0.0019818000385785723 -0.0019818000385785723 -0.0019818000385785723 
-0.0017447113455194359 -0.0017447113455194359 -0.0017447113455194359 
-0.0017447113455194359 -0.0017447113455194359 -0.0016027768757471072 
-0.0016027768757471072 -0.0016027768757471072 -0.0016027768757471072 
-0.0016027768757471072 -0.99999556310789173 -0.99999556310789173 
-0.99999556310789173 -0.99999556310789173 -0.99999556310789173 
-0.99998150300343758 -0.99998150300343758 -0.99998150300343758 
-0.99998150300343758 -0.99998150300343758 -0.99999298211672438 
-0.99999298211672438 -0.99999298211672438 -0.99999298211672438 
-0.99999298211672438 -0.99999805132737019 -0.99999805132737019 
-0.99999805132737019 -0.99999805132737019 -0.99999805132737019 
-0.99999562831768618 -0.99999562831768618 -0.99999562831768618 
-0.99999562831768618 -0.99999562831768618 -0.99997538316294543 
-0.99997538316294543 -0.99997538316294543 -0.99997538316294543 
-0.99997538316294543 -0.99997773185529581 -0.99997773185529581 
-0.99997773185529581 -0.99997773185529581 -0.99997773185529581 
-0.99997760492020149 -0.99997760492020149 -0.99997760492020149 
-0.99997760492020149 -0.99997760492020149 -0.99999520971743749 
-0.99999520971743749 -0.99999520971743749 -0.99999520971743749 
-0.99999520971743749 -1 -1 -1 -1 -1
##$RECO_map_max=( 115 )
1.224744871325526 1.224744871325526 1.224744871325526 1.224744871325526 
1.224744871325526 0.0017764294199483716 0.0017764294199483716 
0.0017764294199483716 0.0017764294199483716 0.0017764294199483716 
259624.15190463149 259624.15190463149 259624.15190463149 259624.15190463149 
259624.15190463149 181300.50932866719 181300.50932866719 181300.50932866719 
181300.50932866719 181300.50932866719 0.0018487287192497179 
0.0018487287192497179 0.0018487287192497179 0.0018487287192497179 
0.0018487287192497179 0.0017534495103718652 0.0017534495103718652 
0.0017534495103718652 0.0017534495103718652 0.0017534495103718652 
0.0017634162437272071 0.0017634162437272071 0.0017634162437272071 
0.0017634162437272071 0.0017634162437272071 0.00023035713855776459 
0.00023035713855776459 0.00023035713855776459 0.00023035713855776459 
0.00023035713855776459 0.00023843259948882635 0.00023843259948882635 
0.00023843259948882635 0.00023843259948882635 0.00023843259948882635 
0.00025582232904941278 0.00025582232904941278 0.00025582232904941278 
0.00025582232904941278 0.00025582232904941278 0.0019818000385785723 
0.0019818000385785723 0.0019818000385785723 0.0019818000385785723 
0.0019818000385785723 0.0017447113455194359 0.0017447113455194359 
0.0017447113455194359 0.0017447113455194359 0.0017447113455194359 
0.0016027768757471072 0.0016027768757471072 0.0016027768757471072 
0.0016027768757471072 0.0016027768757471072 0.99999556310789173 
0.99999556310789173 0.99999556310789173 0.99999556310789173 
0.99999556310789173 0.99998150300343758 0.99998150300343758 
0.99998150300343758 0.99998150300343758 0.99998150300343758 
0.99999298211672438 0.99999298211672438 0.99999298211672438 
0.99999298211672438 0.99999298211672438 0.99999805132737019 
0.99999805132737019 0.99999805132737019 0.99999805132737019 
0.99999805132737019 0.99999562831768618 0.99999562831768618 
0.99999562831768618 0.99999562831768618 0.99999562831768618 
0.99997538316294543 0.99997538316294543 0.99997538316294543 
0.99997538316294543 0.99997538316294543 0.99997773185529581 
0.99997773185529581 0.99997773185529581 0.99997773185529581 
0.99997773185529581 0.99997760492020149 0.99997760492020149 
0.99997760492020149 0.99997760492020149 0.99997760492020149 
0.99999520971743749 0.99999520971743749 0.99999520971743749 
0.99999520971743749 0.99999520971743749 1 1 1 1 1
##$RECO_map_offset=( 115 )
@115*(0)
##$RECO_map_slope=( 115 )
1753413055.060035 1753413055.060035 1753413055.060035 1753413055.060035 
1753413055.060035 1208876425027.0142 1208876425027.0142 1208876425027.0142 
1208876425027.0142 1208876425027.0142 8271.509529239951 8271.509529239951 
8271.509529239951 8271.509529239951 8271.509529239951 11844.884796252696 
11844.884796252696 11844.884796252696 11844.884796252696 11844.884796252696 
1161600198092.6265 1161600198092.6265 1161600198092.6265 1161600198092.6265 
1161600198092.6265 1224719408113.7639 1224719408113.7639 1224719408113.7639 
1224719408113.7639 1224719408113.7639 1217797360174.5989 1217797360174.5989 
1217797360174.5989 1217797360174.5989 1217797360174.5989 9322409802210.209 
9322409802210.209 9322409802210.209 9322409802210.209 9322409802210.209 
9006669604340.9004 9006669604340.9004 9006669604340.9004 9006669604340.9004 
9006669604340.9004 8394433959223.3477 8394433959223.3477 8394433959223.3477 
8394433959223.3477 8394433959223.3477 1083602585879.5839 1083602585879.5839 
1083602585879.5839 1083602585879.5839 1083602585879.5839 1230853259488.979 
1230853259488.979 1230853259488.979 1230853259488.979 1230853259488.979 
1339851902654.2524 1339851902654.2524 1339851902654.2524 1339851902654.2524 
1339851902654.2524 2147493174.6955194 2147493174.6955194 2147493174.6955194 
2147493174.6955194 2147493174.6955194 2147523369.2323785 2147523369.2323785 
2147523369.2323785 2147523369.2323785 2147523369.2323785 2147498717.3953333 
2147498717.3953333 2147498717.3953333 2147498717.3953333 2147498717.3953333 
2147487831.2507596 2147487831.2507596 2147487831.2507596 2147487831.2507596 
2147487831.2507596 2147493034.6573186 2147493034.6573186 2147493034.6573186 
2147493034.6573186 2147493034.6573186 2147536512.056386 2147536512.056386 
2147536512.056386 2147536512.056386 2147536512.056386 2147531468.0414872 
2147531468.0414872 2147531468.0414872 2147531468.0414872 2147531468.0414872 
2147531740.6447015 2147531740.6447015 2147531740.6447015 2147531740.6447015 
2147531740.6447015 2147493933.6027431 2147493933.6027431 2147493933.6027431 
2147493933.6027431 2147493933.6027431 2147483646.5 2147483646.5 2147483646.5 
2147483646.5 2147483646.5
##$RECO_byte_order=littleEndian
##$RecoUserUpdate=Yes
##$RecoReverseSegment=20
##$RecoB0DemodOff=0
##$RecoB0DemodDelay=0
##$RecoFTOrder=( 2 )
0 1
##$RecoHalfFTAlgorithm=ZEROFILLING
##$RecoHalfFT=( 2 )
No No
##$RecoHalfFTPos=( 2 )
64 16
##$RecoHalfFTAcq=Yes
##$RecoNoFT=No
##$RecoExportSortedData=No
##$RecoCorrPhase=RecoCorrPhaseOff
##$RecoCorrPhaseRef=-1
##$RECO_map_user_slope=1
##$RECO_map_user_offset=0
##$RecoNumInputChan=4
##$RecoScaleChan=( 4 )
0.99099999999999999 0.96599999999999997 0.98899999999999999 1
##$RecoPhaseChan=( 4 )
348.75999999999999 52.990000000000002 352.43000000000001 21.289999999999999
##$RecoCombineMode=SumOfSquares
##$RecoEncGenInt=3
##$RecoSortDim=3
##$RecoSortSize=( 3 )
80 5 35
##$RecoSortRange=( 3 )
128 5 35
##$RecoSortSegment=( 3 )
20 0 1
##$RecoSortMaps=( 120 )
48 52 56 60 64 68 72 76 80 84 88 92 96 100 104 108 112 116 120 124 49 53 57 
61 65 69 73 77 81 85 89 93 97 101 105 109 113 117 121 125 50 54 58 62 66 70 
74 78 82 86 90 94 98 102 106 110 114 118 122 126 51 55 59 63 67 71 75 79 83 
87 91 95 99 103 107 111 115 119 123 127 0 2 4 1 3 0 1 2 3 4 5 6 7 8 9 10 11 
12 13 14 15 16 17 18 19 20 21 22 23 24 25 26 27 28 29 30 31 32 33 34
##$RecoGrappaCoefficients=( 1 )
0
##$RecoSliceGrappaCoefficients=( 1 )
0
##$RecoGrappaAccelFactor=1
##$RecoGrappaAccelFactor2=1
##$RecoGrappaKernelRead=0
##$RecoGrappaKernelPhase=0
##$RecoGrappaKernelPhase2=4
##$RecoGrappaKernelTime=3
##$RecoGrappaNumRefRead=0
##$RecoGrappaNumRefPhase=0
##$RecoGrappaNumRefPhase2=0
##$RecoGrappaIncludeRefLines=No
##$RecoGrappaFirstRepOnly=No
##$RecoGrappaReadCenter=64
##$RecoGrappaPhaseCenter=0
##$RecoGrappaPhaseCenter2=0
##$RecoGrappaTruncThresh=0.050000000000000003
##$RecoGrappaLambda=0.01
##$RecoGrappaCoefReps=1
##$RecoSliceGrappaAccelFactor=1
##$RecoSliceGrappaBlipValue=1
##$RecoSliceGrappaKernelRead=5
##$RecoSliceGrappaKernelPhase=4
##$RecoSliceGrappaNumRefRead=0
##$RecoSliceGrappaNumRefPhase=0
##$RecoSliceGrappaReadCenter=64
##$RecoSliceGrappaPhaseCenter=0
##$RecoSliceGrappaTruncThresh=0.01
##$RecoSliceGrappaLambda=0.01
##$RecoSliceGrappaOff=No
##$RecoGrappa3D=No
##$RecoGrappaCaipirinha=No
##$RecoGrappaTCaipirinha=No
##$RecoGrappaVirtualCoils=No
##$RecoGrappaVirtualCoilsLambda=2
##$RecoGrappaPeak=No
##$RecoGrappaTimeLoop=No
##$RecoGrappaOne=No
##$RecoGrappaOneLambda=0.10000000000000001
##$RecoSegGrappa=No
##$RecoSegGrappaCalibrateFromB0=No
##$RecoSegGrappaInt=0
##$RecoSegGrappaSegments=1
##$RecoSegGrappaTruncThresh=0.01
##$RecoSegGrappaLambda=0.01
##$RecoSegGrappaLambdaSeg=2
##$RecoItGrappa=1
##$RecoCS=No
##$RecoNnDenoising=No
##$RecoNnCpuOnly=No
##$RecoNnParallelProcessing=1
##$RecoNnDifferenceMode=No
##$RecoNnPatchSizeMax=0
##$RecoNnNdIso=1
##$RecoNnPatchBorder=32
##$RecoNnDenoisingLevel=( 1 )
100
##$RecoNnDataConsistency=( 1 )
0
##$RecoNnDataConsistencyCenter=( 1 )
0
##$RecoNnDataConsistencyRatio=( 1 )
0
##$RecoNnDataConsistencyCenterRatio=( 1 )
0
##$RecoNnDenoisingPre=No
##$RecoNnDenoisingLevelPre=0
##$RecoNnDataConsistencyPre=100
##$RecoNnDataConsistencyCenterPre=100
##$RecoNnDataConsistencyRatioPre=100
##$RecoNnDataConsistencyCenterRatioPre=100
##$RecoRegridN=Off
##$RecoStageNrPasses=4
##$RecoStagePasses=( 4 )
(<FIRSTPASS>, 0) (<FTPASS1>, 1) (<PREPPASS>, 2) (<MAPPASS>, 3)
##$RecoStageNrNodes=88
##$RecoStageNodes=( 88 )
(<input>, 0, <RecoFileSource 
FS0{initFromRawJob=0;procDim=1;numChan=4;contData=true;}>) (<input>, 0, 
<RecoSharedQueueSink JQ0{queueId=Job_Out0;appendPsId=true;initQueue=true;}>) 
(<compute>, 0, <RecoSharedQueueSource 
Q0{initFromJob=0;queueId=Job_Out0;appendPsId=true;}>) (<compute>, 0, 
<RecoBufferSink S0{procDim=1;frameDim=2;bufferId="FIRSTPASS0";memId="out0"}>) 
(<compute>, 0, <RecoBufferSink 
S1{procDim=1;frameDim=2;bufferId="FIRSTPASS1";memId="out1"}>) (<compute>, 0, 
<RecoBufferSink S2{procDim=1;frameDim=2;bufferId="FIRSTPASS2";memId="out2"}>) 
(<compute>, 0, <RecoBufferSink 
S3{procDim=1;frameDim=2;bufferId="FIRSTPASS3";memId="out3"}>) (<compute>, 0, 
<RecoSplitFilter SP0{dim=1; keepBlocksize=1}>) (<compute>, 0, <RecoCastFilter 
CAST0{dataRep=FLOAT; wordSize=8}>) (<compute>, 0, <RecoReverseFilter 
REV0{segment=\<RecoReverseSegment\>}>) (<compute>, 0, <RecoZfillFilter 
Z0{fixedSize=\<RECO_ft_size[0]\>; dataPosition=0; fillingPosition=0.5}>) 
(<compute>, 0, <RecoFTShiftFilter FTS0{frameDim=2; winDirection=0; 
shift=\<RECO_rotate[0]\>; exponent=1}>) (<compute>, 0, <RecoFTFilter 
FT0{direction=0; exponent=1}>) (<compute>, 0, <RecoSortFilter 
REORD0{sortDim=\<RecoSortDim\>; sortSize=\<RecoSortSize\>; 
sortRange=\<RecoSortRange\>; sortSegment=\<RecoSortSegment\>; 
sortMaps=\<RecoSortMaps\>; frameDim = 2}>) (<compute>, 0, <RecoCastFilter 
CAST1{dataRep=FLOAT; wordSize=8}>) (<compute>, 0, <RecoReverseFilter 
REV1{segment=\<RecoReverseSegment\>}>) (<compute>, 0, <RecoZfillFilter 
Z1{fixedSize=\<RECO_ft_size[0]\>; dataPosition=0; fillingPosition=0.5}>) 
(<compute>, 0, <RecoFTShiftFilter FTS1{frameDim=2; winDirection=0; 
shift=\<RECO_rotate[0]\>; exponent=1}>) (<compute>, 0, <RecoFTFilter 
FT1{direction=0; exponent=1}>) (<compute>, 0, <RecoSortFilter 
REORD1{sortDim=\<RecoSortDim\>; sortSize=\<RecoSortSize\>; 
sortRange=\<RecoSortRange\>; sortSegment=\<RecoSortSegment\>; 
sortMaps=\<RecoSortMaps\>; frameDim = 2}>) (<compute>, 0, <RecoCastFilter 
CAST2{dataRep=FLOAT; wordSize=8}>) (<compute>, 0, <RecoReverseFilter 
REV2{segment=\<RecoReverseSegment\>}>) (<compute>, 0, <RecoZfillFilter 
Z2{fixedSize=\<RECO_ft_size[0]\>; dataPosition=0; fillingPosition=0.5}>) 
(<compute>, 0, <RecoFTShiftFilter FTS2{frameDim=2; winDirection=0; 
shift=\<RECO_rotate[0]\>; exponent=1}>) (<compute>, 0, <RecoFTFilter 
FT2{direction=0; exponent=1}>) (<compute>, 0, <RecoSortFilter 
REORD2{sortDim=\<RecoSortDim\>; sortSize=\<RecoSortSize\>; 
sortRange=\<RecoSortRange\>; sortSegment=\<RecoSortSegment\>; 
sortMaps=\<RecoSortMaps\>; frameDim = 2}>) (<compute>, 0, <RecoCastFilter 
CAST3{dataRep=FLOAT; wordSize=8}>) (<compute>, 0, <RecoReverseFilter 
REV3{segment=\<RecoReverseSegment\>}>) (<compute>, 0, <RecoZfillFilter 
Z3{fixedSize=\<RECO_ft_size[0]\>; dataPosition=0; fillingPosition=0.5}>) 
(<compute>, 0, <RecoFTShiftFilter FTS3{frameDim=2; winDirection=0; 
shift=\<RECO_rotate[0]\>; exponent=1}>) (<compute>, 0, <RecoFTFilter 
FT3{direction=0; exponent=1}>) (<compute>, 0, <RecoSortFilter 
REORD3{sortDim=\<RecoSortDim\>; sortSize=\<RecoSortSize\>; 
sortRange=\<RecoSortRange\>; sortSegment=\<RecoSortSegment\>; 
sortMaps=\<RecoSortMaps\>; frameDim = 2}>) (<compute>, 1, <RecoBufferSource 
Q0{procDim=2;frameDim=2;bufferId="FIRSTPASS0";memId="out0"}>) (<compute>, 1, 
<RecoBufferSource Q1{procDim=2;frameDim=2;bufferId="FIRSTPASS1";memId="out1"}>
) (<compute>, 1, <RecoBufferSource 
Q2{procDim=2;frameDim=2;bufferId="FIRSTPASS2";memId="out2"}>) (<compute>, 1, 
<RecoBufferSource Q3{procDim=2;frameDim=2;bufferId="FIRSTPASS3";memId="out3"}>
) (<compute>, 1, <RecoBufferSink 
S0{procDim=2;frameDim=2;bufferId="FTPASS10";memId="in0"}>) (<compute>, 1, 
<RecoBufferSink S1{procDim=2;frameDim=2;bufferId="FTPASS11";memId="in1"}>) 
(<compute>, 1, <RecoBufferSink 
S2{procDim=2;frameDim=2;bufferId="FTPASS12";memId="in2"}>) (<compute>, 1, 
<RecoBufferSink S3{procDim=2;frameDim=2;bufferId="FTPASS13";memId="in3"}>) 
(<compute>, 1, <RecoFTShiftFilter FTS0{frameDim=2; winDirection=1; 
shift=\<RECO_rotate[1]\>; exponent=1}>) (<compute>, 1, <RecoFTFilter 
FT0{direction=1;exponent=1;}>) (<compute>, 1, <RecoFTShiftFilter 
FTS1{frameDim=2; winDirection=1; shift=\<RECO_rotate[1]\>; exponent=1}>) 
(<compute>, 1, <RecoFTFilter FT1{direction=1;exponent=1;}>) (<compute>, 1, 
<RecoFTShiftFilter FTS2{frameDim=2; winDirection=1; shift=\<RECO_rotate[1]\>; 
exponent=1}>) (<compute>, 1, <RecoFTFilter FT2{direction=1;exponent=1;}>) 
(<compute>, 1, <RecoFTShiftFilter FTS3{frameDim=2; winDirection=1; 
shift=\<RECO_rotate[1]\>; exponent=1}>) (<compute>, 1, <RecoFTFilter 
FT3{direction=1;exponent=1;}>) (<compute>, 2, <RecoBufferSource 
Q0{procDim=4;frameDim=2;bufferId="FTPASS10";memId="in0"}>) (<compute>, 2, 
<RecoBufferSource Q1{procDim=4;frameDim=2;bufferId="FTPASS11";memId="in1"}>) 
(<compute>, 2, <RecoBufferSource 
Q2{procDim=4;frameDim=2;bufferId="FTPASS12";memId="in2"}>) (<compute>, 2, 
<RecoBufferSource Q3{procDim=4;frameDim=2;bufferId="FTPASS13";memId="in3"}>) 
(<compute>, 2, <RecoBufferSink 
S0{procDim=4;frameDim=2;bufferId="PREPPASS0";memId="out0"}>) (<compute>, 2, 
<RecoPhasCorrFilter PHCORR00{winDirection=0; ph0=0.000000; ph1=180.000000}>) 
(<compute>, 2, <RecoPhasCorrFilter PHCORR01{winDirection=0; ph0=0.000000; 
ph1=180.000000}>) (<compute>, 2, <RecoPhasCorrFilter PHCORR02{winDirection=0; 
ph0=0.000000; ph1=180.000000}>) (<compute>, 2, <RecoPhasCorrFilter 
PHCORR03{winDirection=0; ph0=0.000000; ph1=180.000000}>) (<compute>, 2, 
<RecoPhasCorrFilter PHCORR10{winDirection=1; ph0=0.000000; ph1=180.000000}>) 
(<compute>, 2, <RecoPhasCorrFilter PHCORR11{winDirection=1; ph0=0.000000; 
ph1=180.000000}>) (<compute>, 2, <RecoPhasCorrFilter PHCORR12{winDirection=1; 
ph0=0.000000; ph1=180.000000}>) (<compute>, 2, <RecoPhasCorrFilter 
PHCORR13{winDirection=1; ph0=0.000000; ph1=180.000000}>) (<compute>, 2, 
<RecoScaleFilter SCALE0{scaleFactor=\<RecoScaleChan[0]\>; 
phaseOffset=\<RecoPhaseChan[0]\>}>) (<compute>, 2, <RecoScaleFilter 
SCALE1{scaleFactor=\<RecoScaleChan[1]\>; phaseOffset=\<RecoPhaseChan[1]\>}>) 
(<compute>, 2, <RecoScaleFilter SCALE2{scaleFactor=\<RecoScaleChan[2]\>; 
phaseOffset=\<RecoPhaseChan[2]\>}>) (<compute>, 2, <RecoScaleFilter 
SCALE3{scaleFactor=\<RecoScaleChan[3]\>; phaseOffset=\<RecoPhaseChan[3]\>}>) 
(<compute>, 2, <RecoSumOfSquaresFilter SOS0>) (<compute>, 2, 
<RecoMagnitudeFilter G0>) (<compute>, 2, <RecoMinMaxFilter 
M0{map_min=\<RECO_map_min\>;map_max=\<RECO_map_max\>;}>) (<compute>, 3, 
<RecoBufferSource Q0{procDim=2;frameDim=2;bufferId="PREPPASS0";memId="out0"}>)
 (<compute>, 3, <RecoSharedQueueSink 
S0{initQueue=true;queueId=RecoComp_Out;appendPsId=true;}>) (<compute>, 3, 
<RecoCastFilter CAST0{dataRep=SIGNED;wordSize=4}>) (<compute>, 0, 
<RecoStabCorrFilter 
NAV0{innerSegments=1;navSize=256;echoSize=128;nEchoes=20;junkSize=88;nSlices=\<NI\>;nSegments=\<PVM_EpiNShots\>;sliding=true;useNav=true;select=0;drift=false;dyncor=0;junkSize0=0;navSize2=0;multiecho=1;amplitude=true;}>) (<compute>, 0, <RecoRegridFilter RGR0{rampForm=5;rampLength=0.0976563;ktraject=\<PVM_EpiTrajAdjkx\>;b0traject=\<PVM_EpiTrajAdjb0\>;ksize=128;nechoes=\<PVM_EpiNEchoes\>}>) (<compute>, 0, <RecoEpiGhostFilter EG0{innerSegments=1;nechoes=20;phc=\<PVM_EpiPhaseCorrection[0]\>;nslices=\<NI\>;adjust=0;refecho=5;time=true;center=\<PVM_EpiReadCenter\>;channel=0;maxorder=1;doubleshotadj=0;dyncor=0;usedyn=1;MbNBands=\<PVM_MbEncNBands\>}>) (<compute>, 0, <RecoStabCorrFilter NAV1{innerSegments=1;navSize=256;echoSize=128;nEchoes=20;junkSize=88;nSlices=\<NI\>;nSegments=\<PVM_EpiNShots\>;sliding=true;useNav=true;select=0;drift=false;dyncor=0;junkSize0=0;navSize2=0;multiecho=1;amplitude=true;}>) (<compute>, 0, <RecoRegridFilter RGR1{rampForm=5;rampLength=0.0976563;ktraject=\<PVM_EpiTrajAdjkx\>;b0traject=\<PVM_EpiTrajAdjb0\>;ksize=128;nechoes=\<PVM_EpiNEchoes\>}>) (<compute>, 0, <RecoEpiGhostFilter EG1{innerSegments=1;nechoes=20;phc=\<PVM_EpiPhaseCorrection[1]\>;nslices=\<NI\>;adjust=0;refecho=5;time=true;center=\<PVM_EpiReadCenter\>;channel=1;maxorder=1;doubleshotadj=0;dyncor=0;usedyn=1;MbNBands=\<PVM_MbEncNBands\>}>) (<compute>, 0, <RecoStabCorrFilter NAV2{innerSegments=1;navSize=256;echoSize=128;nEchoes=20;junkSize=88;nSlices=\<NI\>;nSegments=\<PVM_EpiNShots\>;sliding=true;useNav=true;select=0;drift=false;dyncor=0;junkSize0=0;navSize2=0;multiecho=1;amplitude=true;}>) (<compute>, 0, <RecoRegridFilter RGR2{rampForm=5;rampLength=0.0976563;ktraject=\<PVM_EpiTrajAdjkx\>;b0traject=\<PVM_EpiTrajAdjb0\>;ksize=128;nechoes=\<PVM_EpiNEchoes\>}>) (<compute>, 0, <RecoEpiGhostFilter EG2{innerSegments=1;nechoes=20;phc=\<PVM_EpiPhaseCorrection[2]\>;nslices=\<NI\>;adjust=0;refecho=5;time=true;center=\<PVM_EpiReadCenter\>;channel=2;maxorder=1;doubleshotadj=0;dyncor=0;usedyn=1;MbNBands=\<PVM_MbEncNBands\>}>) (<compute>, 0, <RecoStabCorrFilter NAV3{innerSegments=1;navSize=256;echoSize=128;nEchoes=20;junkSize=88;nSlices=\<NI\>;nSegments=\<PVM_EpiNShots\>;sliding=true;useNav=true;select=0;drift=false;dyncor=0;junkSize0=0;navSize2=0;multiecho=1;amplitude=true;}>) (<compute>, 0, <RecoRegridFilter RGR3{rampForm=5;rampLength=0.0976563;ktraject=\<PVM_EpiTrajAdjkx\>;b0traject=\<PVM_EpiTrajAdjb0\>;ksize=128;nechoes=\<PVM_EpiNEchoes\>}>) (<compute>, 0, <RecoEpiGhostFilter EG3{innerSegments=1;nechoes=20;phc=\<PVM_EpiPhaseCorrection[3]\>;nslices=\<NI\>;adjust=0;refecho=5;time=true;center=\<PVM_EpiReadCenter\>;channel=3;maxorder=1;doubleshotadj=0;dyncor=0;usedyn=1;MbNBands=\<PVM_MbEncNBands\>}>) (<compute>, 2, <RecoDTIFilter DTI0{DwBMatImag=\<PVM_DwBMatImag\>; traceWeight=1000.000000;}>) (<compute>, 3, <RecoMapFilter DTIMAP0{symmetricMode=true;minima=\<RECO_minima\>;maxima=\<RECO_maxima\>;slope=\<RECO_map_slope\>;offset=\<RECO_map_offset\>;map_min=\<RECO_map_min\>;map_max=\<RECO_map_max\>;rangeMin=-2147483646.500000;rangeMax=2147483646.500000;perObjectMode=true;cutoffMode=true;commonMapLoop={5,23,1}}>) (<output>, 3, <RecoSharedQueueSource Q{queueId=RecoComp_Out;appendPsId=true;procDim=2;initFromRECO=true;}>) (<output>, 3, <RecoImageDisplayFilter DISP{showAll=1;selectedFrame=\<RecoDisplayFrame\>;modalityType=1;procnoPath="/opt/nmrdata/PV-360.3.6/data/nmrsu/20240725_090212_std_PV360_3_6_94T_protocols_1_1/14/pdata/2/";}>) (<output>, 3, <RecoFileSink S{writePars=true;shuffle=false;filename="2dseq";numChans=1;}>)
##$RecoStageNrEdges=79
##$RecoStageEdges=( 79 )
(<input>, 0, <FS0-\>JQ0>) (<compute>, 0, <Q0-\>SP0>) (<compute>, 0, 
<SP0-\>CAST0>) (<compute>, 0, <SP0-\>CAST1>) (<compute>, 0, <SP0-\>CAST2>) 
(<compute>, 0, <SP0-\>CAST3>) (<compute>, 0, <RGR0-\>REV0>) (<compute>, 0, 
<REV0-\>Z0>) (<compute>, 0, <EG0-\>FTS0>) (<compute>, 0, <FTS0-\>FT0>) 
(<compute>, 0, <FT0-\>REORD0>) (<compute>, 0, <REORD0-\>S0>) (<compute>, 0, 
<RGR1-\>REV1>) (<compute>, 0, <REV1-\>Z1>) (<compute>, 0, <EG1-\>FTS1>) 
(<compute>, 0, <FTS1-\>FT1>) (<compute>, 0, <FT1-\>REORD1>) (<compute>, 0, 
<REORD1-\>S1>) (<compute>, 0, <RGR2-\>REV2>) (<compute>, 0, <REV2-\>Z2>) 
(<compute>, 0, <EG2-\>FTS2>) (<compute>, 0, <FTS2-\>FT2>) (<compute>, 0, 
<FT2-\>REORD2>) (<compute>, 0, <REORD2-\>S2>) (<compute>, 0, <RGR3-\>REV3>) 
(<compute>, 0, <REV3-\>Z3>) (<compute>, 0, <EG3-\>FTS3>) (<compute>, 0, 
<FTS3-\>FT3>) (<compute>, 0, <FT3-\>REORD3>) (<compute>, 0, <REORD3-\>S3>) 
(<compute>, 1, <Q0-\>FTS0>) (<compute>, 1, <Q1-\>FTS1>) (<compute>, 1, 
<Q2-\>FTS2>) (<compute>, 1, <Q3-\>FTS3>) (<compute>, 1, <FTS0-\>FT0>) 
(<compute>, 1, <FT0-\>S0>) (<compute>, 1, <FTS1-\>FT1>) (<compute>, 1, 
<FT1-\>S1>) (<compute>, 1, <FTS2-\>FT2>) (<compute>, 1, <FT2-\>S2>) (<compute>
, 1, <FTS3-\>FT3>) (<compute>, 1, <FT3-\>S3>) (<compute>, 2, <Q0-\>PHCORR00>) 
(<compute>, 2, <Q1-\>PHCORR01>) (<compute>, 2, <Q2-\>PHCORR02>) (<compute>, 2,
 <Q3-\>PHCORR03>) (<compute>, 2, <PHCORR00-\>PHCORR10>) (<compute>, 2, 
<PHCORR01-\>PHCORR11>) (<compute>, 2, <PHCORR02-\>PHCORR12>) (<compute>, 2, 
<PHCORR03-\>PHCORR13>) (<compute>, 2, <PHCORR10-\>SCALE0>) (<compute>, 2, 
<PHCORR11-\>SCALE1>) (<compute>, 2, <PHCORR12-\>SCALE2>) (<compute>, 2, 
<PHCORR13-\>SCALE3>) (<compute>, 2, <SCALE0-\>SOS0.0>) (<compute>, 2, 
<SCALE1-\>SOS0.1>) (<compute>, 2, <SCALE2-\>SOS0.2>) (<compute>, 2, 
<SCALE3-\>SOS0.3>) (<compute>, 2, <SOS0-\>G0>) (<compute>, 2, <G0-\>DTI0>) 
(<compute>, 2, <M0-\>S0>) (<compute>, 3, <DTIMAP0-\>CAST0>) (<compute>, 3, 
<CAST0-\>S0>) (<compute>, 0, <CAST0-\>NAV0>) (<compute>, 0, <NAV0-\>RGR0>) 
(<compute>, 0, <Z0-\>EG0>) (<compute>, 0, <CAST1-\>NAV1>) (<compute>, 0, 
<NAV1-\>RGR1>) (<compute>, 0, <Z1-\>EG1>) (<compute>, 0, <CAST2-\>NAV2>) 
(<compute>, 0, <NAV2-\>RGR2>) (<compute>, 0, <Z2-\>EG2>) (<compute>, 0, 
<CAST3-\>NAV3>) (<compute>, 0, <NAV3-\>RGR3>) (<compute>, 0, <Z3-\>EG3>) 
(<compute>, 2, <DTI0-\>M0>) (<compute>, 3, <Q0-\>DTIMAP0>) (<output>, 3, 
<Q-\>DISP>) (<output>, 3, <DISP-\>S>)
##$ACQ_SetupRecoDisplay=Yes
##$ACQ_SetupImageType=MAGNITUDE_IMAGE
##$RecoDisplay=Yes
##$RecoEachNR=Yes
##$RecoDisplayFrame=-1
##$RecoPrototype=No
##$RecoGradientLinearityCorrection=No
##$RecoGradientLinearityCorrectionDebug=1
##$RecoGradientLinearityCorrectionApprox=No
$$ @vis= RECO RECO_INSTANCE RECO_time RECO_abs_time RECO_base_image_uid
$$ @vis= RECO_fov RECO_size RecoAutoDerive RecoDim RecoSpatDim
$$ @vis= RecoObjectsPerRepetition RecoObjectsPerSetupStep
$$ @vis= RecoSortObjectsPerRepetition RecoNumRepetitions RecoNumOutputChan
$$ @vis= RecoDescriptionInSliceCount RecoDescriptionSliceCount
$$ @vis= RecoDescriptionOutSliceCount RecoEncodingFrames
$$ @vis= RecoRepetitionGroupSize RECO_inp_order RECO_inp_size RECO_ft_size
$$ @vis= RECO_wdw_mode RECO_ft_mode RECO_pc_mode RECO_pc_lin RECO_rotate
$$ @vis= RECO_transposition RECO_image_type RECO_wordtype RECO_map_mode
$$ @vis= RECO_minima RECO_maxima RECO_map_min RECO_map_max RECO_map_offset
$$ @vis= RECO_map_slope RECO_byte_order RecoModeUser RecoUserUpdate
$$ @vis= RecoB0DemodOff RecoWindow RecoFTOrder RecoHalfFTAlgorithm RecoHalfFT
$$ @vis= RecoHalfFTPos RecoHalfFTAcq RecoNoFT RecoExportSortedData
$$ @vis= RecoCorrPhase RecoCorrPhaseRef RecoMap RecoNumInputChan RecoScaleChan
$$ @vis= RecoPhaseChan RecoCombineMode RecoEncGenInt RecoSortGroup RecoSortDim
$$ @vis= RecoSortSize RecoSortRange RecoSortSegment RecoSortMaps
$$ @vis= RecoGrappaGroup RecoGrappaCoefficients RecoSliceGrappaCoefficients
$$ @vis= RecoGrappaAccelFactor RecoGrappaAccelFactor2 RecoGrappaFirstRepOnly
$$ @vis= RecoGrappaCoefReps RecoSliceGrappaAccelFactor
$$ @vis= RecoSliceGrappaBlipValue RecoSliceGrappaOff RecoGrappa3D
$$ @vis= RecoGrappaCaipirinha RecoGrappaTCaipirinha RecoGrappaOne
$$ @vis= RecoSegGrappa RecoSegGrappaCalibrateFromB0 RecoSegGrappaInt
$$ @vis= RecoSegGrappaSegments RecoItGrappa RecoCSGroup RecoCS RecoNNGroup
$$ @vis= RecoNnDenoising RecoNnCpuOnly RecoNnParallelProcessing
$$ @vis= RecoNnDifferenceMode RecoNnPatchSizeMax RecoNnNdIso RecoNnPatchBorder
$$ @vis= RecoNnDenoisingLevel RecoNnDataConsistency
$$ @vis= RecoNnDataConsistencyCenter RecoNnDataConsistencyRatio
$$ @vis= RecoNnDataConsistencyCenterRatio RecoNnDenoisingPre
$$ @vis= RecoNnDenoisingLevelPre RecoNnDataConsistencyPre
$$ @vis= RecoNnDataConsistencyCenterPre RecoNnDataConsistencyRatioPre
$$ @vis= RecoNnDataConsistencyCenterRatioPre RecoRegridNGroup RecoRegridN
$$ @vis= RecoStageGroup RecoStageNrPasses RecoStagePasses RecoStageNrNodes
$$ @vis= RecoStageNodes RecoStageNrEdges RecoStageEdges RECO_GS
$$ @vis= ACQ_SetupRecoDisplay ACQ_SetupImageType RECO_GO RecoDisplay
$$ @vis= RecoEachNR RecoDisplayFrame RecoPrototype
$$ @vis= RecoGradientLinearityCorrection RecoGradientLinearityCorrectionDebug
$$ @vis= RecoGradientLinearityCorrectionApprox
##END=
$$ File finished by PARX at 2024-07-25 10:04:19.235 +0200
