##TITLE=Parameter List, ParaVision 360 V3.6
##JCAMPDX=4.24
##DATATYPE=Parameter Values
##ORIGIN=Bruker BioSpin GmbH & Co. KG
##OWNER=nmrsu
$$ Write Options: Symbolic Enums, RLE encoded arrays, symbol visibility
$$ 2024-07-25 10:04:19.217 +0200  nmrsu@host
$$ /opt/nmrdata/PV-360.3.6/data/nmrsu/20240725_090212_std_PV360_3_6_94T_protocols_1_1/14/pdata/2/visu_pars
$$ process /opt/PV-360.3.6/prog/bin/parxserver
##$VisuVersion=8
##$VisuUid=( 65 )
<2.16.756.5.5.200.906653985.1404.1721894656.1426>
##$VisuCreator=( 65 )
<ParaVision>
##$VisuCreatorVersion=( 195 )
<360.3.6>
##$VisuCreationDate=<2024-07-25T10:04:19,167+0200>
##$VisuInstanceType=STANDARD_INSTANCE
##$VisuInstanceModality=( 65 )
<MR>
##$VisuInstanceDeIdentified=No
##$VisuCoreFrameCount=115
##$VisuCoreDim=2
##$VisuCoreSize=( 2 )
128 128
##$VisuCoreDimDesc=( 2 )
spatial spatial
##$VisuCoreExtent=( 2 )
18 15
##$VisuCoreFrameThickness=( 1 )
0.80000000000000004
##$VisuCoreUnits=( 2, 65 )
<mm> <mm>
##$VisuCoreOrientation=( 5, 9 )
-0.99939082701909576 0 -0.034899496702500969 0 -1 0 -0.034899496702500969 0 
0.99939082701909576 -0.99939082701909576 0 -0.034899496702500969 0 -1 0 
-0.034899496702500969 0 0.99939082701909576 -0.99939082701909576 0 
-0.034899496702500969 0 -1 0 -0.034899496702500969 0 0.99939082701909576 
-0.99939082701909576 0 -0.034899496702500969 0 -1 0 -0.034899496702500969 0 
0.99939082701909576 -0.99939082701909576 0 -0.034899496702500969 0 -1 0 
-0.034899496702500969 0 0.99939082701909576
##$VisuCorePosition=( 5, 3 )
9.0991614082599686 9.8437499999999964 -2.6825156184690711 9.062516936722341 
9.8437499999999964 -1.6331552500990207 9.0258724651847153 9.8437499999999964 
-0.58379488172897009 8.9892279936470896 9.8437499999999964 
0.46556548664108066 8.9525835221094638 9.8437499999999964 1.5149258550111309
##$VisuCoreModalityOffset=( 1, 3 )
0 0 0
##$VisuCoreAtsCenterDistance=369.35388739293921
##$VisuCoreDataMin=( 115 )
39300783.074990034 40155387.018010855 34896309.406251669 24488628.491798259 
23449534.763815254 -363192679.13358748 -322116549.49096054 
-312653745.79890436 -288307322.17222786 -365828348.89527297 27981794.65436383 
29755051.255354673 28543331.735900398 28355145.24158974 26243443.298709787 
53901895.45702187 54783718.548920952 51890971.556155585 50232053.407441415 
50861881.317643762 -360258416.53908181 -330512784.73267865 
-365459960.85279489 -356062582.2001611 -375397317.44657952 
-545880805.20773387 -435800210.43570143 -380097088.34788215 
-357439054.69692463 -450092621.72466236 -379485682.89416385 
-380795426.18086398 -373450464.15951496 -416286707.64562631 
-448924163.8716222 -1789027899.1495976 -1562370778.0562916 
-1514717755.5013247 -1925337730.9966154 -1673687788.7178741 
-1744095361.019645 -1775408303.115077 -1733304671.2646062 -1656715960.4433351 
-1680386771.8762457 -1895886273.8926377 -1701426395.0326779 
-1719767632.9273646 -1624784616.1239703 -2147483646.5 -254926920.36987862 
-192816392.40637624 -215905361.75273144 -185315226.3905375 
-209665400.48314828 -350786489.27863336 -351597063.28293949 
-315985615.55084682 -298894823.02687448 -331325652.81244797 
-610674099.67190552 -523242876.72692871 -477705450.00246042 
-504005255.61795187 -633404385.91572547 -2147442083.4529254 
-2147418830.1800101 -2147459705.3330891 -2147483646.5 -2147148119.9468977 
-2146973801.9363637 -2146142514.2198343 -2147403533.4529037 
-2147331202.9712834 -2147375745.4529974 -2146821549.3170321 
-2146128262.6060882 -2146492207.2955565 -2146661199.9604645 
-2146652993.4291432 -2147226802.4753156 -2146714393.035038 
-2147168972.4172382 -2147483646.5 -2147218235.686799 -2147154848.4638324 
-2147280037.8547132 -2147345443.762079 -2147089757.2351701 -2147483646.5 
-2147483646.5 -2147472178.8908346 -2147430238.8969619 -2147196874.3303216 
-2147385585.8443072 -2146655384.383383 -2147280771.0504439 
-2146699192.4100151 -2146579740.9856105 -2146885162.0278924 
-2147429114.8588965 -2147455541.1525145 -2147482338.312793 
-2146631682.9904268 -2147356937.3415098 -2147119727.2993133 
-2146194774.0773523 -2147077323.3112323 -2144101296.6366785 
-2143145970.7710102 0 0 0 0 0
##$VisuCoreDataMax=( 115 )
2147483646.4458959 2147483631.8978562 2147483646.5 2147483645.4799726 
2147483584.6467185 1936202275.6058526 2030255448.9685049 2147483646.5 
1975809760.5863683 1960828909.6779678 1624345613.8507326 1800501110.5795367 
2012517526.925097 2147483646.5 2049656937.8339188 1259027772.8845301 
1534063821.5728705 1487881756.8188021 1744800636.6160934 2147483646.5 
1922763533.1340907 1965241395.2097702 2147483646.5 1950885659.388021 
1859137774.344645 1931954342.8847766 2068203849.5542183 2147483646.5 
1980500853.7751122 1867177687.4903283 1971440754.2460024 2062227735.1123188 
2147483646.4999998 2042286835.0050867 2120191022.8688633 1641066848.4578574 
1870015367.00524 2010290078.7943022 1948658708.2309101 2147483646.5 
2015487129.2036595 1785978092.8935831 2147483646.5 1613680003.4602995 
1719564526.512589 1582896474.6982028 1887118635.7401104 1667522455.3824189 
1710324543.2660117 1830787286.6214926 1818541898.083519 1918992888.9117088 
2147483646.5 1840763683.8424177 1949025459.6341169 1988895245.1618445 
2055356421.8226721 2147483646.5 2018002960.1340008 1968406292.78795 
2047704171.7624085 2140505475.8840113 2147483646.5 2098420633.0110164 
2033152807.2262206 2146048655.9333134 2146012901.4952903 2147394992.8340139 
2145909331.6515942 2145439224.6556609 2147452380.3664329 2147015213.144408 
2147029205.6078758 2147483646.4999998 2147406945.7268746 2147385771.1148424 
2147483646.4999998 2147314049.0457554 2147476146.0067842 2147392993.7413843 
2147377484.5733221 2147445264.4423616 2147448665.5825944 2147268710.9822831 
2147369714.370261 2147269190.7200453 2147467442.9754577 2147232128.346566 
2147278095.776916 2147202896.4671297 2147450483.6002054 2147434342.9149859 
2147335199.5431077 2147396718.8192103 2147360889.0781813 2147237490.6925328 
2146786343.7349422 2147321159.917628 2147483646.5 2147374368.3764486 
2147418070.0773029 2146718532.8431993 2147250846.1815319 2147328051.2995255 
2147483646.5 2147345036.7925296 2147483646.5 2147450218.595854 
2147433287.6966126 2147140060.6159155 2147483646.5 2147483646.5 2147483646.5 
2147483646.5 2147483646.5
##$VisuCoreDataOffs=( 115 )
@115*(0)
##$VisuCoreDataSlope=( 115 )
5.7031627380335721e-10 5.7031627380335721e-10 5.7031627380335721e-10 
5.7031627380335721e-10 5.7031627380335721e-10 8.2721441108230188e-13 
8.2721441108230188e-13 8.2721441108230188e-13 8.2721441108230188e-13 
8.2721441108230188e-13 0.00012089691687653627 0.00012089691687653627 
0.00012089691687653627 0.00012089691687653627 0.00012089691687653627 
8.4424628622505873e-05 8.4424628622505873e-05 8.4424628622505873e-05 
8.4424628622505873e-05 8.4424628622505873e-05 8.6088139588993044e-13 
8.6088139588993044e-13 8.6088139588993044e-13 8.6088139588993044e-13 
8.6088139588993044e-13 8.1651355679921597e-13 8.1651355679921597e-13 
8.1651355679921597e-13 8.1651355679921597e-13 8.1651355679921597e-13 
8.2115467868695933e-13 8.2115467868695933e-13 8.2115467868695933e-13 
8.2115467868695933e-13 8.2115467868695933e-13 1.0726840175626204e-13 
1.0726840175626204e-13 1.0726840175626204e-13 1.0726840175626204e-13 
1.0726840175626204e-13 1.1102883129165023e-13 1.1102883129165023e-13 
1.1102883129165023e-13 1.1102883129165023e-13 1.1102883129165023e-13 
1.1912655515042254e-13 1.1912655515042254e-13 1.1912655515042254e-13 
1.1912655515042254e-13 1.1912655515042254e-13 9.2284755779562681e-13 
9.2284755779562681e-13 9.2284755779562681e-13 9.2284755779562681e-13 
9.2284755779562681e-13 8.1244453170248436e-13 8.1244453170248436e-13 
8.1244453170248436e-13 8.1244453170248436e-13 8.1244453170248436e-13 
7.4635114374879467e-13 7.4635114374879467e-13 7.4635114374879467e-13 
7.4635114374879467e-13 7.4635114374879467e-13 4.6565922154410768e-10 
4.6565922154410768e-10 4.6565922154410768e-10 4.6565922154410768e-10 
4.6565922154410768e-10 4.6565267429776328e-10 4.6565267429776328e-10 
4.6565267429776328e-10 4.6565267429776328e-10 4.6565267429776328e-10 
4.6565801967643734e-10 4.6565801967643734e-10 4.6565801967643734e-10 
4.6565801967643734e-10 4.6565801967643734e-10 4.6566038021159395e-10 
4.6566038021159395e-10 4.6566038021159395e-10 4.6566038021159395e-10 
4.6566038021159395e-10 4.6565925190978456e-10 4.6565925190978456e-10 
4.6565925190978456e-10 4.6565925190978456e-10 4.6565925190978456e-10 
4.6564982452495962e-10 4.6564982452495962e-10 4.6564982452495962e-10 
4.6564982452495962e-10 4.6564982452495962e-10 4.6565091822006377e-10 
4.6565091822006377e-10 4.6565091822006377e-10 4.6565091822006377e-10 
4.6565091822006377e-10 4.6565085911130429e-10 4.6565085911130429e-10 
4.6565085911130429e-10 4.6565085911130429e-10 4.6565085911130429e-10 
4.6565905698385373e-10 4.6565905698385373e-10 4.6565905698385373e-10 
4.6565905698385373e-10 4.6565905698385373e-10 4.6566128763299991e-10 
4.6566128763299991e-10 4.6566128763299991e-10 4.6566128763299991e-10 
4.6566128763299991e-10
##$VisuCoreDataUnits=( 23, 65 )
<> <mm2/s> <> <> <mm2/s> <mm2/s> <mm2/s> <mm2/s> <mm2/s> <mm2/s> <mm2/s> 
<mm2/s> <mm2/s> <> <> <> <> <> <> <> <> <> <>
##$VisuCoreFrameType=( 1 )
MAGNITUDE_IMAGE
##$VisuFGElemId=( 23, 65 )
<DTI_FA> <DTI_TRACE> <DTI_A0> <DTI_TWI> <DTI_DXX> <DTI_DYY> <DTI_DZZ> 
<DTI_DXY> <DTI_DXZ> <DTI_DYZ> <DTI_L1> <DTI_L2> <DTI_L3> <DTI_L1X> <DTI_L1Y> 
<DTI_L1Z> <DTI_L2X> <DTI_L2Y> <DTI_L2Z> <DTI_L3X> <DTI_L3Y> <DTI_L3Z> 
<DTI_ERR>
##$VisuFGElemComment=( 23, 65 )
<Fractional Anisotropy> <Trace> <Intensity> <Trace Weighted Image> <Tensor 
Component Dxx> <Tensor Component Dyy> <Tensor Component Dzz> <Tensor 
Component Dxy> <Tensor Component Dxz> <Tensor Component Dyz> <1st Eigenvalue> 
<2nd Eigenvalue> <3rd Eigenvalue> <1st Eigenvector X> <1st Eigenvector Y> 
<1st Eigenvector Z> <2nd Eigenvector X> <2nd Eigenvector Y> <2nd Eigenvector 
Z> <3rd Eigenvector X> <3rd Eigenvector Y> <3rd Eigenvector Z> <Pixel Valid>
##$VisuCoreSlicePacksDef=(0, 1)
##$VisuCoreSlicePacksSlices=( 1 )
(0, 5)
##$VisuCoreSlicePacksSliceDist=( 1 )
1.05
##$VisuCoreWordType=_32BIT_SGN_INT
##$VisuCoreByteOrder=littleEndian
##$VisuFGOrderDescDim=2
##$VisuFGOrderDesc=( 2 )
(5, <FG_SLICE>, <>, 0, 2) (23, <FG_DTI>, <Generated Diffusion Tensor Images>, 
2, 3)
##$VisuGroupDepVals=( 5 )
(<VisuCoreOrientation>, 0) (<VisuCorePosition>, 0) (<VisuFGElemId>, 0) 
(<VisuFGElemComment>, 0) (<VisuCoreDataUnits>, 0)
##$VisuSubjectName=( 65 )
<std_PV360_3.6^^^^>
##$VisuSubjectId=( 65 )
<std_PV360_3.6>
##$VisuSubjectUid=( 65 )
<2.16.756.5.5.200.906653985.1404.1721890932.8>
##$VisuSubjectInstanceCreationDate=(1721890932, 254, 120)
##$VisuSubjectBirthDate=( 9 )
<20240725>
##$VisuSubjectSex=UNKNOWN
##$VisuSubjectType=Quadruped
##$VisuStudyUid=( 65 )
<2.16.756.5.5.200.906653985.1404.1721890932.9>
##$VisuStudyDate=<2024-07-25T09:02:12,259+0200>
##$VisuStudyId=( 65 )
<94T_protocols>
##$VisuStudyNumber=1
##$VisuSubjectWeight=0.001
##$VisuStudyReferringPhysician=( 65 )
<nmrsu>
##$VisuExperimentNumber=14
##$VisuProcessingNumber=2
##$VisuSeriesDate=<2024-07-25T10:04:19,167+0200>
##$VisuSubjectPosition=Head_Prone
##$VisuSeriesTypeId=( 65 )
<DERIVED_DTI>
##$VisuSeriesCreationId=VCMN_ACQUISITION
##$VisuSeriesComment=( 65 )
<Generated Diffusion Tensor Images>
##$VisuSeriesExperimentComment=( 65 )
<DTI_EPI_seg_30dir_sat>
##$VisuSeriesFrameOfReferenceUid=( 65 )
<2.16.756.5.5.200.906653985.1404.1721890932.9>
##$VisuManufacturer=( 65 )
<Bruker BioSpin GmbH & Co. KG>
##$VisuAcqSoftwareVersion=( 65 )
<PV-360.3.6>
##$VisuInstitution=( 65 )
<Bruker BioSpin>
##$VisuStation=( 65 )
<System C1 94/17 Maxwell PET/MR>
##$VisuSystemOrderNumber=( 65 )
<0>
##$VisuAcqDate=<2024-07-25T09:59:33,635+0200>
##$VisuAcqSequenceName=( 40 )
<Bruker:DtiEpi>
##$VisuAcquisitionProtocol=( 65 )
<DTI_EPI_seg_30dir_sat>
##$VisuAcqScanTime=280000
##$VisuAcqFrameNumbers=( 115 )
@115*(0)
##$VisuCardiacSynchUsed=No
##$VisuRespSynchUsed=No
##$VisuAcqNumberOfAverages=1
##$VisuAcqRepetitionTime=( 1 )
2000
##$VisuCoilReceiveName=( 65 )
<RF ARR 400 1H M.BR. 2x2 RO AD>
##$VisuCoilReceiveManufacturer=( 65 )
<BMRIDE>
##$VisuCoilReceiveType=MULTICOIL
##$VisuCoilReceiveIsQuadrature=No
##$VisuCoilReceiveMultiName=( 4 )
(<Element 1>, Yes) (<Element 2>, Yes) (<Element 3>, Yes) (<Element 4>, Yes)
##$VisuCoilTransmitName=( 65 )
<RF RES 400 1H 103/082 QSN TR AD SL>
##$VisuCoilTransmitManufacturer=( 65 )
<BMRIDE>
##$VisuCoilTransmitType=MULTICOIL
##$VisuCoilTransmitIsQuadrature=Yes
##$VisuCoilTransmitMultiName=( 2 )
(<Element 1>, Yes) (<Element 2>, Yes)
##$VisuAcqEchoTrainLength=20
##$VisuAcqImagingFrequency=400.38072797888503
##$VisuAcqImagedNucleus=( 8 )
<1H>
##$VisuAcqPixelBandwidth=1395.0892857142858
##$VisuAcqFlipAngle=90
##$VisuMrAcqFlipAngleVariable=No
##$VisuAcqSize=( 2 )
128 80
##$VisuAcqImageSizeAccellerated=Yes
##$VisuAcqGradEncoding=( 2 )
read_enc phase_enc
##$VisuAcqEchoTime=( 1 )
36
##$VisuAcqAntiAlias=( 2 )
1 1
##$VisuAcqEchoSequenceType=GradientEcho
##$VisuAcqSpinsVelocityEncoded=No
##$VisuAcqHasTimeOfFlightContrast=No
##$VisuAcqIsEpiSequence=Yes
##$VisuAcqSpectralSuppression=FatSuppression
##$VisuAcqKSpaceTraversal=RectilinearTraversal
##$VisuAcqEncodingOrder=( 2 )
LinearEncoding LinearEncoding
##$VisuAcqKSpaceTrajectoryCnt=0
##$VisuAcqKSpaceFiltering=( 2 )
DICOM_NONE DICOM_NONE
##$VisuAcqFlowCompensation=FlowNone
##$VisuAcqSpoiling=GradientSpoiled
##$VisuAcqSaturation=( 1 )
(FovSaturation, 9.0625013219420847, -0 0.9901920119220301 
-0.13971320455061556, 0 -3.6768010010645664 0.51878589623897264)
##$VisuAcqPartialFourier=( 2 )
1 1.6000000000000001
##$VisuAcqParallelReductionFactor=( 2 )
1 1
##$VisuAcqMagnetizationTransfer=No
##$VisuAcqBloodSignalNulling=No
##$VisuMagneticFieldStrength=9.4039066135589309
##$VisuMrMultiSpinEcho=No
##$VisuMrMultiPlanar=No
##$VisuMrSteadyStatePulse=MR_ST_TRANSVERSE
##$VisuMrSegmentedKSpaceTraversal=MR_SKST_PARTIAL
##$VisuMrCoverageOfKSpace=MR_CKS_FULL
##$VisuMrPercentSampling=62.5
$$ @vis= Visu VisuInstance VisuVersion VisuUid VisuCreator VisuCreatorVersion
$$ @vis= VisuCreationDate VisuInstanceType VisuInstanceModality
$$ @vis= VisuInstanceDeIdentified VisuCore VisuCoreFrameCount VisuCoreDim
$$ @vis= VisuCoreSize VisuCoreDimDesc VisuCoreExtent VisuCoreFrameThickness
$$ @vis= VisuCoreUnits VisuCoreOrientation VisuCorePosition
$$ @vis= VisuCoreModalityOffset VisuCoreAtsCenterDistance VisuCoreDataMin
$$ @vis= VisuCoreDataMax VisuCoreDataOffs VisuCoreDataSlope VisuCoreDataUnits
$$ @vis= VisuCoreFrameType VisuFGElemId VisuFGElemComment
$$ @vis= VisuCoreSlicePacksDef VisuCoreSlicePacksSlices
$$ @vis= VisuCoreSlicePacksSliceDist VisuPixel VisuCoreWordType
$$ @vis= VisuCoreByteOrder VisuFrameOrderDesc VisuFGOrderDescDim
$$ @vis= VisuFGOrderDesc VisuGroupDepVals VisuSubject VisuSubjectName
$$ @vis= VisuSubjectId VisuSubjectUid VisuSubjectInstanceCreationDate
$$ @vis= VisuSubjectBirthDate VisuSubjectSex VisuSubjectType VisuStudy
$$ @vis= VisuStudyUid VisuStudyDate VisuStudyId VisuStudyNumber
$$ @vis= VisuSubjectWeight VisuStudyReferringPhysician VisuSeries
$$ @vis= VisuExperimentNumber VisuProcessingNumber VisuSeriesDate
$$ @vis= VisuSubjectPosition VisuSeriesTypeId VisuSeriesCreationId
$$ @vis= VisuSeriesComment VisuSeriesExperimentComment
$$ @vis= VisuSeriesFrameOfReferenceUid VisuContrastAgent VisuEquipment
$$ @vis= VisuManufacturer VisuAcqSoftwareVersion VisuInstitution VisuStation
$$ @vis= VisuSystemOrderNumber VisuAcq VisuAcqDate VisuAcqSequenceName
$$ @vis= VisuAcquisitionProtocol VisuAcqScanTime VisuAcqFrameNumbers
$$ @vis= VisuCardiacSynchUsed VisuRespSynchUsed VisuAcqNumberOfAverages
$$ @vis= VisuMxi VisuAcqRepetitionTime VisuCoilReceive VisuCoilReceiveName
$$ @vis= VisuCoilReceiveManufacturer VisuCoilReceiveType
$$ @vis= VisuCoilReceiveIsQuadrature VisuCoilReceiveMultiName VisuCoilTransmit
$$ @vis= VisuCoilTransmitName VisuCoilTransmitManufacturer
$$ @vis= VisuCoilTransmitType VisuCoilTransmitIsQuadrature
$$ @vis= VisuCoilTransmitMultiName VisuMri VisuAcqEchoTrainLength
$$ @vis= VisuAcqImagingFrequency VisuAcqImagedNucleus VisuAcqPixelBandwidth
$$ @vis= VisuAcqFlipAngle VisuMrAcqFlipAngleVariable VisuAcqSize
$$ @vis= VisuAcqImageSizeAccellerated VisuAcqGradEncoding VisuAcqEchoTime
$$ @vis= VisuAcqAntiAlias VisuAcqEchoSequenceType VisuAcqSpinsVelocityEncoded
$$ @vis= VisuAcqHasTimeOfFlightContrast VisuAcqIsEpiSequence
$$ @vis= VisuAcqSpectralSuppression VisuAcqKSpaceTraversal
$$ @vis= VisuAcqEncodingOrder VisuAcqKSpaceTrajectoryCnt
$$ @vis= VisuAcqKSpaceFiltering VisuAcqFlowCompensation VisuAcqSpoiling
$$ @vis= VisuAcqSaturation VisuAcqPartialFourier
$$ @vis= VisuAcqParallelReductionFactor VisuAcqMagnetizationTransfer
$$ @vis= VisuAcqBloodSignalNulling VisuMagneticFieldStrength
$$ @vis= VisuMrMultiSpinEcho VisuMrMultiPlanar VisuMrSteadyStatePulse
$$ @vis= VisuMrSegmentedKSpaceTraversal VisuMrCoverageOfKSpace
$$ @vis= VisuMrPercentSampling VisuMrs
##END=
$$ File finished by PARX at 2024-07-25 10:04:19.218 +0200
