##TITLE=Parameter List, ParaVision 360 V3.6
##JCAMPDX=4.24
##DATATYPE=Parameter Values
##ORIGIN=Bruker BioSpin GmbH & Co. KG
##OWNER=nmrsu
$$ Write Options: Symbolic Enums, RLE encoded arrays, symbol visibility
$$ 2024-07-25 10:04:16.207 +0200  nmrsu@host
$$ /opt/nmrdata/PV-360.3.6/data/nmrsu/20240725_090212_std_PV360_3_6_94T_protocols_1_1/14/pdata/1/visu_pars
$$ process /opt/PV-360.3.6/prog/bin/parxserver
##$VisuVersion=8
##$VisuUid=( 65 )
<2.16.756.5.5.200.906653985.1404.1721891880.651>
##$VisuCreator=( 65 )
<ParaVision>
##$VisuCreatorVersion=( 195 )
<360.3.6>
##$VisuCreationDate=<2024-07-25T10:04:16,073+0200>
##$VisuInstanceType=STANDARD_INSTANCE
##$VisuInstanceModality=( 65 )
<MR>
##$VisuInstanceDeIdentified=No
##$VisuCoreFrameCount=175
##$VisuCoreDim=2
##$VisuCoreSize=( 2 )
128 128
##$VisuCoreDimDesc=( 2 )
spatial spatial
##$VisuCoreExtent=( 2 )
18 15
##$VisuCoreFrameThickness=( 1 )
0.80000000000000004
##$VisuCoreUnits=( 2, 65 )
<mm> <mm>
##$VisuCoreOrientation=( 5, 9 )
-0.99939082701909576 0 -0.034899496702500969 0 -1 0 -0.034899496702500969 0 
0.99939082701909576 -0.99939082701909576 0 -0.034899496702500969 0 -1 0 
-0.034899496702500969 0 0.99939082701909576 -0.99939082701909576 0 
-0.034899496702500969 0 -1 0 -0.034899496702500969 0 0.99939082701909576 
-0.99939082701909576 0 -0.034899496702500969 0 -1 0 -0.034899496702500969 0 
0.99939082701909576 -0.99939082701909576 0 -0.034899496702500969 0 -1 0 
-0.034899496702500969 0 0.99939082701909576
##$VisuCorePosition=( 5, 3 )
9.0991614082599686 9.8437499999999964 -2.6825156184690711 9.062516936722341 
9.8437499999999964 -1.6331552500990207 9.0258724651847153 9.8437499999999964 
-0.58379488172897009 8.9892279936470896 9.8437499999999964 
0.46556548664108066 8.9525835221094638 9.8437499999999964 1.5149258550111309
##$VisuCoreModalityOffset=( 1, 3 )
0 0 0
##$VisuCoreAtsCenterDistance=369.35388739293921
##$VisuCoreDataMin=( 175 )
21.079618373272965 24.936316463719759 19.299055557274482 25.145804149974335 
22.962042579884201 32.562115832075897 25.042823251493253 18.209563389074162 
14.124866276756917 22.990812397775898 25.128282080533392 20.420292433865256 
21.054404372008321 24.852980823199065 29.060480184643819 26.448689178981368 
32.646107938837879 26.491037687760141 23.617255763282749 19.940401571601292 
27.739585451598732 30.58432671107018 24.033841518917615 27.245353830084998 
24.051728092308721 28.590485193272549 25.525789280938511 19.160392737034716 
26.138181266913232 18.801186178009782 23.226391365138412 19.598974724579197 
21.663819845530941 27.969500990540933 27.71235207772634 26.905888625553899 
19.665372092677167 30.71083306206916 27.650888290527416 18.858474126284186 
19.414664371069073 24.912731884184652 15.241331757416582 27.584141321534613 
24.199091616616386 20.988746642397899 24.409949663599772 23.843383801075696 
28.127082176574305 18.70175377573225 25.222276002172972 24.511414008034969 
24.869135467245812 19.840550415001882 21.643208651650792 23.928097606965444 
30.280547278974897 20.187725630982772 26.56824167328114 22.273941279923527 
24.206763041902825 30.594476482260578 21.063615636836186 20.310799338674791 
26.322951750777278 28.463893674771438 24.988538839852652 23.951514850947913 
11.889540711585841 20.513605767449175 30.219490603319898 28.411266572668314 
20.246666880536793 20.405623920811703 22.662500125709627 26.381396388390183 
16.728150897723406 21.366955497817273 13.447001121702105 25.46968072358364 
24.269986805012948 27.453091316550651 30.47568297505924 25.714635483110115 
31.465310154539033 22.651672988013498 26.101329111259417 22.86727915261438 
20.169805649326992 28.068939382092289 23.465264105490409 28.982226190137514 
20.38376317331171 26.116959697736299 29.119964647309981 21.375846241001586 
24.21992533510911 19.878245011028746 24.083121162963145 29.327238976835741 
27.110171109615589 22.179055025179562 22.500208983350586 23.654515931431945 
19.831208394511531 16.791785291321588 16.393109365345456 21.37500128130165 
23.217369105625682 23.768219365965003 28.769977818344188 26.977497137909172 
22.653800605379644 25.900188448441142 20.957595082539616 18.737009140167597 
20.87978132785458 19.59394725317247 12.461479702340439 26.269935735811284 
21.628524087979514 24.326578124185286 25.919819913562854 24.522991108553565 
25.791808149599284 25.458200848320836 17.073341862927229 22.343502758792031 
20.205371366388622 18.261534306675198 28.719895585821416 20.97860374579372 
27.162282654224775 19.635873920163416 27.85467836541584 32.951373903490811 
32.32137914694048 22.342231180804795 23.102528399754149 21.087359509808458 
25.009262518198831 13.747981091716829 25.523795587027561 15.604956356044475 
23.356597371220708 24.922687486594437 21.090804600991195 28.611866947195193 
20.498791508301775 29.034150531521732 19.451932475083343 23.089486359339396 
26.07339314419994 30.148740657849633 29.203537564470533 21.611154855297581 
22.853210181646126 18.779603362861824 20.914445589364028 22.15295230616152 
26.136943854980441 26.619401014451253 25.289177728911085 24.906233500334416 
22.356376973097962 21.21743915409991 19.158897167411116 17.628560861812666 
28.501083722605497 25.441376646430943 23.461110592792085 22.20388604600652 
26.081077619972064 25.100262420409635 20.83204054360511
##$VisuCoreDataMax=( 175 )
6248.2147127056942 6480.9841103044964 7602.151857282267 8191.6250000000009 
6839.1683030824379 6439.5993605135736 6565.8590900364034 7724.8442100931552 
8238.4346728225446 6883.5478984764413 6274.2161562181691 6668.2936184165455 
7701.1437166871401 8358.0247976945557 6894.1415316038383 6270.7632157418884 
6722.4992841679386 7490.9605995747279 8221.863719788671 6875.5307501160169 
6361.0744880928023 6763.389722775747 7476.4603387054276 8183.772455806893 
6866.5072599098748 2198.9451098088921 2562.2581128284201 2462.2751071314692 
3057.5297577104739 3703.0476665570736 2149.6686581383155 2728.3691875172008 
2277.6515230168825 2952.5455795173871 3858.2594163241497 2050.940862182325 
2521.7613306208327 2353.8613706465862 2956.6723583245698 3762.0996053168496 
1937.7782245010646 2423.2811552700209 2425.482519756461 2949.6303099993793 
3653.9900269665623 2156.063581403685 2513.3163690449751 2367.3293076507771 
3033.0287132829812 3802.9975336936909 2122.8595651103901 2621.9981866975231 
2332.4858704710628 2968.9339035353687 3727.5869519471712 2103.2679017576165 
2600.8507981507896 2457.8446951853102 2850.0831681269783 3679.3605510614661 
2114.7933976791378 2630.5501443403746 2453.7230657668151 2896.1080516806924 
3642.3123203158702 1995.7210973411927 2514.0260822505084 2504.5461052678711 
3110.8368455544046 3760.7590244917815 2154.3402177969556 2512.5922992974365 
2420.2694700141928 3033.9723712365139 3669.9963749771578 2138.249716142197 
2643.051019642643 2425.4672918106794 3020.2960554995088 3705.5585684956031 
2076.2451707497994 2588.9666085426302 2410.1666142790395 3043.941796325862 
3902.9531111578235 2151.331817264022 2554.5910994960732 2406.5040755294099 
2750.0199256344986 3564.2833088802572 2010.5910553758699 2745.1515507769086 
2455.3985479953344 2937.8409058481107 3670.0984167441425 2171.882475634216 
2590.4276362826995 2382.2858086075694 2915.2279615274847 3677.6524920077945 
1962.7736764726801 2321.6125207509776 2484.3617654050163 2771.0470799213203 
3746.5861860183186 2070.0498788229916 2444.0329444120948 2564.0523382442211 
3046.355698313218 3648.8972278154965 2172.8724045923645 2568.8196684861132 
2406.290880947909 2851.6487991410772 3629.3410869041031 2138.3818048109715 
2678.2654880217506 2421.6533687687916 2997.5517545935859 3723.3059874002879 
2133.8384491941633 2540.9468732874211 2379.8720288033178 2977.6429115008536 
3875.1077801975362 2164.0061711954081 2590.3024427607465 2363.5152344614585 
3068.5526151473582 3817.9514272614256 2260.4314748321699 2594.6958509560154 
2560.4160997458575 2824.9303027963192 3734.0777976405134 2180.0148750314852 
2706.7033988338035 2430.7405926927818 2817.8463877592308 3483.9530527767588 
2074.3880447519928 2497.4222911873658 2468.4850291484086 2904.842667241297 
3648.4631620244445 2086.4121160497511 2505.7498423891366 2382.9820716913905 
2761.5914444452651 3673.432359568048 2085.5798919258018 2310.12816703421 
2418.9967733820995 2867.7575457476551 3522.520235712258 2115.0736591953728 
2413.3989227808556 2481.807100480295 2819.1406487289851 3653.6338095701894 
2057.4042846986899 2598.5833116119034 2383.1113724775118 2929.0903579317401 
3602.6529725235655 2082.8085533411204 2542.7933384635985 2681.7132352582053 
3025.0102078868313 3892.6182946942981 2084.9215845613166 2553.3098400009144 
2593.3224160733857 3075.8408897277532 4108.3500712252981
##$VisuCoreDataOffs=( 175 )
@175*(0)
##$VisuCoreDataSlope=( 175 )
@175*(41.818209641992354)
##$VisuCoreFrameType=( 1 )
MAGNITUDE_IMAGE
##$VisuFGElemComment=( 35, 65 )
<A0 1 B 25> <A0 2 B 25> <A0 3 B 25> <A0 4 B 25> <A0 5 B 25> <Dir 1 B 2027> 
<Dir 2 B 2020> <Dir 3 B 2020> <Dir 4 B 2018> <Dir 5 B 2018> <Dir 6 B 2016> 
<Dir 7 B 2017> <Dir 8 B 2014> <Dir 9 B 2022> <Dir 10 B 2014> <Dir 11 B 2015> 
<Dir 12 B 2011> <Dir 13 B 2012> <Dir 14 B 2014> <Dir 15 B 2010> <Dir 16 B 
2012> <Dir 17 B 2011> <Dir 18 B 2013> <Dir 19 B 2006> <Dir 20 B 2011> <Dir 21 
B 2006> <Dir 22 B 2004> <Dir 23 B 2005> <Dir 24 B 2005> <Dir 25 B 2007> <Dir 
26 B 2003> <Dir 27 B 2005> <Dir 28 B 2018> <Dir 29 B 2003> <Dir 30 B 2004>
##$VisuCoreSlicePacksDef=(0, 1)
##$VisuCoreSlicePacksSlices=( 1 )
(0, 5)
##$VisuCoreSlicePacksSliceDist=( 1 )
1.05
##$VisuCoreWordType=_16BIT_SGN_INT
##$VisuCoreByteOrder=littleEndian
##$VisuFGOrderDescDim=2
##$VisuFGOrderDesc=( 2 )
(5, <FG_SLICE>, <>, 0, 2) (35, <FG_DIFFUSION>, <diffusion>, 2, 3)
##$VisuGroupDepVals=( 5 )
(<VisuCoreOrientation>, 0) (<VisuCorePosition>, 0) (<VisuFGElemComment>, 0) 
(<VisuAcqDiffusionGradOrient>, 0) (<VisuAcqDiffusionBMatrix>, 0)
##$VisuSubjectName=( 65 )
<std_PV360_3.6^^^^>
##$VisuSubjectId=( 65 )
<std_PV360_3.6>
##$VisuSubjectUid=( 65 )
<2.16.756.5.5.200.906653985.1404.1721890932.8>
##$VisuSubjectInstanceCreationDate=(1721890932, 254, 120)
##$VisuSubjectBirthDate=( 9 )
<20240725>
##$VisuSubjectSex=UNKNOWN
##$VisuSubjectType=Quadruped
##$VisuStudyUid=( 65 )
<2.16.756.5.5.200.906653985.1404.1721890932.9>
##$VisuStudyDate=<2024-07-25T09:02:12,259+0200>
##$VisuStudyId=( 65 )
<94T_protocols>
##$VisuStudyNumber=1
##$VisuSubjectWeight=0.001
##$VisuStudyReferringPhysician=( 65 )
<nmrsu>
##$VisuExperimentNumber=14
##$VisuProcessingNumber=1
##$VisuSeriesDate=<2024-07-25T10:04:16,073+0200>
##$VisuSubjectPosition=Head_Prone
##$VisuSeriesTypeId=( 65 )
<ACQ_BRUKER_PVM>
##$VisuSeriesCreationId=VCMN_ACQUISITION
##$VisuSeriesExperimentComment=( 65 )
<DTI_EPI_seg_30dir_sat>
##$VisuSeriesFrameOfReferenceUid=( 65 )
<2.16.756.5.5.200.906653985.1404.1721890932.9>
##$VisuManufacturer=( 65 )
<Bruker BioSpin GmbH & Co. KG>
##$VisuAcqSoftwareVersion=( 65 )
<PV-360.3.6>
##$VisuInstitution=( 65 )
<Bruker BioSpin>
##$VisuStation=( 65 )
<System C1 94/17 Maxwell PET/MR>
##$VisuSystemOrderNumber=( 65 )
<0>
##$VisuAcqDate=<2024-07-25T09:59:33,635+0200>
##$VisuAcqSequenceName=( 40 )
<Bruker:DtiEpi>
##$VisuAcquisitionProtocol=( 65 )
<DTI_EPI_seg_30dir_sat>
##$VisuAcqScanTime=280000
##$VisuAcqFrameNumbers=( 175 )
0 3 1 4 2 5 8 6 9 7 10 13 11 14 12 15 18 16 19 17 20 23 21 24 22 25 28 26 29 
27 30 33 31 34 32 35 38 36 39 37 40 43 41 44 42 45 48 46 49 47 50 53 51 54 52 
55 58 56 59 57 60 63 61 64 62 65 68 66 69 67 70 73 71 74 72 75 78 76 79 77 80 
83 81 84 82 85 88 86 89 87 90 93 91 94 92 95 98 96 99 97 100 103 101 104 102 
105 108 106 109 107 110 113 111 114 112 115 118 116 119 117 120 123 121 124 
122 125 128 126 129 127 130 133 131 134 132 135 138 136 139 137 140 143 141 
144 142 145 148 146 149 147 150 153 151 154 152 155 158 156 159 157 160 163 
161 164 162 165 168 166 169 167 170 173 171 174 172
##$VisuCardiacSynchUsed=No
##$VisuRespSynchUsed=No
##$VisuAcqNumberOfAverages=1
##$VisuAcqRepetitionTime=( 1 )
2000
##$VisuCoilReceiveName=( 65 )
<RF ARR 400 1H M.BR. 2x2 RO AD>
##$VisuCoilReceiveManufacturer=( 65 )
<BMRIDE>
##$VisuCoilReceiveType=MULTICOIL
##$VisuCoilReceiveIsQuadrature=No
##$VisuCoilReceiveMultiName=( 4 )
(<Element 1>, Yes) (<Element 2>, Yes) (<Element 3>, Yes) (<Element 4>, Yes)
##$VisuCoilTransmitName=( 65 )
<RF RES 400 1H 103/082 QSN TR AD SL>
##$VisuCoilTransmitManufacturer=( 65 )
<BMRIDE>
##$VisuCoilTransmitType=MULTICOIL
##$VisuCoilTransmitIsQuadrature=Yes
##$VisuCoilTransmitMultiName=( 2 )
(<Element 1>, Yes) (<Element 2>, Yes)
##$VisuAcqEchoTrainLength=20
##$VisuAcqImagingFrequency=400.38072797888503
##$VisuAcqImagedNucleus=( 8 )
<1H>
##$VisuAcqPixelBandwidth=1395.0892857142858
##$VisuAcqFlipAngle=90
##$VisuMrAcqFlipAngleVariable=No
##$VisuAcqSize=( 2 )
128 80
##$VisuAcqImageSizeAccellerated=Yes
##$VisuAcqGradEncoding=( 2 )
read_enc phase_enc
##$VisuAcqEchoTime=( 1 )
36
##$VisuAcqAntiAlias=( 2 )
1 1
##$VisuAcqEchoSequenceType=GradientEcho
##$VisuAcqSpinsVelocityEncoded=No
##$VisuAcqHasTimeOfFlightContrast=No
##$VisuAcqIsEpiSequence=Yes
##$VisuAcqSpectralSuppression=FatSuppression
##$VisuAcqKSpaceTraversal=RectilinearTraversal
##$VisuAcqEncodingOrder=( 2 )
LinearEncoding LinearEncoding
##$VisuAcqKSpaceTrajectoryCnt=0
##$VisuAcqKSpaceFiltering=( 2 )
DICOM_NONE DICOM_NONE
##$VisuAcqFlowCompensation=FlowNone
##$VisuAcqSpoiling=GradientSpoiled
##$VisuAcqSaturation=( 1 )
(FovSaturation, 9.0625013219420847, -0 0.9901920119220301 
-0.13971320455061556, 0 -3.6768010010645664 0.51878589623897264)
##$VisuAcqPartialFourier=( 2 )
1 1.6000000000000001
##$VisuAcqParallelReductionFactor=( 2 )
1 1
##$VisuAcqMagnetizationTransfer=No
##$VisuAcqBloodSignalNulling=No
##$VisuAcqDiffusionBMatrix=( 35, 9 )
6.8669947720662643 7.1558284890019346 8.3960209257064466 7.1558284890019346 
7.4569735912037771 8.7538293797638786 8.3960209257064466 8.7538293797638786 
10.399092177351385 6.8669947720662643 7.1558284890019346 8.3960209257064466 
7.1558284890019346 7.4569735912037771 8.7538293797638786 8.3960209257064466 
8.7538293797638786 10.399092177351385 6.8669947720662643 7.1558284890019346 
8.3960209257064466 7.1558284890019346 7.4569735912037771 8.7538293797638786 
8.3960209257064466 8.7538293797638786 10.399092177351385 6.8669947720662643 
7.1558284890019346 8.3960209257064466 7.1558284890019346 7.4569735912037771 
8.7538293797638786 8.3960209257064466 8.7538293797638786 10.399092177351385 
6.8669947720662643 7.1558284890019346 8.3960209257064466 7.1558284890019346 
7.4569735912037771 8.7538293797638786 8.3960209257064466 8.7538293797638786 
10.399092177351385 77.456316827196815 26.823230318579963 387.484220890789 
26.823230318579963 10.534651061584871 134.59176664027217 387.484220890789 
134.59176664027217 1938.7325190879735 164.74703340697096 -103.53854034212102 
-543.00918385303532 -103.53854034212102 65.070952924957055 341.26070055224073 
-543.00918385303521 341.26070055224073 1789.9369661586127 45.724858890313278 
94.852186407782071 -285.04664974067845 94.852186407782071 196.76362596164807 
-591.29190506936152 -285.04664974067839 -591.29190506936152 
1777.0996281376501 187.00443892700503 -231.83232403241303 537.21430396093047 
-231.83232403241303 287.40655776372586 -666.00324083191356 537.21430396093058 
-666.00324083191356 1543.5358363589612 90.924533513779892 196.84844778947195 
369.35312769077075 196.84844778947195 426.17126554084217 799.65527947815406 
369.35312769077075 799.65527947815406 1500.6654820244792 91.91217741906857 
-252.12504031534488 -336.60374178856353 -252.12504031534488 691.6082252708328 
923.32243467616684 -336.60374178856358 923.32243467616684 1232.8851709288674 
618.58381608985053 187.42240607127289 -911.04610904810636 187.42240607127289 
56.786440775696697 -276.03230149675426 -911.04610904810636 
-276.03230149675426 1341.976737069117 473.80909522247424 575.95062594895398 
-630.74941873491457 575.95062594895398 700.11173500995051 -766.71467229488997 
-630.74941873491446 -766.71467229488997 839.86941011990291 4.1969052164176048 
-35.385125347536722 35.781319529258411 -35.385125347536722 1015.5732142892999 
-1008.8614769221909 35.781319529258411 -1008.8614769221909 1002.4507504219439 
934.74412851399359 -300.33280151467505 958.35684007208431 -300.33280151467505 
96.496799820377532 -307.92206069519187 958.35684007208431 -307.92206069519187 
982.79749932110622 802.60460477940046 280.55288632856843 945.61142611991158 
280.55288632856843 98.068148822990139 330.54409848003598 945.6114261199117 
330.54409848003598 1114.3328332952015 13.959002187760923 141.05290544214321 
89.3124720466611 141.05290544214321 1425.3380614696873 902.57767842055921 
89.3124720466611 902.57767842055921 571.76187753586805 670.75870152478774 
-694.88775507926459 -645.47965954105939 -694.88775507926459 
719.88508006262543 668.6918132444589 -645.47965954105939 668.6918132444589 
621.35479752598405 1120.455686561605 -322.298453009063 -946.9396390854123 
-322.298453009063 92.708991929101387 272.38455565113549 -946.93963908541241 
272.38455565113549 800.4978322975536 1458.5329472335184 397.74460916393605 
-804.01777943213915 397.74460916393605 108.46570381197861 -219.25510782425511 
-804.01777943213915 -219.25510782425511 443.42313621317282 10.041063873247504 
-130.50533530227543 46.450698775702122 -130.50533530227543 1778.308615053646 
-629.92945522392574 46.450698775702129 -629.92945522392574 223.37081995770106 
474.42181983580696 -651.23291665079591 552.24677611562879 -651.23291665079591 
893.93980036203925 -758.07302563756718 552.24677611562879 -758.07302563756718 
643.07190413487842 1734.6961443730327 -130.90393561366631 681.0666057331448 
-130.90393561366631 10.966521262246776 -51.72071588312334 681.0666057331448 
-51.72071588312334 267.61822029576274 1423.3586655225329 718.68743155455434 
559.45119121388029 718.68743155455434 362.88233756856175 282.483985357721 
559.45119121388029 282.483985357721 220.11401899278982 514.14982961737007 
665.63199538405979 571.48878289490278 665.63199538405979 861.74526270040269 
739.87465588226826 571.48878289490278 739.87465588226826 635.45509550585018 
192.28480627238611 -563.06778916476048 -178.0934245517148 -563.06778916476048 
1648.8342221323699 521.48980436284853 -178.0934245517148 521.48980436284853 
165.15143228732683 1080.5467582657445 -975.22870275196647 -214.92664540896106 
-975.22870275196647 880.17593589247826 193.97155734041101 -214.92664540896106 
193.97155734041101 42.962834495247577 1788.2344061632405 -498.05641957015644 
-372.78982565854903 -498.05641957015644 138.71796265336906 103.82679153077055 
-372.78982565854909 103.82679153077055 77.927395013212603 1255.0877663977958 
921.17921640395764 -303.20210304114181 921.17921640395764 676.10516915723485 
-222.53152470253801 -303.20210304114187 -222.53152470253801 
73.459195101030033 326.68507701709552 696.66623682585441 -251.93354307363683 
696.66623682585441 1485.6639330458286 -537.24059821979688 -251.93354307363686 
-537.24059821979688 194.49080585397485 418.2384686138019 -799.84032862452636 
151.89155219344002 -799.84032862452636 1529.6176744181414 -290.49238740378928 
151.89155219344002 -290.49238740378928 55.383659766527536 1380.7377613270664 
-804.94961104277718 462.68022722140563 -804.94961104277718 469.27375923573101 
-269.74014518415402 462.68022722140563 -269.74014518415402 155.2632871454455 
1950.2634242690997 317.06934642254055 -156.59858219643098 317.06934642254055 
51.548506966331722 -25.441670995184403 -156.59858219643098 
-25.441670995184403 15.694887050160395 635.6366267028418 915.92837607100989 
173.2738874676368 915.92837607100989 1319.8187487525579 249.69208785643997 
173.2738874676368 249.69208785643997 47.454148355753425 31.592415023306938 
248.22030551543844 26.258910936407403 248.22030551543844 1950.2869488976642 
206.42851246329892 26.258910936407407 206.42851246329892 22.250861097330528
##$VisuAcqDiffusionGradOrient=( 35, 3 )
@15*(0) -0.23103337134348603 0.044775381972999705 -0.97191498933540221 
0.25381890003299512 0.18037593094001908 -0.95028442559244442 
0.11821544042863905 -0.31365875243777919 -0.94214823497337119 
-0.33625201528673521 -0.3790821532093841 -0.86210863777933833 
-0.24331700959496397 0.46161199374628586 -0.85305990415172084 
0.18684427175640705 0.58805111396494814 -0.78694669798938821 
0.52721604988054993 -0.16850287946456094 -0.83285654008388577 
0.46381897989401616 -0.59165519308544512 -0.65940585862206202 
-0.0130463643594189 -0.71259147282622615 -0.70145789982888584 
-0.70769140522690088 -0.21965518411862894 -0.671509102736356 
-0.65914596279819093 0.22143638908610996 -0.718674144042591 
-0.10214821384572401 0.84419727003517597 -0.52620976014635501 
0.55931750548686132 0.59995211478193233 -0.57203268090611936 
0.72595138124549752 0.21530094278602385 -0.65317692557468965 
0.83702184077613784 -0.23287947935786296 -0.4951379465944179 
-0.066256151043098427 -0.9429497905651304 -0.32627567320002715 
-0.50653233812793697 -0.66855807539885403 -0.54447689597413196 
-0.94350889903854929 -0.048352968895603324 -0.32780016448141919 
-0.85466908394756003 0.425959116329585 -0.29681574783012699 
-0.52638513403301113 0.65640889036499306 -0.5404128600605721 
0.29985712365307299 0.90797417973540695 -0.29269197858554402 
0.72948285868264306 0.66339126309157803 -0.16663370289938301 
0.93812227121998804 0.26336093356206902 -0.22487245921714499 
0.78501537021647727 -0.58142289650358414 -0.21377156954391704 
0.39303312337140789 -0.86187700196890871 -0.32045748143864788 
-0.46281310463710484 -0.87453349690510462 -0.14489718067337795 
-0.84009526404321422 -0.48439331087233811 -0.24413739515751506 
-0.98411975986638744 0.16054361863109309 0.075723475602735527 
-0.568773773396272 0.81234806233306112 -0.12879060649087404 
-0.12925317457738197 0.98749353134531082 -0.090278139174644487
##$VisuMagneticFieldStrength=9.4039066135589309
##$VisuMrMultiSpinEcho=No
##$VisuMrMultiPlanar=No
##$VisuMrSteadyStatePulse=MR_ST_TRANSVERSE
##$VisuMrSegmentedKSpaceTraversal=MR_SKST_PARTIAL
##$VisuMrCoverageOfKSpace=MR_CKS_FULL
##$VisuMrPercentSampling=62.5
$$ @vis= Visu VisuInstance VisuVersion VisuUid VisuCreator VisuCreatorVersion
$$ @vis= VisuCreationDate VisuInstanceType VisuInstanceModality
$$ @vis= VisuInstanceDeIdentified VisuCore VisuCoreFrameCount VisuCoreDim
$$ @vis= VisuCoreSize VisuCoreDimDesc VisuCoreExtent VisuCoreFrameThickness
$$ @vis= VisuCoreUnits VisuCoreOrientation VisuCorePosition
$$ @vis= VisuCoreModalityOffset VisuCoreAtsCenterDistance VisuCoreDataMin
$$ @vis= VisuCoreDataMax VisuCoreDataOffs VisuCoreDataSlope VisuCoreFrameType
$$ @vis= VisuFGElemComment VisuCoreSlicePacksDef VisuCoreSlicePacksSlices
$$ @vis= VisuCoreSlicePacksSliceDist VisuPixel VisuCoreWordType
$$ @vis= VisuCoreByteOrder VisuFrameOrderDesc VisuFGOrderDescDim
$$ @vis= VisuFGOrderDesc VisuGroupDepVals VisuSubject VisuSubjectName
$$ @vis= VisuSubjectId VisuSubjectUid VisuSubjectInstanceCreationDate
$$ @vis= VisuSubjectBirthDate VisuSubjectSex VisuSubjectType VisuStudy
$$ @vis= VisuStudyUid VisuStudyDate VisuStudyId VisuStudyNumber
$$ @vis= VisuSubjectWeight VisuStudyReferringPhysician VisuSeries
$$ @vis= VisuExperimentNumber VisuProcessingNumber VisuSeriesDate
$$ @vis= VisuSubjectPosition VisuSeriesTypeId VisuSeriesCreationId
$$ @vis= VisuSeriesExperimentComment VisuSeriesFrameOfReferenceUid
$$ @vis= VisuContrastAgent VisuEquipment VisuManufacturer
$$ @vis= VisuAcqSoftwareVersion VisuInstitution VisuStation
$$ @vis= VisuSystemOrderNumber VisuAcq VisuAcqDate VisuAcqSequenceName
$$ @vis= VisuAcquisitionProtocol VisuAcqScanTime VisuAcqFrameNumbers
$$ @vis= VisuCardiacSynchUsed VisuRespSynchUsed VisuAcqNumberOfAverages
$$ @vis= VisuMxi VisuAcqRepetitionTime VisuCoilReceive VisuCoilReceiveName
$$ @vis= VisuCoilReceiveManufacturer VisuCoilReceiveType
$$ @vis= VisuCoilReceiveIsQuadrature VisuCoilReceiveMultiName VisuCoilTransmit
$$ @vis= VisuCoilTransmitName VisuCoilTransmitManufacturer
$$ @vis= VisuCoilTransmitType VisuCoilTransmitIsQuadrature
$$ @vis= VisuCoilTransmitMultiName VisuMri VisuAcqEchoTrainLength
$$ @vis= VisuAcqImagingFrequency VisuAcqImagedNucleus VisuAcqPixelBandwidth
$$ @vis= VisuAcqFlipAngle VisuMrAcqFlipAngleVariable VisuAcqSize
$$ @vis= VisuAcqImageSizeAccellerated VisuAcqGradEncoding VisuAcqEchoTime
$$ @vis= VisuAcqAntiAlias VisuAcqEchoSequenceType VisuAcqSpinsVelocityEncoded
$$ @vis= VisuAcqHasTimeOfFlightContrast VisuAcqIsEpiSequence
$$ @vis= VisuAcqSpectralSuppression VisuAcqKSpaceTraversal
$$ @vis= VisuAcqEncodingOrder VisuAcqKSpaceTrajectoryCnt
$$ @vis= VisuAcqKSpaceFiltering VisuAcqFlowCompensation VisuAcqSpoiling
$$ @vis= VisuAcqSaturation VisuAcqPartialFourier
$$ @vis= VisuAcqParallelReductionFactor VisuAcqMagnetizationTransfer
$$ @vis= VisuAcqBloodSignalNulling VisuAcqDiffusionBMatrix
$$ @vis= VisuAcqDiffusionGradOrient VisuMagneticFieldStrength
$$ @vis= VisuMrMultiSpinEcho VisuMrMultiPlanar VisuMrSteadyStatePulse
$$ @vis= VisuMrSegmentedKSpaceTraversal VisuMrCoverageOfKSpace
$$ @vis= VisuMrPercentSampling VisuMrs
##END=
$$ File finished by PARX at 2024-07-25 10:04:16.211 +0200
