##TITLE=Parameter List, ParaVision 360 V3.6
##JCAMPDX=4.24
##DATATYPE=Parameter Values
##ORIGIN=Bruker BioSpin GmbH & Co. KG
##OWNER=nmrsu
$$ Write Options: Symbolic Enums, RLE encoded arrays, symbol visibility
$$ 2024-07-25 09:18:04.341 +0200  nmrsu@host
$$ /opt/nmrdata/PV-360.3.6/data/nmrsu/20240725_090212_std_PV360_3_6_94T_protocols_1_1/4/method
$$ process /opt/PV-360.3.6/prog/bin/parxserver
##$Method=<Bruker:FLASH>
##$PVM_GeoObj=( 2, 65 )
<PVM_SliceGeoObj> <PVM_AtsRefGeoObj>
##$PVM_StudyInstrumentPosition=Head_Prone
##$PVM_ExportHandler=( 3 )
(<BRUKER_PARIMPORT_SLICEGEO>, <>, <Slice Geometry>) (<BRUKER_PARIMPORT_FOVSAT>
, <>, <FOV Saturation>) (<BRUKER_PARIMPORT_SLICEORIENT>, <>, <Slice 
Orientation>)
##$PVM_AtsBedPositionMode=ATS_POS_REFERENCE
##$PVM_AtsChangeRefPos=No
##$PVM_AtsRefGeoObj=(<BRUKER_REFPOS>, GeoPlanarId, Standard_GobjShape, 
<PVM_AtsRefGeoCub>, <>, 0, <D1;first> <D2;second> <S;slice>, No, -1)
##$PVM_AtsRefGeoCub=( 1 )
(((1 0 0 0 1 0 0 0 1, 0 0 0, 0 0 0), 50 50 0.25, <+D1;first> <+D2;second> 
<+S;slice>, 0), 1, 1, 1, 0.25, 0, No)
##$PVM_AtsRefPosTransferred=Yes
##$PVM_EchoTime=4
##$PVM_RepetitionTime=200
##$PVM_NEchoImages=1
##$PVM_NAverages=3
##$PVM_NRepetitions=1
##$PVM_ScanTime=172800
##$PVM_DeriveGains=Yes
##$ExcPulse1Enum=<Calculated>
##$ExcPulse1=(1.3333333333333333, 6000, 70, Yes, 5, 8000, 0.11873247155535943, 
0.10775081688641434, 0, 50, 65.353359982412812, <$ExcPulse1Shape>)
##$ExcPulse1Ampl=(65.353359982412812, 57.163519827951816, -18.152679206741663)
##$PVM_GradCalConst=20550.110000000001
##$PVM_Nucleus1Enum=<1H>
##$PVM_Nucleus1=( 8 )
<1H>
##$PVM_RefPowMod1=AutoAdj
##$PVM_RefPowCh1=2.7075304478287854
##$PVM_RefPowStat1=( 1024 )
<Study: Adj by Bruker:AdjRefPowADJ_REF_POW>
##$PVM_Nucleus2Enum=<1H>
##$PVM_Nucleus3Enum=<1H>
##$PVM_Nucleus4Enum=<1H>
##$PVM_Nucleus5Enum=<1H>
##$PVM_Nucleus6Enum=<1H>
##$PVM_Nucleus7Enum=<1H>
##$PVM_Nucleus8Enum=<1H>
##$PVM_FrqRef=( 8 )
400.38072396468129 0 0 0 0 0 0 0
##$PVM_FrqWorkOffset=( 8 )
0 0 0 0 0 0 0 0
##$PVM_FrqWork=( 8 )
400.38072396468129 0 0 0 0 0 0 0
##$PVM_FrqRefPpm=( 8 )
4.7000000000000002 0 0 0 0 0 0 0
##$PVM_FrqWorkOffsetPpm=( 8 )
0 0 0 0 0 0 0 0
##$PVM_FrqWorkPpm=( 8 )
4.7000000000000002 0 0 0 0 0 0 0
##$PVM_NucleiPpmWork=( 20 )
(<1H>, 4.7000000000000002) (<none>, 0) (<none>, 0) (<none>, 0) (<none>, 0) 
(<none>, 0) (<none>, 0) (<none>, 0) (<none>, 0) (<none>, 0) (<none>, 0) 
(<none>, 0) (<none>, 0) (<none>, 0) (<none>, 0) (<none>, 0) (<none>, 0) 
(<none>, 0) (<none>, 0) (<none>, 0)
##$PVM_TxCoilScMode1=AutoAdj
##$PVM_TxCoilAdjStat1=( 1024 )
<System (Coil)>
##$PVM_TxCoilAmpScaling1=( 2 )
100 100
##$PVM_TxCoilPhaseOffset1=( 2 )
0 90
##$PVM_EncGenOpt=Yes
##$PVM_EncGenEllipse=No
##$PVM_MbEncNBands=1
##$PVM_MbEncAccelFactor=1
##$PVM_MbEncBlipFactor=1
##$PVM_EncGen3D=Yes
##$PVM_EncGen4D=Yes
##$PVM_EncGenPpi=No
##$PVM_EncGenCaipirinha=No
##$PVM_EncGenTCaipirinha=No
##$PVM_EncVirtualCoils=No
##$PVM_EncCS=No
##$PVM_EncCSUndersampling=100
##$PVM_EncCSCenterRatio=10
##$PVM_EncCSNumRef=( 2 )
112 288
##$PVM_EncCSGradOpt=No
##$PVM_EncCSEllipse=No
##$PVM_EncPftAlgorithm=Pocs
##$PVM_EncPpiRefScan=No
##$PVM_IsEpiScan=No
##$PVM_SpatDimEnum=<2D>
##$PVM_IsotropicFovRes=Isot_None
##$PVM_Matrix=( 2 )
384 384
##$PVM_MinMatrix=( 2 )
32 32
##$PVM_MaxMatrix=( 2 )
2048 2048
##$PVM_DefMatrix=( 3 )
128 128 64
##$PVM_AntiAlias=( 2 )
1 1
##$PVM_MaxAntiAlias=( 2 )
2 8
##$PVM_EncSpectroscopy=No
##$PVM_EncUseMultiRec=Yes
##$PVM_EncActReceivers=( 1 )
On
##$PVM_EncZf=( 2 )
1.3400000000000001 1.3400000000000001
##$PVM_EncPft=( 2 )
1.5483870968 1
##$PVM_EncPftOverscans=( 2 )
56 144
##$PVM_EncPpi=( 2 )
1 1
##$PVM_EncPpiRefLines=( 2 )
0 0
##$PVM_EncPpiGopRefLines=( 3 )
32 24 24
##$PVM_EncOrder=( 2 )
LINEAR_ENC LINEAR_ENC
##$PVM_EncStart=( 2 )
0 -1
##$PVM_EncNReceivers=4
##$PVM_EncAvailReceivers=7
##$PVM_EncChanScaling=( 4 )
0.99099999999999999 0.96599999999999997 0.98899999999999999 1
##$PVM_EncChanPhase=( 4 )
348.75999999999999 52.990000000000002 352.43000000000001 21.289999999999999
##$PVM_EncMatrix=( 2 )
200 288
##$PVM_EncTotalAccel=1.3333333333333333
##$PVM_EncSteps0=( 1 )
0
##$PVM_EncSteps1=( 288 )
-144 -143 -142 -141 -140 -139 -138 -137 -136 -135 -134 -133 -132 -131 -130 
-129 -128 -127 -126 -125 -124 -123 -122 -121 -120 -119 -118 -117 -116 -115 
-114 -113 -112 -111 -110 -109 -108 -107 -106 -105 -104 -103 -102 -101 -100 
-99 -98 -97 -96 -95 -94 -93 -92 -91 -90 -89 -88 -87 -86 -85 -84 -83 -82 -81 
-80 -79 -78 -77 -76 -75 -74 -73 -72 -71 -70 -69 -68 -67 -66 -65 -64 -63 -62 
-61 -60 -59 -58 -57 -56 -55 -54 -53 -52 -51 -50 -49 -48 -47 -46 -45 -44 -43 
-42 -41 -40 -39 -38 -37 -36 -35 -34 -33 -32 -31 -30 -29 -28 -27 -26 -25 -24 
-23 -22 -21 -20 -19 -18 -17 -16 -15 -14 -13 -12 -11 -10 -9 -8 -7 -6 -5 -4 -3 
-2 -1 0 1 2 3 4 5 6 7 8 9 10 11 12 13 14 15 16 17 18 19 20 21 22 23 24 25 26 
27 28 29 30 31 32 33 34 35 36 37 38 39 40 41 42 43 44 45 46 47 48 49 50 51 52 
53 54 55 56 57 58 59 60 61 62 63 64 65 66 67 68 69 70 71 72 73 74 75 76 77 78 
79 80 81 82 83 84 85 86 87 88 89 90 91 92 93 94 95 96 97 98 99 100 101 102 
103 104 105 106 107 108 109 110 111 112 113 114 115 116 117 118 119 120 121 
122 123 124 125 126 127 128 129 130 131 132 133 134 135 136 137 138 139 140 
141 142 143
##$PVM_EncSteps2=( 1 )
0
##$PVM_EncCentralStep1=1
##$PVM_EncValues1=( 288 )
-0.75 -0.74479166666666663 -0.73958333333333337 -0.734375 
-0.72916666666666663 -0.72395833333333337 -0.71875 -0.71354166666666663 
-0.70833333333333337 -0.703125 -0.69791666666666663 -0.69270833333333337 
-0.6875 -0.68229166666666663 -0.67708333333333337 -0.671875 
-0.66666666666666663 -0.66145833333333337 -0.65625 -0.65104166666666663 
-0.64583333333333337 -0.640625 -0.63541666666666663 -0.63020833333333337 
-0.625 -0.61979166666666663 -0.61458333333333337 -0.609375 
-0.60416666666666663 -0.59895833333333337 -0.59375 -0.58854166666666663 
-0.58333333333333337 -0.578125 -0.57291666666666663 -0.56770833333333337 
-0.5625 -0.55729166666666663 -0.55208333333333337 -0.546875 
-0.54166666666666663 -0.53645833333333337 -0.53125 -0.52604166666666663 
-0.52083333333333337 -0.515625 -0.51041666666666663 -0.50520833333333337 -0.5 
-0.49479166666666669 -0.48958333333333331 -0.484375 -0.47916666666666669 
-0.47395833333333331 -0.46875 -0.46354166666666669 -0.45833333333333331 
-0.453125 -0.44791666666666669 -0.44270833333333331 -0.4375 
-0.43229166666666669 -0.42708333333333331 -0.421875 -0.41666666666666669 
-0.41145833333333331 -0.40625 -0.40104166666666669 -0.39583333333333331 
-0.390625 -0.38541666666666669 -0.38020833333333331 -0.375 
-0.36979166666666669 -0.36458333333333331 -0.359375 -0.35416666666666669 
-0.34895833333333331 -0.34375 -0.33854166666666669 -0.33333333333333331 
-0.328125 -0.32291666666666669 -0.31770833333333331 -0.3125 
-0.30729166666666669 -0.30208333333333331 -0.296875 -0.29166666666666669 
-0.28645833333333331 -0.28125 -0.27604166666666669 -0.27083333333333331 
-0.265625 -0.26041666666666669 -0.25520833333333331 -0.25 
-0.24479166666666666 -0.23958333333333334 -0.234375 -0.22916666666666666 
-0.22395833333333334 -0.21875 -0.21354166666666666 -0.20833333333333334 
-0.203125 -0.19791666666666666 -0.19270833333333334 -0.1875 
-0.18229166666666666 -0.17708333333333334 -0.171875 -0.16666666666666666 
-0.16145833333333334 -0.15625 -0.15104166666666666 -0.14583333333333334 
-0.140625 -0.13541666666666666 -0.13020833333333334 -0.125 
-0.11979166666666667 -0.11458333333333333 -0.109375 -0.10416666666666667 
-0.098958333333333329 -0.09375 -0.088541666666666671 -0.083333333333333329 
-0.078125 -0.072916666666666671 -0.067708333333333329 -0.0625 
-0.057291666666666664 -0.052083333333333336 -0.046875 -0.041666666666666664 
-0.036458333333333336 -0.03125 -0.026041666666666668 -0.020833333333333332 
-0.015625 -0.010416666666666666 -0.005208333333333333 0 0.005208333333333333 
0.010416666666666666 0.015625 0.020833333333333332 0.026041666666666668 
0.03125 0.036458333333333336 0.041666666666666664 0.046875 
0.052083333333333336 0.057291666666666664 0.0625 0.067708333333333329 
0.072916666666666671 0.078125 0.083333333333333329 0.088541666666666671 
0.09375 0.098958333333333329 0.10416666666666667 0.109375 0.11458333333333333 
0.11979166666666667 0.125 0.13020833333333334 0.13541666666666666 0.140625 
0.14583333333333334 0.15104166666666666 0.15625 0.16145833333333334 
0.16666666666666666 0.171875 0.17708333333333334 0.18229166666666666 0.1875 
0.19270833333333334 0.19791666666666666 0.203125 0.20833333333333334 
0.21354166666666666 0.21875 0.22395833333333334 0.22916666666666666 0.234375 
0.23958333333333334 0.24479166666666666 0.25 0.25520833333333331 
0.26041666666666669 0.265625 0.27083333333333331 0.27604166666666669 0.28125 
0.28645833333333331 0.29166666666666669 0.296875 0.30208333333333331 
0.30729166666666669 0.3125 0.31770833333333331 0.32291666666666669 0.328125 
0.33333333333333331 0.33854166666666669 0.34375 0.34895833333333331 
0.35416666666666669 0.359375 0.36458333333333331 0.36979166666666669 0.375 
0.38020833333333331 0.38541666666666669 0.390625 0.39583333333333331 
0.40104166666666669 0.40625 0.41145833333333331 0.41666666666666669 0.421875 
0.42708333333333331 0.43229166666666669 0.4375 0.44270833333333331 
0.44791666666666669 0.453125 0.45833333333333331 0.46354166666666669 0.46875 
0.47395833333333331 0.47916666666666669 0.484375 0.48958333333333331 
0.49479166666666669 0.5 0.50520833333333337 0.51041666666666663 0.515625 
0.52083333333333337 0.52604166666666663 0.53125 0.53645833333333337 
0.54166666666666663 0.546875 0.55208333333333337 0.55729166666666663 0.5625 
0.56770833333333337 0.57291666666666663 0.578125 0.58333333333333337 
0.58854166666666663 0.59375 0.59895833333333337 0.60416666666666663 0.609375 
0.61458333333333337 0.61979166666666663 0.625 0.63020833333333337 
0.63541666666666663 0.640625 0.64583333333333337 0.65104166666666663 0.65625 
0.66145833333333337 0.66666666666666663 0.671875 0.67708333333333337 
0.68229166666666663 0.6875 0.69270833333333337 0.69791666666666663 0.703125 
0.70833333333333337 0.71354166666666663 0.71875 0.72395833333333337 
0.72916666666666663 0.734375 0.73958333333333337 0.74479166666666663
##$PVM_EncGenSteps0=( 1 )
0
##$PVM_EncGenSteps1=( 288 )
-144 -143 -142 -141 -140 -139 -138 -137 -136 -135 -134 -133 -132 -131 -130 
-129 -128 -127 -126 -125 -124 -123 -122 -121 -120 -119 -118 -117 -116 -115 
-114 -113 -112 -111 -110 -109 -108 -107 -106 -105 -104 -103 -102 -101 -100 
-99 -98 -97 -96 -95 -94 -93 -92 -91 -90 -89 -88 -87 -86 -85 -84 -83 -82 -81 
-80 -79 -78 -77 -76 -75 -74 -73 -72 -71 -70 -69 -68 -67 -66 -65 -64 -63 -62 
-61 -60 -59 -58 -57 -56 -55 -54 -53 -52 -51 -50 -49 -48 -47 -46 -45 -44 -43 
-42 -41 -40 -39 -38 -37 -36 -35 -34 -33 -32 -31 -30 -29 -28 -27 -26 -25 -24 
-23 -22 -21 -20 -19 -18 -17 -16 -15 -14 -13 -12 -11 -10 -9 -8 -7 -6 -5 -4 -3 
-2 -1 0 1 2 3 4 5 6 7 8 9 10 11 12 13 14 15 16 17 18 19 20 21 22 23 24 25 26 
27 28 29 30 31 32 33 34 35 36 37 38 39 40 41 42 43 44 45 46 47 48 49 50 51 52 
53 54 55 56 57 58 59 60 61 62 63 64 65 66 67 68 69 70 71 72 73 74 75 76 77 78 
79 80 81 82 83 84 85 86 87 88 89 90 91 92 93 94 95 96 97 98 99 100 101 102 
103 104 105 106 107 108 109 110 111 112 113 114 115 116 117 118 119 120 121 
122 123 124 125 126 127 128 129 130 131 132 133 134 135 136 137 138 139 140 
141 142 143
##$PVM_EncGenSteps2=( 288 )
@288*(0)
##$PVM_EncGenValues1=( 288 )
-0.75 -0.74479166666666663 -0.73958333333333337 -0.734375 
-0.72916666666666663 -0.72395833333333337 -0.71875 -0.71354166666666663 
-0.70833333333333337 -0.703125 -0.69791666666666663 -0.69270833333333337 
-0.6875 -0.68229166666666663 -0.67708333333333337 -0.671875 
-0.66666666666666663 -0.66145833333333337 -0.65625 -0.65104166666666663 
-0.64583333333333337 -0.640625 -0.63541666666666663 -0.63020833333333337 
-0.625 -0.61979166666666663 -0.61458333333333337 -0.609375 
-0.60416666666666663 -0.59895833333333337 -0.59375 -0.58854166666666663 
-0.58333333333333337 -0.578125 -0.57291666666666663 -0.56770833333333337 
-0.5625 -0.55729166666666663 -0.55208333333333337 -0.546875 
-0.54166666666666663 -0.53645833333333337 -0.53125 -0.52604166666666663 
-0.52083333333333337 -0.515625 -0.51041666666666663 -0.50520833333333337 -0.5 
-0.49479166666666669 -0.48958333333333331 -0.484375 -0.47916666666666669 
-0.47395833333333331 -0.46875 -0.46354166666666669 -0.45833333333333331 
-0.453125 -0.44791666666666669 -0.44270833333333331 -0.4375 
-0.43229166666666669 -0.42708333333333331 -0.421875 -0.41666666666666669 
-0.41145833333333331 -0.40625 -0.40104166666666669 -0.39583333333333331 
-0.390625 -0.38541666666666669 -0.38020833333333331 -0.375 
-0.36979166666666669 -0.36458333333333331 -0.359375 -0.35416666666666669 
-0.34895833333333331 -0.34375 -0.33854166666666669 -0.33333333333333331 
-0.328125 -0.32291666666666669 -0.31770833333333331 -0.3125 
-0.30729166666666669 -0.30208333333333331 -0.296875 -0.29166666666666669 
-0.28645833333333331 -0.28125 -0.27604166666666669 -0.27083333333333331 
-0.265625 -0.26041666666666669 -0.25520833333333331 -0.25 
-0.24479166666666666 -0.23958333333333334 -0.234375 -0.22916666666666666 
-0.22395833333333334 -0.21875 -0.21354166666666666 -0.20833333333333334 
-0.203125 -0.19791666666666666 -0.19270833333333334 -0.1875 
-0.18229166666666666 -0.17708333333333334 -0.171875 -0.16666666666666666 
-0.16145833333333334 -0.15625 -0.15104166666666666 -0.14583333333333334 
-0.140625 -0.13541666666666666 -0.13020833333333334 -0.125 
-0.11979166666666667 -0.11458333333333333 -0.109375 -0.10416666666666667 
-0.098958333333333329 -0.09375 -0.088541666666666671 -0.083333333333333329 
-0.078125 -0.072916666666666671 -0.067708333333333329 -0.0625 
-0.057291666666666664 -0.052083333333333336 -0.046875 -0.041666666666666664 
-0.036458333333333336 -0.03125 -0.026041666666666668 -0.020833333333333332 
-0.015625 -0.010416666666666666 -0.005208333333333333 0 0.005208333333333333 
0.010416666666666666 0.015625 0.020833333333333332 0.026041666666666668 
0.03125 0.036458333333333336 0.041666666666666664 0.046875 
0.052083333333333336 0.057291666666666664 0.0625 0.067708333333333329 
0.072916666666666671 0.078125 0.083333333333333329 0.088541666666666671 
0.09375 0.098958333333333329 0.10416666666666667 0.109375 0.11458333333333333 
0.11979166666666667 0.125 0.13020833333333334 0.13541666666666666 0.140625 
0.14583333333333334 0.15104166666666666 0.15625 0.16145833333333334 
0.16666666666666666 0.171875 0.17708333333333334 0.18229166666666666 0.1875 
0.19270833333333334 0.19791666666666666 0.203125 0.20833333333333334 
0.21354166666666666 0.21875 0.22395833333333334 0.22916666666666666 0.234375 
0.23958333333333334 0.24479166666666666 0.25 0.25520833333333331 
0.26041666666666669 0.265625 0.27083333333333331 0.27604166666666669 0.28125 
0.28645833333333331 0.29166666666666669 0.296875 0.30208333333333331 
0.30729166666666669 0.3125 0.31770833333333331 0.32291666666666669 0.328125 
0.33333333333333331 0.33854166666666669 0.34375 0.34895833333333331 
0.35416666666666669 0.359375 0.36458333333333331 0.36979166666666669 0.375 
0.38020833333333331 0.38541666666666669 0.390625 0.39583333333333331 
0.40104166666666669 0.40625 0.41145833333333331 0.41666666666666669 0.421875 
0.42708333333333331 0.43229166666666669 0.4375 0.44270833333333331 
0.44791666666666669 0.453125 0.45833333333333331 0.46354166666666669 0.46875 
0.47395833333333331 0.47916666666666669 0.484375 0.48958333333333331 
0.49479166666666669 0.5 0.50520833333333337 0.51041666666666663 0.515625 
0.52083333333333337 0.52604166666666663 0.53125 0.53645833333333337 
0.54166666666666663 0.546875 0.55208333333333337 0.55729166666666663 0.5625 
0.56770833333333337 0.57291666666666663 0.578125 0.58333333333333337 
0.58854166666666663 0.59375 0.59895833333333337 0.60416666666666663 0.609375 
0.61458333333333337 0.61979166666666663 0.625 0.63020833333333337 
0.63541666666666663 0.640625 0.64583333333333337 0.65104166666666663 0.65625 
0.66145833333333337 0.66666666666666663 0.671875 0.67708333333333337 
0.68229166666666663 0.6875 0.69270833333333337 0.69791666666666663 0.703125 
0.70833333333333337 0.71354166666666663 0.71875 0.72395833333333337 
0.72916666666666663 0.734375 0.73958333333333337 0.74479166666666663
##$PVM_EncGenTotalSteps=288
##$PVM_EncGenLoopOuter=1
##$PVM_EffSWh=74626.86567164179
##$PVM_EchoPosition=28
##$EncGradDur=2.2319333333333331
##$PVM_AcquisitionTime=2.6800000000000002
##$ReadSpoiler=(No, 0.59999999999999998, 2.7889599051207461, 15)
##$SliceSpoiler=(No, 0.59999999999999909, 0.27806594292126446, 15)
##$PVM_Isotropic=Isotropic_None
##$PVM_Fov=( 2 )
20 20
##$PVM_FovCm=( 2 )
2 2
##$PVM_SpatResol=( 2 )
0.052083333333333336 0.052083333333333336
##$PVM_SliceThick=0.69999999999999996
##$PVM_ObjOrderScheme=Interlaced
##$PVM_ObjOrderList=( 9 )
0 2 4 6 8 1 3 5 7
##$PVM_NSPacks=1
##$PVM_SPackArrNSlices=( 1 )
9
##$PVM_MajSliceOri=No
##$PVM_SPackArrSliceOrient=( 1 )
axial
##$PVM_SPackArrReadOrient=( 1 )
L_R
##$PVM_SPackArrReadOffset=( 1 )
-0.030393015300471726
##$PVM_SPackArrPhase1Offset=( 1 )
1.874999999999976
##$PVM_SPackArrPhase2Offset=( 1 )
0
##$PVM_SPackArrSliceOffset=( 1 )
-1.9861306533282423
##$PVM_SPackArrSliceGapMode=( 1 )
non_contiguous
##$PVM_SPackArrSliceGap=( 1 )
0.29999999999999993
##$PVM_SPackArrSliceDistance=( 1 )
0.99999999999999989
##$PVM_SPackArrGradOrient=( 1, 3, 3 )
-0.99939082701909576 0 0.034899496702500969 0 -1 0 0.034899496702500969 0 
0.99939082701909576
##$PVM_SliceGeo=( 1 )
(((-0.99939082701909576 0 -0.034899496702500969 0 1 0 0.034899496702500969 0 
-0.99939082701909576, -0.038940459489822624 1.874999999999976 
1.985981457134947, 0 0 0), 20 20 8.6999999999999993, <+R;read> <+P;phase> 
<+S;slice>, 0), 9, 1, 256, 0.69999999999999996, 0, No)
##$PVM_SliceGeoObj=(<BRUKER_SLICEPACKAGE>, GeoCuboidPackId, Standard_GobjShape,
 <PVM_SliceGeo>, <PVM_ObjOrderList>, 0, <R;read> <P;phase> <S;slice>, Yes, 
4195848)
##$PVM_EffPhase0Offset=( 9 )
-0.030393015300471726 -0.030393015300471726 -0.030393015300471726 
-0.030393015300471726 -0.030393015300471726 -0.030393015300471726 
-0.030393015300471726 -0.030393015300471726 -0.030393015300471726
##$PVM_EffPhase1Offset=( 9 )
1.874999999999976 1.874999999999976 1.874999999999976 1.874999999999976 
1.874999999999976 1.874999999999976 1.874999999999976 1.874999999999976 
1.874999999999976
##$PVM_EffPhase2Offset=( 9 )
0 0 0 0 0 0 0 0 0
##$PVM_EffSliceOffset=( 9 )
-5.9861306533282423 -4.9861306533282423 -3.9861306533282423 
-2.9861306533282428 -1.9861306533282428 -0.98613065332824323 
0.013869346671756766 1.0138693466717568 2.0138693466717568
##$PVM_EffReadOffset=( 9 )
-0.030393015300471726 -0.030393015300471726 -0.030393015300471726 
-0.030393015300471726 -0.030393015300471726 -0.030393015300471726 
-0.030393015300471726 -0.030393015300471726 -0.030393015300471726
##$PVM_Phase0Offset=( 9 )
-0.030393015300471726 -0.030393015300471726 -0.030393015300471726 
-0.030393015300471726 -0.030393015300471726 -0.030393015300471726 
-0.030393015300471726 -0.030393015300471726 -0.030393015300471726
##$PVM_Phase1Offset=( 9 )
1.874999999999976 1.874999999999976 1.874999999999976 1.874999999999976 
1.874999999999976 1.874999999999976 1.874999999999976 1.874999999999976 
1.874999999999976
##$PVM_Phase2Offset=( 9 )
0 0 0 0 0 0 0 0 0
##$PVM_SliceOffset=( 9 )
-5.9861306533282423 -4.9861306533282423 -3.9861306533282423 
-2.9861306533282428 -1.9861306533282428 -0.98613065332824323 
0.013869346671756766 1.0138693466717568 2.0138693466717568
##$PVM_ReadOffset=( 9 )
-0.030393015300471726 -0.030393015300471726 -0.030393015300471726 
-0.030393015300471726 -0.030393015300471726 -0.030393015300471726 
-0.030393015300471726 -0.030393015300471726 -0.030393015300471726
##$PVM_MbSliceDist=0
##$PVM_MbRelSliceDist=0
##$PVM_MbSliceGeo=( 1 )
(((-0.99939082701909576 0 -0.034899496702500969 0 1 0 0.034899496702500969 0 
-0.99939082701909576, -0.038940459489822624 1.874999999999976 
1.985981457134947, 0 0 0), 20 20 8.6999999999999993, <+R;read> <+P;phase> 
<+S;slice>, 0), 9, 1, 256, 0.69999999999999996, 0, No)
##$PVM_MbSliceGeoObj=(<BRUKER_SLICEPACKAGE>, GeoCuboidPackId, 
Standard_GobjShape, <PVM_MbSliceGeo>, <PVM_MbObjOrderList>, 0, <R;read> 
<P;phase> <S;slice>, Yes, 4195848)
##$PVM_MbObjOrderList=( 9 )
0 2 4 6 8 1 3 5 7
##$PVM_DummyScans=2
##$PVM_DummyScansDur=400
##$PVM_NMovieFrames=1
##$TimeForMovieFrames=200
##$PVM_EvolutionOnOff=Off
##$PVM_NEvolutionCycles=2
##$PVM_EvolutionCycles=1
##$PVM_EvolutionMode=Constant_Delay
##$PVM_EvolutionTime=( 2 )
1 0
##$PVM_EvolutionDelay=1
##$PVM_EvolutionModuleTime=0
##$PVM_TriggerModule=Off
##$PVM_TriggerMode=per_PhaseStep
##$PVM_TriggerDelay=1
##$PVM_TriggerDur=0.01
##$PVM_TriggerModuleTime=0
##$PVM_TaggingOnOff=Off
##$PVM_TaggingPulEnum=<gauss>
##$PVM_TaggingPul=(0.20000000000000001, 13700, 90, No, 4, 2740, 0.4181723, 
0.29872376467597078, 0, 50, 387.08187396895698, <gauss.exc>)
##$PVM_TaggingPulAmpl=(387.08187396895698, 139.11899114947553, 
-25.878028349211991)
##$PVM_TaggingMode=SPAMM
##$PVM_TaggingDir=Tagging_grid
##$PVM_TaggingDistance=1
##$PVM_TaggingMinDistance=0.001
##$PVM_TaggingThick=0.20000000000000001
##$PVM_TaggingOffset1=0
##$PVM_TaggingOffset2=0
##$PVM_TaggingAngle=0
##$PVM_TaggingDelay=0.01
##$PVM_TaggingModuleTime=0
##$PVM_TaggingInterPulseDelay=1.144230800224427
##$PVM_TaggingPulseNumber=5
##$PVM_TaggingPulseElement=0.040000000000000001
##$PVM_TaggingGradientStrength=5
##$PVM_TaggingGridDelay=0.01
##$PVM_TaggingFL=( 2 )
0 0
##$PVM_TaggingD0=1.0000000000000001e-05
##$PVM_TaggingD1=1.0000000000000001e-05
##$PVM_TaggingD2=0.00097323080022442704
##$PVM_TaggingD3=0.0016212648333574279
##$PVM_TaggingD4=0.00013100000000000001
##$PVM_TaggingP0=40
##$PVM_TaggingLp0=4
##$PVM_TaggingGradAmp1=5
##$PVM_TaggingGradAmp2=-0
##$PVM_TaggingGradAmp3=0
##$PVM_TaggingGradAmp4=5
##$PVM_TaggingSpoiler=(No, 0.99999999999999989, 1.7522648333574278, 
39.790787500097203)
##$PVM_SelIrOnOff=Off
##$PVM_BlBloodOnOff=Off
##$PVM_FatSupOnOff=On
##$PVM_FatSupPulEnum=<gauss512>
##$PVM_FatSupPul=(1.9571428571428569, 1400, 90, No, 4, 2740, 
0.41506880000000002, 0.29535713748727183, 0, 50, 4.1028733967757107, 
<gauss512.exc>)
##$PVM_FatSupPulAmpl=(4.1028733967757107, 14.322837352940427, 
-6.130881160578209)
##$PVM_FatSupBandWidth=1400
##$PVM_FatSupSpoil=(Yes, 3, 0.41709891438189733, 50)
##$PVM_FatSupModuleTime=2.5252417715247537
##$PVM_FatSupPerform=Yes
##$PVM_FatSupRampTime=0.13100000000000001
##$PVM_FatSupGradWait=0.01
##$PVM_FatSupFL=( 1 )
-1401.3259476444305
##$PVM_FatSupRfLength=1957.1428571428569
##$PVM_FatSupSpoilDur=0.41709891438189733
##$PVM_FatSupSpoilAmp=50
##$PVM_SatTransOnOff=Off
##$PVM_SatTransType=MTC
##$PVM_SatTransPulse=(1.8266666666666667, 1500, 117.09999999999999, No, 3, 
2740, 0.4181723, 0.29872376467597078, 0, 50, 7.8554847523852356, <gauss.exc>)
##$PVM_SatTransPulseEnum=<gauss>
##$PVM_SatTransPulseAmpl_uT=10.001764446036766
##$PVM_SatTransFreqInput=by_value
##$PVM_SatTransFreqUnit=unit_hz
##$PVM_SatTransFreqValues=( 1 )
1500
##$PVM_SatTransFreqRanges=( 1, 3 )
0 0 0
##$PVM_SatTransInterPulseDelay=0.01
##$PVM_SatTransNPulses=1
##$PVM_SatTransSpoil=(Yes, 5, 2, 17.379121432579055)
##$PVM_SatTransModuleTime=0
##$PVM_SatTransModuleMeanRFPower=1077.6399465899501
##$PVM_SatTransPowerList=( 1 )
7.8554847523852356
##$PVM_SatTransRepetitions=1
##$PVM_SatTransRefScan=Off
##$PVM_SatTransFL=( 1 )
1500
##$PVM_StD0=9.9999999999999995e-07
##$PVM_StD1=9.9999999999999995e-07
##$PVM_StD2=9.9999999999999995e-07
##$PVM_StD3=9.9999999999999995e-07
##$PVM_StP0=10
##$PVM_FovSatOnOff=Off
##$PVM_FovSatPulEnum=<Calculated>
##$PVM_FovSatPul=(1.2, 5000, 90, Yes, 4, 6000, 0.15558072029082534, 
0.13562335619905388, 0, 50, 77.67822650783387, <$PVM_FovSatPulShape>)
##$PVM_FovSatPulAmpl=(77.67822650783387, 62.321034373570001, 
-18.902993015207787)
##$PVM_FovSatNSlices=1
##$PVM_FovSatThick=( 1 )
4
##$PVM_FovSatOffset=( 1 )
0
##$PVM_FovSatSpoil=(Yes, 10, 0.80000000000000004, 15.206731253506673)
##$PVM_FovSatSpoilDur=0.66900000000000004
##$PVM_FovSatSpoilAmp=15.206731253506673
##$PVM_FovSatModuleTime=0
##$PVM_FovSatGrad=( 1, 3 )
-6.0826925014026685 0 0
##$PVM_FovSatRampTime=0.13100000000000001
##$PVM_FovSatGradWait=0.01
##$PVM_FovSatSliceOri=( 1 )
sagittal
##$PVM_FovSatSliceVec=( 1, 3 )
-1 0 0
##$PVM_FovSatFL=( 1 )
0
##$PVM_FovSatRfLength=1200
##$PVM_FovSatGeoObj=(<BRUKER_FOVSAT>, GeoPlanarId, Standard_GobjShape, 
<PVM_FovSatGeoCub>, <>, 0, <1;first> <2;second> <S;slice>, Yes, 524384)
##$PVM_FovSatGeoCub=( 1 )
(((0 1 0 0 0 -1 -1 0 0, 0 0 0, 0 0 0), 50 50 4, <+1;first> <+2;second> 
<+S;slice>, 0), 1, 1, 1, 4, 0, No)
##$PVM_InFlowSatOnOff=Off
##$PVM_InFlowSatNSlices=1
##$PVM_InFlowSatThick=( 1 )
4
##$PVM_InFlowSatMinThick=0.24330770005610675
##$PVM_InFlowSatSliceGap=1
##$PVM_FlowSatGeoObj=(<BRUKER_FLOWSAT>, GeoPlanarId, Standard_GobjShape, 
<PVM_FlowSatGeoCub>, <>, 0, <1;first> <2;second> <S;slice>, Yes, 553191)
##$PVM_FlowSatGeoCub=( 1 )
(((-1 0 0 0 1 0 0 0 -1, 0 0 -6.4500000000000002, 0 0 0), 42 42 4, <+1;first> 
<+2;second> <+S;slice>, 0), 1, 1, 1, 4, 0, No)
##$PVM_FlowSatPulEnum=<Calculated>
##$PVM_FlowSatPul=(1.2, 5000, 90, Yes, 4, 6000, 0.15558072029082534, 
0.13562335619905388, 0, 50, 77.67822650783387, <$PVM_FlowSatPulShape>)
##$PVM_FlowSatPulAmpl=(77.67822650783387, 62.321034373570001, 
-18.902993015207787)
##$PVM_InFlowSatSpoil=(Yes, 5, 0.39300000000000002, 15.477589062093303)
##$PVM_InFlowSatPos=up
##$PVM_InFlowSatModuleTime=0
##$PVM_InFlowSatFL=( 9 )
-3295.1633166603028 -795.16331666030283 1704.8366833396967 4204.8366833396958 
6704.8366833396967 -2045.1633166603028 454.83668333969661 2954.8366833396963 
5454.8366833396967
##$PVM_SfD0=0.00013100000000000001
##$PVM_SfD2=0.00039300000000000001
##$PVM_SfP0=1200
##$PVM_SfLp0=1
##$PVM_MotionSupOnOff=On
##$PVM_DriftCompYesNo=No
##$PVM_DriftCompStore=No
##$PVM_DriftCompUpdateTime=1000
##$PVM_DriftCompNavOnOff=On
##$PVM_DriftCompModuleTime=0
##$PVM_DriftCompNavPoints=96
##$PVM_DriftCompNavPulse=(0.54800000000000004, 5000, 1, No, 3, 2740, 0.4181723,
 0.29872376467597078, 0, 50, 0.0063652679518327922, <gauss.exc>)
##$PVM_DriftCompNavPulseEnum=<gauss>
##$PVM_DriftCompNavSWh=74626.86567164179
##$PVM_DriftCompNavSpoilYesNo=No
##$PVM_DriftCompNavSpoil=(Yes, 1, 1, 10)
##$PVM_DriftCompStickFreq=No
##$PVM_DriftCompNavD1=1.2864
##$PVM_DriftCompNavD2=0
##$PVM_DriftCompNavD3=0.044999999999999998
##$PVM_DriftCompNavD4=0.065000000000000002
##$PVM_DriftCompNavD5=0
##$PVM_DriftCompNavP0=548
##$RFSpoiling=No
##$AngioMode=No
##$PVM_MapShimReady=Yes
##$PVM_MapShimLocShim=No
##$PVM_MapShimStatus=( 128 )
<No map acquired. Mapshim ready.>
##$PVM_MapShimFailure=( 7, 57 )
<Failed to retrieve "PVM_StudyB0MapShimSets" (code: -1)> 
<"PVM_StudyB0MapShimSets" has no value!> <Failed to retrieve 
"PVM_StudyB0MapAtsOffsets" (code: -1)> <"PVM_StudyB0MapAtsOffsets" has no 
value!> <Failed to retrieve "PVM_StudyB0Maps" (code: -1)> <"PVM_StudyB0Maps" 
has no value!> <Mapshim is possible.>
##$PVM_MapShimCalcStat=( 256 )
<Not Calculated.>
##$PVM_DynamicShim=( 1, 10 )
0 0 0 0 0 0 0 0 0 0
##$PVM_MapShimNVolumes=1
##$PVM_MapShimVolShape=Cuboid
##$PVM_ReqShimEnum=Current_Shim
##$PVM_MapShimUseShims=AllShims
##$PVM_MapShimVolDerive=No
##$PVM_MapShimVolMargin=( 3 )
0 0 0
##$PVM_DynamicShimEnable=No
##$PVM_DynamicShimConstrainToFast=No
##$PVM_DynamicShimSliceMargin=1
##$PVM_DynamicShimEventDuration=30
##$PVM_AtsNpos=1
##$PVM_AtsOverlap=0
##$PVM_AtsShifts=( 1 )
0
##$PVM_AtsPositions=( 1 )
-0
##$PVM_AtsCentralSetup=Yes
##$PVM_AtsScanPosition=-0
##$PVM_AtsCentralEndPos=Yes
##$PVM_AtsCenterPos=-0
##$PVM_AtsFov=8.6947001950661331
##$PVM_AtsResol=-0.99939082701909565
##$PVM_AtsMultiPosSupported=Yes
##$PVM_TuneupShimAvailable=Yes
##$PVM_StartupShimAvailable=Yes
##$PVM_StartupShimCond=TuneupShim
##$PVM_StartupShimList=( <S0> , <Spherical Shim.> )
##$GopAdj=Yes
##$IsGrappaAdj=No
##$PVM_AutoRg=( 1 )
(<job0>, 101)
##$PVM_RampTime=0.10000000000000001
##$PVM_RiseTime=0.13100000000000001
##$PVM_DynamicShimRisetime=10
##$PVM_RgJob=<job0>
##$PVM_RgValue=101
$$ @vis= MethodFileGroup MethodClass Method MethManagGroup PVM_GeoObj
$$ @vis= PVM_StudyInstrumentPosition PVM_ExportHandler MethodAtsRefPosGroup
$$ @vis= PVM_AtsBedPositionMode PVM_AtsChangeRefPos PVM_AtsRefGeoObj
$$ @vis= PVM_AtsRefGeoCub PVM_AtsRefPosTransferred PVM_EchoTime
$$ @vis= PVM_RepetitionTime PVM_NEchoImages PVM_NAverages PVM_NRepetitions
$$ @vis= PVM_ScanTimeStr PVM_DeriveGains RF_Pulses ExcPulse1Enum ExcPulse1
$$ @vis= Nuclei PVM_GradCalConst PVM_Nucleus1Enum PVM_Nucleus1 PVM_RefPowMod1
$$ @vis= PVM_RefPowCh1 PVM_RefPowStat1 PVM_FrqRef PVM_FrqWorkOffset
$$ @vis= PVM_FrqWork PVM_FrqRefPpm PVM_FrqWorkOffsetPpm PVM_FrqWorkPpm
$$ @vis= PVM_NucleiPpmWork PVM_TxCoilScMode1 PVM_TxCoilAdjStat1
$$ @vis= PVM_TxCoilAmpScaling1 PVM_TxCoilPhaseOffset1 Encoding PVM_EncGenOpt
$$ @vis= PVM_EncGenEllipse PVM_MbEncAccelFactor PVM_MbEncBlipFactor
$$ @vis= PVM_EncGen3D PVM_EncGen4D PVM_EncGenPpi PVM_EncGenCaipirinha
$$ @vis= PVM_EncGenTCaipirinha PVM_EncVirtualCoils PVM_EncCS PVM_EncCSNumRef
$$ @vis= PVM_EncCSGradOpt PVM_EncCSEllipse PVM_EncPftAlgorithm
$$ @vis= PVM_EncPpiRefScan PVM_IsEpiScan PVM_SpatDimEnum PVM_IsotropicFovRes
$$ @vis= PVM_Matrix PVM_MinMatrix PVM_MaxMatrix PVM_DefMatrix PVM_AntiAlias
$$ @vis= PVM_MaxAntiAlias PVM_EncSpectroscopy PVM_EncUseMultiRec
$$ @vis= PVM_EncActReceivers PVM_EncZf PVM_EncPft PVM_EncPftOverscans
$$ @vis= PVM_EncPpi PVM_EncOrder PVM_EncStart Encoding_Output
$$ @vis= PVM_EncNReceivers PVM_EncAvailReceivers PVM_EncChanScaling
$$ @vis= PVM_EncChanPhase PVM_EncMatrix PVM_EncTotalAccel PVM_EncSteps1
$$ @vis= PVM_EncCentralStep1 PVM_EncValues1 PVM_EncGenSteps0 PVM_EncGenSteps1
$$ @vis= PVM_EncGenSteps2 PVM_EncGenValues1 PVM_EncGenTotalSteps
$$ @vis= PVM_EncGenLoopOuter Sequence_Details PVM_EffSWh PVM_EchoPosition
$$ @vis= EncGradDur PVM_AcquisitionTime ReadSpoiler SliceSpoiler ImageGeometry
$$ @vis= PVM_Isotropic PVM_Fov PVM_MinFov PVM_SpatResol PVM_SliceThick
$$ @vis= PVM_MinSliceThick PVM_ObjOrderScheme PVM_ObjOrderList PVM_NSPacks
$$ @vis= PVM_SPackArrNSlices PVM_MajSliceOri PVM_SPackArrSliceOrient
$$ @vis= PVM_SPackArrReadOrient PVM_SPackArrReadOffset
$$ @vis= PVM_SPackArrPhase1Offset PVM_SPackArrSliceOffset
$$ @vis= PVM_SPackArrSliceGapMode PVM_SPackArrSliceGap
$$ @vis= PVM_SPackArrSliceDistance PVM_SliceGeo PVM_SliceGeoObj
$$ @vis= SliceOffsetPars PVM_MbSliceDist PVM_MbRelSliceDist PVM_MbSliceGeo
$$ @vis= PVM_MbSliceGeoObj PVM_MbObjOrderList Preparation
$$ @vis= DummyScans_Parameters PVM_DummyScans PVM_DummyScansDur
$$ @vis= PVM_NMovieFrames PVM_EvolutionOnOff PVM_TriggerModule
$$ @vis= PVM_TaggingOnOff PVM_SelIrOnOff PVM_SelIrInvTime PVM_SelIrNSlabs
$$ @vis= PVM_SelIrSlabThick PVM_SelIrMinThick PVM_SelIrSlabOffset
$$ @vis= PVM_SelIrPulEnum PVM_SelIrPul PVM_SelIrPulAmpl PVM_SelIrSpoiler
$$ @vis= PVM_SelIrModuleTime PVM_SelIrOffsetHz PVM_SelIrGrad PVM_SelIrFL
$$ @vis= PVM_SelIrD0 PVM_SelIrD1 PVM_SelIrD2 PVM_SelIrD4 PVM_SelIrP0
$$ @vis= PVM_SelIrL0 PVM_BlBloodOnOff PVM_BlBloodInvTime PVM_BlBloodNSlabs
$$ @vis= PVM_BlBloodSlabThick PVM_BlBloodMinThick PVM_BlBloodSlabOffset
$$ @vis= PVM_BlBloodPulEnum PVM_BlBloodPul PVM_BlBloodPulAmpl
$$ @vis= PVM_BlBloodSpoiler PVM_BlBloodModuleTime PVM_BlBloodOffsetHz
$$ @vis= PVM_BlBloodGrad PVM_BlBloodFL PVM_BlbD0 PVM_BlbD1 PVM_BlbD2 PVM_BlbP0
$$ @vis= PVM_FatSupOnOff Fat_Sup_Parameters PVM_FatSupPulEnum PVM_FatSupPul
$$ @vis= PVM_FatSupBandWidth PVM_FatSupSpoil PVM_FatSupModuleTime
$$ @vis= PVM_FatSupPerform PVM_FatSupRampTime PVM_FatSupGradWait PVM_FatSupFL
$$ @vis= PVM_FatSupRfLength PVM_FatSupSpoilDur PVM_FatSupSpoilAmp
$$ @vis= PVM_SatTransOnOff PVM_FovSatOnOff Fov_Sat_Parameters
$$ @vis= PVM_InFlowSatOnOff PVM_MotionSupOnOff DriftComp_Parameters
$$ @vis= PVM_DriftCompYesNo PVM_DriftCompNavOnOff PVM_DriftCompNavD1
$$ @vis= PVM_DriftCompNavD2 PVM_DriftCompNavD3 PVM_DriftCompNavD4
$$ @vis= PVM_DriftCompNavD5 PVM_DriftCompNavP0 RFSpoiling AngioMode MapShim
$$ @vis= PVM_MapShimReady PVM_MapShimStatus PVM_MapShimFailure PVM_DynamicShim
$$ @vis= PVM_MapShimNVolumes PVM_ReqShimEnum PVM_DynamicShimConstrainToFast
$$ @vis= MethodAtsGroup PVM_AtsNpos PVM_AtsScanPosition PVM_AtsCenterPos
$$ @vis= PVM_AtsMultiPosFov PVM_AtsMultiPosSupported StartupShims
$$ @vis= PVM_TuneupShimAvailable PVM_StartupShimAvailable PVM_StartupShimCond
$$ @vis= GopAdj IsGrappaAdj PVM_AutoRg PVM_RampTime PVM_RiseTime
$$ @vis= PVM_DynamicShimRisetime RgGroup PVM_RgJob PVM_RgValue
##END=
$$ File finished by PARX at 2024-07-25 09:18:04.345 +0200
