##TITLE=Parameter List, ParaVision 360 V3.6
##JCAMPDX=4.24
##DATATYPE=Parameter Values
##ORIGIN=Bruker BioSpin GmbH & Co. KG
##OWNER=nmrsu
$$ Write Options: Symbolic Enums, RLE encoded arrays, symbol visibility
$$ 2024-12-04 10:23:31.777 +0100  nmrsu@czc1517bc3
$$ /opt/nmrdata/PV-360.3.6/data/nmrsu/20241204_095940_std_PV360_3_6_94T_protocols_B_1_3/13/method
$$ process /opt/PV-360.3.6/prog/bin/parxserver
##$Method=<Bruker:MGE>
##$PVM_GeoObj=( 2, 65 )
<PVM_SliceGeoObj> <PVM_MapShimVolDescr>
##$PVM_StudyInstrumentPosition=Head_Prone
##$PVM_ExportHandler=( 4 )
(<BRUKER_PARIMPORT_SLICEGEO>, <>, <Slice Geometry>) (<BRUKER_PARIMPORT_FOVSAT>
, <>, <FOV Saturation>) (<BRUKER_PARIMPORT_SLICEORIENT>, <>, <Slice 
Orientation>) (<BRUKER_PARIMPORT_MAPSHIM>, <>, <Shim Volume>)
##$PVM_EchoTime=3.5
##$PVM_RepetitionTime=800
##$PVM_NAverages=1
##$PVM_NRepetitions=1
##$PVM_ScanTime=204800
##$PVM_DeriveGains=Yes
##$ExcPulse1Enum=<Calculated>
##$ExcPulse1=(1.3999999999999999, 3000, 50, Yes, 3, 4200, 0.24683322194683865, 
0.20904120131196055, 0, 50, 0.32422065009829365, <$ExcPulse1Shape>)
##$ExcPulse1Ampl=(0.32422065009829365, 4.0262926501826319, 4.8915932774125519)
##$PVM_GradCalConst=41268.900000000001
##$PVM_Nucleus1Enum=<1H>
##$PVM_Nucleus1=( 8 )
<1H>
##$PVM_RefPowMod1=AutoAdj
##$PVM_RefPowCh1=0.12544373551604146
##$PVM_RefPowStat1=( 1024 )
<Study: Adj by Bruker:AdjRefPowADJ_REF_POW_TxSuc>
##$PVM_Nucleus2Enum=<17O>
##$PVM_Nucleus3Enum=<1H>
##$PVM_Nucleus4Enum=<1H>
##$PVM_Nucleus5Enum=<1H>
##$PVM_Nucleus6Enum=<1H>
##$PVM_Nucleus7Enum=<1H>
##$PVM_Nucleus8Enum=<1H>
##$PVM_FrqRef=( 8 )
400.33222442019792 0 0 0 0 0 0 0
##$PVM_FrqWorkOffset=( 8 )
0 0 0 0 0 0 0 0
##$PVM_FrqWork=( 8 )
400.33222442019792 0 0 0 0 0 0 0
##$PVM_FrqRefPpm=( 8 )
4.7000000000000002 0 0 0 0 0 0 0
##$PVM_FrqWorkOffsetPpm=( 8 )
0 0 0 0 0 0 0 0
##$PVM_FrqWorkPpm=( 8 )
4.7000000000000002 0 0 0 0 0 0 0
##$PVM_NucleiPpmWork=( 20 )
(<1H>, 4.7000000000000002) (<none>, 0) (<none>, 0) (<none>, 0) (<none>, 0) 
(<none>, 0) (<none>, 0) (<none>, 0) (<none>, 0) (<none>, 0) (<none>, 0) 
(<none>, 0) (<none>, 0) (<none>, 0) (<none>, 0) (<none>, 0) (<none>, 0) 
(<none>, 0) (<none>, 0) (<none>, 0)
##$PVM_EncGenOpt=Yes
##$PVM_EncGenEllipse=No
##$PVM_MbEncNBands=1
##$PVM_MbEncAccelFactor=1
##$PVM_MbEncBlipFactor=1
##$PVM_EncGen3D=Yes
##$PVM_EncGen4D=No
##$PVM_EncGenPpi=No
##$PVM_EncGenCaipirinha=No
##$PVM_EncGenTCaipirinha=No
##$PVM_EncVirtualCoils=No
##$PVM_EncCS=No
##$PVM_EncCSUndersampling=100
##$PVM_EncCSCenterRatio=10
##$PVM_EncCSNumRef=( 2 )
256 256
##$PVM_EncCSGradOpt=No
##$PVM_EncCSEllipse=No
##$PVM_EncPftAlgorithm=Zerofilling
##$PVM_EncPpiRefScan=No
##$PVM_IsEpiScan=No
##$PVM_SpatDimEnum=<2D>
##$PVM_IsotropicFovRes=Isot_None
##$PVM_Matrix=( 2 )
256 256
##$PVM_MinMatrix=( 2 )
32 32
##$PVM_MaxMatrix=( 2 )
2048 2048
##$PVM_DefMatrix=( 3 )
128 128 64
##$PVM_AntiAlias=( 2 )
1 1
##$PVM_MaxAntiAlias=( 2 )
2 8
##$PVM_EncSpectroscopy=No
##$PVM_EncUseMultiRec=No
##$PVM_EncActReceivers=( 1 )
On
##$PVM_EncZf=( 2 )
1 1
##$PVM_EncPft=( 2 )
1 1
##$PVM_EncPftOverscans=( 2 )
128 128
##$PVM_EncPpi=( 2 )
1 1
##$PVM_EncPpiRefLines=( 2 )
0 0
##$PVM_EncPpiGopRefLines=( 3 )
32 24 24
##$PVM_EncOrder=( 2 )
LINEAR_ENC LINEAR_ENC
##$PVM_EncStart=( 2 )
0 -1
##$PVM_EncNReceivers=1
##$PVM_EncAvailReceivers=7
##$PVM_EncChanScaling=( 1 )
1
##$PVM_EncChanPhase=( 1 )
114.09
##$PVM_EncMatrix=( 2 )
256 256
##$PVM_EncTotalAccel=1
##$PVM_EncSteps0=( 1 )
0
##$PVM_EncSteps1=( 256 )
-128 -127 -126 -125 -124 -123 -122 -121 -120 -119 -118 -117 -116 -115 -114 
-113 -112 -111 -110 -109 -108 -107 -106 -105 -104 -103 -102 -101 -100 -99 -98 
-97 -96 -95 -94 -93 -92 -91 -90 -89 -88 -87 -86 -85 -84 -83 -82 -81 -80 -79 
-78 -77 -76 -75 -74 -73 -72 -71 -70 -69 -68 -67 -66 -65 -64 -63 -62 -61 -60 
-59 -58 -57 -56 -55 -54 -53 -52 -51 -50 -49 -48 -47 -46 -45 -44 -43 -42 -41 
-40 -39 -38 -37 -36 -35 -34 -33 -32 -31 -30 -29 -28 -27 -26 -25 -24 -23 -22 
-21 -20 -19 -18 -17 -16 -15 -14 -13 -12 -11 -10 -9 -8 -7 -6 -5 -4 -3 -2 -1 0 
1 2 3 4 5 6 7 8 9 10 11 12 13 14 15 16 17 18 19 20 21 22 23 24 25 26 27 28 29 
30 31 32 33 34 35 36 37 38 39 40 41 42 43 44 45 46 47 48 49 50 51 52 53 54 55 
56 57 58 59 60 61 62 63 64 65 66 67 68 69 70 71 72 73 74 75 76 77 78 79 80 81 
82 83 84 85 86 87 88 89 90 91 92 93 94 95 96 97 98 99 100 101 102 103 104 105 
106 107 108 109 110 111 112 113 114 115 116 117 118 119 120 121 122 123 124 
125 126 127
##$PVM_EncSteps2=( 1 )
0
##$PVM_EncCentralStep1=1
##$PVM_EncValues1=( 256 )
-1 -0.9921875 -0.984375 -0.9765625 -0.96875 -0.9609375 -0.953125 -0.9453125 
-0.9375 -0.9296875 -0.921875 -0.9140625 -0.90625 -0.8984375 -0.890625 
-0.8828125 -0.875 -0.8671875 -0.859375 -0.8515625 -0.84375 -0.8359375 
-0.828125 -0.8203125 -0.8125 -0.8046875 -0.796875 -0.7890625 -0.78125 
-0.7734375 -0.765625 -0.7578125 -0.75 -0.7421875 -0.734375 -0.7265625 
-0.71875 -0.7109375 -0.703125 -0.6953125 -0.6875 -0.6796875 -0.671875 
-0.6640625 -0.65625 -0.6484375 -0.640625 -0.6328125 -0.625 -0.6171875 
-0.609375 -0.6015625 -0.59375 -0.5859375 -0.578125 -0.5703125 -0.5625 
-0.5546875 -0.546875 -0.5390625 -0.53125 -0.5234375 -0.515625 -0.5078125 -0.5 
-0.4921875 -0.484375 -0.4765625 -0.46875 -0.4609375 -0.453125 -0.4453125 
-0.4375 -0.4296875 -0.421875 -0.4140625 -0.40625 -0.3984375 -0.390625 
-0.3828125 -0.375 -0.3671875 -0.359375 -0.3515625 -0.34375 -0.3359375 
-0.328125 -0.3203125 -0.3125 -0.3046875 -0.296875 -0.2890625 -0.28125 
-0.2734375 -0.265625 -0.2578125 -0.25 -0.2421875 -0.234375 -0.2265625 
-0.21875 -0.2109375 -0.203125 -0.1953125 -0.1875 -0.1796875 -0.171875 
-0.1640625 -0.15625 -0.1484375 -0.140625 -0.1328125 -0.125 -0.1171875 
-0.109375 -0.1015625 -0.09375 -0.0859375 -0.078125 -0.0703125 -0.0625 
-0.0546875 -0.046875 -0.0390625 -0.03125 -0.0234375 -0.015625 -0.0078125 0 
0.0078125 0.015625 0.0234375 0.03125 0.0390625 0.046875 0.0546875 0.0625 
0.0703125 0.078125 0.0859375 0.09375 0.1015625 0.109375 0.1171875 0.125 
0.1328125 0.140625 0.1484375 0.15625 0.1640625 0.171875 0.1796875 0.1875 
0.1953125 0.203125 0.2109375 0.21875 0.2265625 0.234375 0.2421875 0.25 
0.2578125 0.265625 0.2734375 0.28125 0.2890625 0.296875 0.3046875 0.3125 
0.3203125 0.328125 0.3359375 0.34375 0.3515625 0.359375 0.3671875 0.375 
0.3828125 0.390625 0.3984375 0.40625 0.4140625 0.421875 0.4296875 0.4375 
0.4453125 0.453125 0.4609375 0.46875 0.4765625 0.484375 0.4921875 0.5 
0.5078125 0.515625 0.5234375 0.53125 0.5390625 0.546875 0.5546875 0.5625 
0.5703125 0.578125 0.5859375 0.59375 0.6015625 0.609375 0.6171875 0.625 
0.6328125 0.640625 0.6484375 0.65625 0.6640625 0.671875 0.6796875 0.6875 
0.6953125 0.703125 0.7109375 0.71875 0.7265625 0.734375 0.7421875 0.75 
0.7578125 0.765625 0.7734375 0.78125 0.7890625 0.796875 0.8046875 0.8125 
0.8203125 0.828125 0.8359375 0.84375 0.8515625 0.859375 0.8671875 0.875 
0.8828125 0.890625 0.8984375 0.90625 0.9140625 0.921875 0.9296875 0.9375 
0.9453125 0.953125 0.9609375 0.96875 0.9765625 0.984375 0.9921875
##$PVM_EncGenSteps0=( 1 )
0
##$PVM_EncGenSteps1=( 256 )
-128 -127 -126 -125 -124 -123 -122 -121 -120 -119 -118 -117 -116 -115 -114 
-113 -112 -111 -110 -109 -108 -107 -106 -105 -104 -103 -102 -101 -100 -99 -98 
-97 -96 -95 -94 -93 -92 -91 -90 -89 -88 -87 -86 -85 -84 -83 -82 -81 -80 -79 
-78 -77 -76 -75 -74 -73 -72 -71 -70 -69 -68 -67 -66 -65 -64 -63 -62 -61 -60 
-59 -58 -57 -56 -55 -54 -53 -52 -51 -50 -49 -48 -47 -46 -45 -44 -43 -42 -41 
-40 -39 -38 -37 -36 -35 -34 -33 -32 -31 -30 -29 -28 -27 -26 -25 -24 -23 -22 
-21 -20 -19 -18 -17 -16 -15 -14 -13 -12 -11 -10 -9 -8 -7 -6 -5 -4 -3 -2 -1 0 
1 2 3 4 5 6 7 8 9 10 11 12 13 14 15 16 17 18 19 20 21 22 23 24 25 26 27 28 29 
30 31 32 33 34 35 36 37 38 39 40 41 42 43 44 45 46 47 48 49 50 51 52 53 54 55 
56 57 58 59 60 61 62 63 64 65 66 67 68 69 70 71 72 73 74 75 76 77 78 79 80 81 
82 83 84 85 86 87 88 89 90 91 92 93 94 95 96 97 98 99 100 101 102 103 104 105 
106 107 108 109 110 111 112 113 114 115 116 117 118 119 120 121 122 123 124 
125 126 127
##$PVM_EncGenSteps2=( 256 )
@256*(0)
##$PVM_EncGenValues1=( 256 )
-1 -0.9921875 -0.984375 -0.9765625 -0.96875 -0.9609375 -0.953125 -0.9453125 
-0.9375 -0.9296875 -0.921875 -0.9140625 -0.90625 -0.8984375 -0.890625 
-0.8828125 -0.875 -0.8671875 -0.859375 -0.8515625 -0.84375 -0.8359375 
-0.828125 -0.8203125 -0.8125 -0.8046875 -0.796875 -0.7890625 -0.78125 
-0.7734375 -0.765625 -0.7578125 -0.75 -0.7421875 -0.734375 -0.7265625 
-0.71875 -0.7109375 -0.703125 -0.6953125 -0.6875 -0.6796875 -0.671875 
-0.6640625 -0.65625 -0.6484375 -0.640625 -0.6328125 -0.625 -0.6171875 
-0.609375 -0.6015625 -0.59375 -0.5859375 -0.578125 -0.5703125 -0.5625 
-0.5546875 -0.546875 -0.5390625 -0.53125 -0.5234375 -0.515625 -0.5078125 -0.5 
-0.4921875 -0.484375 -0.4765625 -0.46875 -0.4609375 -0.453125 -0.4453125 
-0.4375 -0.4296875 -0.421875 -0.4140625 -0.40625 -0.3984375 -0.390625 
-0.3828125 -0.375 -0.3671875 -0.359375 -0.3515625 -0.34375 -0.3359375 
-0.328125 -0.3203125 -0.3125 -0.3046875 -0.296875 -0.2890625 -0.28125 
-0.2734375 -0.265625 -0.2578125 -0.25 -0.2421875 -0.234375 -0.2265625 
-0.21875 -0.2109375 -0.203125 -0.1953125 -0.1875 -0.1796875 -0.171875 
-0.1640625 -0.15625 -0.1484375 -0.140625 -0.1328125 -0.125 -0.1171875 
-0.109375 -0.1015625 -0.09375 -0.0859375 -0.078125 -0.0703125 -0.0625 
-0.0546875 -0.046875 -0.0390625 -0.03125 -0.0234375 -0.015625 -0.0078125 0 
0.0078125 0.015625 0.0234375 0.03125 0.0390625 0.046875 0.0546875 0.0625 
0.0703125 0.078125 0.0859375 0.09375 0.1015625 0.109375 0.1171875 0.125 
0.1328125 0.140625 0.1484375 0.15625 0.1640625 0.171875 0.1796875 0.1875 
0.1953125 0.203125 0.2109375 0.21875 0.2265625 0.234375 0.2421875 0.25 
0.2578125 0.265625 0.2734375 0.28125 0.2890625 0.296875 0.3046875 0.3125 
0.3203125 0.328125 0.3359375 0.34375 0.3515625 0.359375 0.3671875 0.375 
0.3828125 0.390625 0.3984375 0.40625 0.4140625 0.421875 0.4296875 0.4375 
0.4453125 0.453125 0.4609375 0.46875 0.4765625 0.484375 0.4921875 0.5 
0.5078125 0.515625 0.5234375 0.53125 0.5390625 0.546875 0.5546875 0.5625 
0.5703125 0.578125 0.5859375 0.59375 0.6015625 0.609375 0.6171875 0.625 
0.6328125 0.640625 0.6484375 0.65625 0.6640625 0.671875 0.6796875 0.6875 
0.6953125 0.703125 0.7109375 0.71875 0.7265625 0.734375 0.7421875 0.75 
0.7578125 0.765625 0.7734375 0.78125 0.7890625 0.796875 0.8046875 0.8125 
0.8203125 0.828125 0.8359375 0.84375 0.8515625 0.859375 0.8671875 0.875 
0.8828125 0.890625 0.8984375 0.90625 0.9140625 0.921875 0.9296875 0.9375 
0.9453125 0.953125 0.9609375 0.96875 0.9765625 0.984375 0.9921875
##$PVM_EncGenTotalSteps=256
##$PVM_EncGenLoopOuter=1
##$PVM_NEchoImages=8
##$EchoAcqMode=allEchoes
##$EchoSpacing=5
##$MinEchoSpacing=3.9203999999999999
##$EffectiveTE=( 8 )
3.5 8.5 13.5 18.5 23.5 28.5 33.5 38.5
##$PVM_EffSWh=74626.86567164179
##$PVM_EchoPosition=50
##$EncGradDur=0.40480000000000005
##$PVM_AcquisitionTime=3.4304000000000001
##$ReadSpoiler=(Yes, 2, 1.2406436808347205, 50)
##$SliceSpoiler=(Yes, 2, 0.35999999999999999, 16.827306868960509)
##$PVM_Isotropic=Isotropic_None
##$PVM_Fov=( 2 )
20 20
##$PVM_FovCm=( 2 )
2 2
##$PVM_SpatResol=( 2 )
0.078125 0.078125
##$PVM_SliceThick=0.80000000000000004
##$PVM_ObjOrderScheme=Interlaced
##$PVM_ObjOrderList=( 1 )
0
##$PVM_NSPacks=1
##$PVM_SPackArrNSlices=( 1 )
1
##$PVM_MajSliceOri=No
##$PVM_SPackArrSliceOrient=( 1 )
coronal
##$PVM_SPackArrReadOrient=( 1 )
H_F
##$PVM_SPackArrReadOffset=( 1 )
0
##$PVM_SPackArrPhase1Offset=( 1 )
2.6373624592844558
##$PVM_SPackArrPhase2Offset=( 1 )
0
##$PVM_SPackArrSliceOffset=( 1 )
-13.461540212928009
##$PVM_SPackArrSliceGapMode=( 1 )
non_contiguous
##$PVM_SPackArrSliceGap=( 1 )
0
##$PVM_SPackArrSliceDistance=( 1 )
0.80000000000000004
##$PVM_SPackArrGradOrient=( 1, 3, 3 )
0 0 1 1 0 0 0 1 0
##$PVM_SliceGeo=( 1 )
(((0 0 -1 1 0 0 0 -1 0, 2.6373624592844558 13.461540212928009 0, 0 0 0), 20 
20 0.80000000000000004, <+R;read> <+P;phase> <+S;slice>, 0), 1, 1, 256, 
0.80000000000000004, 0, No)
##$PVM_SliceGeoObj=(<BRUKER_SLICEPACKAGE>, GeoCuboidPackId, Standard_GobjShape,
 <PVM_SliceGeo>, <PVM_ObjOrderList>, 0, <R;read> <P;phase> <S;slice>, Yes, 
4195848)
##$PVM_EffPhase0Offset=( 1 )
0
##$PVM_EffPhase1Offset=( 1 )
2.6373624592844558
##$PVM_EffPhase2Offset=( 1 )
0
##$PVM_EffSliceOffset=( 1 )
-13.461540212928009
##$PVM_EffReadOffset=( 1 )
0
##$PVM_Phase0Offset=( 1 )
0
##$PVM_Phase1Offset=( 1 )
2.6373624592844558
##$PVM_Phase2Offset=( 1 )
0
##$PVM_SliceOffset=( 1 )
-13.461540212928009
##$PVM_ReadOffset=( 1 )
0
##$PVM_DummyScans=2
##$PVM_DummyScansDur=1600
##$PVM_EvolutionOnOff=Off
##$PVM_NEvolutionCycles=2
##$PVM_EvolutionCycles=1
##$PVM_EvolutionMode=Constant_Delay
##$PVM_EvolutionTime=( 2 )
1 0
##$PVM_EvolutionDelay=1
##$PVM_EvolutionModuleTime=0
##$PVM_TriggerModule=Off
##$PVM_TriggerMode=per_PhaseStep
##$PVM_TriggerDelay=1
##$PVM_TriggerDur=0.01
##$PVM_TriggerModuleTime=0
##$PVM_TaggingOnOff=Off
##$PVM_TaggingPulEnum=<bp>
##$PVM_TaggingPul=(0.20000000000000001, 6400, 90, No, 3, 1280, 1, 1, 0, 50, 
3.1360933879010364, <bp.exc>)
##$PVM_TaggingPulAmpl=(3.1360933879010364, 12.52216712055273, 
-4.9638898680775041)
##$PVM_TaggingMode=SPAMM
##$PVM_TaggingDir=Tagging_grid
##$PVM_TaggingDistance=1
##$PVM_TaggingMinDistance=0.001
##$PVM_TaggingThick=0.20000000000000001
##$PVM_TaggingOffset1=0
##$PVM_TaggingOffset2=0
##$PVM_TaggingAngle=0
##$PVM_TaggingDelay=0.01
##$PVM_TaggingModuleTime=0
##$PVM_TaggingInterPulseDelay=0.76462643782606277
##$PVM_TaggingPulseNumber=5
##$PVM_TaggingPulseElement=0.040000000000000001
##$PVM_TaggingGradientStrength=5
##$PVM_TaggingGridDelay=0.01
##$PVM_TaggingFL=( 2 )
0 0
##$PVM_TaggingD0=1.0000000000000001e-05
##$PVM_TaggingD1=1.0000000000000001e-05
##$PVM_TaggingD2=0.00048462643782606272
##$PVM_TaggingD3=0.00048000000000000001
##$PVM_TaggingD4=0.00024000000000000001
##$PVM_TaggingP0=40
##$PVM_TaggingLp0=4
##$PVM_TaggingGradAmp1=5
##$PVM_TaggingGradAmp2=-0
##$PVM_TaggingGradAmp3=0
##$PVM_TaggingGradAmp4=5
##$PVM_TaggingSpoiler=(Yes, 1, 0.71999999999999997, 43.077905584538911)
##$PVM_SelIrOnOff=Off
##$PVM_BlBloodOnOff=Off
##$PVM_FatSupOnOff=On
##$PVM_FatSupPulEnum=<gauss512>
##$PVM_FatSupPul=(1.9571428571428569, 1400, 90, No, 3, 2740, 
0.41506880000000002, 0.29535713748727183, 0, 50, 0.1900919583946564, 
<gauss512.exc>)
##$PVM_FatSupPulAmpl=(0.1900919583946564, 3.0829527923295905, 
7.2103625503722224)
##$PVM_FatSupBandWidth=1400
##$PVM_FatSupSpoil=(Yes, 3, 0.71999999999999997, 12.620480151720383)
##$PVM_FatSupModuleTime=2.9371428571428568
##$PVM_FatSupPerform=Yes
##$PVM_FatSupRampTime=0.23999999999999999
##$PVM_FatSupGradWait=0.01
##$PVM_FatSupFL=( 1 )
-1401.1562000365523
##$PVM_FatSupRfLength=1957.1428571428569
##$PVM_FatSupSpoilDur=0.71999999999999997
##$PVM_FatSupSpoilAmp=12.620480151720383
##$PVM_SatTransOnOff=Off
##$PVM_SatTransType=MTC
##$PVM_SatTransPulse=(1.8266666666666667, 1500, 117.09999999999999, No, 3, 
2740, 0.4181723, 0.29872376467597078, 0, 50, 0.36395577838052973, <gauss.exc>)
##$PVM_SatTransPulseEnum=<gauss>
##$PVM_SatTransPulseAmpl_uT=10.001764446036766
##$PVM_SatTransFreqInput=by_value
##$PVM_SatTransFreqUnit=unit_hz
##$PVM_SatTransFreqValues=( 1 )
1500
##$PVM_SatTransFreqRanges=( 1, 3 )
0 0 0
##$PVM_SatTransInterPulseDelay=0.01
##$PVM_SatTransNPulses=1
##$PVM_SatTransSpoil=(Yes, 5, 2, 7.5722880910322292)
##$PVM_SatTransModuleTime=0
##$PVM_SatTransModuleMeanRFPower=48.596890441097884
##$PVM_SatTransPowerList=( 1 )
0.36395577838052973
##$PVM_SatTransRepetitions=1
##$PVM_SatTransRefScan=Off
##$PVM_SatTransFL=( 1 )
1500
##$PVM_StD0=9.9999999999999995e-07
##$PVM_StD1=9.9999999999999995e-07
##$PVM_StD2=9.9999999999999995e-07
##$PVM_StD3=9.9999999999999995e-07
##$PVM_StP0=10
##$PVM_FovSatOnOff=Off
##$PVM_FovSatPulEnum=<Calculated>
##$PVM_FovSatPul=(1.2, 5000, 90, Yes, 4, 6000, 0.15558072029082534, 
0.13562335619905388, 0, 50, 3.5989426856558344, <$PVM_FovSatPulShape>)
##$PVM_FovSatPulAmpl=(3.5989426856558344, 13.414437531361191, 
-5.561749304257356)
##$PVM_FovSatNSlices=1
##$PVM_FovSatThick=( 1 )
4
##$PVM_FovSatOffset=( 1 )
0
##$PVM_FovSatSpoil=(Yes, 10, 0.95999999999999996, 6.3102400758601913)
##$PVM_FovSatSpoilDur=0.71999999999999997
##$PVM_FovSatSpoilAmp=6.3102400758601913
##$PVM_FovSatModuleTime=0
##$PVM_FovSatGrad=( 1, 3 )
3.028915236412892 0 0
##$PVM_FovSatRampTime=0.23999999999999999
##$PVM_FovSatGradWait=0.01
##$PVM_FovSatSliceOri=( 1 )
sagittal
##$PVM_FovSatSliceVec=( 1, 3 )
1 0 0
##$PVM_FovSatFL=( 1 )
0
##$PVM_FovSatRfLength=1200
##$PVM_FovSatGeoObj=(<BRUKER_FOVSAT>, GeoPlanarId, Standard_GobjShape, 
<PVM_FovSatGeoCub>, <>, 0, <1;first> <2;second> <S;slice>, Yes, 524384)
##$PVM_FovSatGeoCub=( 1 )
(((0 -1 0 0 0 -1 1 0 0, 0 0 0, 0 0 0), 50 50 4, <+1;first> <+2;second> 
<+S;slice>, 0), 1, 1, 1, 4, 0, No)
##$PVM_InFlowSatOnOff=Off
##$PVM_InFlowSatNSlices=1
##$PVM_InFlowSatThick=( 1 )
4
##$PVM_InFlowSatMinThick=0.12115660945651568
##$PVM_InFlowSatSliceGap=0
##$PVM_FlowSatGeoObj=(<BRUKER_FLOWSAT>, GeoPlanarId, Standard_GobjShape, 
<PVM_FlowSatGeoCub>, <>, 0, <1;first> <2;second> <S;slice>, Yes, 553191)
##$PVM_FlowSatGeoCub=( 1 )
(((1 0 0 0 -1 0 0 0 -1, 0 0 -2.5, 0 0 0), 48 48 4, <+1;first> <+2;second> 
<+S;slice>, 0), 1, 1, 1, 4, 0, No)
##$PVM_FlowSatPulEnum=<Calculated>
##$PVM_FlowSatPul=(1.2, 5000, 90, Yes, 4, 6000, 0.15558072029082534, 
0.13562335619905388, 0, 50, 3.5989426856558344, <$PVM_FlowSatPulShape>)
##$PVM_FlowSatPulAmpl=(3.5989426856558344, 13.414437531361191, 
-5.561749304257356)
##$PVM_InFlowSatSpoil=(Yes, 5, 0.71999999999999997, 4.2068267172401281)
##$PVM_InFlowSatPos=up
##$PVM_InFlowSatModuleTime=0
##$PVM_InFlowSatFL=( 1 )
-13826.925266160011
##$PVM_SfD0=0.00024000000000000001
##$PVM_SfD2=0.00071999999999999994
##$PVM_SfP0=1200
##$PVM_SfLp0=1
##$PVM_MotionSupOnOff=On
##$PVM_DriftCompYesNo=No
##$PVM_DriftCompStore=No
##$PVM_DriftCompUpdateTime=800
##$PVM_DriftCompNavOnOff=On
##$PVM_DriftCompModuleTime=0
##$PVM_DriftCompNavPoints=96
##$PVM_DriftCompNavPulse=(0.54800000000000004, 5000, 1, No, 3, 2740, 0.4181723,
 0.29872376467597078, 0, 50, 0.00029491191505482967, <gauss.exc>)
##$PVM_DriftCompNavPulseEnum=<gauss>
##$PVM_DriftCompNavSWh=10000
##$PVM_DriftCompNavSpoilYesNo=No
##$PVM_DriftCompNavSpoil=(Yes, 1, 1, 10)
##$PVM_DriftCompStickFreq=No
##$PVM_DriftCompNavD1=9.5999999999999996
##$PVM_DriftCompNavD2=0
##$PVM_DriftCompNavD3=0.044999999999999998
##$PVM_DriftCompNavD4=0.065000000000000002
##$PVM_DriftCompNavD5=0
##$PVM_DriftCompNavP0=1
##$RFSpoiling=No
##$PVM_MapShimReady=Yes
##$PVM_MapShimLocShim=No
##$PVM_MapShimStatus=( 128 )
<Mapshim ready.>
##$PVM_MapShimFailure=( 1, 21 )
<Mapshim is possible.>
##$PVM_MapShimCalcStat=( 256 )
<Succeeded>
##$PVM_DynamicShim=( 1, 10 )
0 0 0 0 0 0 0 0 0 0
##$PVM_MapShimNVolumes=1
##$PVM_MapShimVolDescr=(<BRUKER_SHIMVOL>, GeoCuboidPackId, 
Ellipsoid_In_GobjShape, <PVM_MapShimVolumes>, <>, 0, <+1; 1st dir> <+2; 2nd 
dir> <+3; 3rd dir>, Yes, 524288)
##$PVM_MapShimVolumes=( 1 )
(((0.99999069832886101 -0.0035305568139431301 0.0024775843761838598 
0.0035101320946046601 0.99996021631530396 0.0082002901976079602 
-0.0025064373991817599 -0.0081915172727690198 0.99996330773500597, 
2.1976500589056016 14.390404857905386 -2.8034891053009834, 0 0 0), 10.1754 
5.7977499999999997 11.2698, <+1; 1st dir> <+2; 2nd dir> <+3; 3rd dir>, 0), 1, 
1, 1, 11.2698, 0, No)
##$PVM_MapShimVolShape=Ellipsoid
##$PVM_ReqShimEnum=Map_Shim
##$PVM_MapShimUseShims=AllShims
##$PVM_MapShimVolDerive=No
##$PVM_MapShimVolMargin=( 3 )
0 0 0
##$PVM_MapShimVolMaster=( 65 )
<PVM_SliceGeoObj>
##$PVM_DynamicShimEnable=No
##$PVM_DynamicShimConstrainToFast=No
##$PVM_DynamicShimSliceMargin=1
##$PVM_DynamicShimEventDuration=30
##$PVM_AtsNpos=1
##$PVM_AtsOverlap=0
##$PVM_AtsShifts=( 1 )
0
##$PVM_AtsPositions=( 1 )
0
##$PVM_AtsCentralSetup=Yes
##$PVM_AtsScanPosition=0
##$PVM_AtsCentralEndPos=Yes
##$PVM_AtsCenterPos=0
##$PVM_AtsFov=20
##$PVM_AtsResol=-0.078125
##$PVM_AtsMultiPosSupported=No
##$PVM_AutoRg=( 1 )
(<job0>, 101)
##$PVM_GopAdjAutoRg=( 1 )
(<job0>, 71.799999999999997)
##$PVM_RampTime=0.20999999999999999
##$PVM_RiseTime=0.23999999999999999
##$PVM_DynamicShimRisetime=10
##$PVM_RgJob=<job0>
##$PVM_RgValue=101
$$ @vis= MethodFileGroup MethodClass Method MethManagGroup PVM_GeoObj
$$ @vis= PVM_StudyInstrumentPosition PVM_ExportHandler PVM_AtsBedPositionMode
$$ @vis= PVM_AtsChangeRefPos PVM_AtsRefPosTransferred PVM_EchoTime
$$ @vis= PVM_RepetitionTime PVM_NAverages PVM_NRepetitions PVM_ScanTimeStr
$$ @vis= PVM_DeriveGains RF_Pulses ExcPulse1Enum ExcPulse1 Nuclei
$$ @vis= PVM_GradCalConst PVM_Nucleus1Enum PVM_Nucleus1 PVM_RefPowMod1
$$ @vis= PVM_RefPowCh1 PVM_RefPowStat1 PVM_FrqRef PVM_FrqWorkOffset
$$ @vis= PVM_FrqWork PVM_FrqRefPpm PVM_FrqWorkOffsetPpm PVM_FrqWorkPpm
$$ @vis= PVM_NucleiPpmWork PVM_TxCoilScMode1 Encoding PVM_EncGenOpt
$$ @vis= PVM_EncGenEllipse PVM_MbEncAccelFactor PVM_MbEncBlipFactor
$$ @vis= PVM_EncGen3D PVM_EncGen4D PVM_EncGenPpi PVM_EncGenCaipirinha
$$ @vis= PVM_EncGenTCaipirinha PVM_EncVirtualCoils PVM_EncCS PVM_EncCSNumRef
$$ @vis= PVM_EncCSGradOpt PVM_EncCSEllipse PVM_EncPftAlgorithm PVM_IsEpiScan
$$ @vis= PVM_SpatDimEnum PVM_IsotropicFovRes PVM_Matrix PVM_MinMatrix
$$ @vis= PVM_MaxMatrix PVM_DefMatrix PVM_AntiAlias PVM_MaxAntiAlias
$$ @vis= PVM_EncSpectroscopy PVM_EncUseMultiRec PVM_EncActReceivers PVM_EncZf
$$ @vis= PVM_EncPft PVM_EncPftOverscans PVM_EncPpi PVM_EncOrder PVM_EncStart
$$ @vis= Encoding_Output PVM_EncNReceivers PVM_EncAvailReceivers
$$ @vis= PVM_EncChanScaling PVM_EncChanPhase PVM_EncMatrix PVM_EncTotalAccel
$$ @vis= PVM_EncSteps1 PVM_EncCentralStep1 PVM_EncValues1 PVM_EncGenSteps0
$$ @vis= PVM_EncGenSteps1 PVM_EncGenSteps2 PVM_EncGenValues1
$$ @vis= PVM_EncGenTotalSteps PVM_EncGenLoopOuter Echoes PVM_NEchoImages
$$ @vis= EchoAcqMode EchoSpacing MinEchoSpacing EffectiveTE Sequence_Details
$$ @vis= PVM_EffSWh PVM_EchoPosition EncGradDur PVM_AcquisitionTime
$$ @vis= ReadSpoiler SliceSpoiler ImageGeometry PVM_Isotropic PVM_Fov
$$ @vis= PVM_MinFov PVM_SpatResol PVM_SliceThick PVM_MinSliceThick
$$ @vis= PVM_ObjOrderScheme PVM_ObjOrderList PVM_NSPacks PVM_SPackArrNSlices
$$ @vis= PVM_MajSliceOri PVM_SPackArrSliceOrient PVM_SPackArrReadOrient
$$ @vis= PVM_SPackArrReadOffset PVM_SPackArrPhase1Offset
$$ @vis= PVM_SPackArrSliceOffset PVM_SPackArrSliceGapMode PVM_SPackArrSliceGap
$$ @vis= PVM_SPackArrSliceDistance PVM_SliceGeo PVM_SliceGeoObj
$$ @vis= SliceOffsetPars Preparation DummyScans_Parameters PVM_DummyScans
$$ @vis= PVM_DummyScansDur PVM_EvolutionOnOff PVM_TriggerModule
$$ @vis= PVM_TaggingOnOff PVM_SelIrOnOff PVM_SelIrInvTime PVM_SelIrNSlabs
$$ @vis= PVM_SelIrSlabThick PVM_SelIrMinThick PVM_SelIrSlabOffset
$$ @vis= PVM_SelIrPulEnum PVM_SelIrPul PVM_SelIrPulAmpl PVM_SelIrSpoiler
$$ @vis= PVM_SelIrModuleTime PVM_SelIrOffsetHz PVM_SelIrGrad PVM_SelIrFL
$$ @vis= PVM_SelIrD0 PVM_SelIrD1 PVM_SelIrD2 PVM_SelIrD4 PVM_SelIrP0
$$ @vis= PVM_SelIrL0 PVM_BlBloodOnOff PVM_BlBloodInvTime PVM_BlBloodNSlabs
$$ @vis= PVM_BlBloodSlabThick PVM_BlBloodMinThick PVM_BlBloodSlabOffset
$$ @vis= PVM_BlBloodPulEnum PVM_BlBloodPul PVM_BlBloodPulAmpl
$$ @vis= PVM_BlBloodSpoiler PVM_BlBloodModuleTime PVM_BlBloodOffsetHz
$$ @vis= PVM_BlBloodGrad PVM_BlBloodFL PVM_BlbD0 PVM_BlbD1 PVM_BlbD2 PVM_BlbP0
$$ @vis= PVM_FatSupOnOff Fat_Sup_Parameters PVM_FatSupPulEnum PVM_FatSupPul
$$ @vis= PVM_FatSupBandWidth PVM_FatSupSpoil PVM_FatSupModuleTime
$$ @vis= PVM_FatSupPerform PVM_FatSupRampTime PVM_FatSupGradWait PVM_FatSupFL
$$ @vis= PVM_FatSupRfLength PVM_FatSupSpoilDur PVM_FatSupSpoilAmp
$$ @vis= PVM_SatTransOnOff PVM_FovSatOnOff Fov_Sat_Parameters
$$ @vis= PVM_InFlowSatOnOff DriftComp_Parameters PVM_DriftCompYesNo
$$ @vis= PVM_DriftCompNavOnOff PVM_DriftCompNavD1 PVM_DriftCompNavD2
$$ @vis= PVM_DriftCompNavD3 PVM_DriftCompNavD4 PVM_DriftCompNavD5
$$ @vis= PVM_DriftCompNavP0 RFSpoiling MapShim PVM_MapShimReady
$$ @vis= PVM_MapShimLocShim PVM_MapShimStatus PVM_MapShimFailure
$$ @vis= PVM_MapShimCalcStat PVM_DynamicShim PVM_MapShimNVolumes
$$ @vis= PVM_MapShimVolDescr PVM_MapShimVolumes PVM_MapShimVolShape
$$ @vis= PVM_ReqShimEnum PVM_MapShimUseShims PVM_MapShimVolDerive
$$ @vis= PVM_MapShimVolMaster PVM_DynamicShimConstrainToFast MethodAtsGroup
$$ @vis= PVM_AtsScanPosition PVM_AtsCenterPos PVM_AtsMultiPosFov
$$ @vis= PVM_AtsMultiPosSupported PVM_AutoRg PVM_GopAdjAutoRg PVM_RampTime
$$ @vis= PVM_RiseTime PVM_DynamicShimRisetime RgGroup PVM_RgJob PVM_RgValue
##END=
$$ File finished by PARX at 2024-12-04 10:23:31.780 +0100
