##TITLE=Parameter List, ParaVision 360 V3.6
##JCAMPDX=4.24
##DATATYPE=Parameter Values
##ORIGIN=Bruker BioSpin GmbH & Co. KG
##OWNER=nmrsu
$$ Write Options: Symbolic Enums, RLE encoded arrays, symbol visibility
$$ 2024-07-25 10:16:32.356 +0200  nmrsu@host
$$ /opt/nmrdata/PV-360.3.6/data/nmrsu/20240725_090212_std_PV360_3_6_94T_protocols_1_1/20/pdata/2/reco
$$ process /opt/PV-360.3.6/prog/bin/parxserver
##$RECO_abs_time=(1721895392, 300, 120)
##$RECO_base_image_uid=( 65 )
<2.16.756.5.5.200.906653985.1404.1721895390.1615>
##$RECO_fov=( 2 )
1.8 1.5
##$RECO_size=( 2 )
128 128
##$RecoAutoDerive=No
##$RecoDim=2
##$RecoSpatDim=2
##$RecoObjectsPerRepetition=115
##$RecoObjectsPerSetupStep=100
##$RecoSortObjectsPerRepetition=5
##$RecoNumRepetitions=1
##$RecoNumOutputChan=1
##$RecoDescriptionInSliceCount=1
##$RecoDescriptionSliceCount=5
##$RecoDescriptionOutSliceCount=23
##$RecoEncodingFrames=1
##$RecoRepetitionGroupSize=65
##$RecoPreppassProcDim=4
##$RecoPreppassMultiplier=1
##$RECO_inp_order=REV_ALT_ROWS
##$RECO_inp_size=( 2 )
0 80
##$RECO_ft_size=( 2 )
128 128
##$RECO_offset=( 2, 5 )
0 0 0 0 0 0 0 0 0 0
##$RECO_qopts=( 2 )
NO_QOPTS NO_QOPTS
##$RECO_wdw_mode=( 2 )
NO_WDW NO_WDW
##$RECO_lb=( 2 )
-0.5 -0.5
##$RECO_sw=( 2 )
0 1
##$RECO_gb=( 2 )
0.5 0.5
##$RECO_sbs=( 2 )
1 1
##$RECO_tm1=( 2 )
0.25 0.25
##$RECO_tm2=( 2 )
0.75 0.75
##$RECO_ft_mode=( 2 )
COMPLEX_FT COMPLEX_FT
##$RECO_pc_mode=( 2 )
FIRST_ORDER_PC FIRST_ORDER_PC
##$RECO_pc_lin=( 2 )
(0, 180) (0, 180)
##$RECO_rotate=( 2, 5 )
0.5 0.5 0.5 0.5 0.5 0.65624999999999978 0.65624999999999978 
0.65624999999999978 0.65624999999999978 0.65624999999999978
##$RECO_ppc_mode=NO_PPC
##$RECO_ppc_degree=1
##$RECO_transposition=( 115 )
@115*(0)
##$RECO_image_type=MAGNITUDE_IMAGE
##$RECO_image_threshold=0.14999999999999999
##$RECO_wordtype=_32BIT_SGN_INT
##$RECO_map_mode=ABSOLUTE_MAPPING
##$RECO_map_range=( 2 )
-2147483647 2147483647
##$RECO_map_percentile=( 2 )
1 99.900000000000006
##$RECO_map_error=0.025000000000000001
##$RECO_minima=( 115 )
32864980.802707944 33407018.84716206 24970628.892209411 24299053.89039598 
27015175.455426566 -297766774.81894571 -323651268.31010324 
-350046064.37741256 -340743424.4903571 -309692116.35706604 36981785.47772596 
36008715.181789182 34923505.59613388 35878263.568180881 36683403.973675206 
54503041.288896181 55516034.695851207 54517668.972613215 55762807.609049544 
54802184.373584405 -346613350.54011112 -361118903.91723967 
-437504215.24151236 -414735882.56960285 -389490859.42183077 
-361744962.24359012 -428023004.48261827 -381468825.74084926 
-351916966.75450748 -388792467.26282346 -311758289.68170798 
-336154901.68616927 -382605876.40960974 -434901259.04779184 
-370886937.55094314 -1401931875.8828092 -1679791449.7603097 
-1847824539.3043094 -1797094629.837358 -1526396203.6585362 
-1707963417.5142808 -1617197681.66416 -1649117995.543478 -1414693755.4968319 
-1546491534.4443631 -1827375164.4634624 -1398009288.3227084 
-1128182954.1018164 -1426969874.911464 -2147483646.5 -186144468.47268105 
-211809382.69867676 -205413704.60406956 -271122721.58826828 
-197309957.05843815 -317396296.93787348 -336162760.43435085 
-339818089.64519829 -334367940.52280104 -316101710.87325072 
-433237501.76021135 -477757245.85031819 -537184961.80877864 
-525921626.11467206 -518657699.14145517 -2147483646.5 -2146026349.9372308 
-2147436801.8832836 -2147307352.5952241 -2147410952.0039821 
-2147447448.0979357 -2147378132.7918007 -2147223146.2988024 
-2147314206.9905202 -2147482014.037657 -2147418618.749861 -2145861841.9249618 
-2147462358.0874803 -2146532011.4366698 -2146975707.9969666 
-2147462571.886451 -2147178368.0353203 -2147198051.3027921 
-2147400662.7834368 -2146822561.0783055 -2146790533.4845765 
-2146800977.4277103 -2147364128.4187202 -2147153213.8310795 
-2147235896.8508706 -2147336497.5957978 -2147483646.5 -2147302363.3817856 
-2146979399.6300938 -2147392622.8260705 -2147179277.8021808 
-2147048313.0721428 -2146668722.605751 -2147427512.1537709 
-2146584402.1546164 -2147477281.7129371 -2147320024.4123919 -2147483646.5 
-2147460325.535223 -2147465546.8485329 -2146020444.6180284 -2143141566.854707 
-2147379256.3020675 -2146049494.1050475 -2146162366.3268337 0 0 0 0 0
##$RECO_maxima=( 115 )
2147483549.6847219 2147483643.8442128 2147483646.5 2147483616.5358799 
2147483623.0736396 2099074104.8278766 1992680958.2535174 2147483646.5 
2091192217.8473248 2047870765.2322056 1306200403.0512252 1626616179.2957034 
1535825131.5588067 1802767465.0375793 2147483646.4999998 1247260249.2131732 
1544436119.0830677 1477061903.4534643 1732676068.540827 2147483646.5 
1978980055.3176506 2140975608.6626635 2147483646.5 2069233629.9814367 
1999225493.5209854 2008678801.2743783 2008854749.3748271 2026058910.6350467 
2147483646.5 2121297710.6279871 2147483646.5 1891056356.3858399 
2039613002.0690832 2050587458.985755 2064948465.2888668 1750791937.5734384 
1551011201.0103545 1647620300.3365505 2147483646.5 1917587123.697073 
1677533299.5771949 1774676786.4159007 2147483646.5 1520865978.4253571 
1883192316.0036407 1687094061.5640612 2088204863.7741458 1665651385.270869 
1531560601.7753248 1735395576.0226908 2140710812.6612992 2062543400.3360758 
2042226748.5024109 2147483646.5 2073034880.7741854 2062219521.2791722 
1975278937.6896453 2147483646.5 2104505504.7998588 2011775701.6929505 
1995718296.7290857 1980402337.3943515 2147483646.5 2068934543.3790154 
2014023969.2334054 2144895314.7613404 2145476837.1578622 2147294729.4695466 
2145565079.3834267 2146221715.356792 2147366613.3353271 2147267232.7782199 
2147483646.5 2146514660.7712471 2146820042.8843796 2147470135.6674895 
2147437530.6221421 2147421122.8971629 2147483646.5 2147451065.7972848 
2147424947.503536 2147451436.7256839 2147483646.5 2147445208.8153958 
2147382867.2674568 2147201164.4355431 2147483646.4999998 2146699419.0728266 
2147308904.0243309 2147355460.951071 2147437000.0441103 2147380937.2453692 
2147335624.4434321 2147387137.4428835 2147362788.2596574 2147448223.0828552 
2147468354.252012 2147483646.5 2147395807.4771626 2147325132.4041159 
2147260581.4748769 2147393916.8024902 2147294944.1239712 2147362486.9500754 
2147452181.6158543 2147371666.5247517 2147329302.1562791 2147483646.5 
2146901644.9947176 2147272133.1018832 2147483646.5 2147483646.5 2147483646.5 
2147483646.5 2147483646.5
##$RECO_map_min=( 115 )
-1.2247448710596931 -1.2247448710596931 -1.2247448710596931 
-1.2247448710596931 -1.2247448710596931 -0.0010132458766037881 
-0.0010132458766037881 -0.0010132458766037881 -0.0010132458766037881 
-0.0010132458766037881 -235996.47477415498 -235996.47477415498 
-235996.47477415498 -235996.47477415498 -235996.47477415498 
-178326.14512814069 -178326.14512814069 -178326.14512814069 
-178326.14512814069 -178326.14512814069 -0.0010405189270075821 
-0.0010405189270075821 -0.0010405189270075821 -0.0010405189270075821 
-0.0010405189270075821 -0.0010224950406461531 -0.0010224950406461531 
-0.0010224950406461531 -0.0010224950406461531 -0.0010224950406461531 
-0.0010896807410462768 -0.0010896807410462768 -0.0010896807410462768 
-0.0010896807410462768 -0.0010896807410462768 -0.0001443686172757743 
-0.0001443686172757743 -0.0001443686172757743 -0.0001443686172757743 
-0.0001443686172757743 -0.00018183449046840013 -0.00018183449046840013 
-0.00018183449046840013 -0.00018183449046840013 -0.00018183449046840013 
-0.00019133262939230962 -0.00019133262939230962 -0.00019133262939230962 
-0.00019133262939230962 -0.00019133262939230962 -0.0011046197026037693 
-0.0011046197026037693 -0.0011046197026037693 -0.0011046197026037693 
-0.0011046197026037693 -0.0010291489274079156 -0.0010291489274079156 
-0.0010291489274079156 -0.0010291489274079156 -0.0010291489274079156 
-0.00096011089911173669 -0.00096011089911173669 -0.00096011089911173669 
-0.00096011089911173669 -0.00096011089911173669 -0.99998876127775327 
-0.99998876127775327 -0.99998876127775327 -0.99998876127775327 
-0.99998876127775327 -0.99998466518199114 -0.99998466518199114 
-0.99998466518199114 -0.99998466518199114 -0.99998466518199114 
-0.99999335242505938 -0.99999335242505938 -0.99999335242505938 
-0.99999335242505938 -0.99999335242505938 -0.99998179421912536 
-0.99998179421912536 -0.99998179421912536 -0.99998179421912536 
-0.99998179421912536 -0.99999201819701899 -0.99999201819701899 
-0.99999201819701899 -0.99999201819701899 -0.99999201819701899 
-0.99999644161371526 -0.99999644161371526 -0.99999644161371526 
-0.99999644161371526 -0.99999644161371526 -0.99998451234497399 
-0.99998451234497399 -0.99998451234497399 -0.99998451234497399 
-0.99998451234497399 -0.99998546367162378 -0.99998546367162378 
-0.99998546367162378 -0.99998546367162378 -0.99998546367162378 
-0.99999451469678802 -0.99999451469678802 -0.99999451469678802 
-0.99999451469678802 -0.99999451469678802 -1 -1 -1 -1 -1
##$RECO_map_max=( 115 )
1.2247448710596931 1.2247448710596931 1.2247448710596931 1.2247448710596931 
1.2247448710596931 0.0010132458766037881 0.0010132458766037881 
0.0010132458766037881 0.0010132458766037881 0.0010132458766037881 
235996.47477415498 235996.47477415498 235996.47477415498 235996.47477415498 
235996.47477415498 178326.14512814069 178326.14512814069 178326.14512814069 
178326.14512814069 178326.14512814069 0.0010405189270075821 
0.0010405189270075821 0.0010405189270075821 0.0010405189270075821 
0.0010405189270075821 0.0010224950406461531 0.0010224950406461531 
0.0010224950406461531 0.0010224950406461531 0.0010224950406461531 
0.0010896807410462768 0.0010896807410462768 0.0010896807410462768 
0.0010896807410462768 0.0010896807410462768 0.0001443686172757743 
0.0001443686172757743 0.0001443686172757743 0.0001443686172757743 
0.0001443686172757743 0.00018183449046840013 0.00018183449046840013 
0.00018183449046840013 0.00018183449046840013 0.00018183449046840013 
0.00019133262939230962 0.00019133262939230962 0.00019133262939230962 
0.00019133262939230962 0.00019133262939230962 0.0011046197026037693 
0.0011046197026037693 0.0011046197026037693 0.0011046197026037693 
0.0011046197026037693 0.0010291489274079156 0.0010291489274079156 
0.0010291489274079156 0.0010291489274079156 0.0010291489274079156 
0.00096011089911173669 0.00096011089911173669 0.00096011089911173669 
0.00096011089911173669 0.00096011089911173669 0.99998876127775327 
0.99998876127775327 0.99998876127775327 0.99998876127775327 
0.99998876127775327 0.99998466518199114 0.99998466518199114 
0.99998466518199114 0.99998466518199114 0.99998466518199114 
0.99999335242505938 0.99999335242505938 0.99999335242505938 
0.99999335242505938 0.99999335242505938 0.99998179421912536 
0.99998179421912536 0.99998179421912536 0.99998179421912536 
0.99998179421912536 0.99999201819701899 0.99999201819701899 
0.99999201819701899 0.99999201819701899 0.99999201819701899 
0.99999644161371526 0.99999644161371526 0.99999644161371526 
0.99999644161371526 0.99999644161371526 0.99998451234497399 
0.99998451234497399 0.99998451234497399 0.99998451234497399 
0.99998451234497399 0.99998546367162378 0.99998546367162378 
0.99998546367162378 0.99998546367162378 0.99998546367162378 
0.99999451469678802 0.99999451469678802 0.99999451469678802 
0.99999451469678802 0.99999451469678802 1 1 1 1 1
##$RECO_map_offset=( 115 )
@115*(0)
##$RECO_map_slope=( 115 )
1753413055.4406161 1753413055.4406161 1753413055.4406161 1753413055.4406161 
1753413055.4406161 2119410200511.2185 2119410200511.2185 2119410200511.2185 
2119410200511.2185 2119410200511.2185 9099.6429016793954 9099.6429016793954 
9099.6429016793954 9099.6429016793954 9099.6429016793954 12042.449776261759 
12042.449776261759 12042.449776261759 12042.449776261759 12042.449776261759 
2063858321804.8005 2063858321804.8005 2063858321804.8005 2063858321804.8005 
2063858321804.8005 2100238691762.1863 2100238691762.1863 2100238691762.1863 
2100238691762.1863 2100238691762.1863 1970745710746.4839 1970745710746.4839 
1970745710746.4839 1970745710746.4839 1970745710746.4839 14875003217616.584 
14875003217616.584 14875003217616.584 14875003217616.584 14875003217616.584 
11810100718340.879 11810100718340.879 11810100718340.879 11810100718340.879 
11810100718340.879 11223823418517.842 11223823418517.842 11223823418517.842 
11223823418517.842 11223823418517.842 1944093194642.491 1944093194642.491 
1944093194642.491 1944093194642.491 1944093194642.491 2086659752839.4634 
2086659752839.4634 2086659752839.4634 2086659752839.4634 2086659752839.4634 
2236703747959.5137 2236703747959.5137 2236703747959.5137 2236703747959.5137 
2236703747959.5137 2147507781.7434816 2147507781.7434816 2147507781.7434816 
2147507781.7434816 2147507781.7434816 2147516578.2758989 2147516578.2758989 
2147516578.2758989 2147516578.2758989 2147516578.2758989 2147497922.1533723 
2147497922.1533723 2147497922.1533723 2147497922.1533723 2147497922.1533723 
2147522743.8284974 2147522743.8284974 2147522743.8284974 2147522743.8284974 
2147522743.8284974 2147500787.4281869 2147500787.4281869 2147500787.4281869 
2147500787.4281869 2147500787.4281869 2147491288.1035461 2147491288.1035461 
2147491288.1035461 2147491288.1035461 2147491288.1035461 2147516906.5010104 
2147516906.5010104 2147516906.5010104 2147516906.5010104 2147516906.5010104 
2147514863.4812484 2147514863.4812484 2147514863.4812484 2147514863.4812484 
2147514863.4812484 2147495426.163559 2147495426.163559 2147495426.163559 
2147495426.163559 2147495426.163559 2147483646.5 2147483646.5 2147483646.5 
2147483646.5 2147483646.5
##$RECO_byte_order=littleEndian
##$RecoUserUpdate=Yes
##$RecoReverseSegment=20
##$RecoB0DemodOff=0
##$RecoB0DemodDelay=0
##$RecoFTOrder=( 2 )
0 1
##$RecoHalfFTAlgorithm=ZEROFILLING
##$RecoHalfFT=( 2 )
No No
##$RecoHalfFTPos=( 2 )
64 16
##$RecoHalfFTAcq=Yes
##$RecoNoFT=No
##$RecoExportSortedData=No
##$RecoCorrPhase=RecoCorrPhaseOff
##$RecoCorrPhaseRef=-1
##$RECO_map_user_slope=1
##$RECO_map_user_offset=0
##$RecoNumInputChan=4
##$RecoScaleChan=( 4 )
0.99099999999999999 0.96599999999999997 0.98899999999999999 1
##$RecoPhaseChan=( 4 )
348.75999999999999 52.990000000000002 352.43000000000001 21.289999999999999
##$RecoCombineMode=SumOfSquares
##$RecoEncGenInt=3
##$RecoSortDim=3
##$RecoSortSize=( 3 )
80 5 65
##$RecoSortRange=( 3 )
128 5 65
##$RecoSortSegment=( 3 )
20 0 1
##$RecoSortMaps=( 150 )
48 52 56 60 64 68 72 76 80 84 88 92 96 100 104 108 112 116 120 124 49 53 57 
61 65 69 73 77 81 85 89 93 97 101 105 109 113 117 121 125 50 54 58 62 66 70 
74 78 82 86 90 94 98 102 106 110 114 118 122 126 51 55 59 63 67 71 75 79 83 
87 91 95 99 103 107 111 115 119 123 127 0 2 4 1 3 0 1 2 3 4 5 6 7 8 9 10 11 
12 13 14 15 16 17 18 19 20 21 22 23 24 25 26 27 28 29 30 31 32 33 34 35 36 37 
38 39 40 41 42 43 44 45 46 47 48 49 50 51 52 53 54 55 56 57 58 59 60 61 62 63 
64
##$RecoGrappaCoefficients=( 1 )
0
##$RecoSliceGrappaCoefficients=( 1 )
0
##$RecoGrappaAccelFactor=1
##$RecoGrappaAccelFactor2=1
##$RecoGrappaKernelRead=0
##$RecoGrappaKernelPhase=0
##$RecoGrappaKernelPhase2=4
##$RecoGrappaKernelTime=3
##$RecoGrappaNumRefRead=0
##$RecoGrappaNumRefPhase=0
##$RecoGrappaNumRefPhase2=0
##$RecoGrappaIncludeRefLines=No
##$RecoGrappaFirstRepOnly=No
##$RecoGrappaReadCenter=64
##$RecoGrappaPhaseCenter=0
##$RecoGrappaPhaseCenter2=0
##$RecoGrappaTruncThresh=0.050000000000000003
##$RecoGrappaLambda=0.01
##$RecoGrappaCoefReps=1
##$RecoSliceGrappaAccelFactor=1
##$RecoSliceGrappaBlipValue=1
##$RecoSliceGrappaKernelRead=5
##$RecoSliceGrappaKernelPhase=4
##$RecoSliceGrappaNumRefRead=0
##$RecoSliceGrappaNumRefPhase=0
##$RecoSliceGrappaReadCenter=64
##$RecoSliceGrappaPhaseCenter=0
##$RecoSliceGrappaTruncThresh=0.01
##$RecoSliceGrappaLambda=0.01
##$RecoSliceGrappaOff=No
##$RecoGrappa3D=No
##$RecoGrappaCaipirinha=No
##$RecoGrappaTCaipirinha=No
##$RecoGrappaVirtualCoils=No
##$RecoGrappaVirtualCoilsLambda=2
##$RecoGrappaPeak=No
##$RecoGrappaTimeLoop=No
##$RecoGrappaOne=No
##$RecoGrappaOneLambda=0.10000000000000001
##$RecoSegGrappa=No
##$RecoSegGrappaCalibrateFromB0=No
##$RecoSegGrappaInt=0
##$RecoSegGrappaSegments=1
##$RecoSegGrappaTruncThresh=0.01
##$RecoSegGrappaLambda=0.01
##$RecoSegGrappaLambdaSeg=2
##$RecoItGrappa=1
##$RecoCS=No
##$RecoNnDenoising=No
##$RecoNnCpuOnly=No
##$RecoNnParallelProcessing=1
##$RecoNnDifferenceMode=No
##$RecoNnPatchSizeMax=0
##$RecoNnNdIso=1
##$RecoNnPatchBorder=32
##$RecoNnDenoisingLevel=( 1 )
100
##$RecoNnDataConsistency=( 1 )
0
##$RecoNnDataConsistencyCenter=( 1 )
0
##$RecoNnDataConsistencyRatio=( 1 )
0
##$RecoNnDataConsistencyCenterRatio=( 1 )
0
##$RecoNnDenoisingPre=No
##$RecoNnDenoisingLevelPre=0
##$RecoNnDataConsistencyPre=100
##$RecoNnDataConsistencyCenterPre=100
##$RecoNnDataConsistencyRatioPre=100
##$RecoNnDataConsistencyCenterRatioPre=100
##$RecoRegridN=Off
##$RecoStageNrPasses=4
##$RecoStagePasses=( 4 )
(<FIRSTPASS>, 0) (<FTPASS1>, 1) (<PREPPASS>, 2) (<MAPPASS>, 3)
##$RecoStageNrNodes=88
##$RecoStageNodes=( 88 )
(<input>, 0, <RecoFileSource 
FS0{initFromRawJob=0;procDim=1;numChan=4;contData=true;}>) (<input>, 0, 
<RecoSharedQueueSink JQ0{queueId=Job_Out0;appendPsId=true;initQueue=true;}>) 
(<compute>, 0, <RecoSharedQueueSource 
Q0{initFromJob=0;queueId=Job_Out0;appendPsId=true;}>) (<compute>, 0, 
<RecoBufferSink S0{procDim=1;frameDim=2;bufferId="FIRSTPASS0";memId="out0"}>) 
(<compute>, 0, <RecoBufferSink 
S1{procDim=1;frameDim=2;bufferId="FIRSTPASS1";memId="out1"}>) (<compute>, 0, 
<RecoBufferSink S2{procDim=1;frameDim=2;bufferId="FIRSTPASS2";memId="out2"}>) 
(<compute>, 0, <RecoBufferSink 
S3{procDim=1;frameDim=2;bufferId="FIRSTPASS3";memId="out3"}>) (<compute>, 0, 
<RecoSplitFilter SP0{dim=1; keepBlocksize=1}>) (<compute>, 0, <RecoCastFilter 
CAST0{dataRep=FLOAT; wordSize=8}>) (<compute>, 0, <RecoReverseFilter 
REV0{segment=\<RecoReverseSegment\>}>) (<compute>, 0, <RecoZfillFilter 
Z0{fixedSize=\<RECO_ft_size[0]\>; dataPosition=0; fillingPosition=0.5}>) 
(<compute>, 0, <RecoFTShiftFilter FTS0{frameDim=2; winDirection=0; 
shift=\<RECO_rotate[0]\>; exponent=1}>) (<compute>, 0, <RecoFTFilter 
FT0{direction=0; exponent=1}>) (<compute>, 0, <RecoSortFilter 
REORD0{sortDim=\<RecoSortDim\>; sortSize=\<RecoSortSize\>; 
sortRange=\<RecoSortRange\>; sortSegment=\<RecoSortSegment\>; 
sortMaps=\<RecoSortMaps\>; frameDim = 2}>) (<compute>, 0, <RecoCastFilter 
CAST1{dataRep=FLOAT; wordSize=8}>) (<compute>, 0, <RecoReverseFilter 
REV1{segment=\<RecoReverseSegment\>}>) (<compute>, 0, <RecoZfillFilter 
Z1{fixedSize=\<RECO_ft_size[0]\>; dataPosition=0; fillingPosition=0.5}>) 
(<compute>, 0, <RecoFTShiftFilter FTS1{frameDim=2; winDirection=0; 
shift=\<RECO_rotate[0]\>; exponent=1}>) (<compute>, 0, <RecoFTFilter 
FT1{direction=0; exponent=1}>) (<compute>, 0, <RecoSortFilter 
REORD1{sortDim=\<RecoSortDim\>; sortSize=\<RecoSortSize\>; 
sortRange=\<RecoSortRange\>; sortSegment=\<RecoSortSegment\>; 
sortMaps=\<RecoSortMaps\>; frameDim = 2}>) (<compute>, 0, <RecoCastFilter 
CAST2{dataRep=FLOAT; wordSize=8}>) (<compute>, 0, <RecoReverseFilter 
REV2{segment=\<RecoReverseSegment\>}>) (<compute>, 0, <RecoZfillFilter 
Z2{fixedSize=\<RECO_ft_size[0]\>; dataPosition=0; fillingPosition=0.5}>) 
(<compute>, 0, <RecoFTShiftFilter FTS2{frameDim=2; winDirection=0; 
shift=\<RECO_rotate[0]\>; exponent=1}>) (<compute>, 0, <RecoFTFilter 
FT2{direction=0; exponent=1}>) (<compute>, 0, <RecoSortFilter 
REORD2{sortDim=\<RecoSortDim\>; sortSize=\<RecoSortSize\>; 
sortRange=\<RecoSortRange\>; sortSegment=\<RecoSortSegment\>; 
sortMaps=\<RecoSortMaps\>; frameDim = 2}>) (<compute>, 0, <RecoCastFilter 
CAST3{dataRep=FLOAT; wordSize=8}>) (<compute>, 0, <RecoReverseFilter 
REV3{segment=\<RecoReverseSegment\>}>) (<compute>, 0, <RecoZfillFilter 
Z3{fixedSize=\<RECO_ft_size[0]\>; dataPosition=0; fillingPosition=0.5}>) 
(<compute>, 0, <RecoFTShiftFilter FTS3{frameDim=2; winDirection=0; 
shift=\<RECO_rotate[0]\>; exponent=1}>) (<compute>, 0, <RecoFTFilter 
FT3{direction=0; exponent=1}>) (<compute>, 0, <RecoSortFilter 
REORD3{sortDim=\<RecoSortDim\>; sortSize=\<RecoSortSize\>; 
sortRange=\<RecoSortRange\>; sortSegment=\<RecoSortSegment\>; 
sortMaps=\<RecoSortMaps\>; frameDim = 2}>) (<compute>, 1, <RecoBufferSource 
Q0{procDim=2;frameDim=2;bufferId="FIRSTPASS0";memId="out0"}>) (<compute>, 1, 
<RecoBufferSource Q1{procDim=2;frameDim=2;bufferId="FIRSTPASS1";memId="out1"}>
) (<compute>, 1, <RecoBufferSource 
Q2{procDim=2;frameDim=2;bufferId="FIRSTPASS2";memId="out2"}>) (<compute>, 1, 
<RecoBufferSource Q3{procDim=2;frameDim=2;bufferId="FIRSTPASS3";memId="out3"}>
) (<compute>, 1, <RecoBufferSink 
S0{procDim=2;frameDim=2;bufferId="FTPASS10";memId="in0"}>) (<compute>, 1, 
<RecoBufferSink S1{procDim=2;frameDim=2;bufferId="FTPASS11";memId="in1"}>) 
(<compute>, 1, <RecoBufferSink 
S2{procDim=2;frameDim=2;bufferId="FTPASS12";memId="in2"}>) (<compute>, 1, 
<RecoBufferSink S3{procDim=2;frameDim=2;bufferId="FTPASS13";memId="in3"}>) 
(<compute>, 1, <RecoFTShiftFilter FTS0{frameDim=2; winDirection=1; 
shift=\<RECO_rotate[1]\>; exponent=1}>) (<compute>, 1, <RecoFTFilter 
FT0{direction=1;exponent=1;}>) (<compute>, 1, <RecoFTShiftFilter 
FTS1{frameDim=2; winDirection=1; shift=\<RECO_rotate[1]\>; exponent=1}>) 
(<compute>, 1, <RecoFTFilter FT1{direction=1;exponent=1;}>) (<compute>, 1, 
<RecoFTShiftFilter FTS2{frameDim=2; winDirection=1; shift=\<RECO_rotate[1]\>; 
exponent=1}>) (<compute>, 1, <RecoFTFilter FT2{direction=1;exponent=1;}>) 
(<compute>, 1, <RecoFTShiftFilter FTS3{frameDim=2; winDirection=1; 
shift=\<RECO_rotate[1]\>; exponent=1}>) (<compute>, 1, <RecoFTFilter 
FT3{direction=1;exponent=1;}>) (<compute>, 2, <RecoBufferSource 
Q0{procDim=4;frameDim=2;bufferId="FTPASS10";memId="in0"}>) (<compute>, 2, 
<RecoBufferSource Q1{procDim=4;frameDim=2;bufferId="FTPASS11";memId="in1"}>) 
(<compute>, 2, <RecoBufferSource 
Q2{procDim=4;frameDim=2;bufferId="FTPASS12";memId="in2"}>) (<compute>, 2, 
<RecoBufferSource Q3{procDim=4;frameDim=2;bufferId="FTPASS13";memId="in3"}>) 
(<compute>, 2, <RecoBufferSink 
S0{procDim=4;frameDim=2;bufferId="PREPPASS0";memId="out0"}>) (<compute>, 2, 
<RecoPhasCorrFilter PHCORR00{winDirection=0; ph0=0.000000; ph1=180.000000}>) 
(<compute>, 2, <RecoPhasCorrFilter PHCORR01{winDirection=0; ph0=0.000000; 
ph1=180.000000}>) (<compute>, 2, <RecoPhasCorrFilter PHCORR02{winDirection=0; 
ph0=0.000000; ph1=180.000000}>) (<compute>, 2, <RecoPhasCorrFilter 
PHCORR03{winDirection=0; ph0=0.000000; ph1=180.000000}>) (<compute>, 2, 
<RecoPhasCorrFilter PHCORR10{winDirection=1; ph0=0.000000; ph1=180.000000}>) 
(<compute>, 2, <RecoPhasCorrFilter PHCORR11{winDirection=1; ph0=0.000000; 
ph1=180.000000}>) (<compute>, 2, <RecoPhasCorrFilter PHCORR12{winDirection=1; 
ph0=0.000000; ph1=180.000000}>) (<compute>, 2, <RecoPhasCorrFilter 
PHCORR13{winDirection=1; ph0=0.000000; ph1=180.000000}>) (<compute>, 2, 
<RecoScaleFilter SCALE0{scaleFactor=\<RecoScaleChan[0]\>; 
phaseOffset=\<RecoPhaseChan[0]\>}>) (<compute>, 2, <RecoScaleFilter 
SCALE1{scaleFactor=\<RecoScaleChan[1]\>; phaseOffset=\<RecoPhaseChan[1]\>}>) 
(<compute>, 2, <RecoScaleFilter SCALE2{scaleFactor=\<RecoScaleChan[2]\>; 
phaseOffset=\<RecoPhaseChan[2]\>}>) (<compute>, 2, <RecoScaleFilter 
SCALE3{scaleFactor=\<RecoScaleChan[3]\>; phaseOffset=\<RecoPhaseChan[3]\>}>) 
(<compute>, 2, <RecoSumOfSquaresFilter SOS0>) (<compute>, 2, 
<RecoMagnitudeFilter G0>) (<compute>, 2, <RecoMinMaxFilter 
M0{map_min=\<RECO_map_min\>;map_max=\<RECO_map_max\>;}>) (<compute>, 3, 
<RecoBufferSource Q0{procDim=2;frameDim=2;bufferId="PREPPASS0";memId="out0"}>)
 (<compute>, 3, <RecoSharedQueueSink 
S0{initQueue=true;queueId=RecoComp_Out;appendPsId=true;}>) (<compute>, 3, 
<RecoCastFilter CAST0{dataRep=SIGNED;wordSize=4}>) (<compute>, 0, 
<RecoStabCorrFilter 
NAV0{innerSegments=1;navSize=256;echoSize=128;nEchoes=20;junkSize=88;nSlices=\<NI\>;nSegments=\<PVM_EpiNShots\>;sliding=true;useNav=true;select=0;drift=false;dyncor=0;junkSize0=0;navSize2=0;multiecho=1;amplitude=true;}>) (<compute>, 0, <RecoRegridFilter RGR0{rampForm=5;rampLength=0.0976563;ktraject=\<PVM_EpiTrajAdjkx\>;b0traject=\<PVM_EpiTrajAdjb0\>;ksize=128;nechoes=\<PVM_EpiNEchoes\>}>) (<compute>, 0, <RecoEpiGhostFilter EG0{innerSegments=1;nechoes=20;phc=\<PVM_EpiPhaseCorrection[0]\>;nslices=\<NI\>;adjust=0;refecho=5;time=true;center=\<PVM_EpiReadCenter\>;channel=0;maxorder=1;doubleshotadj=0;dyncor=0;usedyn=1;MbNBands=\<PVM_MbEncNBands\>}>) (<compute>, 0, <RecoStabCorrFilter NAV1{innerSegments=1;navSize=256;echoSize=128;nEchoes=20;junkSize=88;nSlices=\<NI\>;nSegments=\<PVM_EpiNShots\>;sliding=true;useNav=true;select=0;drift=false;dyncor=0;junkSize0=0;navSize2=0;multiecho=1;amplitude=true;}>) (<compute>, 0, <RecoRegridFilter RGR1{rampForm=5;rampLength=0.0976563;ktraject=\<PVM_EpiTrajAdjkx\>;b0traject=\<PVM_EpiTrajAdjb0\>;ksize=128;nechoes=\<PVM_EpiNEchoes\>}>) (<compute>, 0, <RecoEpiGhostFilter EG1{innerSegments=1;nechoes=20;phc=\<PVM_EpiPhaseCorrection[1]\>;nslices=\<NI\>;adjust=0;refecho=5;time=true;center=\<PVM_EpiReadCenter\>;channel=1;maxorder=1;doubleshotadj=0;dyncor=0;usedyn=1;MbNBands=\<PVM_MbEncNBands\>}>) (<compute>, 0, <RecoStabCorrFilter NAV2{innerSegments=1;navSize=256;echoSize=128;nEchoes=20;junkSize=88;nSlices=\<NI\>;nSegments=\<PVM_EpiNShots\>;sliding=true;useNav=true;select=0;drift=false;dyncor=0;junkSize0=0;navSize2=0;multiecho=1;amplitude=true;}>) (<compute>, 0, <RecoRegridFilter RGR2{rampForm=5;rampLength=0.0976563;ktraject=\<PVM_EpiTrajAdjkx\>;b0traject=\<PVM_EpiTrajAdjb0\>;ksize=128;nechoes=\<PVM_EpiNEchoes\>}>) (<compute>, 0, <RecoEpiGhostFilter EG2{innerSegments=1;nechoes=20;phc=\<PVM_EpiPhaseCorrection[2]\>;nslices=\<NI\>;adjust=0;refecho=5;time=true;center=\<PVM_EpiReadCenter\>;channel=2;maxorder=1;doubleshotadj=0;dyncor=0;usedyn=1;MbNBands=\<PVM_MbEncNBands\>}>) (<compute>, 0, <RecoStabCorrFilter NAV3{innerSegments=1;navSize=256;echoSize=128;nEchoes=20;junkSize=88;nSlices=\<NI\>;nSegments=\<PVM_EpiNShots\>;sliding=true;useNav=true;select=0;drift=false;dyncor=0;junkSize0=0;navSize2=0;multiecho=1;amplitude=true;}>) (<compute>, 0, <RecoRegridFilter RGR3{rampForm=5;rampLength=0.0976563;ktraject=\<PVM_EpiTrajAdjkx\>;b0traject=\<PVM_EpiTrajAdjb0\>;ksize=128;nechoes=\<PVM_EpiNEchoes\>}>) (<compute>, 0, <RecoEpiGhostFilter EG3{innerSegments=1;nechoes=20;phc=\<PVM_EpiPhaseCorrection[3]\>;nslices=\<NI\>;adjust=0;refecho=5;time=true;center=\<PVM_EpiReadCenter\>;channel=3;maxorder=1;doubleshotadj=0;dyncor=0;usedyn=1;MbNBands=\<PVM_MbEncNBands\>}>) (<compute>, 2, <RecoDTIFilter DTI0{DwBMatImag=\<PVM_DwBMatImag\>; traceWeight=1000.000000;}>) (<compute>, 3, <RecoMapFilter DTIMAP0{symmetricMode=true;minima=\<RECO_minima\>;maxima=\<RECO_maxima\>;slope=\<RECO_map_slope\>;offset=\<RECO_map_offset\>;map_min=\<RECO_map_min\>;map_max=\<RECO_map_max\>;rangeMin=-2147483646.500000;rangeMax=2147483646.500000;perObjectMode=true;cutoffMode=true;commonMapLoop={5,23,1}}>) (<output>, 3, <RecoSharedQueueSource Q{queueId=RecoComp_Out;appendPsId=true;procDim=2;initFromRECO=true;}>) (<output>, 3, <RecoImageDisplayFilter DISP{showAll=1;selectedFrame=\<RecoDisplayFrame\>;modalityType=1;procnoPath="/opt/nmrdata/PV-360.3.6/data/nmrsu/20240725_090212_std_PV360_3_6_94T_protocols_1_1/20/pdata/2/";}>) (<output>, 3, <RecoFileSink S{writePars=true;shuffle=false;filename="2dseq";numChans=1;}>)
##$RecoStageNrEdges=79
##$RecoStageEdges=( 79 )
(<input>, 0, <FS0-\>JQ0>) (<compute>, 0, <Q0-\>SP0>) (<compute>, 0, 
<SP0-\>CAST0>) (<compute>, 0, <SP0-\>CAST1>) (<compute>, 0, <SP0-\>CAST2>) 
(<compute>, 0, <SP0-\>CAST3>) (<compute>, 0, <RGR0-\>REV0>) (<compute>, 0, 
<REV0-\>Z0>) (<compute>, 0, <EG0-\>FTS0>) (<compute>, 0, <FTS0-\>FT0>) 
(<compute>, 0, <FT0-\>REORD0>) (<compute>, 0, <REORD0-\>S0>) (<compute>, 0, 
<RGR1-\>REV1>) (<compute>, 0, <REV1-\>Z1>) (<compute>, 0, <EG1-\>FTS1>) 
(<compute>, 0, <FTS1-\>FT1>) (<compute>, 0, <FT1-\>REORD1>) (<compute>, 0, 
<REORD1-\>S1>) (<compute>, 0, <RGR2-\>REV2>) (<compute>, 0, <REV2-\>Z2>) 
(<compute>, 0, <EG2-\>FTS2>) (<compute>, 0, <FTS2-\>FT2>) (<compute>, 0, 
<FT2-\>REORD2>) (<compute>, 0, <REORD2-\>S2>) (<compute>, 0, <RGR3-\>REV3>) 
(<compute>, 0, <REV3-\>Z3>) (<compute>, 0, <EG3-\>FTS3>) (<compute>, 0, 
<FTS3-\>FT3>) (<compute>, 0, <FT3-\>REORD3>) (<compute>, 0, <REORD3-\>S3>) 
(<compute>, 1, <Q0-\>FTS0>) (<compute>, 1, <Q1-\>FTS1>) (<compute>, 1, 
<Q2-\>FTS2>) (<compute>, 1, <Q3-\>FTS3>) (<compute>, 1, <FTS0-\>FT0>) 
(<compute>, 1, <FT0-\>S0>) (<compute>, 1, <FTS1-\>FT1>) (<compute>, 1, 
<FT1-\>S1>) (<compute>, 1, <FTS2-\>FT2>) (<compute>, 1, <FT2-\>S2>) (<compute>
, 1, <FTS3-\>FT3>) (<compute>, 1, <FT3-\>S3>) (<compute>, 2, <Q0-\>PHCORR00>) 
(<compute>, 2, <Q1-\>PHCORR01>) (<compute>, 2, <Q2-\>PHCORR02>) (<compute>, 2,
 <Q3-\>PHCORR03>) (<compute>, 2, <PHCORR00-\>PHCORR10>) (<compute>, 2, 
<PHCORR01-\>PHCORR11>) (<compute>, 2, <PHCORR02-\>PHCORR12>) (<compute>, 2, 
<PHCORR03-\>PHCORR13>) (<compute>, 2, <PHCORR10-\>SCALE0>) (<compute>, 2, 
<PHCORR11-\>SCALE1>) (<compute>, 2, <PHCORR12-\>SCALE2>) (<compute>, 2, 
<PHCORR13-\>SCALE3>) (<compute>, 2, <SCALE0-\>SOS0.0>) (<compute>, 2, 
<SCALE1-\>SOS0.1>) (<compute>, 2, <SCALE2-\>SOS0.2>) (<compute>, 2, 
<SCALE3-\>SOS0.3>) (<compute>, 2, <SOS0-\>G0>) (<compute>, 2, <G0-\>DTI0>) 
(<compute>, 2, <M0-\>S0>) (<compute>, 3, <DTIMAP0-\>CAST0>) (<compute>, 3, 
<CAST0-\>S0>) (<compute>, 0, <CAST0-\>NAV0>) (<compute>, 0, <NAV0-\>RGR0>) 
(<compute>, 0, <Z0-\>EG0>) (<compute>, 0, <CAST1-\>NAV1>) (<compute>, 0, 
<NAV1-\>RGR1>) (<compute>, 0, <Z1-\>EG1>) (<compute>, 0, <CAST2-\>NAV2>) 
(<compute>, 0, <NAV2-\>RGR2>) (<compute>, 0, <Z2-\>EG2>) (<compute>, 0, 
<CAST3-\>NAV3>) (<compute>, 0, <NAV3-\>RGR3>) (<compute>, 0, <Z3-\>EG3>) 
(<compute>, 2, <DTI0-\>M0>) (<compute>, 3, <Q0-\>DTIMAP0>) (<output>, 3, 
<Q-\>DISP>) (<output>, 3, <DISP-\>S>)
##$ACQ_SetupRecoDisplay=Yes
##$ACQ_SetupImageType=MAGNITUDE_IMAGE
##$RecoDisplay=Yes
##$RecoEachNR=Yes
##$RecoDisplayFrame=-1
##$RecoPrototype=No
##$RecoGradientLinearityCorrection=No
##$RecoGradientLinearityCorrectionDebug=1
##$RecoGradientLinearityCorrectionApprox=No
$$ @vis= RECO RECO_INSTANCE RECO_time RECO_abs_time RECO_base_image_uid
$$ @vis= RECO_fov RECO_size RecoAutoDerive RecoDim RecoSpatDim
$$ @vis= RecoObjectsPerRepetition RecoObjectsPerSetupStep
$$ @vis= RecoSortObjectsPerRepetition RecoNumRepetitions RecoNumOutputChan
$$ @vis= RecoDescriptionInSliceCount RecoDescriptionSliceCount
$$ @vis= RecoDescriptionOutSliceCount RecoEncodingFrames
$$ @vis= RecoRepetitionGroupSize RECO_inp_order RECO_inp_size RECO_ft_size
$$ @vis= RECO_wdw_mode RECO_ft_mode RECO_pc_mode RECO_pc_lin RECO_rotate
$$ @vis= RECO_transposition RECO_image_type RECO_wordtype RECO_map_mode
$$ @vis= RECO_minima RECO_maxima RECO_map_min RECO_map_max RECO_map_offset
$$ @vis= RECO_map_slope RECO_byte_order RecoModeUser RecoUserUpdate
$$ @vis= RecoB0DemodOff RecoWindow RecoFTOrder RecoHalfFTAlgorithm RecoHalfFT
$$ @vis= RecoHalfFTPos RecoHalfFTAcq RecoNoFT RecoExportSortedData
$$ @vis= RecoCorrPhase RecoCorrPhaseRef RecoMap RecoNumInputChan RecoScaleChan
$$ @vis= RecoPhaseChan RecoCombineMode RecoEncGenInt RecoSortGroup RecoSortDim
$$ @vis= RecoSortSize RecoSortRange RecoSortSegment RecoSortMaps
$$ @vis= RecoGrappaGroup RecoGrappaCoefficients RecoSliceGrappaCoefficients
$$ @vis= RecoGrappaAccelFactor RecoGrappaAccelFactor2 RecoGrappaFirstRepOnly
$$ @vis= RecoGrappaCoefReps RecoSliceGrappaAccelFactor
$$ @vis= RecoSliceGrappaBlipValue RecoSliceGrappaOff RecoGrappa3D
$$ @vis= RecoGrappaCaipirinha RecoGrappaTCaipirinha RecoGrappaOne
$$ @vis= RecoSegGrappa RecoSegGrappaCalibrateFromB0 RecoSegGrappaInt
$$ @vis= RecoSegGrappaSegments RecoItGrappa RecoCSGroup RecoCS RecoNNGroup
$$ @vis= RecoNnDenoising RecoNnCpuOnly RecoNnParallelProcessing
$$ @vis= RecoNnDifferenceMode RecoNnPatchSizeMax RecoNnNdIso RecoNnPatchBorder
$$ @vis= RecoNnDenoisingLevel RecoNnDataConsistency
$$ @vis= RecoNnDataConsistencyCenter RecoNnDataConsistencyRatio
$$ @vis= RecoNnDataConsistencyCenterRatio RecoNnDenoisingPre
$$ @vis= RecoNnDenoisingLevelPre RecoNnDataConsistencyPre
$$ @vis= RecoNnDataConsistencyCenterPre RecoNnDataConsistencyRatioPre
$$ @vis= RecoNnDataConsistencyCenterRatioPre RecoRegridNGroup RecoRegridN
$$ @vis= RecoStageGroup RecoStageNrPasses RecoStagePasses RecoStageNrNodes
$$ @vis= RecoStageNodes RecoStageNrEdges RecoStageEdges RECO_GS
$$ @vis= ACQ_SetupRecoDisplay ACQ_SetupImageType RECO_GO RecoDisplay
$$ @vis= RecoEachNR RecoDisplayFrame RecoPrototype
$$ @vis= RecoGradientLinearityCorrection RecoGradientLinearityCorrectionDebug
$$ @vis= RecoGradientLinearityCorrectionApprox
##END=
$$ File finished by PARX at 2024-07-25 10:16:32.358 +0200
