##TITLE=Parameter List, ParaVision 360 V3.6
##JCAMPDX=4.24
##DATATYPE=Parameter Values
##ORIGIN=Bruker BioSpin GmbH & Co. KG
##OWNER=nmrsu
$$ Write Options: Symbolic Enums, RLE encoded arrays, symbol visibility
$$ 2024-07-25 10:16:32.339 +0200  nmrsu@host
$$ /opt/nmrdata/PV-360.3.6/data/nmrsu/20240725_090212_std_PV360_3_6_94T_protocols_1_1/20/pdata/2/visu_pars
$$ process /opt/PV-360.3.6/prog/bin/parxserver
##$VisuVersion=8
##$VisuUid=( 65 )
<2.16.756.5.5.200.906653985.1404.1721895390.1615>
##$VisuCreator=( 65 )
<ParaVision>
##$VisuCreatorVersion=( 195 )
<360.3.6>
##$VisuCreationDate=<2024-07-25T10:16:32,300+0200>
##$VisuInstanceType=STANDARD_INSTANCE
##$VisuInstanceModality=( 65 )
<MR>
##$VisuInstanceDeIdentified=No
##$VisuCoreFrameCount=115
##$VisuCoreDim=2
##$VisuCoreSize=( 2 )
128 128
##$VisuCoreDimDesc=( 2 )
spatial spatial
##$VisuCoreExtent=( 2 )
18 15
##$VisuCoreFrameThickness=( 1 )
0.80000000000000004
##$VisuCoreUnits=( 2, 65 )
<mm> <mm>
##$VisuCoreOrientation=( 5, 9 )
-0.99939082701909576 0 -0.034899496702500969 0 -1 0 -0.034899496702500969 0 
0.99939082701909576 -0.99939082701909576 0 -0.034899496702500969 0 -1 0 
-0.034899496702500969 0 0.99939082701909576 -0.99939082701909576 0 
-0.034899496702500969 0 -1 0 -0.034899496702500969 0 0.99939082701909576 
-0.99939082701909576 0 -0.034899496702500969 0 -1 0 -0.034899496702500969 0 
0.99939082701909576 -0.99939082701909576 0 -0.034899496702500969 0 -1 0 
-0.034899496702500969 0 0.99939082701909576
##$VisuCorePosition=( 5, 3 )
9.0991614082599686 9.8437499999999964 -2.6825156184690711 9.062516936722341 
9.8437499999999964 -1.6331552500990207 9.0258724651847153 9.8437499999999964 
-0.58379488172897032 8.9892279936470896 9.8437499999999964 
0.46556548664108044 8.9525835221094638 9.8437499999999964 1.5149258550111309
##$VisuCoreModalityOffset=( 1, 3 )
0 0 0
##$VisuCoreAtsCenterDistance=369.35388739293921
##$VisuCoreDataMin=( 115 )
32864980.802707944 33407018.84716206 24970628.892209411 24299053.89039598 
27015175.455426566 -297766774.81894571 -323651268.31010324 
-350046064.37741256 -340743424.4903571 -309692116.35706604 36981785.47772596 
36008715.181789182 34923505.59613388 35878263.568180881 36683403.973675206 
54503041.288896181 55516034.695851207 54517668.972613215 55762807.609049544 
54802184.373584405 -346613350.54011112 -361118903.91723967 
-437504215.24151236 -414735882.56960285 -389490859.42183077 
-361744962.24359012 -428023004.48261827 -381468825.74084926 
-351916966.75450748 -388792467.26282346 -311758289.68170798 
-336154901.68616927 -382605876.40960974 -434901259.04779184 
-370886937.55094314 -1401931875.8828092 -1679791449.7603097 
-1847824539.3043094 -1797094629.837358 -1526396203.6585362 
-1707963417.5142808 -1617197681.66416 -1649117995.543478 -1414693755.4968319 
-1546491534.4443631 -1827375164.4634624 -1398009288.3227084 
-1128182954.1018164 -1426969874.911464 -2147483646.5 -186144468.47268105 
-211809382.69867676 -205413704.60406956 -271122721.58826828 
-197309957.05843815 -317396296.93787348 -336162760.43435085 
-339818089.64519829 -334367940.52280104 -316101710.87325072 
-433237501.76021135 -477757245.85031819 -537184961.80877864 
-525921626.11467206 -518657699.14145517 -2147483646.5 -2146026349.9372308 
-2147436801.8832836 -2147307352.5952241 -2147410952.0039821 
-2147447448.0979357 -2147378132.7918007 -2147223146.2988024 
-2147314206.9905202 -2147482014.037657 -2147418618.749861 -2145861841.9249618 
-2147462358.0874803 -2146532011.4366698 -2146975707.9969666 
-2147462571.886451 -2147178368.0353203 -2147198051.3027921 
-2147400662.7834368 -2146822561.0783055 -2146790533.4845765 
-2146800977.4277103 -2147364128.4187202 -2147153213.8310795 
-2147235896.8508706 -2147336497.5957978 -2147483646.5 -2147302363.3817856 
-2146979399.6300938 -2147392622.8260705 -2147179277.8021808 
-2147048313.0721428 -2146668722.605751 -2147427512.1537709 
-2146584402.1546164 -2147477281.7129371 -2147320024.4123919 -2147483646.5 
-2147460325.535223 -2147465546.8485329 -2146020444.6180284 -2143141566.854707 
-2147379256.3020675 -2146049494.1050475 -2146162366.3268337 0 0 0 0 0
##$VisuCoreDataMax=( 115 )
2147483549.6847219 2147483643.8442128 2147483646.5 2147483616.5358799 
2147483623.0736396 2099074104.8278766 1992680958.2535174 2147483646.5 
2091192217.8473248 2047870765.2322056 1306200403.0512252 1626616179.2957034 
1535825131.5588067 1802767465.0375793 2147483646.4999998 1247260249.2131732 
1544436119.0830677 1477061903.4534643 1732676068.540827 2147483646.5 
1978980055.3176506 2140975608.6626635 2147483646.5 2069233629.9814367 
1999225493.5209854 2008678801.2743783 2008854749.3748271 2026058910.6350467 
2147483646.5 2121297710.6279871 2147483646.5 1891056356.3858399 
2039613002.0690832 2050587458.985755 2064948465.2888668 1750791937.5734384 
1551011201.0103545 1647620300.3365505 2147483646.5 1917587123.697073 
1677533299.5771949 1774676786.4159007 2147483646.5 1520865978.4253571 
1883192316.0036407 1687094061.5640612 2088204863.7741458 1665651385.270869 
1531560601.7753248 1735395576.0226908 2140710812.6612992 2062543400.3360758 
2042226748.5024109 2147483646.5 2073034880.7741854 2062219521.2791722 
1975278937.6896453 2147483646.5 2104505504.7998588 2011775701.6929505 
1995718296.7290857 1980402337.3943515 2147483646.5 2068934543.3790154 
2014023969.2334054 2144895314.7613404 2145476837.1578622 2147294729.4695466 
2145565079.3834267 2146221715.356792 2147366613.3353271 2147267232.7782199 
2147483646.5 2146514660.7712471 2146820042.8843796 2147470135.6674895 
2147437530.6221421 2147421122.8971629 2147483646.5 2147451065.7972848 
2147424947.503536 2147451436.7256839 2147483646.5 2147445208.8153958 
2147382867.2674568 2147201164.4355431 2147483646.4999998 2146699419.0728266 
2147308904.0243309 2147355460.951071 2147437000.0441103 2147380937.2453692 
2147335624.4434321 2147387137.4428835 2147362788.2596574 2147448223.0828552 
2147468354.252012 2147483646.5 2147395807.4771626 2147325132.4041159 
2147260581.4748769 2147393916.8024902 2147294944.1239712 2147362486.9500754 
2147452181.6158543 2147371666.5247517 2147329302.1562791 2147483646.5 
2146901644.9947176 2147272133.1018832 2147483646.5 2147483646.5 2147483646.5 
2147483646.5 2147483646.5
##$VisuCoreDataOffs=( 115 )
@115*(0)
##$VisuCoreDataSlope=( 115 )
5.7031627367956911e-10 5.7031627367956911e-10 5.7031627367956911e-10 
5.7031627367956911e-10 5.7031627367956911e-10 4.7182937958814777e-13 
4.7182937958814777e-13 4.7182937958814777e-13 4.7182937958814777e-13 
4.7182937958814777e-13 0.0001098944223201818 0.0001098944223201818 
0.0001098944223201818 0.0001098944223201818 0.0001098944223201818 
8.3039582358999215e-05 8.3039582358999215e-05 8.3039582358999215e-05 
8.3039582358999215e-05 8.3039582358999215e-05 4.845293833568581e-13 
4.845293833568581e-13 4.845293833568581e-13 4.845293833568581e-13 
4.845293833568581e-13 4.7613635722564423e-13 4.7613635722564423e-13 
4.7613635722564423e-13 4.7613635722564423e-13 4.7613635722564423e-13 
5.0742213698449078e-13 5.0742213698449078e-13 5.0742213698449078e-13 
5.0742213698449078e-13 5.0742213698449078e-13 6.7226876214432818e-14 
6.7226876214432818e-14 6.7226876214432818e-14 6.7226876214432818e-14 
6.7226876214432818e-14 8.467328296760565e-14 8.467328296760565e-14 
8.467328296760565e-14 8.467328296760565e-14 8.467328296760565e-14 
8.9096198569030473e-14 8.9096198569030473e-14 8.9096198569030473e-14 
8.9096198569030473e-14 8.9096198569030473e-14 5.1437863305925261e-13 
5.1437863305925261e-13 5.1437863305925261e-13 5.1437863305925261e-13 
5.1437863305925261e-13 4.7923481470289074e-13 4.7923481470289074e-13 
4.7923481470289074e-13 4.7923481470289074e-13 4.7923481470289074e-13 
4.4708647755084861e-13 4.4708647755084861e-13 4.4708647755084861e-13 
4.4708647755084861e-13 4.4708647755084861e-13 4.6565605419512718e-10 
4.6565605419512718e-10 4.6565605419512718e-10 4.6565605419512718e-10 
4.6565605419512718e-10 4.6565414680190026e-10 4.6565414680190026e-10 
4.6565414680190026e-10 4.6565414680190026e-10 4.6565414680190026e-10 
4.6565819211469341e-10 4.6565819211469341e-10 4.6565819211469341e-10 
4.6565819211469341e-10 4.6565819211469341e-10 4.6565280990563549e-10 
4.6565280990563549e-10 4.6565280990563549e-10 4.6565280990563549e-10 
4.6565280990563549e-10 4.656575708163461e-10 4.656575708163461e-10 
4.656575708163461e-10 4.656575708163461e-10 4.656575708163461e-10 
4.6565963063026068e-10 4.6565963063026068e-10 4.6565963063026068e-10 
4.6565963063026068e-10 4.6565963063026068e-10 4.656540756316181e-10 
4.656540756316181e-10 4.656540756316181e-10 4.656540756316181e-10 
4.656540756316181e-10 4.656545186276108e-10 4.656545186276108e-10 
4.656545186276108e-10 4.656545186276108e-10 4.656545186276108e-10 
4.6565873333964313e-10 4.6565873333964313e-10 4.6565873333964313e-10 
4.6565873333964313e-10 4.6565873333964313e-10 4.6566128763299991e-10 
4.6566128763299991e-10 4.6566128763299991e-10 4.6566128763299991e-10 
4.6566128763299991e-10
##$VisuCoreDataUnits=( 23, 65 )
<> <mm2/s> <> <> <mm2/s> <mm2/s> <mm2/s> <mm2/s> <mm2/s> <mm2/s> <mm2/s> 
<mm2/s> <mm2/s> <> <> <> <> <> <> <> <> <> <>
##$VisuCoreFrameType=( 1 )
MAGNITUDE_IMAGE
##$VisuFGElemId=( 23, 65 )
<DTI_FA> <DTI_TRACE> <DTI_A0> <DTI_TWI> <DTI_DXX> <DTI_DYY> <DTI_DZZ> 
<DTI_DXY> <DTI_DXZ> <DTI_DYZ> <DTI_L1> <DTI_L2> <DTI_L3> <DTI_L1X> <DTI_L1Y> 
<DTI_L1Z> <DTI_L2X> <DTI_L2Y> <DTI_L2Z> <DTI_L3X> <DTI_L3Y> <DTI_L3Z> 
<DTI_ERR>
##$VisuFGElemComment=( 23, 65 )
<Fractional Anisotropy> <Trace> <Intensity> <Trace Weighted Image> <Tensor 
Component Dxx> <Tensor Component Dyy> <Tensor Component Dzz> <Tensor 
Component Dxy> <Tensor Component Dxz> <Tensor Component Dyz> <1st Eigenvalue> 
<2nd Eigenvalue> <3rd Eigenvalue> <1st Eigenvector X> <1st Eigenvector Y> 
<1st Eigenvector Z> <2nd Eigenvector X> <2nd Eigenvector Y> <2nd Eigenvector 
Z> <3rd Eigenvector X> <3rd Eigenvector Y> <3rd Eigenvector Z> <Pixel Valid>
##$VisuCoreSlicePacksDef=(0, 1)
##$VisuCoreSlicePacksSlices=( 1 )
(0, 5)
##$VisuCoreSlicePacksSliceDist=( 1 )
1.05
##$VisuCoreWordType=_32BIT_SGN_INT
##$VisuCoreByteOrder=littleEndian
##$VisuFGOrderDescDim=2
##$VisuFGOrderDesc=( 2 )
(5, <FG_SLICE>, <>, 0, 2) (23, <FG_DTI>, <Generated Diffusion Tensor Images>, 
2, 3)
##$VisuGroupDepVals=( 5 )
(<VisuCoreOrientation>, 0) (<VisuCorePosition>, 0) (<VisuFGElemId>, 0) 
(<VisuFGElemComment>, 0) (<VisuCoreDataUnits>, 0)
##$VisuSubjectName=( 65 )
<std_PV360_3.6^^^^>
##$VisuSubjectId=( 65 )
<std_PV360_3.6>
##$VisuSubjectUid=( 65 )
<2.16.756.5.5.200.906653985.1404.1721890932.8>
##$VisuSubjectInstanceCreationDate=(1721890932, 254, 120)
##$VisuSubjectBirthDate=( 9 )
<20240725>
##$VisuSubjectSex=UNKNOWN
##$VisuSubjectType=Quadruped
##$VisuStudyUid=( 65 )
<2.16.756.5.5.200.906653985.1404.1721890932.9>
##$VisuStudyDate=<2024-07-25T09:02:12,259+0200>
##$VisuStudyId=( 65 )
<94T_protocols>
##$VisuStudyNumber=1
##$VisuSubjectWeight=0.001
##$VisuStudyReferringPhysician=( 65 )
<nmrsu>
##$VisuExperimentNumber=20
##$VisuProcessingNumber=2
##$VisuSeriesDate=<2024-07-25T10:16:32,300+0200>
##$VisuSubjectPosition=Head_Prone
##$VisuSeriesTypeId=( 65 )
<DERIVED_DTI>
##$VisuSeriesCreationId=VCMN_ACQUISITION
##$VisuSeriesComment=( 65 )
<Generated Diffusion Tensor Images>
##$VisuSeriesExperimentComment=( 65 )
<DTI_EPI_seg_30dir_sat_multi>
##$VisuSeriesFrameOfReferenceUid=( 65 )
<2.16.756.5.5.200.906653985.1404.1721890932.9>
##$VisuManufacturer=( 65 )
<Bruker BioSpin GmbH & Co. KG>
##$VisuAcqSoftwareVersion=( 65 )
<PV-360.3.6>
##$VisuInstitution=( 65 )
<Bruker BioSpin>
##$VisuStation=( 65 )
<System C1 94/17 Maxwell PET/MR>
##$VisuSystemOrderNumber=( 65 )
<0>
##$VisuAcqDate=<2024-07-25T10:07:47,671+0200>
##$VisuAcqSequenceName=( 40 )
<Bruker:DtiEpi>
##$VisuAcquisitionProtocol=( 65 )
<DTI_EPI_seg_30dir_sat>
##$VisuAcqScanTime=520000
##$VisuAcqFrameNumbers=( 115 )
@115*(0)
##$VisuCardiacSynchUsed=No
##$VisuRespSynchUsed=No
##$VisuAcqNumberOfAverages=1
##$VisuAcqRepetitionTime=( 1 )
2000
##$VisuCoilReceiveName=( 65 )
<RF ARR 400 1H M.BR. 2x2 RO AD>
##$VisuCoilReceiveManufacturer=( 65 )
<BMRIDE>
##$VisuCoilReceiveType=MULTICOIL
##$VisuCoilReceiveIsQuadrature=No
##$VisuCoilReceiveMultiName=( 4 )
(<Element 1>, Yes) (<Element 2>, Yes) (<Element 3>, Yes) (<Element 4>, Yes)
##$VisuCoilTransmitName=( 65 )
<RF RES 400 1H 103/082 QSN TR AD SL>
##$VisuCoilTransmitManufacturer=( 65 )
<BMRIDE>
##$VisuCoilTransmitType=MULTICOIL
##$VisuCoilTransmitIsQuadrature=Yes
##$VisuCoilTransmitMultiName=( 2 )
(<Element 1>, Yes) (<Element 2>, Yes)
##$VisuAcqEchoTrainLength=20
##$VisuAcqImagingFrequency=400.38072797888503
##$VisuAcqImagedNucleus=( 8 )
<1H>
##$VisuAcqPixelBandwidth=1395.0892857142858
##$VisuAcqFlipAngle=90
##$VisuMrAcqFlipAngleVariable=No
##$VisuAcqSize=( 2 )
128 80
##$VisuAcqImageSizeAccellerated=Yes
##$VisuAcqGradEncoding=( 2 )
read_enc phase_enc
##$VisuAcqEchoTime=( 1 )
36
##$VisuAcqAntiAlias=( 2 )
1 1
##$VisuAcqEchoSequenceType=GradientEcho
##$VisuAcqSpinsVelocityEncoded=No
##$VisuAcqHasTimeOfFlightContrast=No
##$VisuAcqIsEpiSequence=Yes
##$VisuAcqSpectralSuppression=FatSuppression
##$VisuAcqKSpaceTraversal=RectilinearTraversal
##$VisuAcqEncodingOrder=( 2 )
LinearEncoding LinearEncoding
##$VisuAcqKSpaceTrajectoryCnt=0
##$VisuAcqKSpaceFiltering=( 2 )
DICOM_NONE DICOM_NONE
##$VisuAcqFlowCompensation=FlowNone
##$VisuAcqSpoiling=GradientSpoiled
##$VisuAcqSaturation=( 1 )
(FovSaturation, 9.0625013219420847, -0 0.9901920119220301 
-0.13971320455061556, 0 -3.6768010010645664 0.51878589623897264)
##$VisuAcqPartialFourier=( 2 )
1 1.6000000000000001
##$VisuAcqParallelReductionFactor=( 2 )
1 1
##$VisuAcqMagnetizationTransfer=No
##$VisuAcqBloodSignalNulling=No
##$VisuMagneticFieldStrength=9.4039066135589309
##$VisuMrMultiSpinEcho=No
##$VisuMrMultiPlanar=No
##$VisuMrSteadyStatePulse=MR_ST_TRANSVERSE
##$VisuMrSegmentedKSpaceTraversal=MR_SKST_PARTIAL
##$VisuMrCoverageOfKSpace=MR_CKS_FULL
##$VisuMrPercentSampling=62.5
$$ @vis= Visu VisuInstance VisuVersion VisuUid VisuCreator VisuCreatorVersion
$$ @vis= VisuCreationDate VisuInstanceType VisuInstanceModality
$$ @vis= VisuInstanceDeIdentified VisuCore VisuCoreFrameCount VisuCoreDim
$$ @vis= VisuCoreSize VisuCoreDimDesc VisuCoreExtent VisuCoreFrameThickness
$$ @vis= VisuCoreUnits VisuCoreOrientation VisuCorePosition
$$ @vis= VisuCoreModalityOffset VisuCoreAtsCenterDistance VisuCoreDataMin
$$ @vis= VisuCoreDataMax VisuCoreDataOffs VisuCoreDataSlope VisuCoreDataUnits
$$ @vis= VisuCoreFrameType VisuFGElemId VisuFGElemComment
$$ @vis= VisuCoreSlicePacksDef VisuCoreSlicePacksSlices
$$ @vis= VisuCoreSlicePacksSliceDist VisuPixel VisuCoreWordType
$$ @vis= VisuCoreByteOrder VisuFrameOrderDesc VisuFGOrderDescDim
$$ @vis= VisuFGOrderDesc VisuGroupDepVals VisuSubject VisuSubjectName
$$ @vis= VisuSubjectId VisuSubjectUid VisuSubjectInstanceCreationDate
$$ @vis= VisuSubjectBirthDate VisuSubjectSex VisuSubjectType VisuStudy
$$ @vis= VisuStudyUid VisuStudyDate VisuStudyId VisuStudyNumber
$$ @vis= VisuSubjectWeight VisuStudyReferringPhysician VisuSeries
$$ @vis= VisuExperimentNumber VisuProcessingNumber VisuSeriesDate
$$ @vis= VisuSubjectPosition VisuSeriesTypeId VisuSeriesCreationId
$$ @vis= VisuSeriesComment VisuSeriesExperimentComment
$$ @vis= VisuSeriesFrameOfReferenceUid VisuContrastAgent VisuEquipment
$$ @vis= VisuManufacturer VisuAcqSoftwareVersion VisuInstitution VisuStation
$$ @vis= VisuSystemOrderNumber VisuAcq VisuAcqDate VisuAcqSequenceName
$$ @vis= VisuAcquisitionProtocol VisuAcqScanTime VisuAcqFrameNumbers
$$ @vis= VisuCardiacSynchUsed VisuRespSynchUsed VisuAcqNumberOfAverages
$$ @vis= VisuMxi VisuAcqRepetitionTime VisuCoilReceive VisuCoilReceiveName
$$ @vis= VisuCoilReceiveManufacturer VisuCoilReceiveType
$$ @vis= VisuCoilReceiveIsQuadrature VisuCoilReceiveMultiName VisuCoilTransmit
$$ @vis= VisuCoilTransmitName VisuCoilTransmitManufacturer
$$ @vis= VisuCoilTransmitType VisuCoilTransmitIsQuadrature
$$ @vis= VisuCoilTransmitMultiName VisuMri VisuAcqEchoTrainLength
$$ @vis= VisuAcqImagingFrequency VisuAcqImagedNucleus VisuAcqPixelBandwidth
$$ @vis= VisuAcqFlipAngle VisuMrAcqFlipAngleVariable VisuAcqSize
$$ @vis= VisuAcqImageSizeAccellerated VisuAcqGradEncoding VisuAcqEchoTime
$$ @vis= VisuAcqAntiAlias VisuAcqEchoSequenceType VisuAcqSpinsVelocityEncoded
$$ @vis= VisuAcqHasTimeOfFlightContrast VisuAcqIsEpiSequence
$$ @vis= VisuAcqSpectralSuppression VisuAcqKSpaceTraversal
$$ @vis= VisuAcqEncodingOrder VisuAcqKSpaceTrajectoryCnt
$$ @vis= VisuAcqKSpaceFiltering VisuAcqFlowCompensation VisuAcqSpoiling
$$ @vis= VisuAcqSaturation VisuAcqPartialFourier
$$ @vis= VisuAcqParallelReductionFactor VisuAcqMagnetizationTransfer
$$ @vis= VisuAcqBloodSignalNulling VisuMagneticFieldStrength
$$ @vis= VisuMrMultiSpinEcho VisuMrMultiPlanar VisuMrSteadyStatePulse
$$ @vis= VisuMrSegmentedKSpaceTraversal VisuMrCoverageOfKSpace
$$ @vis= VisuMrPercentSampling VisuMrs
##END=
$$ File finished by PARX at 2024-07-25 10:16:32.341 +0200
