##TITLE=Parameter List, ParaVision 360 V3.6
##JCAMPDX=4.24
##DATATYPE=Parameter Values
##ORIGIN=Bruker BioSpin GmbH & Co. KG
##OWNER=nmrsu
$$ Write Options: Symbolic Enums, RLE encoded arrays, symbol visibility
$$ 2024-07-25 09:46:27.789 +0200  nmrsu@host
$$ /opt/nmrdata/PV-360.3.6/data/nmrsu/20240725_090212_std_PV360_3_6_94T_protocols_1_1/11/method
$$ process /opt/PV-360.3.6/prog/bin/parxserver
##$Method=<Bruker:MSME>
##$PVM_GeoObj=( 2, 65 )
<PVM_SliceGeoObj> <PVM_AtsRefGeoObj>
##$PVM_StudyInstrumentPosition=Head_Prone
##$PVM_ExportHandler=( 3 )
(<BRUKER_PARIMPORT_SLICEGEO>, <>, <Slice Geometry>) (<BRUKER_PARIMPORT_FOVSAT>
, <>, <FOV Saturation>) (<BRUKER_PARIMPORT_SLICEORIENT>, <>, <Slice 
Orientation>)
##$PVM_AtsBedPositionMode=ATS_POS_REFERENCE
##$PVM_AtsChangeRefPos=No
##$PVM_AtsRefGeoObj=(<BRUKER_REFPOS>, GeoPlanarId, Standard_GobjShape, 
<PVM_AtsRefGeoCub>, <>, 0, <D1;first> <D2;second> <S;slice>, No, -1)
##$PVM_AtsRefGeoCub=( 1 )
(((1 0 0 0 1 0 0 0 1, 0 0 0, 0 0 0), 50 50 0.25, <+D1;first> <+D2;second> 
<+S;slice>, 0), 1, 1, 1, 0.25, 0, No)
##$PVM_AtsRefPosTransferred=Yes
##$PVM_EchoTime=8
##$EffectiveTE=( 11 )
8 16 24 32 40 48 56 64 72 80 88
##$PVM_RareFactor=1
##$PVM_RepetitionTime=2200
##$PVM_NAverages=1
##$PVM_NRepetitions=1
##$PVM_ScanTime=422400
##$PVM_DeriveGains=Yes
##$ExcPulse1Enum=<Calculated>
##$ExcPulse1=(2.625, 1600, 90, Yes, 3, 4200, 0.23633643342862568, 
0.2005819424414248, 0, 50, 7.0348263106746449, <$ExcPulse1Shape>)
##$ExcPulse1Ampl=(7.0348263106746449, 18.754767808046363, -8.4725337920548114)
##$RefPulse1Enum=<Calculated>
##$RefPulse1=(3, 2400, 180, Yes, 5, 7200, 0.07162469169836716, 
0.0673897929855517, 1, 0, 234.56612850781025, <$RefPulse1Shape>)
##$RefPulse1Ampl=(234.56612850781025, 108.2973057162112, -23.702652999185482)
##$PVM_GradCalConst=20550.110000000001
##$PVM_Nucleus1Enum=<1H>
##$PVM_Nucleus1=( 8 )
<1H>
##$PVM_RefPowMod1=AutoAdj
##$PVM_RefPowCh1=2.7075304478287854
##$PVM_RefPowStat1=( 1024 )
<Study: Adj by Bruker:AdjRefPowADJ_REF_POW>
##$PVM_Nucleus2Enum=<1H>
##$PVM_Nucleus3Enum=<1H>
##$PVM_Nucleus4Enum=<1H>
##$PVM_Nucleus5Enum=<1H>
##$PVM_Nucleus6Enum=<1H>
##$PVM_Nucleus7Enum=<1H>
##$PVM_Nucleus8Enum=<1H>
##$PVM_FrqRef=( 8 )
400.38072396468129 0 0 0 0 0 0 0
##$PVM_FrqWorkOffset=( 8 )
0 0 0 0 0 0 0 0
##$PVM_FrqWork=( 8 )
400.38072396468129 0 0 0 0 0 0 0
##$PVM_FrqRefPpm=( 8 )
4.7000000000000002 0 0 0 0 0 0 0
##$PVM_FrqWorkOffsetPpm=( 8 )
0 0 0 0 0 0 0 0
##$PVM_FrqWorkPpm=( 8 )
4.7000000000000002 0 0 0 0 0 0 0
##$PVM_NucleiPpmWork=( 20 )
(<1H>, 4.7000000000000002) (<none>, 0) (<none>, 0) (<none>, 0) (<none>, 0) 
(<none>, 0) (<none>, 0) (<none>, 0) (<none>, 0) (<none>, 0) (<none>, 0) 
(<none>, 0) (<none>, 0) (<none>, 0) (<none>, 0) (<none>, 0) (<none>, 0) 
(<none>, 0) (<none>, 0) (<none>, 0)
##$PVM_TxCoilScMode1=AutoAdj
##$PVM_TxCoilAdjStat1=( 1024 )
<System (Coil)>
##$PVM_TxCoilAmpScaling1=( 2 )
100 100
##$PVM_TxCoilPhaseOffset1=( 2 )
0 90
##$PVM_EncGenOpt=Yes
##$PVM_EncGenEllipse=No
##$PVM_MbEncNBands=1
##$PVM_MbEncAccelFactor=1
##$PVM_MbEncBlipFactor=1
##$PVM_EncGen3D=Yes
##$PVM_EncGen4D=No
##$PVM_EncGenPpi=No
##$PVM_EncGenCaipirinha=No
##$PVM_EncGenTCaipirinha=No
##$PVM_EncVirtualCoils=No
##$PVM_EncCS=No
##$PVM_EncCSUndersampling=100
##$PVM_EncCSCenterRatio=10
##$PVM_EncCSNumRef=( 2 )
192 192
##$PVM_EncCSGradOpt=No
##$PVM_EncCSEllipse=No
##$PVM_EncPftAlgorithm=Zerofilling
##$PVM_EncPpiRefScan=No
##$PVM_IsEpiScan=No
##$PVM_SpatDimEnum=<2D>
##$PVM_IsotropicFovRes=Isot_None
##$PVM_Matrix=( 2 )
192 192
##$PVM_MinMatrix=( 2 )
32 32
##$PVM_MaxMatrix=( 2 )
2048 2048
##$PVM_DefMatrix=( 3 )
256 256 64
##$PVM_AntiAlias=( 2 )
1 1
##$PVM_MaxAntiAlias=( 2 )
2 8
##$PVM_EncSpectroscopy=No
##$PVM_EncUseMultiRec=Yes
##$PVM_EncActReceivers=( 12 )
@12*(On)
##$PVM_EncZf=( 2 )
1 1
##$PVM_EncPft=( 2 )
1 1
##$PVM_EncPftOverscans=( 2 )
96 96
##$PVM_EncPpi=( 2 )
1 1
##$PVM_EncPpiRefLines=( 2 )
0 0
##$PVM_EncPpiGopRefLines=( 3 )
32 24 24
##$PVM_EncOrder=( 2 )
LINEAR_ENC LINEAR_ENC
##$PVM_EncStart=( 2 )
0 -1
##$PVM_EncNReceivers=4
##$PVM_EncAvailReceivers=7
##$PVM_EncChanScaling=( 4 )
0.99099999999999999 0.96599999999999997 0.98899999999999999 1
##$PVM_EncChanPhase=( 4 )
348.75999999999999 52.990000000000002 352.43000000000001 21.289999999999999
##$PVM_EncMatrix=( 2 )
192 192
##$PVM_EncTotalAccel=1
##$PVM_EncSteps0=( 1 )
0
##$PVM_EncSteps1=( 192 )
-96 -95 -94 -93 -92 -91 -90 -89 -88 -87 -86 -85 -84 -83 -82 -81 -80 -79 -78 
-77 -76 -75 -74 -73 -72 -71 -70 -69 -68 -67 -66 -65 -64 -63 -62 -61 -60 -59 
-58 -57 -56 -55 -54 -53 -52 -51 -50 -49 -48 -47 -46 -45 -44 -43 -42 -41 -40 
-39 -38 -37 -36 -35 -34 -33 -32 -31 -30 -29 -28 -27 -26 -25 -24 -23 -22 -21 
-20 -19 -18 -17 -16 -15 -14 -13 -12 -11 -10 -9 -8 -7 -6 -5 -4 -3 -2 -1 0 1 2 
3 4 5 6 7 8 9 10 11 12 13 14 15 16 17 18 19 20 21 22 23 24 25 26 27 28 29 30 
31 32 33 34 35 36 37 38 39 40 41 42 43 44 45 46 47 48 49 50 51 52 53 54 55 56 
57 58 59 60 61 62 63 64 65 66 67 68 69 70 71 72 73 74 75 76 77 78 79 80 81 82 
83 84 85 86 87 88 89 90 91 92 93 94 95
##$PVM_EncSteps2=( 1 )
0
##$PVM_EncCentralStep1=1
##$PVM_EncValues1=( 192 )
-1 -0.98958333333333337 -0.97916666666666663 -0.96875 -0.95833333333333337 
-0.94791666666666663 -0.9375 -0.92708333333333337 -0.91666666666666663 
-0.90625 -0.89583333333333337 -0.88541666666666663 -0.875 
-0.86458333333333337 -0.85416666666666663 -0.84375 -0.83333333333333337 
-0.82291666666666663 -0.8125 -0.80208333333333337 -0.79166666666666663 
-0.78125 -0.77083333333333337 -0.76041666666666663 -0.75 -0.73958333333333337 
-0.72916666666666663 -0.71875 -0.70833333333333337 -0.69791666666666663 
-0.6875 -0.67708333333333337 -0.66666666666666663 -0.65625 
-0.64583333333333337 -0.63541666666666663 -0.625 -0.61458333333333337 
-0.60416666666666663 -0.59375 -0.58333333333333337 -0.57291666666666663 
-0.5625 -0.55208333333333337 -0.54166666666666663 -0.53125 
-0.52083333333333337 -0.51041666666666663 -0.5 -0.48958333333333331 
-0.47916666666666669 -0.46875 -0.45833333333333331 -0.44791666666666669 
-0.4375 -0.42708333333333331 -0.41666666666666669 -0.40625 
-0.39583333333333331 -0.38541666666666669 -0.375 -0.36458333333333331 
-0.35416666666666669 -0.34375 -0.33333333333333331 -0.32291666666666669 
-0.3125 -0.30208333333333331 -0.29166666666666669 -0.28125 
-0.27083333333333331 -0.26041666666666669 -0.25 -0.23958333333333334 
-0.22916666666666666 -0.21875 -0.20833333333333334 -0.19791666666666666 
-0.1875 -0.17708333333333334 -0.16666666666666666 -0.15625 
-0.14583333333333334 -0.13541666666666666 -0.125 -0.11458333333333333 
-0.10416666666666667 -0.09375 -0.083333333333333329 -0.072916666666666671 
-0.0625 -0.052083333333333336 -0.041666666666666664 -0.03125 
-0.020833333333333332 -0.010416666666666666 0 0.010416666666666666 
0.020833333333333332 0.03125 0.041666666666666664 0.052083333333333336 0.0625 
0.072916666666666671 0.083333333333333329 0.09375 0.10416666666666667 
0.11458333333333333 0.125 0.13541666666666666 0.14583333333333334 0.15625 
0.16666666666666666 0.17708333333333334 0.1875 0.19791666666666666 
0.20833333333333334 0.21875 0.22916666666666666 0.23958333333333334 0.25 
0.26041666666666669 0.27083333333333331 0.28125 0.29166666666666669 
0.30208333333333331 0.3125 0.32291666666666669 0.33333333333333331 0.34375 
0.35416666666666669 0.36458333333333331 0.375 0.38541666666666669 
0.39583333333333331 0.40625 0.41666666666666669 0.42708333333333331 0.4375 
0.44791666666666669 0.45833333333333331 0.46875 0.47916666666666669 
0.48958333333333331 0.5 0.51041666666666663 0.52083333333333337 0.53125 
0.54166666666666663 0.55208333333333337 0.5625 0.57291666666666663 
0.58333333333333337 0.59375 0.60416666666666663 0.61458333333333337 0.625 
0.63541666666666663 0.64583333333333337 0.65625 0.66666666666666663 
0.67708333333333337 0.6875 0.69791666666666663 0.70833333333333337 0.71875 
0.72916666666666663 0.73958333333333337 0.75 0.76041666666666663 
0.77083333333333337 0.78125 0.79166666666666663 0.80208333333333337 0.8125 
0.82291666666666663 0.83333333333333337 0.84375 0.85416666666666663 
0.86458333333333337 0.875 0.88541666666666663 0.89583333333333337 0.90625 
0.91666666666666663 0.92708333333333337 0.9375 0.94791666666666663 
0.95833333333333337 0.96875 0.97916666666666663 0.98958333333333337
##$PVM_EncGenSteps0=( 1 )
0
##$PVM_EncGenSteps1=( 192 )
-96 -95 -94 -93 -92 -91 -90 -89 -88 -87 -86 -85 -84 -83 -82 -81 -80 -79 -78 
-77 -76 -75 -74 -73 -72 -71 -70 -69 -68 -67 -66 -65 -64 -63 -62 -61 -60 -59 
-58 -57 -56 -55 -54 -53 -52 -51 -50 -49 -48 -47 -46 -45 -44 -43 -42 -41 -40 
-39 -38 -37 -36 -35 -34 -33 -32 -31 -30 -29 -28 -27 -26 -25 -24 -23 -22 -21 
-20 -19 -18 -17 -16 -15 -14 -13 -12 -11 -10 -9 -8 -7 -6 -5 -4 -3 -2 -1 0 1 2 
3 4 5 6 7 8 9 10 11 12 13 14 15 16 17 18 19 20 21 22 23 24 25 26 27 28 29 30 
31 32 33 34 35 36 37 38 39 40 41 42 43 44 45 46 47 48 49 50 51 52 53 54 55 56 
57 58 59 60 61 62 63 64 65 66 67 68 69 70 71 72 73 74 75 76 77 78 79 80 81 82 
83 84 85 86 87 88 89 90 91 92 93 94 95
##$PVM_EncGenSteps2=( 192 )
@192*(0)
##$PVM_EncGenValues1=( 192 )
-1 -0.98958333333333337 -0.97916666666666663 -0.96875 -0.95833333333333337 
-0.94791666666666663 -0.9375 -0.92708333333333337 -0.91666666666666663 
-0.90625 -0.89583333333333337 -0.88541666666666663 -0.875 
-0.86458333333333337 -0.85416666666666663 -0.84375 -0.83333333333333337 
-0.82291666666666663 -0.8125 -0.80208333333333337 -0.79166666666666663 
-0.78125 -0.77083333333333337 -0.76041666666666663 -0.75 -0.73958333333333337 
-0.72916666666666663 -0.71875 -0.70833333333333337 -0.69791666666666663 
-0.6875 -0.67708333333333337 -0.66666666666666663 -0.65625 
-0.64583333333333337 -0.63541666666666663 -0.625 -0.61458333333333337 
-0.60416666666666663 -0.59375 -0.58333333333333337 -0.57291666666666663 
-0.5625 -0.55208333333333337 -0.54166666666666663 -0.53125 
-0.52083333333333337 -0.51041666666666663 -0.5 -0.48958333333333331 
-0.47916666666666669 -0.46875 -0.45833333333333331 -0.44791666666666669 
-0.4375 -0.42708333333333331 -0.41666666666666669 -0.40625 
-0.39583333333333331 -0.38541666666666669 -0.375 -0.36458333333333331 
-0.35416666666666669 -0.34375 -0.33333333333333331 -0.32291666666666669 
-0.3125 -0.30208333333333331 -0.29166666666666669 -0.28125 
-0.27083333333333331 -0.26041666666666669 -0.25 -0.23958333333333334 
-0.22916666666666666 -0.21875 -0.20833333333333334 -0.19791666666666666 
-0.1875 -0.17708333333333334 -0.16666666666666666 -0.15625 
-0.14583333333333334 -0.13541666666666666 -0.125 -0.11458333333333333 
-0.10416666666666667 -0.09375 -0.083333333333333329 -0.072916666666666671 
-0.0625 -0.052083333333333336 -0.041666666666666664 -0.03125 
-0.020833333333333332 -0.010416666666666666 0 0.010416666666666666 
0.020833333333333332 0.03125 0.041666666666666664 0.052083333333333336 0.0625 
0.072916666666666671 0.083333333333333329 0.09375 0.10416666666666667 
0.11458333333333333 0.125 0.13541666666666666 0.14583333333333334 0.15625 
0.16666666666666666 0.17708333333333334 0.1875 0.19791666666666666 
0.20833333333333334 0.21875 0.22916666666666666 0.23958333333333334 0.25 
0.26041666666666669 0.27083333333333331 0.28125 0.29166666666666669 
0.30208333333333331 0.3125 0.32291666666666669 0.33333333333333331 0.34375 
0.35416666666666669 0.36458333333333331 0.375 0.38541666666666669 
0.39583333333333331 0.40625 0.41666666666666669 0.42708333333333331 0.4375 
0.44791666666666669 0.45833333333333331 0.46875 0.47916666666666669 
0.48958333333333331 0.5 0.51041666666666663 0.52083333333333337 0.53125 
0.54166666666666663 0.55208333333333337 0.5625 0.57291666666666663 
0.58333333333333337 0.59375 0.60416666666666663 0.61458333333333337 0.625 
0.63541666666666663 0.64583333333333337 0.65625 0.66666666666666663 
0.67708333333333337 0.6875 0.69791666666666663 0.70833333333333337 0.71875 
0.72916666666666663 0.73958333333333337 0.75 0.76041666666666663 
0.77083333333333337 0.78125 0.79166666666666663 0.80208333333333337 0.8125 
0.82291666666666663 0.83333333333333337 0.84375 0.85416666666666663 
0.86458333333333337 0.875 0.88541666666666663 0.89583333333333337 0.90625 
0.91666666666666663 0.92708333333333337 0.9375 0.94791666666666663 
0.95833333333333337 0.96875 0.97916666666666663 0.98958333333333337
##$PVM_EncGenTotalSteps=192
##$PVM_EncGenLoopOuter=1
##$PVM_NEchoImages=11
##$ConstNEchoes=No
##$NEchoesPerEchoImage=( 11 )
@11*(1)
##$NEchoes=11
##$PVM_EffSWh=74626.86567164179
##$EncGradDur=0.92563504274198094
##$PVM_AcquisitionTime=2.5728
##$PVM_MinEchoTime=6.9682926936523977
##$RepetitionSpoiler=(Yes, 4, 0.65500000000000003, 29.716970999219146)
##$EchoSpoilingAuto=Yes
##$EchoSpoilingSlice=1
##$EchoSpoilingSliceEff=1
##$EchoSpoilingRead=0.25
##$EchoSpoilingReadEff=0.25
##$PVM_Isotropic=Isotropic_None
##$PVM_Fov=( 2 )
20 20
##$PVM_FovCm=( 2 )
2 2
##$PVM_SpatResol=( 2 )
0.10416666666666667 0.10416666666666667
##$PVM_SliceThick=1
##$PVM_ObjOrderScheme=Interlaced
##$PVM_ObjOrderList=( 5 )
0 2 4 1 3
##$PVM_NSPacks=1
##$PVM_SPackArrNSlices=( 1 )
5
##$PVM_MajSliceOri=No
##$PVM_SPackArrSliceOrient=( 1 )
axial
##$PVM_SPackArrReadOrient=( 1 )
L_R
##$PVM_SPackArrReadOffset=( 1 )
0.11712134775704393
##$PVM_SPackArrPhase1Offset=( 1 )
0
##$PVM_SPackArrPhase2Offset=( 1 )
0
##$PVM_SPackArrSliceOffset=( 1 )
-2.2250689639075683
##$PVM_SPackArrSliceGapMode=( 1 )
non_contiguous
##$PVM_SPackArrSliceGap=( 1 )
0.30000000000000004
##$PVM_SPackArrSliceDistance=( 1 )
1.3
##$PVM_SPackArrGradOrient=( 1, 3, 3 )
-0.99939082701909576 0 0.034899496702500969 0 -1 0 0.034899496702500969 0 
0.99939082701909576
##$PVM_SliceGeo=( 1 )
(((-0.99939082701909576 0 -0.034899496702500969 0 1 0 0.034899496702500969 0 
-0.99939082701909576, -0.19470378756523268 0 2.2196260359242679, 0 0 0), 20 
20 6.2000000000000002, <+R;read> <+P;phase> <+S;slice>, 0), 5, 1, 256, 1, 0, 
No)
##$PVM_SliceGeoObj=(<BRUKER_SLICEPACKAGE>, GeoCuboidPackId, Standard_GobjShape,
 <PVM_SliceGeo>, <PVM_ObjOrderList>, 0, <R;read> <P;phase> <S;slice>, Yes, 
4195848)
##$PVM_EffPhase0Offset=( 5 )
0.11712134775704394 0.11712134775704394 0.11712134775704394 
0.11712134775704394 0.11712134775704394
##$PVM_EffPhase1Offset=( 5 )
0 0 0 0 0
##$PVM_EffPhase2Offset=( 5 )
0 0 0 0 0
##$PVM_EffSliceOffset=( 5 )
-4.8250689639075688 -3.525068963907569 -2.2250689639075687 
-0.92506896390756843 0.37493103609243139
##$PVM_EffReadOffset=( 5 )
0.11712134775704394 0.11712134775704394 0.11712134775704394 
0.11712134775704394 0.11712134775704394
##$PVM_Phase0Offset=( 5 )
0.11712134775704394 0.11712134775704394 0.11712134775704394 
0.11712134775704394 0.11712134775704394
##$PVM_Phase1Offset=( 5 )
0 0 0 0 0
##$PVM_Phase2Offset=( 5 )
0 0 0 0 0
##$PVM_SliceOffset=( 5 )
-4.8250689639075688 -3.525068963907569 -2.2250689639075687 
-0.92506896390756843 0.37493103609243139
##$PVM_ReadOffset=( 5 )
0.11712134775704394 0.11712134775704394 0.11712134775704394 
0.11712134775704394 0.11712134775704394
##$PVM_DummyScans=1
##$PVM_DummyScansDur=2200
##$PVM_TriggerModule=Off
##$PVM_TriggerMode=per_PhaseStep
##$PVM_TriggerDelay=1
##$PVM_TriggerDur=0.01
##$PVM_TriggerModuleTime=0
##$PVM_EvolutionOnOff=Off
##$PVM_NEvolutionCycles=2
##$PVM_EvolutionCycles=1
##$PVM_EvolutionMode=Constant_Delay
##$PVM_EvolutionTime=( 2 )
1 0
##$PVM_EvolutionDelay=1
##$PVM_EvolutionModuleTime=0
##$PVM_SelIrOnOff=Off
##$PVM_FatSupOnOff=Off
##$PVM_FatSupPulEnum=<gauss512>
##$PVM_FatSupPul=(1.9571428571428569, 1400, 90, No, 4, 2740, 
0.41506880000000002, 0.29535713748727183, 0, 50, 4.1028733967757107, 
<gauss512.exc>)
##$PVM_FatSupPulAmpl=(4.1028733967757107, 14.322837352940427, 
-6.130881160578209)
##$PVM_FatSupBandWidth=1400
##$PVM_FatSupSpoil=(Yes, 3, 0.39300000000000002, 37.146213749023929)
##$PVM_FatSupModuleTime=0
##$PVM_FatSupPerform=No
##$PVM_FatSupRampTime=0.13100000000000001
##$PVM_FatSupGradWait=0.01
##$PVM_FatSupFL=( 1 )
-1401.3259476444305
##$PVM_FatSupRfLength=1957.1428571428569
##$PVM_FatSupSpoilDur=0.39300000000000002
##$PVM_FatSupSpoilAmp=37.146213749023929
##$PVM_SatTransOnOff=Off
##$PVM_SatTransType=MTC
##$PVM_SatTransPulse=(1.8266666666666667, 1500, 117.09999999999999, No, 3, 
2740, 0.4181723, 0.29872376467597078, 0, 50, 7.8554847523852356, <gauss.exc>)
##$PVM_SatTransPulseEnum=<gauss>
##$PVM_SatTransPulseAmpl_uT=10.001764446036766
##$PVM_SatTransFreqInput=by_value
##$PVM_SatTransFreqUnit=unit_hz
##$PVM_SatTransFreqValues=( 1 )
1500
##$PVM_SatTransFreqRanges=( 1, 3 )
0 0 0
##$PVM_SatTransInterPulseDelay=0.01
##$PVM_SatTransNPulses=1
##$PVM_SatTransSpoil=(Yes, 5, 2, 12.165385002805337)
##$PVM_SatTransModuleTime=0
##$PVM_SatTransModuleMeanRFPower=1077.6399465899501
##$PVM_SatTransPowerList=( 1 )
7.8554847523852356
##$PVM_SatTransRepetitions=1
##$PVM_SatTransRefScan=Off
##$PVM_SatTransFL=( 1 )
1500
##$PVM_StD0=9.9999999999999995e-07
##$PVM_StD1=9.9999999999999995e-07
##$PVM_StD2=9.9999999999999995e-07
##$PVM_StD3=9.9999999999999995e-07
##$PVM_StP0=10
##$PVM_FovSatOnOff=Off
##$PVM_FovSatPulEnum=<Calculated>
##$PVM_FovSatPul=(1.2, 5000, 90, Yes, 4, 6000, 0.15558072029082534, 
0.13562335619905388, 0, 50, 77.67822650783387, <$PVM_FovSatPulShape>)
##$PVM_FovSatPulAmpl=(77.67822650783387, 62.321034373570001, 
-18.902993015207787)
##$PVM_FovSatNSlices=1
##$PVM_FovSatThick=( 1 )
4
##$PVM_FovSatOffset=( 1 )
0
##$PVM_FovSatSpoil=(Yes, 10, 0.80000000000000004, 15.206731253506673)
##$PVM_FovSatSpoilDur=0.66900000000000004
##$PVM_FovSatSpoilAmp=15.206731253506673
##$PVM_FovSatModuleTime=0
##$PVM_FovSatGrad=( 1, 3 )
6.0826925014026685 0 0
##$PVM_FovSatRampTime=0.13100000000000001
##$PVM_FovSatGradWait=0.01
##$PVM_FovSatSliceOri=( 1 )
sagittal
##$PVM_FovSatSliceVec=( 1, 3 )
1 0 0
##$PVM_FovSatFL=( 1 )
0
##$PVM_FovSatRfLength=1200
##$PVM_FovSatGeoObj=(<BRUKER_FOVSAT>, GeoPlanarId, Standard_GobjShape, 
<PVM_FovSatGeoCub>, <>, 0, <1;first> <2;second> <S;slice>, Yes, 524384)
##$PVM_FovSatGeoCub=( 1 )
(((0 -1 0 0 0 -1 1 0 0, 0 0 0, 0 0 0), 50 50 4, <+1;first> <+2;second> 
<+S;slice>, 0), 1, 1, 1, 4, 0, No)
##$PVM_InFlowSatOnOff=Off
##$PVM_InFlowSatNSlices=1
##$PVM_InFlowSatThick=( 1 )
4
##$PVM_InFlowSatMinThick=0.24330770005610675
##$PVM_InFlowSatSliceGap=1
##$PVM_FlowSatGeoObj=(<BRUKER_FLOWSAT>, GeoPlanarId, Standard_GobjShape, 
<PVM_FlowSatGeoCub>, <>, 0, <1;first> <2;second> <S;slice>, Yes, 553191)
##$PVM_FlowSatGeoCub=( 1 )
(((-1 0 0 0 1 0 0 0 -1, 0 0 -7.3499999999999996, 0 0 0), 42 42 4, <+1;first> 
<+2;second> <+S;slice>, 0), 1, 1, 1, 4, 0, No)
##$PVM_FlowSatPulEnum=<Calculated>
##$PVM_FlowSatPul=(1.2, 5000, 90, Yes, 4, 6000, 0.15558072029082534, 
0.13562335619905388, 0, 50, 77.67822650783387, <$PVM_FlowSatPulShape>)
##$PVM_FlowSatPulAmpl=(77.67822650783387, 62.321034373570001, 
-18.902993015207787)
##$PVM_InFlowSatSpoil=(Yes, 5, 0.39300000000000002, 15.477589062093303)
##$PVM_InFlowSatPos=up
##$PVM_InFlowSatModuleTime=0
##$PVM_InFlowSatFL=( 5 )
-1656.336204884461 1593.6637951155392 4843.663795115539 -31.336204884461203 
3218.6637951155394
##$PVM_SfD0=0.00013100000000000001
##$PVM_SfD2=0.00039300000000000001
##$PVM_SfP0=1200
##$PVM_SfLp0=1
##$PVM_MotionSupOnOff=Off
##$PVM_FlipBackOnOff=On
##$PVM_DriftCompYesNo=No
##$PVM_DriftCompStore=No
##$PVM_DriftCompUpdateTime=2200
##$PVM_DriftCompNavOnOff=On
##$PVM_DriftCompModuleTime=0
##$PVM_DriftCompNavPoints=96
##$PVM_DriftCompNavPulse=(0.54800000000000004, 5000, 1, No, 3, 2740, 0.4181723,
 0.29872376467597078, 0, 50, 0.0063652679518327922, <gauss.exc>)
##$PVM_DriftCompNavPulseEnum=<gauss>
##$PVM_DriftCompNavSWh=74626.86567164179
##$PVM_DriftCompNavSpoilYesNo=No
##$PVM_DriftCompNavSpoil=(Yes, 1, 1, 10)
##$PVM_DriftCompStickFreq=No
##$PVM_DriftCompNavD1=1.2864
##$PVM_DriftCompNavD2=0
##$PVM_DriftCompNavD3=0.044999999999999998
##$PVM_DriftCompNavD4=0.065000000000000002
##$PVM_DriftCompNavD5=0
##$PVM_DriftCompNavP0=548
##$PVM_MapShimReady=Yes
##$PVM_MapShimLocShim=No
##$PVM_MapShimStatus=( 128 )
<No map acquired. Mapshim ready.>
##$PVM_MapShimFailure=( 7, 57 )
<Failed to retrieve "PVM_StudyB0MapShimSets" (code: -1)> 
<"PVM_StudyB0MapShimSets" has no value!> <Failed to retrieve 
"PVM_StudyB0MapAtsOffsets" (code: -1)> <"PVM_StudyB0MapAtsOffsets" has no 
value!> <Failed to retrieve "PVM_StudyB0Maps" (code: -1)> <"PVM_StudyB0Maps" 
has no value!> <Mapshim is possible.>
##$PVM_MapShimCalcStat=( 256 )
<Not Calculated.>
##$PVM_DynamicShim=( 1, 10 )
0 0 0 0 0 0 0 0 0 0
##$PVM_MapShimNVolumes=1
##$PVM_MapShimVolShape=Cuboid
##$PVM_ReqShimEnum=Current_Shim
##$PVM_MapShimUseShims=AllShims
##$PVM_MapShimVolDerive=No
##$PVM_MapShimVolMargin=( 3 )
0 0 0
##$PVM_DynamicShimEnable=No
##$PVM_DynamicShimConstrainToFast=No
##$PVM_DynamicShimSliceMargin=1
##$PVM_DynamicShimEventDuration=30
##$PVM_AtsNpos=1
##$PVM_AtsOverlap=0
##$PVM_AtsShifts=( 1 )
0
##$PVM_AtsPositions=( 1 )
-0
##$PVM_AtsCentralSetup=Yes
##$PVM_AtsScanPosition=-0
##$PVM_AtsCentralEndPos=Yes
##$PVM_AtsCenterPos=-0
##$PVM_AtsFov=6.1962231275183939
##$PVM_AtsResol=-1.2992080751248245
##$PVM_AtsMultiPosSupported=Yes
##$PVM_AutoRg=( 1 )
(<job0>, 50.799999999999997)
##$PVM_RampTime=0.10000000000000001
##$PVM_RiseTime=0.13100000000000001
##$PVM_DynamicShimRisetime=10
##$PVM_RgJob=<job0>
##$PVM_RgValue=50.799999999999997
$$ @vis= MethodFileGroup MethodClass Method MethManagGroup PVM_GeoObj
$$ @vis= PVM_StudyInstrumentPosition PVM_ExportHandler MethodAtsRefPosGroup
$$ @vis= PVM_AtsBedPositionMode PVM_AtsChangeRefPos PVM_AtsRefGeoObj
$$ @vis= PVM_AtsRefGeoCub PVM_AtsRefPosTransferred PVM_EchoTime EffectiveTE
$$ @vis= PVM_RareFactor PVM_RepetitionTime PVM_NAverages PVM_NRepetitions
$$ @vis= PVM_ScanTimeStr PVM_DeriveGains RF_Pulses ExcPulse1Enum ExcPulse1
$$ @vis= RefPulse1Enum RefPulse1 Nuclei PVM_GradCalConst PVM_Nucleus1Enum
$$ @vis= PVM_Nucleus1 PVM_RefPowMod1 PVM_RefPowCh1 PVM_RefPowStat1 PVM_FrqRef
$$ @vis= PVM_FrqWorkOffset PVM_FrqWork PVM_FrqRefPpm PVM_FrqWorkOffsetPpm
$$ @vis= PVM_FrqWorkPpm PVM_NucleiPpmWork PVM_TxCoilScMode1 PVM_TxCoilAdjStat1
$$ @vis= PVM_TxCoilAmpScaling1 PVM_TxCoilPhaseOffset1 Encoding PVM_EncGenOpt
$$ @vis= PVM_EncGenEllipse PVM_MbEncAccelFactor PVM_MbEncBlipFactor
$$ @vis= PVM_EncGen3D PVM_EncGen4D PVM_EncGenPpi PVM_EncGenCaipirinha
$$ @vis= PVM_EncGenTCaipirinha PVM_EncVirtualCoils PVM_EncCS PVM_EncCSNumRef
$$ @vis= PVM_EncCSGradOpt PVM_EncCSEllipse PVM_EncPftAlgorithm PVM_IsEpiScan
$$ @vis= PVM_SpatDimEnum PVM_IsotropicFovRes PVM_Matrix PVM_MinMatrix
$$ @vis= PVM_MaxMatrix PVM_DefMatrix PVM_AntiAlias PVM_MaxAntiAlias
$$ @vis= PVM_EncSpectroscopy PVM_EncUseMultiRec PVM_EncActReceivers PVM_EncZf
$$ @vis= PVM_EncPft PVM_EncPftOverscans PVM_EncPpi PVM_EncOrder PVM_EncStart
$$ @vis= Encoding_Output PVM_EncNReceivers PVM_EncAvailReceivers
$$ @vis= PVM_EncChanScaling PVM_EncChanPhase PVM_EncMatrix PVM_EncTotalAccel
$$ @vis= PVM_EncSteps1 PVM_EncCentralStep1 PVM_EncValues1 PVM_EncGenSteps0
$$ @vis= PVM_EncGenSteps1 PVM_EncGenSteps2 PVM_EncGenValues1
$$ @vis= PVM_EncGenTotalSteps PVM_EncGenLoopOuter Echoes PVM_NEchoImages
$$ @vis= ConstNEchoes NEchoesPerEchoImage NEchoes Sequence_Details PVM_EffSWh
$$ @vis= EncGradDur PVM_AcquisitionTime PVM_MinEchoTime PVM_MinFov
$$ @vis= PVM_MinSliceThick RepetitionSpoiler EchoSpoilingAuto
$$ @vis= EchoSpoilingSlice EchoSpoilingSliceEff EchoSpoilingRead
$$ @vis= EchoSpoilingReadEff ImageGeometry PVM_Isotropic PVM_Fov PVM_SpatResol
$$ @vis= PVM_SliceThick PVM_ObjOrderScheme PVM_ObjOrderList PVM_NSPacks
$$ @vis= PVM_SPackArrNSlices PVM_MajSliceOri PVM_SPackArrSliceOrient
$$ @vis= PVM_SPackArrReadOrient PVM_SPackArrReadOffset
$$ @vis= PVM_SPackArrPhase1Offset PVM_SPackArrSliceOffset
$$ @vis= PVM_SPackArrSliceGapMode PVM_SPackArrSliceGap
$$ @vis= PVM_SPackArrSliceDistance PVM_SliceGeo PVM_SliceGeoObj
$$ @vis= SliceOffsetPars Preparation DummyScans_Parameters PVM_DummyScans
$$ @vis= PVM_DummyScansDur PVM_TriggerModule PVM_EvolutionOnOff PVM_SelIrOnOff
$$ @vis= PVM_SelIrInvTime PVM_SelIrNSlabs PVM_SelIrSlabThick PVM_SelIrMinThick
$$ @vis= PVM_SelIrSlabOffset PVM_SelIrPulEnum PVM_SelIrPul PVM_SelIrPulAmpl
$$ @vis= PVM_SelIrSpoiler PVM_SelIrModuleTime PVM_SelIrOffsetHz PVM_SelIrGrad
$$ @vis= PVM_SelIrFL PVM_SelIrD0 PVM_SelIrD1 PVM_SelIrD2 PVM_SelIrD4
$$ @vis= PVM_SelIrP0 PVM_SelIrL0 PVM_FatSupOnOff PVM_SatTransOnOff
$$ @vis= PVM_FovSatOnOff Fov_Sat_Parameters PVM_InFlowSatOnOff
$$ @vis= PVM_FlipBackOnOff DriftComp_Parameters PVM_DriftCompYesNo
$$ @vis= PVM_DriftCompNavOnOff PVM_DriftCompNavD1 PVM_DriftCompNavD2
$$ @vis= PVM_DriftCompNavD3 PVM_DriftCompNavD4 PVM_DriftCompNavD5
$$ @vis= PVM_DriftCompNavP0 MapShim PVM_MapShimReady PVM_MapShimStatus
$$ @vis= PVM_MapShimFailure PVM_DynamicShim PVM_MapShimNVolumes
$$ @vis= PVM_ReqShimEnum PVM_DynamicShimConstrainToFast MethodAtsGroup
$$ @vis= PVM_AtsNpos PVM_AtsScanPosition PVM_AtsCenterPos PVM_AtsMultiPosFov
$$ @vis= PVM_AtsMultiPosSupported PVM_AutoRg PVM_RampTime PVM_RiseTime
$$ @vis= PVM_DynamicShimRisetime RgGroup PVM_RgJob PVM_RgValue
##END=
$$ File finished by PARX at 2024-07-25 09:46:27.792 +0200
