##TITLE=Parameter List, ParaVision 360 V3.6
##JCAMPDX=4.24
##DATATYPE=Parameter Values
##ORIGIN=Bruker BioSpin GmbH & Co. KG
##OWNER=nmrsu
$$ Write Options: Symbolic Enums, RLE encoded arrays, symbol visibility
$$ 2024-07-25 09:59:10.055 +0200  nmrsu@host
$$ /opt/nmrdata/PV-360.3.6/data/nmrsu/20240725_090212_std_PV360_3_6_94T_protocols_1_1/13/acqp
$$ process /opt/PV-360.3.6/prog/bin/parxserver
##$ACQ_protocol_name=( 64 )
<T2star_FID_EPI>
##$ACQ_scan_name=( 64 )
<T2star_FID_EPI (E13)>
##$ACQ_method=( 40 )
<Bruker:EPI>
##$ACQ_patient_pos=Head_Prone
##$ACQ_abs_time=(1721894346, 344, 120)
##$ACQ_operator=( 16 )
<nmrsu>
##$ACQ_institution=( 48 )
<Bruker BioSpin>
##$ACQ_station=( 64 )
<System C1 94/17 Maxwell PET/MR>
##$ACQ_system_order_number=( 24 )
<0>
##$ACQ_sw_version=( 65 )
<PV-360.3.6>
##$ACQ_contrast_agent=( 20 )
<>
##$ACQ_AtsOffsetsSize=1
##$ACQ_AtsOffsets=( 1 )
-0
##$ACQ_AtsAbsolutePosition=762.14800000000002
##$ACQ_AtsCenterDistance=369.35388739293921
##$ACQ_AtsCurrentOffset=-0.00088739293914841255
##$ACQ_AtsCoverOpen=Yes
##$SIMUL_ExperimentDurationFactor=0.10000000000000001
##$GOSI_RepetitionTime=2000
##$PULPROG=( 32 )
<EPI.ppg>
##$ACQ_experiment_mode=SingleExperiment
##$ACQ_DS_enabled=Yes
##$ACQ_switch_pll_enabled=No
##$ACQ_GradRes=1
##$ACQ_dim_desc=( 2 )
Spatial Spatial
##$ACQ_size=( 2 )
1024 1
##$ACQ_ns_list_size=1
##$ACQ_ns=1
##$ACQ_ns_list=( 1 )
1
##$ACQ_phase_factor=1
##$ACQ_scan_size=ACQ_phase_factor_scans
##$NI=5
##$NA=1
##$NAE=1
##$NR=1
##$DS=0
##$SW_h=0
##$ACQ_O1_list_size=5
##$ACQ_O1_list=( 5 )
-10020.859935441187 -4520.8599354411863 979.14006455881349 
-7270.8599354411863 -1770.8599354411865
##$ACQ_O1B_list_size=5
##$ACQ_O1B_list=( 5 )
0 0 0 0 0
##$ACQ_O2_list_size=1
##$ACQ_O2_list=( 1 )
0
##$ACQ_O3_list_size=1
##$ACQ_O3_list=( 1 )
0
##$NUCLEUS=( 8 )
<1H>
##$ACQ_vd_list_size=0
##$ACQ_vp_list_size=0
##$ACQ_completed=Yes
##$ACQ_word_size=_32_BIT
##$NECHOES=1
##$ACQ_n_echo_images=1
##$ACQ_n_movie_frames=1
##$ACQ_echo_descr=( 1, 20 )
<>
##$ACQ_movie_descr=( 1, 20 )
<>
##$ACQ_fov=( 2 )
2 2
##$ACQ_read_ext=1
##$ACQ_slice_angle=( 1 )
1.9999999999999472
##$ACQ_slice_orient=Arbitrary_Oblique
##$ACQ_read_offset=( 5 )
0.17271134450830017 0.17271134450830017 0.17271134450830017 
0.17271134450830017 0.17271134450830017
##$ACQ_phase1_offset=( 5 )
1.2890623603016143 1.2890623603016143 1.2890623603016143 1.2890623603016143 
1.2890623603016143
##$ACQ_phase2_offset=( 5 )
0 0 0 0 0
##$ACQ_slice_sepn=( 1 )
1.25
##$ACQ_slice_sepn_mode=Contiguous
##$ACQ_slice_thick=1
##$ACQ_slice_offset=( 5 )
-4.5549363342914484 -3.3049363342914484 -2.0549363342914484 
-0.8049363342914484 0.4450636657085516
##$ACQ_obj_order=( 5 )
0 2 4 1 3
##$ACQ_flip_angle=90
##$ACQ_echo_time=( 1 )
24.5
##$ACQ_inter_echo_time=( 1 )
0.61439999999999995
##$ACQ_recov_time=( 1 )
1998.090909090909
##$ACQ_inversion_time=( 1 )
0
##$ACQ_temporal_delay=( 1 )
0
##$ACQ_time_points=( 1 )
0
##$ACQ_RF_power=0
##$ACQ_transmitter_coil=( 16 )
<>
##$ACQ_position_X=0
##$ACQ_position_Y=0
##$ACQ_position_Z=0
##$BYTORDA=little
##$ACQ_adc_overflow=( 1 )
No
##$GRPDLY=-1
##$FRQLO3=0
##$FQ1LIST=( 16 )
<ACQ_O1_list>
##$FQ2LIST=( 16 )
<ACQ_O2_list>
##$FQ3LIST=( 16 )
<ACQ_O3_list>
##$FQ8LIST=( 16 )
<ACQ_O1B_list>
##$HPPRGN=normal
##$LOCNUC=( 8 )
<off>
##$SOLVENT=( 16 )
<>
##$DE=4.75
##$ACQ_scaling_read=1
##$ACQ_scaling_phase=1
##$ACQ_scaling_slice=1
##$ACQ_grad_matrix_size=5
##$ACQ_grad_matrix=( 5, 3, 3 )
-0.99939082701909576 0 -0.034899496702500969 0 1 0 0.034899496702500969 0 
-0.99939082701909576 -0.99939082701909576 0 -0.034899496702500969 0 1 0 
0.034899496702500969 0 -0.99939082701909576 -0.99939082701909576 0 
-0.034899496702500969 0 1 0 0.034899496702500969 0 -0.99939082701909576 
-0.99939082701909576 0 -0.034899496702500969 0 1 0 0.034899496702500969 0 
-0.99939082701909576 -0.99939082701909576 0 -0.034899496702500969 0 1 0 
0.034899496702500969 0 -0.99939082701909576
##$ACQ_GradientMatrixSize=5
##$ACQ_GradientMatrix=( 5, 3, 3 )
-0.99939082701909576 0 -0.034899496702500969 0 1 0 0.034899496702500969 0 
-0.99939082701909576 -0.99939082701909576 0 -0.034899496702500969 0 1 0 
0.034899496702500969 0 -0.99939082701909576 -0.99939082701909576 0 
-0.034899496702500969 0 1 0 0.034899496702500969 0 -0.99939082701909576 
-0.99939082701909576 0 -0.034899496702500969 0 1 0 0.034899496702500969 0 
-0.99939082701909576 -0.99939082701909576 0 -0.034899496702500969 0 1 0 
0.034899496702500969 0 -0.99939082701909576
##$NSLICES=5
##$ACQ_phase_encoding_mode=( 2 )
Read Linear
##$ACQ_phase_enc_start=( 2 )
-1 -1
##$ACQ_gradient_amplitude=( 100 )
10.705538802468697 -5.8427694991536567 12.165385002805337 30 @96*(0)
##$ACQ_ScanPipeJobSettings=( 1 )
(STORE_processed, STORE_32bit_signed, DISPLAY_each_accumulation, LOG_none, 
ACCUM_average, 0, 0, 0, 0, 5, 5, NORMALIZE_none, PIPELINE_processed, 0, 
STREAMING_none, DISPLAY_CoilsSideBySide, 1)
##$ACQ_SetupPipeJobSettings=( 1 )
(DISPLAY_each_accumulation, 5)
##$ACQ_ScanInnerAccumWeights=( 1, 1 )
0
##$ACQ_ScanOuterAccumWeights=( 1, 1 )
0
##$ACQ_ScanOnlineReco=Yes
##$ACQ_ScanTagFilterLength=( 8 )
0 0 0 0 0 0 0 0
##$ACQ_ScanFtDisplay=No
##$ACQ_jobs_size=1
##$ACQ_repetition_time=( 1 )
2000
##$ACQ_scan_type=Scan_Experiment
##$ACQ_DebugOptions=(20, 0, No)
##$ACQ_TriggerTimeout=(30, No, No)
##$ACQ_dim=2
##$ACQ_RxFilterDefaultOptions=( 1 )
(Yes, No)
##$ACQ_SetupRecoDisplay=Yes
##$ACQ_SetupDim=2
##$ACQ_SetupImageType=MAGNITUDE_IMAGE
##$ACQ_SetupOnlineReco=Yes
##$ACQ_SetupShowDigFilling=Yes
##$ACQ_SetupType=Spectrometer_Parameters
##$ACQ_SetupFtDisplay=No
##$ACQ_RxFilterSettings=( 1 )
(HwFilter_Bypass2, SwFilter_LowPassSharp_Decim, 192, 6, 5, 456, 
SwDataExt_Zero, 0)
##$ACQ_RxFilterInfo=( 1 )
(0, 76.833333333333329, 12, 17.084962500721154, 31)
##$ACQ_jobs=( 1 )
(20480, 5, 5, 5, 40.299999999999997, 208333.33333333334, 5, 1, <job0>)
##$ACQ_preload=0
##$ACQ_branch_preload=( 10, 2 )
@18*(1000000) 500 500
##$ACQ_ReceiverSelect=( 7 )
No No No Yes Yes Yes Yes
##$ACQ_ReceiverSelectPerChan=( 1, 7 )
No No No Yes Yes Yes Yes
##$ACQ_TxSguSelect=( 7 )
No Yes Yes No No No No
##$ACQ_RfShapes=( 64 )
(<$ExcPulseShape>, 13.300218493619251, 0, 0.5, 1, 0 100 100 @21*(0), 0 0 90 
@21*(0)) (<$RefPulseShape>, 159.15930855590145, 0, 0, 1, 0 100 100 @21*(0), 0 
0 90 @21*(0)) (<>, 0, 0, 0.5, 0, @24*(0), @24*(0)) (<>, 0, 0, 0.5, 0, @24*(0),
 @24*(0)) (<>, 0, 0, 0.5, 0, @24*(0), @24*(0)) (<>, 0, 0, 0.5, 0, @24*(0), 
@24*(0)) (<>, 0, 0, 0.5, 0, @24*(0), @24*(0)) (<>, 0, 0, 0.5, 0, @24*(0), 
@24*(0)) (<>, 0, 0, 0.5, 0, @24*(0), @24*(0)) (<>, 0, 0, 0.5, 0, @24*(0), 
@24*(0)) (<>, 0, 0, 0.5, 0, @24*(0), @24*(0)) (<>, 0, 0, 0.5, 0, @24*(0), 
@24*(0)) (<>, 0, 0, 0.5, 0, @24*(0), @24*(0)) (<>, 0, 0, 0.5, 0, @24*(0), 
@24*(0)) (<>, 0, 0, 0.5, 0, @24*(0), @24*(0)) (<>, 0, 0, 0.5, 0, @24*(0), 
@24*(0)) (<>, 0, 0, 0.5, 0, @24*(0), @24*(0)) (<>, 0, 0, 0.5, 0, @24*(0), 
@24*(0)) (<>, 0, 0, 0.5, 0, @24*(0), @24*(0)) (<>, 0, 0, 0.5, 0, @24*(0), 
@24*(0)) (<>, 0, 0, 0.5, 0, @24*(0), @24*(0)) (<>, 0, 0, 0.5, 0, @24*(0), 
@24*(0)) (<>, 0, 0, 0.5, 0, @24*(0), @24*(0)) (<>, 0, 0, 0.5, 0, @24*(0), 
@24*(0)) (<>, 0, 0, 0.5, 0, @24*(0), @24*(0)) (<>, 0, 0, 0.5, 0, @24*(0), 
@24*(0)) (<>, 0, 0, 0.5, 0, @24*(0), @24*(0)) (<>, 0, 0, 0.5, 0, @24*(0), 
@24*(0)) (<>, 0, 0, 0.5, 0, @24*(0), @24*(0)) (<>, 0, 0, 0.5, 0, @24*(0), 
@24*(0)) (<>, 0, 0, 0.5, 0, @24*(0), @24*(0)) (<>, 0, 0, 0.5, 0, @24*(0), 
@24*(0)) (<>, 0, 0, 0.5, 0, @24*(0), @24*(0)) (<>, 0, 0, 0.5, 0, @24*(0), 
@24*(0)) (<>, 0, 0, 0.5, 0, @24*(0), @24*(0)) (<>, 0, 0, 0.5, 0, @24*(0), 
@24*(0)) (<>, 0, 0, 0.5, 0, @24*(0), @24*(0)) (<>, 0, 0, 0.5, 0, @24*(0), 
@24*(0)) (<>, 0, 0, 0.5, 0, @24*(0), @24*(0)) (<>, 0, 0, 0.5, 0, @24*(0), 
@24*(0)) (<gauss512.exc>, 4.1028733967757107, 0, 0.5, 1, 0 100 100 @21*(0), 0 
0 90 @21*(0)) (<$PVM_FovSatPulShape>, 77.67822650783387, 0, 0.5, 1, 0 100 100 
@21*(0), 0 0 90 @21*(0)) (<>, 0, 0, 0.5, 0, @24*(0), @24*(0)) (<>, 0, 0, 0.5, 
0, @24*(0), @24*(0)) (<>, 0, 0, 0.5, 0, @24*(0), @24*(0)) (<bp.exc>, 
67.688261195719633, 0, 0.5, 1, 0 100 100 @21*(0), 0 0 90 @21*(0)) (<>, 0, 0, 
0.5, 0, @24*(0), @24*(0)) (<>, 0, 0, 0.5, 0, @24*(0), @24*(0)) (<>, 0, 0, 0.5,
 0, @24*(0), @24*(0)) (<>, 0, 0, 0.5, 0, @24*(0), @24*(0)) (<>, 0, 0, 0.5, 0, 
@24*(0), @24*(0)) (<>, 0, 0, 0.5, 0, @24*(0), @24*(0)) (<>, 0, 0, 0.5, 0, 
@24*(0), @24*(0)) (<>, 0, 0, 0.5, 0, @24*(0), @24*(0)) (<>, 0, 0, 0.5, 0, 
@24*(0), @24*(0)) (<>, 0, 0, 0.5, 0, @24*(0), @24*(0)) (<>, 0, 0, 0.5, 0, 
@24*(0), @24*(0)) (<>, 0, 0, 0.5, 0, @24*(0), @24*(0)) (<>, 0, 0, 0.5, 0, 
@24*(0), @24*(0)) (<>, 0, 0, 0.5, 0, @24*(0), @24*(0)) (<>, 0, 0, 0.5, 0, 
@24*(0), @24*(0)) (<>, 0, 0, 0.5, 0, @24*(0), @24*(0)) (<>, 0, 0, 0.5, 0, 
@24*(0), @24*(0)) (<>, 0, 0, 0.5, 0, @24*(0), @24*(0))
##$ACQ_WriteServerIOR=( 445 )
<IOR:010000002600000049444c3a73632e6e6d722e6272756b65722e64652f6163712f41637157726974653a312e300000000100000000000000a0000000010102000d00000031302e35342e33332e313133000020de0e000000fec605a26600007724000000000300000400000000000000080000000100000000545441010000001c000000010000000100010501000000010001050901010001000000090101000300000018000000010000000d0000003134392e3233362e39392e3100002ba00300000014000000010000000a0000003132372e302e302e310091a9>
##$D=( 64 )
0.33962896020516475 0.001869 0.00097050306230758059 0.00014100000000000001 
0.00013100000000000001 0.002 0 0.01226 0 0.0014144545454545453 @54*(0)
##$P=( 64 )
1909.0909090909092 1545.4545454545455 @62*(0)
##$PLW=( 64 )
@64*(0)
##$PH_ref=0
##$BF1=400.38072797888503
##$SFO1=400.38072797888503
##$O1=0
##$BF2=400.39499999999998
##$SFO2=400.39499999999998
##$O2=0
##$BF3=400.39499999999998
##$SFO3=400.39499999999998
##$O3=0
##$BF4=400.39499999999998
##$SFO4=400.39499999999998
##$O4=0
##$BF5=400.39499999999998
##$SFO5=400.39499999999998
##$O5=0
##$BF6=400.39499999999998
##$SFO6=400.39499999999998
##$O6=0
##$BF7=400.39499999999998
##$SFO7=400.39499999999998
##$O7=0
##$BF8=400.39499999999998
##$SFO8=400.39499999999998
##$O8=0
##$NUC1=( 8 )
<1H>
##$NUC2=( 8 )
<off>
##$NUC3=( 8 )
<off>
##$NUC4=( 8 )
<off>
##$NUC5=( 8 )
<off>
##$NUC6=( 8 )
<off>
##$NUC7=( 8 )
<off>
##$NUC8=( 8 )
<off>
##$L=( 32 )
0 0 1 @29*(0)
##$ACQ_DriftCompActive=No
##$ACQ_DriftCompJob=1
##$ACQ_DriftCompFilterWidth=1
##$ACQ_DriftCompStep=1
##$ACQ_DriftCompOffset=0
##$ACQ_DriftCompDebug=No
$$ @vis= ACQP ACQ_COMMON ACQ_protocol_name ACQ_scan_name ACQ_method
$$ @vis= ACQ_patient_pos ACQ_abs_time ACQ_operator ACQ_institution ACQ_station
$$ @vis= ACQ_system_order_number ACQ_sw_version ACQ_contrast_agent
$$ @vis= ACQ_contrast ACQ_ATS ACQ_AtsOffsetsSize ACQ_AtsOffsets
$$ @vis= ACQ_AtsAbsolutePosition ACQ_AtsCenterDistance ACQ_AtsCurrentOffset
$$ @vis= ACQ_AtsCoverOpen ACQ_SIMUL SIMUL_ExperimentDurationFactor
$$ @vis= GOSI_RepetitionTime PULPROG ACQ_experiment_mode ACQ_n_experiments
$$ @vis= ACQ_experiments ACQ_DS_enabled ACQ_switch_pll_enabled ACQ_GradRes
$$ @vis= ACQ_dim_desc ACQ_size ACQ_ns_list_size ACQ_ns ACQ_ns_list
$$ @vis= ACQ_phase_factor ACQ_scan_size NI NA NAE NR DS SW_h ACQ_O1_mode
$$ @vis= ACQ_O1_list_size ACQ_O1_list ACQ_O1B_list_size ACQ_O1B_list
$$ @vis= ACQ_O2_mode ACQ_O2_list_size ACQ_O2_list ACQ_O3_mode ACQ_O3_list_size
$$ @vis= ACQ_O3_list NUCLEUS ACQ_vd_list_size ACQ_vp_list_size ACQ_INFO
$$ @vis= ACQ_completed ACQ_word_size NECHOES ACQ_n_echo_images
$$ @vis= ACQ_n_movie_frames ACQ_echo_descr ACQ_movie_descr ACQ_fov
$$ @vis= ACQ_read_ext ACQ_slice_angle ACQ_slice_orient ACQ_read_offset
$$ @vis= ACQ_phase1_offset ACQ_phase2_offset ACQ_slice_sepn
$$ @vis= ACQ_slice_sepn_mode ACQ_slice_thick ACQ_slice_offset ACQ_obj_order
$$ @vis= ACQ_flip_angle ACQ_echo_time ACQ_inter_echo_time ACQ_recov_time
$$ @vis= ACQ_inversion_time ACQ_temporal_delay ACQ_time_points ACQ_RF_power
$$ @vis= ACQ_transmitter_coil ACQ_position_X ACQ_position_Y ACQ_position_Z
$$ @vis= BYTORDA ACQ_adc_overflow GRPDLY FRQLO3 HIRES FQ1LIST FQ2LIST FQ3LIST
$$ @vis= FQ8LIST HPPRGN LOCNUC SOLVENT AVANCE_PARS DE GRAD_PARS
$$ @vis= ACQ_scaling_read ACQ_scaling_phase ACQ_scaling_slice
$$ @vis= ACQ_grad_matrix_size ACQ_grad_matrix ACQ_GradientMatrixSize
$$ @vis= ACQ_GradientMatrix NSLICES ACQ_phase_encoding_mode
$$ @vis= ACQ_phase_enc_start ACQ_spatial_size_0 ACQ_spatial_phase_0
$$ @vis= ACQ_spatial_size_1 ACQ_spatial_phase_1 ACQ_spatial_size_2
$$ @vis= ACQ_spatial_phase_2 ACQ_gradient_amplitude ACQ_SCAN
$$ @vis= ACQ_ScanPipeJobSettings ACQ_SetupPipeJobSettings
$$ @vis= ACQ_ScanInnerAccumWeights ACQ_ScanOuterAccumWeights
$$ @vis= ACQ_ScanOnlineReco ACQ_ScanTagFilterLength ACQ_ScanFtDisplay
$$ @vis= ACQ_jobs_size ACQ_repetition_time ACQ_scan_type ACQ_DebugOptions
$$ @vis= ACQ_TriggerTimeout ACQ_dim ACQ_RxFilterDefaultOptions ACQ_SETUP
$$ @vis= ACQ_SetupRecoDisplay ACQ_SetupDim ACQ_SetupImageType
$$ @vis= ACQ_SetupOnlineReco ACQ_SetupShowDigFilling ACQ_SetupType
$$ @vis= ACQ_SetupFtDisplay ACQ_CONTROL ACQ_RxFilterSettings ACQ_RxFilterInfo
$$ @vis= ACQ_jobs ACQ_preload ACQ_branch_preload ACQ_ReceiverSelect
$$ @vis= ACQ_ReceiverSelectPerChan ACQ_TxSguSelect ACQ_RfShapes
$$ @vis= ACQ_WriteServerIOR D P PLW PH_ref BF1 SFO1 O1 BF2 SFO2 O2 BF3 SFO3 O3
$$ @vis= BF4 SFO4 O4 BF5 SFO5 O5 BF6 SFO6 O6 BF7 SFO7 O7 BF8 SFO8 O8 NUC1 NUC2
$$ @vis= NUC3 NUC4 NUC5 NUC6 NUC7 NUC8 L Drift ACQ_DriftCompActive
$$ @vis= ACQ_DriftCompJob ACQ_DriftCompFilterWidth ACQ_DriftCompStep
$$ @vis= ACQ_DriftCompOffset ACQ_DriftCompDebug
##END=
$$ File finished by PARX at 2024-07-25 09:59:10.057 +0200
