##TITLE=Parameter List, ParaVision 360 V3.6
##JCAMPDX=4.24
##DATATYPE=Parameter Values
##ORIGIN=Bruker BioSpin GmbH & Co. KG
##OWNER=nmrsu
$$ Write Options: Symbolic Enums, RLE encoded arrays, symbol visibility
$$ 2024-07-25 09:18:04.322 +0200  nmrsu@host
$$ /opt/nmrdata/PV-360.3.6/data/nmrsu/20240725_090212_std_PV360_3_6_94T_protocols_1_1/4/pdata/1/reco
$$ process /opt/PV-360.3.6/prog/bin/parxserver
##$RECO_time=<2024-07-25T09:18:04,238+0200>
##$RECO_abs_time=(1721891884, 238, 120)
##$RECO_base_image_uid=( 65 )
<2.16.756.5.5.200.906653985.1404.1721891330.169>
##$RECO_fov=( 2 )
2 2
##$RECO_size=( 2 )
384 384
##$RecoAutoDerive=No
##$RecoDim=2
##$RecoSpatDim=2
##$RecoObjectsPerRepetition=9
##$RecoObjectsPerSetupStep=9
##$RecoSortObjectsPerRepetition=9
##$RecoNumRepetitions=1
##$RecoNumOutputChan=1
##$RecoDescriptionInSliceCount=1
##$RecoDescriptionSliceCount=9
##$RecoDescriptionOutSliceCount=1
##$RecoEncodingOuterRepetitions=0
##$RecoEncodingFrames=1
##$RecoRepetitionGroupSize=1
##$RecoPreppassProcDim=0
##$RecoPreppassMultiplier=1
##$RECO_inp_order=NO_REORDERING
##$RECO_inp_size=( 2 )
200 288
##$RECO_ft_size=( 2 )
384 384
##$RECO_offset=( 2, 9 )
@18*(0)
##$RECO_qopts=( 2 )
NO_QOPTS NO_QOPTS
##$RECO_wdw_mode=( 2 )
NO_WDW NO_WDW
##$RECO_lb=( 2 )
-0.5 -0.5
##$RECO_sw=( 2 )
0 1
##$RECO_gb=( 2 )
0.5 0.5
##$RECO_sbs=( 2 )
1 1
##$RECO_tm1=( 2 )
0.25 0.25
##$RECO_tm2=( 2 )
0.75 0.75
##$RECO_ft_mode=( 2 )
COMPLEX_FT COMPLEX_FT
##$RECO_pc_mode=( 2 )
FIRST_ORDER_PC FIRST_ORDER_PC
##$RECO_pc_lin=( 2 )
(0, 180) (0, 180)
##$RECO_rotate=( 2, 9 )
0.5 0.5 0.5 0.5 0.5 0.5 0.5 0.5 0.5 0.59374999999999878 0.59374999999999878 
0.59374999999999878 0.59374999999999878 0.59374999999999878 
0.59374999999999878 0.59374999999999878 0.59374999999999878 
0.59374999999999878
##$RECO_ppc_mode=NO_PPC
##$RECO_ppc_degree=1
##$RECO_transposition=( 9 )
0 0 0 0 0 0 0 0 0
##$RECO_image_type=MAGNITUDE_IMAGE
##$RECO_image_threshold=0.14999999999999999
##$RECO_wordtype=_16BIT_SGN_INT
##$RECO_map_mode=ABSOLUTE_MAPPING
##$RECO_map_range=( 2 )
-2147483647 2147483647
##$RECO_map_percentile=( 2 )
1 99.900000000000006
##$RECO_map_error=0.025000000000000001
##$RECO_minima=( 9 )
71.304048758923557 55.712215566794406 78.218215988903211 81.422669575648115 
89.400466456957417 69.704615900537576 78.960999216493306 64.256273105990886 
80.546646683649357
##$RECO_maxima=( 9 )
21965.517467846614 21609.186850948841 24259.982342071246 26590.299604879881 
27849.569217997006 28631.130885758274 32305.463143935769 32766.5 
29980.090929313108
##$RECO_map_min=( 9 )
-33129.068266746377 -33129.068266746377 -33129.068266746377 
-33129.068266746377 -33129.068266746377 -33129.068266746377 
-33129.068266746377 -33129.068266746377 -33129.068266746377
##$RECO_map_max=( 9 )
33129.068266746377 33129.068266746377 33129.068266746377 33129.068266746377 
33129.068266746377 33129.068266746377 33129.068266746377 33129.068266746377 
33129.068266746377
##$RECO_map_offset=( 9 )
0 0 0 0 0 0 0 0 0
##$RECO_map_slope=( 9 )
0.98905588699847902 0.98905588699847902 0.98905588699847902 
0.98905588699847902 0.98905588699847902 0.98905588699847902 
0.98905588699847902 0.98905588699847902 0.98905588699847902
##$RECO_byte_order=littleEndian
##$RecoUserUpdate=Yes
##$RecoReverseSegment=0
##$RecoB0DemodOff=0
##$RecoB0DemodDelay=0
##$RecoFTOrder=( 2 )
1 0
##$RecoHalfFTAlgorithm=POCS
##$RecoHalfFT=( 2 )
Yes Yes
##$RecoHalfFTPos=( 2 )
56 144
##$RecoHalfFTAcq=Yes
##$RecoNoFT=No
##$RecoExportSortedData=No
##$RecoCorrPhase=RecoCorrPhaseOff
##$RecoCorrPhaseRef=-1
##$RECO_map_user_slope=1
##$RECO_map_user_offset=0
##$RecoNumInputChan=4
##$RecoScaleChan=( 4 )
0.99099999999999999 0.96599999999999997 0.98899999999999999 1
##$RecoPhaseChan=( 4 )
348.75999999999999 52.990000000000002 352.43000000000001 21.289999999999999
##$RecoCombineMode=SumOfSquares
##$RecoEncGenInt=4
##$RecoSortDim=2
##$RecoSortSize=( 2 )
288 9
##$RecoSortRange=( 2 )
384 9
##$RecoSortSegment=( 2 )
1 0
##$RecoSortMaps=( 297 )
48 49 50 51 52 53 54 55 56 57 58 59 60 61 62 63 64 65 66 67 68 69 70 71 72 73 
74 75 76 77 78 79 80 81 82 83 84 85 86 87 88 89 90 91 92 93 94 95 96 97 98 99 
100 101 102 103 104 105 106 107 108 109 110 111 112 113 114 115 116 117 118 
119 120 121 122 123 124 125 126 127 128 129 130 131 132 133 134 135 136 137 
138 139 140 141 142 143 144 145 146 147 148 149 150 151 152 153 154 155 156 
157 158 159 160 161 162 163 164 165 166 167 168 169 170 171 172 173 174 175 
176 177 178 179 180 181 182 183 184 185 186 187 188 189 190 191 192 193 194 
195 196 197 198 199 200 201 202 203 204 205 206 207 208 209 210 211 212 213 
214 215 216 217 218 219 220 221 222 223 224 225 226 227 228 229 230 231 232 
233 234 235 236 237 238 239 240 241 242 243 244 245 246 247 248 249 250 251 
252 253 254 255 256 257 258 259 260 261 262 263 264 265 266 267 268 269 270 
271 272 273 274 275 276 277 278 279 280 281 282 283 284 285 286 287 288 289 
290 291 292 293 294 295 296 297 298 299 300 301 302 303 304 305 306 307 308 
309 310 311 312 313 314 315 316 317 318 319 320 321 322 323 324 325 326 327 
328 329 330 331 332 333 334 335 0 2 4 6 8 1 3 5 7
##$RecoGrappaAccelFactor=1
##$RecoGrappaAccelFactor2=1
##$RecoGrappaKernelRead=5
##$RecoGrappaKernelPhase=4
##$RecoGrappaKernelPhase2=4
##$RecoGrappaKernelTime=3
##$RecoGrappaNumRefRead=64
##$RecoGrappaNumRefPhase=0
##$RecoGrappaNumRefPhase2=0
##$RecoGrappaIncludeRefLines=Yes
##$RecoGrappaFirstRepOnly=No
##$RecoGrappaReadCenter=0
##$RecoGrappaPhaseCenter=0
##$RecoGrappaPhaseCenter2=0
##$RecoGrappaTruncThresh=0.01
##$RecoGrappaLambda=0.01
##$RecoGrappaCoefReps=1
##$RecoSliceGrappaAccelFactor=1
##$RecoSliceGrappaBlipValue=1
##$RecoSliceGrappaKernelRead=5
##$RecoSliceGrappaKernelPhase=4
##$RecoSliceGrappaNumRefRead=0
##$RecoSliceGrappaNumRefPhase=0
##$RecoSliceGrappaReadCenter=0
##$RecoSliceGrappaPhaseCenter=0
##$RecoSliceGrappaTruncThresh=0.01
##$RecoSliceGrappaLambda=0.01
##$RecoSliceGrappaOff=No
##$RecoGrappa3D=No
##$RecoGrappaCaipirinha=No
##$RecoGrappaTCaipirinha=No
##$RecoGrappaVirtualCoils=No
##$RecoGrappaVirtualCoilsLambda=2
##$RecoGrappaPeak=No
##$RecoGrappaTimeLoop=No
##$RecoGrappaOne=No
##$RecoGrappaOneLambda=0.10000000000000001
##$RecoSegGrappa=No
##$RecoSegGrappaCalibrateFromB0=No
##$RecoSegGrappaInt=0
##$RecoSegGrappaSegments=1
##$RecoSegGrappaTruncThresh=0.01
##$RecoSegGrappaLambda=0.01
##$RecoSegGrappaLambdaSeg=2
##$RecoItGrappa=1
##$RecoCS=No
##$RecoNnDenoising=No
##$RecoNnCpuOnly=No
##$RecoNnParallelProcessing=1
##$RecoNnDifferenceMode=No
##$RecoNnPatchSizeMax=0
##$RecoNnNdIso=1
##$RecoNnPatchBorder=32
##$RecoNnDenoisingLevel=( 1 )
100
##$RecoNnDataConsistency=( 1 )
0
##$RecoNnDataConsistencyCenter=( 1 )
0
##$RecoNnDataConsistencyRatio=( 1 )
0
##$RecoNnDataConsistencyCenterRatio=( 1 )
0
##$RecoNnDenoisingPre=No
##$RecoNnDenoisingLevelPre=0
##$RecoNnDataConsistencyPre=100
##$RecoNnDataConsistencyCenterPre=100
##$RecoNnDataConsistencyRatioPre=100
##$RecoNnDataConsistencyCenterRatioPre=100
##$RecoRegridN=Off
##$RecoStageNrPasses=5
##$RecoStagePasses=( 5 )
(<FIRSTPASS>, 0) (<FTPASS1>, 1) (<FTPASS0>, 2) (<PREPPASS>, 3) (<MAPPASS>, 4)
##$RecoStageNrNodes=87
##$RecoStageNodes=( 87 )
(<job0>, 0, <RecoSharedQueueSource 
Q0{queueId=Job_In0;initQueue=true;appendPsId=true;dim=2;procDim=1;sizes={800,
7776};nr=1;dataRep=SIGNED;baseField=COMPLEX;wordSize=4}>) (<job0>, 0, 
<RecoSharedQueueSink QS{queueId=Job_Out0;initQueue=true;appendPsId=true}>) 
(<job0>, 0, <RecoFileSink 
FS{jobNdx=0;writeAcqPars=true;filename="/opt/nmrdata/PV-360.3.6/data/nmrsu/20240725_090212_std_PV360_3_6_94T_protocols_1_1/4/rawdata.job0"}>) (<job0>, 0, <RecoProgressMonitorFilter PM{reportScanProgress="1/1"}>) (<job0>, 0, <RecoCastFilter CastToFloatMain{dataRep=FLOAT;wordSize=8}>) (<job0>, 0, <RecoAcqOutFilter Av{displayEachAccumulation=1;displayEachScan=0;displayEachPeStep=0;displayFt=0;magnitudeImage=1;shuffle=0;ftSize=384;size=384;offset=0;cnt=1;ndx=0;procnoPath="/opt/nmrdata/PV-360.3.6/data/nmrsu/20240725_090212_std_PV360_3_6_94T_protocols_1_1/4/pdata/1/";displayObjects=9;modalityType=1;innerObjects=2592;outerObjects=1;average=1;numRecs=4;overlayCurves=0;innerWeights=\<ACQ_ScanInnerAccumWeights[0]\>;}>) (<job0>, 0, <RecoCastFilter CastToIntMain{dataRep=SIGNED;wordSize=4}>) (<job0>, 0, <RecoTeeFilter TeeStorage>) (<input>, 0, <RecoFileSource FS0{initFromRawJob=0;procDim=1;numChan=4;contData=true;}>) (<input>, 0, <RecoSharedQueueSink JQ0{queueId=Job_Out0;appendPsId=true;initQueue=true;}>) (<compute>, 0, <RecoSharedQueueSource Q0{initFromJob=0;queueId=Job_Out0;appendPsId=true;}>) (<compute>, 0, <RecoBufferSink S0{procDim=1;frameDim=2;bufferId="FIRSTPASS0";memId="out0"}>) (<compute>, 0, <RecoBufferSink S1{procDim=1;frameDim=2;bufferId="FIRSTPASS1";memId="out1"}>) (<compute>, 0, <RecoBufferSink S2{procDim=1;frameDim=2;bufferId="FIRSTPASS2";memId="out2"}>) (<compute>, 0, <RecoBufferSink S3{procDim=1;frameDim=2;bufferId="FIRSTPASS3";memId="out3"}>) (<compute>, 0, <RecoSplitFilter SP0{dim=1; keepBlocksize=1}>) (<compute>, 0, <RecoCastFilter CAST0{dataRep=FLOAT; wordSize=8}>) (<compute>, 0, <RecoZfillFilter Z0{fixedSize=\<RECO_ft_size[0]\>; dataPosition=136; fillingPosition=0.5}>) (<compute>, 0, <RecoSortFilter REORD0{sortDim=\<RecoSortDim\>; sortSize=\<RecoSortSize\>; sortRange=\<RecoSortRange\>; sortSegment=\<RecoSortSegment\>; sortMaps=\<RecoSortMaps\>; frameDim = 2}>) (<compute>, 0, <RecoCastFilter CAST1{dataRep=FLOAT; wordSize=8}>) (<compute>, 0, <RecoZfillFilter Z1{fixedSize=\<RECO_ft_size[0]\>; dataPosition=136; fillingPosition=0.5}>) (<compute>, 0, <RecoSortFilter REORD1{sortDim=\<RecoSortDim\>; sortSize=\<RecoSortSize\>; sortRange=\<RecoSortRange\>; sortSegment=\<RecoSortSegment\>; sortMaps=\<RecoSortMaps\>; frameDim = 2}>) (<compute>, 0, <RecoCastFilter CAST2{dataRep=FLOAT; wordSize=8}>) (<compute>, 0, <RecoZfillFilter Z2{fixedSize=\<RECO_ft_size[0]\>; dataPosition=136; fillingPosition=0.5}>) (<compute>, 0, <RecoSortFilter REORD2{sortDim=\<RecoSortDim\>; sortSize=\<RecoSortSize\>; sortRange=\<RecoSortRange\>; sortSegment=\<RecoSortSegment\>; sortMaps=\<RecoSortMaps\>; frameDim = 2}>) (<compute>, 0, <RecoCastFilter CAST3{dataRep=FLOAT; wordSize=8}>) (<compute>, 0, <RecoZfillFilter Z3{fixedSize=\<RECO_ft_size[0]\>; dataPosition=136; fillingPosition=0.5}>) (<compute>, 0, <RecoSortFilter REORD3{sortDim=\<RecoSortDim\>; sortSize=\<RecoSortSize\>; sortRange=\<RecoSortRange\>; sortSegment=\<RecoSortSegment\>; sortMaps=\<RecoSortMaps\>; frameDim = 2}>) (<compute>, 1, <RecoBufferSource Q0{procDim=2;frameDim=2;bufferId="FIRSTPASS0";memId="out0"}>) (<compute>, 1, <RecoBufferSource Q1{procDim=2;frameDim=2;bufferId="FIRSTPASS1";memId="out1"}>) (<compute>, 1, <RecoBufferSource Q2{procDim=2;frameDim=2;bufferId="FIRSTPASS2";memId="out2"}>) (<compute>, 1, <RecoBufferSource Q3{procDim=2;frameDim=2;bufferId="FIRSTPASS3";memId="out3"}>) (<compute>, 1, <RecoBufferSink S0{procDim=2;frameDim=2;bufferId="FTPASS10";memId="in0"}>) (<compute>, 1, <RecoBufferSink S1{procDim=2;frameDim=2;bufferId="FTPASS11";memId="in1"}>) (<compute>, 1, <RecoBufferSink S2{procDim=2;frameDim=2;bufferId="FTPASS12";memId="in2"}>) (<compute>, 1, <RecoBufferSink S3{procDim=2;frameDim=2;bufferId="FTPASS13";memId="in3"}>) (<compute>, 1, <RecoFTShiftFilter FTS0{frameDim=2; winDirection=1; shift=\<RECO_rotate[1]\>; exponent=1}>) (<compute>, 1, <RecoHalfFourierFilter FT0{echoPosition=144;direction=1;exponent=1;algorithm=2;}>) (<compute>, 1, <RecoFTShiftFilter FTS1{frameDim=2; winDirection=1; shift=\<RECO_rotate[1]\>; exponent=1}>) (<compute>, 1, <RecoHalfFourierFilter FT1{echoPosition=144;direction=1;exponent=1;algorithm=2;}>) (<compute>, 1, <RecoFTShiftFilter FTS2{frameDim=2; winDirection=1; shift=\<RECO_rotate[1]\>; exponent=1}>) (<compute>, 1, <RecoHalfFourierFilter FT2{echoPosition=144;direction=1;exponent=1;algorithm=2;}>) (<compute>, 1, <RecoFTShiftFilter FTS3{frameDim=2; winDirection=1; shift=\<RECO_rotate[1]\>; exponent=1}>) (<compute>, 1, <RecoHalfFourierFilter FT3{echoPosition=144;direction=1;exponent=1;algorithm=2;}>) (<compute>, 2, <RecoBufferSource Q0{procDim=1;frameDim=2;bufferId="FTPASS10";memId="in0"}>) (<compute>, 2, <RecoBufferSource Q1{procDim=1;frameDim=2;bufferId="FTPASS11";memId="in1"}>) (<compute>, 2, <RecoBufferSource Q2{procDim=1;frameDim=2;bufferId="FTPASS12";memId="in2"}>) (<compute>, 2, <RecoBufferSource Q3{procDim=1;frameDim=2;bufferId="FTPASS13";memId="in3"}>) (<compute>, 2, <RecoBufferSink S0{procDim=1;frameDim=2;bufferId="FTPASS00";memId="out0"}>) (<compute>, 2, <RecoBufferSink S1{procDim=1;frameDim=2;bufferId="FTPASS01";memId="out1"}>) (<compute>, 2, <RecoBufferSink S2{procDim=1;frameDim=2;bufferId="FTPASS02";memId="out2"}>) (<compute>, 2, <RecoBufferSink S3{procDim=1;frameDim=2;bufferId="FTPASS03";memId="out3"}>) (<compute>, 2, <RecoFTShiftFilter FTS0{frameDim=2; winDirection=0; shift=\<RECO_rotate[0]\>; exponent=1}>) (<compute>, 2, <RecoHalfFourierFilter FT0{echoPosition=56;direction=0;exponent=1;algorithm=2;}>) (<compute>, 2, <RecoFTShiftFilter FTS1{frameDim=2; winDirection=0; shift=\<RECO_rotate[0]\>; exponent=1}>) (<compute>, 2, <RecoHalfFourierFilter FT1{echoPosition=56;direction=0;exponent=1;algorithm=2;}>) (<compute>, 2, <RecoFTShiftFilter FTS2{frameDim=2; winDirection=0; shift=\<RECO_rotate[0]\>; exponent=1}>) (<compute>, 2, <RecoHalfFourierFilter FT2{echoPosition=56;direction=0;exponent=1;algorithm=2;}>) (<compute>, 2, <RecoFTShiftFilter FTS3{frameDim=2; winDirection=0; shift=\<RECO_rotate[0]\>; exponent=1}>) (<compute>, 2, <RecoHalfFourierFilter FT3{echoPosition=56;direction=0;exponent=1;algorithm=2;}>) (<compute>, 3, <RecoBufferSource Q0{procDim=2;frameDim=2;bufferId="FTPASS00";memId="out0"}>) (<compute>, 3, <RecoBufferSource Q1{procDim=2;frameDim=2;bufferId="FTPASS01";memId="out1"}>) (<compute>, 3, <RecoBufferSource Q2{procDim=2;frameDim=2;bufferId="FTPASS02";memId="out2"}>) (<compute>, 3, <RecoBufferSource Q3{procDim=2;frameDim=2;bufferId="FTPASS03";memId="out3"}>) (<compute>, 3, <RecoBufferSink S0{procDim=2;frameDim=2;bufferId="PREPPASS0";memId="in0"}>) (<compute>, 3, <RecoPhasCorrFilter PHCORR00{winDirection=0; ph0=0.000000; ph1=180.000000}>) (<compute>, 3, <RecoPhasCorrFilter PHCORR01{winDirection=0; ph0=0.000000; ph1=180.000000}>) (<compute>, 3, <RecoPhasCorrFilter PHCORR02{winDirection=0; ph0=0.000000; ph1=180.000000}>) (<compute>, 3, <RecoPhasCorrFilter PHCORR03{winDirection=0; ph0=0.000000; ph1=180.000000}>) (<compute>, 3, <RecoPhasCorrFilter PHCORR10{winDirection=1; ph0=0.000000; ph1=180.000000}>) (<compute>, 3, <RecoPhasCorrFilter PHCORR11{winDirection=1; ph0=0.000000; ph1=180.000000}>) (<compute>, 3, <RecoPhasCorrFilter PHCORR12{winDirection=1; ph0=0.000000; ph1=180.000000}>) (<compute>, 3, <RecoPhasCorrFilter PHCORR13{winDirection=1; ph0=0.000000; ph1=180.000000}>) (<compute>, 3, <RecoScaleFilter SCALE0{scaleFactor=\<RecoScaleChan[0]\>; phaseOffset=\<RecoPhaseChan[0]\>}>) (<compute>, 3, <RecoScaleFilter SCALE1{scaleFactor=\<RecoScaleChan[1]\>; phaseOffset=\<RecoPhaseChan[1]\>}>) (<compute>, 3, <RecoScaleFilter SCALE2{scaleFactor=\<RecoScaleChan[2]\>; phaseOffset=\<RecoPhaseChan[2]\>}>) (<compute>, 3, <RecoScaleFilter SCALE3{scaleFactor=\<RecoScaleChan[3]\>; phaseOffset=\<RecoPhaseChan[3]\>}>) (<compute>, 3, <RecoSumOfSquaresFilter SOS0>) (<compute>, 3, <RecoMagnitudeFilter G0>) (<compute>, 3, <RecoMinMaxFilter M0{map_min=\<RECO_map_min\>;map_max=\<RECO_map_max\>;}>) (<compute>, 4, <RecoBufferSource Q0{procDim=2;frameDim=2;bufferId="PREPPASS0";memId="in0"}>) (<compute>, 4, <RecoSharedQueueSink S0{initQueue=true;queueId=RecoComp_Out;appendPsId=true;}>) (<compute>, 4, <RecoMapFilter MAP0{symmetricMode=true;minima=\<RECO_minima\>;maxima=\<RECO_maxima\>;slope=\<RECO_map_slope\>;offset=\<RECO_map_offset\>;map_min=\<RECO_map_min\>;map_max=\<RECO_map_max\>;rangeMin=-32766.500000;rangeMax=32766.500000;perObjectMode=false;cutoffMode=true;}>) (<compute>, 4, <RecoCastFilter CAST0{dataRep=SIGNED;wordSize=2}>) (<output>, 4, <RecoSharedQueueSource Q{queueId=RecoComp_Out;appendPsId=true;procDim=2;initFromRECO=true;}>) (<output>, 4, <RecoImageDisplayFilter DISP{showAll=1;selectedFrame=\<RecoDisplayFrame\>;modalityType=1;procnoPath="/opt/nmrdata/PV-360.3.6/data/nmrsu/20240725_090212_std_PV360_3_6_94T_protocols_1_1/4/pdata/1/";}>) (<output>, 4, <RecoFileSink S{writePars=true;shuffle=false;filename="2dseq";numChans=1;}>)
##$RecoStageNrEdges=73
##$RecoStageEdges=( 73 )
(<job0>, 0, <Q0-\>PM>) (<job0>, 0, <PM-\>CastToFloatMain>) (<job0>, 0, 
<CastToFloatMain-\>Av>) (<job0>, 0, <Av-\>CastToIntMain>) (<job0>, 0, 
<CastToIntMain-\>TeeStorage>) (<job0>, 0, <TeeStorage-\>QS>) (<job0>, 0, 
<TeeStorage-\>FS>) (<input>, 0, <FS0-\>JQ0>) (<compute>, 0, <Q0-\>SP0>) 
(<compute>, 0, <SP0-\>CAST0>) (<compute>, 0, <SP0-\>CAST1>) (<compute>, 0, 
<SP0-\>CAST2>) (<compute>, 0, <SP0-\>CAST3>) (<compute>, 0, <CAST0-\>Z0>) 
(<compute>, 0, <Z0-\>REORD0>) (<compute>, 0, <REORD0-\>S0>) (<compute>, 0, 
<CAST1-\>Z1>) (<compute>, 0, <Z1-\>REORD1>) (<compute>, 0, <REORD1-\>S1>) 
(<compute>, 0, <CAST2-\>Z2>) (<compute>, 0, <Z2-\>REORD2>) (<compute>, 0, 
<REORD2-\>S2>) (<compute>, 0, <CAST3-\>Z3>) (<compute>, 0, <Z3-\>REORD3>) 
(<compute>, 0, <REORD3-\>S3>) (<compute>, 1, <Q0-\>FTS0>) (<compute>, 1, 
<Q1-\>FTS1>) (<compute>, 1, <Q2-\>FTS2>) (<compute>, 1, <Q3-\>FTS3>) 
(<compute>, 1, <FTS0-\>FT0>) (<compute>, 1, <FT0-\>S0>) (<compute>, 1, 
<FTS1-\>FT1>) (<compute>, 1, <FT1-\>S1>) (<compute>, 1, <FTS2-\>FT2>) 
(<compute>, 1, <FT2-\>S2>) (<compute>, 1, <FTS3-\>FT3>) (<compute>, 1, 
<FT3-\>S3>) (<compute>, 2, <Q0-\>FTS0>) (<compute>, 2, <Q1-\>FTS1>) (<compute>
, 2, <Q2-\>FTS2>) (<compute>, 2, <Q3-\>FTS3>) (<compute>, 2, <FTS0-\>FT0>) 
(<compute>, 2, <FT0-\>S0>) (<compute>, 2, <FTS1-\>FT1>) (<compute>, 2, 
<FT1-\>S1>) (<compute>, 2, <FTS2-\>FT2>) (<compute>, 2, <FT2-\>S2>) (<compute>
, 2, <FTS3-\>FT3>) (<compute>, 2, <FT3-\>S3>) (<compute>, 3, <Q0-\>PHCORR00>) 
(<compute>, 3, <Q1-\>PHCORR01>) (<compute>, 3, <Q2-\>PHCORR02>) (<compute>, 3,
 <Q3-\>PHCORR03>) (<compute>, 3, <PHCORR00-\>PHCORR10>) (<compute>, 3, 
<PHCORR01-\>PHCORR11>) (<compute>, 3, <PHCORR02-\>PHCORR12>) (<compute>, 3, 
<PHCORR03-\>PHCORR13>) (<compute>, 3, <PHCORR10-\>SCALE0>) (<compute>, 3, 
<PHCORR11-\>SCALE1>) (<compute>, 3, <PHCORR12-\>SCALE2>) (<compute>, 3, 
<PHCORR13-\>SCALE3>) (<compute>, 3, <SCALE0-\>SOS0.0>) (<compute>, 3, 
<SCALE1-\>SOS0.1>) (<compute>, 3, <SCALE2-\>SOS0.2>) (<compute>, 3, 
<SCALE3-\>SOS0.3>) (<compute>, 3, <SOS0-\>G0>) (<compute>, 3, <G0-\>M0>) 
(<compute>, 3, <M0-\>S0>) (<compute>, 4, <Q0-\>MAP0>) (<compute>, 4, 
<MAP0-\>CAST0>) (<compute>, 4, <CAST0-\>S0>) (<output>, 4, <Q-\>DISP>) 
(<output>, 4, <DISP-\>S>)
##$ACQ_SetupRecoDisplay=Yes
##$ACQ_SetupImageType=MAGNITUDE_IMAGE
##$RecoDisplay=Yes
##$RecoEachNR=No
##$RecoPrototype=No
##$RecoGradientLinearityCorrection=No
##$RecoGradientLinearityCorrectionDebug=1
##$RecoGradientLinearityCorrectionApprox=No
$$ @vis= RECO RECO_INSTANCE RECO_fov RECO_size RecoAutoDerive RecoDim
$$ @vis= RecoSpatDim RecoObjectsPerRepetition RecoObjectsPerSetupStep
$$ @vis= RecoSortObjectsPerRepetition RecoNumRepetitions RecoNumOutputChan
$$ @vis= RecoDescriptionInSliceCount RecoDescriptionSliceCount
$$ @vis= RecoDescriptionOutSliceCount RecoEncodingOuterRepetitions
$$ @vis= RecoEncodingFrames RecoRepetitionGroupSize RECO_inp_order
$$ @vis= RECO_inp_size RECO_ft_size RECO_wdw_mode RECO_ft_mode RECO_pc_mode
$$ @vis= RECO_pc_lin RECO_rotate RECO_transposition RECO_image_type
$$ @vis= RECO_wordtype RECO_map_mode RECO_byte_order RecoModeUser
$$ @vis= RecoUserUpdate RecoB0DemodOff RecoWindow RecoFTOrder
$$ @vis= RecoHalfFTAlgorithm RecoHalfFT RecoHalfFTPos RecoHalfFTAcq RecoNoFT
$$ @vis= RecoExportSortedData RecoCorrPhase RecoCorrPhaseRef RecoMap
$$ @vis= RecoNumInputChan RecoScaleChan RecoPhaseChan RecoCombineMode
$$ @vis= RecoEncGenInt RecoSortGroup RecoSortDim RecoSortSize RecoSortRange
$$ @vis= RecoSortSegment RecoSortMaps RecoGrappaGroup RecoGrappaAccelFactor
$$ @vis= RecoGrappaAccelFactor2 RecoGrappaFirstRepOnly RecoGrappaCoefReps
$$ @vis= RecoSliceGrappaAccelFactor RecoSliceGrappaBlipValue
$$ @vis= RecoSliceGrappaOff RecoGrappa3D RecoGrappaCaipirinha
$$ @vis= RecoGrappaTCaipirinha RecoGrappaOne RecoSegGrappa
$$ @vis= RecoSegGrappaCalibrateFromB0 RecoSegGrappaInt RecoSegGrappaSegments
$$ @vis= RecoItGrappa RecoCSGroup RecoCS RecoNNGroup RecoNnDenoising
$$ @vis= RecoNnCpuOnly RecoNnParallelProcessing RecoNnDifferenceMode
$$ @vis= RecoNnPatchSizeMax RecoNnNdIso RecoNnPatchBorder RecoNnDenoisingLevel
$$ @vis= RecoNnDataConsistency RecoNnDataConsistencyCenter
$$ @vis= RecoNnDataConsistencyRatio RecoNnDataConsistencyCenterRatio
$$ @vis= RecoNnDenoisingPre RecoNnDenoisingLevelPre RecoNnDataConsistencyPre
$$ @vis= RecoNnDataConsistencyCenterPre RecoNnDataConsistencyRatioPre
$$ @vis= RecoNnDataConsistencyCenterRatioPre RecoRegridNGroup RecoRegridN
$$ @vis= RecoStageGroup RecoStageNrPasses RecoStagePasses RecoStageNrNodes
$$ @vis= RecoStageNodes RecoStageNrEdges RecoStageEdges RECO_GS
$$ @vis= ACQ_SetupRecoDisplay ACQ_SetupImageType RECO_GO RecoDisplay
$$ @vis= RecoEachNR RecoPrototype RecoGradientLinearityCorrection
$$ @vis= RecoGradientLinearityCorrectionDebug
$$ @vis= RecoGradientLinearityCorrectionApprox
##END=
$$ File finished by PARX at 2024-07-25 09:18:04.324 +0200
