##TITLE=Parameter List, ParaVision 360 V3.6
##JCAMPDX=4.24
##DATATYPE=Parameter Values
##ORIGIN=Bruker BioSpin GmbH & Co. KG
##OWNER=nmrsu
$$ Write Options: Symbolic Enums, RLE encoded arrays, symbol visibility
$$ 2024-07-25 10:16:29.353 +0200  nmrsu@host
$$ /opt/nmrdata/PV-360.3.6/data/nmrsu/20240725_090212_std_PV360_3_6_94T_protocols_1_1/20/pdata/1/reco
$$ process /opt/PV-360.3.6/prog/bin/parxserver
##$RECO_time=<2024-07-25T10:16:29,291+0200>
##$RECO_abs_time=(1721895389, 291, 120)
##$RECO_base_image_uid=( 65 )
<2.16.756.5.5.200.906653985.1404.1721894766.1509>
##$RECO_fov=( 2 )
1.8 1.5
##$RECO_size=( 2 )
128 128
##$RecoAutoDerive=No
##$RecoDim=2
##$RecoSpatDim=2
##$RecoObjectsPerRepetition=5
##$RecoObjectsPerSetupStep=100
##$RecoSortObjectsPerRepetition=5
##$RecoNumRepetitions=65
##$RecoNumOutputChan=1
##$RecoDescriptionInSliceCount=1
##$RecoDescriptionSliceCount=5
##$RecoDescriptionOutSliceCount=65
##$RecoEncodingFrames=1
##$RecoRepetitionGroupSize=1
##$RecoPreppassProcDim=0
##$RecoPreppassMultiplier=1
##$RECO_inp_order=REV_ALT_ROWS
##$RECO_inp_size=( 2 )
0 80
##$RECO_ft_size=( 2 )
128 128
##$RECO_offset=( 2, 5 )
0 0 0 0 0 0 0 0 0 0
##$RECO_qopts=( 2 )
NO_QOPTS NO_QOPTS
##$RECO_wdw_mode=( 2 )
NO_WDW NO_WDW
##$RECO_lb=( 2 )
-0.5 -0.5
##$RECO_sw=( 2 )
0 1
##$RECO_gb=( 2 )
0.5 0.5
##$RECO_sbs=( 2 )
1 1
##$RECO_tm1=( 2 )
0.25 0.25
##$RECO_tm2=( 2 )
0.75 0.75
##$RECO_ft_mode=( 2 )
COMPLEX_FT COMPLEX_FT
##$RECO_pc_mode=( 2 )
FIRST_ORDER_PC FIRST_ORDER_PC
##$RECO_pc_lin=( 2 )
(0, 180) (0, 180)
##$RECO_rotate=( 2, 5 )
0.5 0.5 0.5 0.5 0.5 0.65624999999999978 0.65624999999999978 
0.65624999999999978 0.65624999999999978 0.65624999999999978
##$RECO_ppc_mode=NO_PPC
##$RECO_ppc_degree=1
##$RECO_transposition=( 5 )
0 0 0 0 0
##$RECO_image_type=MAGNITUDE_IMAGE
##$RECO_image_threshold=0.14999999999999999
##$RECO_wordtype=_16BIT_SGN_INT
##$RECO_map_mode=ABSOLUTE_MAPPING
##$RECO_map_range=( 2 )
-2147483647 2147483647
##$RECO_map_percentile=( 2 )
1 99.900000000000006
##$RECO_map_error=0.025000000000000001
##$RECO_minima=( 325 )
23.382235580702215 27.80819324918242 28.329695838069373 23.091932274816262 
27.07995869617497 26.883497882455583 24.330592417970589 23.542045014497088 
21.197047471298674 25.121123173240111 17.948188307295535 25.784807798379699 
22.804726453199255 26.056781002963731 22.609458775288754 19.466250794764402 
23.866212986784394 29.315655517917275 27.003189090463664 30.197871493103243 
23.818364768115977 24.979404444449415 30.550687519975689 25.271214846442998 
20.524407875987237 26.888711892800682 26.085229113332339 19.043858987297931 
21.345014440891177 22.762344715039358 13.550229797201021 21.92356726289913 
20.125319487764077 20.04573803389798 24.468543333326611 28.098317163116104 
25.89145307777622 20.024118609642699 23.065440914646203 26.197530353732223 
17.089618685632121 23.732729020868621 20.641076889622394 26.979841742802613 
24.099082356044121 21.842137271914488 18.186118384173476 26.773718607091695 
30.366438623081276 23.734729304424377 23.134174245362335 17.087557841546708 
22.114127031517338 28.284634357050518 24.827194785565776 22.275604167428572 
26.084700542672007 17.47141086934376 23.781541698950704 24.284823521601933 
17.510667977116118 25.235400689589394 24.011795558869878 26.615510098388967 
26.782986186020992 27.383448957850419 25.514099222363313 22.018462487340312 
21.813485044081993 22.190677719774143 22.701591616786672 18.7128254851077 
20.275722325954096 24.615590371461693 22.821792976536056 22.530777801618001 
22.683406689843522 24.319583837160117 23.154477004608161 20.421508396523127 
25.762098937480388 23.200161025195236 21.683522220165951 23.87211113900155 
18.704548595791355 26.056404099443981 17.532681913419623 16.310966974451681 
20.054626014334058 26.290694206361696 27.222526481725613 21.973830980862619 
25.114351298210391 18.9284983501861 17.272521677320444 13.274678473128995 
28.693391375131053 23.085072867647995 24.925810398229341 21.18829428454217 
27.824059897635781 23.225329880688349 24.417791529021546 16.755353255186456 
18.930653017894862 23.364780836804474 25.774535525976265 24.344239771508782 
25.563682967277714 23.9925093341649 13.497887640804516 21.018849897733954 
28.418030069477147 20.902004075219516 23.65455101313087 24.338385713081223 
22.667029436126036 27.215009559319626 23.7318011597593 27.667382242449385 
26.791812511219373 25.311767808809314 23.057825638290961 30.21807203223231 
29.221680175735539 23.121792629574841 26.460127438266319 22.135696502268807 
26.688933325730808 26.494094920947258 23.663504462326514 27.722132720095843 
22.050606867258903 22.000329442775854 24.407937828090738 23.068445244356806 
14.991617229977805 22.088811846273327 23.168313362598731 20.160418406714953 
26.280480248627367 26.259702144254735 22.160642052373994 22.087504288578415 
27.150886740845362 28.032354804506269 17.662906946894239 28.926672016225567 
23.822496740129221 18.468854891388062 26.312365954339811 25.843525576790483 
21.613424930422237 22.238213097911597 26.679679146955255 22.037267797799814 
25.670766989265452 27.646482086004294 26.601226545678898 17.6447714395924 
22.316579552274693 23.571959156482251 23.192289576758725 20.295722553366986 
21.475276945520722 20.656026495916048 30.676477129069074 19.238411449338649 
23.620352780336013 21.580272203435495 21.335054188004719 22.387556419968661 
22.307092129261449 26.248777621339574 23.429424351828445 15.938137313804466 
21.251260676497218 33.106817067408677 28.085197175241838 22.489787349054151 
22.332563112229852 18.1808153737549 25.782176139443383 24.253184975727795 
22.7865827582565 13.720832810644914 28.858439718656523 20.961719459174081 
30.934218470492347 24.481098494284506 22.180544344654194 23.154405836261688 
22.628549103224167 19.520154335963287 25.964386515000541 14.976643052725919 
20.333234770669666 24.978655180407117 22.443723235482235 25.018153138412558 
24.153631869303613 20.707588665497948 20.127361334195324 19.707956034829422 
29.565696812924486 21.942082122098682 28.249549018325588 23.993428636570179 
25.005403897638722 20.911931012503654 29.576046338052308 21.539722340440935 
22.841041731887671 23.615576989994935 22.847153710434593 17.2353689772326 
17.71515409400298 23.537005043868348 12.806504725297547 22.437307167884281 
23.177355147196195 19.152235618703699 29.960140186305431 22.82592097820433 
30.168910328772654 9.778468500609474 28.787411097937149 23.746401684268744 
18.139668229470818 20.393980836786497 23.039874489739201 25.972105690552752 
23.7451034230284 27.933583177811283 25.176860859999397 22.725482713321469 
25.612044129261868 24.111478995717405 25.937014587284821 23.136294200150438 
25.554854366333146 29.144383727092873 28.022091636799189 30.171949802924271 
30.741144883187509 21.494141392250096 19.584551451415887 30.954073931811216 
26.203661748521395 22.949821497221496 19.659368559555489 23.617199260835093 
26.794635643792255 19.635773476405216 19.520531724732077 20.504953790469219 
23.503925867041865 21.925240739286696 21.906474457950655 22.913847370164504 
22.254777099803654 17.825127637295463 20.496333885528909 23.245692078624231 
24.588308968926142 26.647333804289257 24.179809754631897 21.089498266614918 
22.651955173509666 27.051592301192017 31.695126658350013 32.144197899989344 
24.342236694762839 27.4395377927857 24.607177526620369 15.165207100868219 
26.567952877354234 20.249348526662917 24.690112412642161 19.218308782273418 
25.631023475086323 31.111037815161186 26.479923451763657 30.237080693757029 
24.776912660895707 19.237665804237619 24.706165432730945 27.038777814757633 
24.552478397619648 19.859086147162476 26.556668649272442 22.728346313424009 
24.230576938286706 22.341359196640582 23.392271181011022 10.092290604448904 
27.123517472798998 15.615235430193191 13.631218040253183 22.662338050914119 
18.818071407365942 24.218299701179347 18.985415970021471 23.686032259102053 
24.946499382930376 18.677210086105934 22.931865197315183 21.720984713303974 
21.729632482558603 18.409323490374152 26.756901238497463 19.248963731014808 
23.191076980615808 27.553164669587154 25.428560588087638 20.889411453777441 
21.501820045692174 26.883035386275228 26.16878465544124 19.123534379182374 
21.710805389769014 23.443392340941511 23.197969421283648 32.312692002978331 
29.246416566030195
##$RECO_maxima=( 325 )
6405.6664434921713 6049.2951375587454 7851.0812473960805 8191.625 
6827.8884232098198 6658.6572698692898 6198.5536028799834 7773.9124497803859 
8053.7896360451596 6573.1371361535739 6568.2132804588382 6353.0529406066516 
7765.9793632149476 8097.8921512804072 6588.5488396684514 6685.4002462680419 
6220.5813727256309 7764.6789621757962 8148.2799872971391 6644.6565619944431 
6477.7839407471311 6130.6251461141992 7666.100135172238 8231.6899814703756 
6666.193889931782 2091.1219741211944 2706.9764997222233 2395.879775024815 
2951.6711736474849 3645.5912841959448 2002.5759182661011 2690.9451431915522 
2311.9869385516636 2818.4207650589333 3607.2947058865625 2150.4408363549778 
2527.0509740223447 2339.0153657306514 3014.3425500330386 3533.6474529062989 
2084.1375690224531 2556.3182465017344 2322.2395746337957 3016.2150364458275 
3559.7812636019403 2064.291028352774 2683.8640419656572 2351.8616263440958 
2806.1754147772726 3715.0099258542027 2043.1918256130471 2674.6216873126928 
2409.8982053865452 2952.1817541349224 3651.4683400580643 2008.62307621838 
2706.5035520349707 2330.615472270797 2890.5136390035386 3568.8449701462046 
2074.2831179574505 2520.3025062977881 2414.37548104396 2949.7996929050346 
3717.4116987478201 1976.6298714921465 2327.1523679882685 2373.3436726426385 
3041.2724522225144 3556.5509167861728 2113.3617079047322 2545.0289483053539 
2385.3044138612995 2990.7001035795138 3761.45873860848 2083.5248293731897 
2612.0668839149571 2306.4009172009232 2984.1495827172894 3638.951102870546 
2028.275826400793 2607.0954947485384 2331.7647489912906 3013.2325283005766 
3803.0355362265332 2130.5849806106953 2547.7241946217691 2363.1434171221999 
2762.4963338220405 3724.6048394252261 2164.7540188474031 2563.6769077642025 
2289.5937494382315 2726.6649150091675 3587.2311035530442 2073.2380904669117 
2696.1707250498971 2396.7338231840076 2783.4924913641044 3484.6810869119117 
2032.6611911039997 2357.8656293091176 2486.3898920871461 2898.678057580642 
3567.3786193327519 2098.8249187211272 2376.3606938238968 2404.7816568313842 
2900.9024190953864 3576.9749319953162 2038.9143701458268 2657.5966190271706 
2311.4354814510607 2896.3975127181502 3567.1501605171607 2067.6630287403586 
2690.2544625466899 2368.7669823243027 2911.2169450433121 3593.4298782562155 
2163.5425136044109 2557.4941938019424 2462.10436353879 3148.1800370630399 
3592.4514543113428 2083.509933666202 2536.0227687552633 2540.8121810870912 
3046.012702570702 3897.910977257769 2072.8582922432643 2587.2573109040063 
2534.3733286964521 2973.6702495054319 3632.4363248665454 2043.5373235275072 
2493.8181350479576 2423.3947740814006 2759.9651042829837 3504.9400555153916 
2102.2480004464487 2540.0891542213226 2351.2980897774514 2747.361910968576 
3626.2423527473525 2066.5123475542928 2391.4168054646202 2550.0435120271322 
2897.2234620319987 3547.8191786398702 2062.002540953994 2349.0863972087882 
2332.8592091108198 2840.5595193718041 3793.4975089245818 2045.7465275824832 
2392.0782633297486 2366.260603294475 2745.7965659352226 3665.7710881579346 
2037.2125077548981 2514.0400279311234 2446.0441917856897 2868.7102660741762 
3525.700596535271 2144.124076583767 2647.8998066903214 2468.0614994112484 
3003.0300857371303 3803.0428169359698 2011.7803667680366 2597.0733739033922 
2443.1447541975008 3039.2906576174537 3827.9929167602227 1569.4143090084833 
1961.9368436851269 1906.9569773844569 2211.0437606656747 2811.7708143052118 
1585.1722092287666 1961.8335849683381 1774.5599930556434 2147.8606673898075 
2748.4945985150857 1554.967914984524 2081.5060570899627 1950.669992122389 
2191.0856423102723 2887.7711361511756 1516.0550469300704 1991.6019713093988 
1853.3566864617073 2251.606828802986 2840.8962620463149 1616.1141765869459 
1946.899446916136 1704.8875756054431 2322.3730965792188 2959.0521062524163 
1658.8399299005832 1963.644571503818 1810.5215932101548 2107.1865171042205 
2780.5841806602689 1621.9259936956907 2026.3474372445489 1893.2239533481529 
2012.7408662186995 3124.6465308993461 1615.0300083268269 2051.3059073091663 
1974.6728641786362 2110.7683580984567 2902.8926814928395 1587.9242278150846 
1868.1350262284607 1840.0478444573287 2239.1582625686174 2853.6518809490608 
1660.458986659698 1971.9418507623866 1874.5693658190012 2250.0191466505412 
2866.8817764233136 1595.2831269787901 1964.6769510747881 1786.7516560051806 
2361.2831639779115 2871.8124737219823 1757.35455142158 1908.7466206529971 
1893.8686906086459 2271.0283380334531 3106.9858177425417 1665.8573478747539 
1900.6026797464299 1764.4401256481542 2204.3274480692994 2822.564475243194 
1608.0749545091041 2204.5884727273033 1835.7846830264175 2106.8550291733964 
2886.9176106576824 1641.4334244054967 2124.4055313773479 1951.9563895675597 
2152.3768517254766 2856.2971038081032 1601.1104485241599 1777.4234567326628 
2016.9011742890787 2256.3582344516972 2961.6240471755859 1587.1584595977811 
1800.9244981965101 1914.1028691285883 2323.177681316105 2949.5912299101192 
1753.8957612540617 2016.7129910044218 1810.5055058680962 2277.4048442643957 
2819.6437470286041 1734.0285431638592 2099.880641849541 1963.2322031649294 
2375.8590696425103 2848.7087314284227 1619.2641006528172 1907.9844205199433 
1838.201466657966 2347.0978331523152 2970.5450119176298 1719.9925279365784 
1850.8447804166476 1888.1175290406302 2256.2837612837707 3098.8662824758408 
1852.5220463794728 1874.2391687479883 2030.5760150812303 2161.7583153641476 
2958.8480865838133 1752.3384321789842 2099.7259208421683 2033.3722140910918 
2346.9990892799378 2807.4809688124947 1653.2089597482338 2146.5329099450382 
1923.8602607215764 2166.5213413165584 2868.7672831835871 1661.4740776339688 
1786.3187467499706 1940.1279670683314 2140.0572403828619 2941.9661719702958 
1662.311564442889 1785.414758829337 2084.2792062189446 2127.7735455095385 
2919.9465880158414 1604.6257008138057 1999.8749273245146 1891.9362937006256 
2172.2650563650909 2764.1365918445708 1749.1832555636543 2096.2429957483778 
1978.6139402968422 2191.8375274447403 2721.9991660976075 1754.8476062385603 
1947.6229987922375 1896.5412539356589 2294.2604516495599 2914.2247833913384 
1725.3696058850228 2076.7514478023304 1915.5246341000452 2380.3291554456796 
3213.7087927930647
##$RECO_map_min=( 325 )
@325*(-346226.56568309752)
##$RECO_map_max=( 325 )
@325*(346226.56568309752)
##$RECO_map_offset=( 325 )
@325*(0)
##$RECO_map_slope=( 325 )
@325*(0.023659724041793562)
##$RECO_byte_order=littleEndian
##$RecoUserUpdate=Yes
##$RecoReverseSegment=20
##$RecoB0DemodOff=0
##$RecoB0DemodDelay=0
##$RecoFTOrder=( 2 )
0 1
##$RecoHalfFTAlgorithm=POCS
##$RecoHalfFT=( 2 )
No Yes
##$RecoHalfFTPos=( 2 )
64 16
##$RecoHalfFTAcq=Yes
##$RecoNoFT=No
##$RecoExportSortedData=No
##$RecoCorrPhase=RecoCorrPhaseOff
##$RecoCorrPhaseRef=-1
##$RECO_map_user_slope=1
##$RECO_map_user_offset=0
##$RecoNumInputChan=4
##$RecoScaleChan=( 4 )
0.99099999999999999 0.96599999999999997 0.98899999999999999 1
##$RecoPhaseChan=( 4 )
348.75999999999999 52.990000000000002 352.43000000000001 21.289999999999999
##$RecoCombineMode=SumOfSquares
##$RecoEncGenInt=3
##$RecoSortDim=2
##$RecoSortSize=( 2 )
80 5
##$RecoSortRange=( 2 )
128 5
##$RecoSortSegment=( 2 )
20 0
##$RecoSortMaps=( 85 )
48 52 56 60 64 68 72 76 80 84 88 92 96 100 104 108 112 116 120 124 49 53 57 
61 65 69 73 77 81 85 89 93 97 101 105 109 113 117 121 125 50 54 58 62 66 70 
74 78 82 86 90 94 98 102 106 110 114 118 122 126 51 55 59 63 67 71 75 79 83 
87 91 95 99 103 107 111 115 119 123 127 0 2 4 1 3
##$RecoGrappaCoefficients=( 1 )
0
##$RecoSliceGrappaCoefficients=( 1 )
0
##$RecoGrappaAccelFactor=1
##$RecoGrappaAccelFactor2=1
##$RecoGrappaKernelRead=5
##$RecoGrappaKernelPhase=4
##$RecoGrappaKernelPhase2=4
##$RecoGrappaKernelTime=3
##$RecoGrappaNumRefRead=64
##$RecoGrappaNumRefPhase=0
##$RecoGrappaNumRefPhase2=0
##$RecoGrappaIncludeRefLines=No
##$RecoGrappaFirstRepOnly=No
##$RecoGrappaReadCenter=64
##$RecoGrappaPhaseCenter=0
##$RecoGrappaPhaseCenter2=0
##$RecoGrappaTruncThresh=0.050000000000000003
##$RecoGrappaLambda=0.01
##$RecoGrappaCoefReps=1
##$RecoSliceGrappaAccelFactor=1
##$RecoSliceGrappaBlipValue=1
##$RecoSliceGrappaKernelRead=5
##$RecoSliceGrappaKernelPhase=4
##$RecoSliceGrappaNumRefRead=0
##$RecoSliceGrappaNumRefPhase=0
##$RecoSliceGrappaReadCenter=64
##$RecoSliceGrappaPhaseCenter=0
##$RecoSliceGrappaTruncThresh=0.01
##$RecoSliceGrappaLambda=0.01
##$RecoSliceGrappaOff=No
##$RecoGrappa3D=No
##$RecoGrappaCaipirinha=No
##$RecoGrappaTCaipirinha=No
##$RecoGrappaVirtualCoils=No
##$RecoGrappaVirtualCoilsLambda=2
##$RecoGrappaPeak=No
##$RecoGrappaTimeLoop=No
##$RecoGrappaOne=No
##$RecoGrappaOneLambda=0.10000000000000001
##$RecoSegGrappa=No
##$RecoSegGrappaCalibrateFromB0=No
##$RecoSegGrappaInt=0
##$RecoSegGrappaSegments=1
##$RecoSegGrappaTruncThresh=0.01
##$RecoSegGrappaLambda=0.01
##$RecoSegGrappaLambdaSeg=2
##$RecoItGrappa=1
##$RecoCS=No
##$RecoNnDenoising=No
##$RecoNnCpuOnly=No
##$RecoNnParallelProcessing=1
##$RecoNnDifferenceMode=No
##$RecoNnPatchSizeMax=0
##$RecoNnNdIso=1
##$RecoNnPatchBorder=32
##$RecoNnDenoisingLevel=( 1 )
100
##$RecoNnDataConsistency=( 1 )
0
##$RecoNnDataConsistencyCenter=( 1 )
0
##$RecoNnDataConsistencyRatio=( 1 )
0
##$RecoNnDataConsistencyCenterRatio=( 1 )
0
##$RecoNnDenoisingPre=No
##$RecoNnDenoisingLevelPre=0
##$RecoNnDataConsistencyPre=100
##$RecoNnDataConsistencyCenterPre=100
##$RecoNnDataConsistencyRatioPre=100
##$RecoNnDataConsistencyCenterRatioPre=100
##$RecoRegridN=Off
##$RecoStageNrPasses=4
##$RecoStagePasses=( 4 )
(<FIRSTPASS>, 0) (<FTPASS1>, 1) (<PREPPASS>, 2) (<MAPPASS>, 3)
##$RecoStageNrNodes=95
##$RecoStageNodes=( 95 )
(<job0>, 0, <RecoSharedQueueSource 
Q0{queueId=Job_In0;initQueue=true;appendPsId=true;dim=2;procDim=1;sizes={11616,20};nr=65;dataRep=SIGNED;baseField=COMPLEX;wordSize=4}>) (<job0>, 0, <RecoSharedQueueSink QS{queueId=Job_Out0;initQueue=true;appendPsId=true}>) (<job0>, 0, <RecoFileSink FS{jobNdx=0;writeAcqPars=true;filename="/opt/nmrdata/PV-360.3.6/data/nmrsu/20240725_090212_std_PV360_3_6_94T_protocols_1_1/20/rawdata.job0"}>) (<job0>, 0, <RecoProgressMonitorFilter PM{reportScanProgress="1/1"}>) (<job0>, 0, <RecoCastFilter CastToFloatMain{dataRep=FLOAT;wordSize=8}>) (<job0>, 0, <RecoAcqOutFilter Av{displayEachAccumulation=1;displayEachScan=0;displayEachPeStep=0;displayFt=0;magnitudeImage=1;shuffle=0;ftSize=128;size=128;offset=0;cnt=1;ndx=0;procnoPath="/opt/nmrdata/PV-360.3.6/data/nmrsu/20240725_090212_std_PV360_3_6_94T_protocols_1_1/20/pdata/1/";displayObjects=20;modalityType=1;innerObjects=1;outerObjects=1;average=1;numRecs=4;overlayCurves=0;}>) (<job0>, 0, <RecoCastFilter CastToIntMain{dataRep=SIGNED;wordSize=4}>) (<job0>, 0, <RecoTeeFilter TeeStorage>) (<input>, 0, <RecoFileSource FS0{initFromRawJob=0;procDim=1;numChan=4;contData=true;}>) (<input>, 0, <RecoSharedQueueSink JQ0{queueId=Job_Out0;appendPsId=true;initQueue=true;}>) (<compute>, 0, <RecoSharedQueueSource Q0{initFromJob=0;queueId=Job_Out0;appendPsId=true;}>) (<compute>, 0, <RecoBufferSink S0{procDim=1;frameDim=2;bufferId="FIRSTPASS0";memId="out0"}>) (<compute>, 0, <RecoBufferSink S1{procDim=1;frameDim=2;bufferId="FIRSTPASS1";memId="out1"}>) (<compute>, 0, <RecoBufferSink S2{procDim=1;frameDim=2;bufferId="FIRSTPASS2";memId="out2"}>) (<compute>, 0, <RecoBufferSink S3{procDim=1;frameDim=2;bufferId="FIRSTPASS3";memId="out3"}>) (<compute>, 0, <RecoSplitFilter SP0{dim=1; keepBlocksize=1}>) (<compute>, 0, <RecoCastFilter CAST0{dataRep=FLOAT; wordSize=8}>) (<compute>, 0, <RecoReverseFilter REV0{segment=\<RecoReverseSegment\>}>) (<compute>, 0, <RecoZfillFilter Z0{fixedSize=\<RECO_ft_size[0]\>; dataPosition=0; fillingPosition=0.5}>) (<compute>, 0, <RecoFTShiftFilter FTS0{frameDim=2; winDirection=0; shift=\<RECO_rotate[0]\>; exponent=1}>) (<compute>, 0, <RecoFTFilter FT0{direction=0; exponent=1}>) (<compute>, 0, <RecoSortFilter REORD0{sortDim=\<RecoSortDim\>; sortSize=\<RecoSortSize\>; sortRange=\<RecoSortRange\>; sortSegment=\<RecoSortSegment\>; sortMaps=\<RecoSortMaps\>; frameDim = 2}>) (<compute>, 0, <RecoCastFilter CAST1{dataRep=FLOAT; wordSize=8}>) (<compute>, 0, <RecoReverseFilter REV1{segment=\<RecoReverseSegment\>}>) (<compute>, 0, <RecoZfillFilter Z1{fixedSize=\<RECO_ft_size[0]\>; dataPosition=0; fillingPosition=0.5}>) (<compute>, 0, <RecoFTShiftFilter FTS1{frameDim=2; winDirection=0; shift=\<RECO_rotate[0]\>; exponent=1}>) (<compute>, 0, <RecoFTFilter FT1{direction=0; exponent=1}>) (<compute>, 0, <RecoSortFilter REORD1{sortDim=\<RecoSortDim\>; sortSize=\<RecoSortSize\>; sortRange=\<RecoSortRange\>; sortSegment=\<RecoSortSegment\>; sortMaps=\<RecoSortMaps\>; frameDim = 2}>) (<compute>, 0, <RecoCastFilter CAST2{dataRep=FLOAT; wordSize=8}>) (<compute>, 0, <RecoReverseFilter REV2{segment=\<RecoReverseSegment\>}>) (<compute>, 0, <RecoZfillFilter Z2{fixedSize=\<RECO_ft_size[0]\>; dataPosition=0; fillingPosition=0.5}>) (<compute>, 0, <RecoFTShiftFilter FTS2{frameDim=2; winDirection=0; shift=\<RECO_rotate[0]\>; exponent=1}>) (<compute>, 0, <RecoFTFilter FT2{direction=0; exponent=1}>) (<compute>, 0, <RecoSortFilter REORD2{sortDim=\<RecoSortDim\>; sortSize=\<RecoSortSize\>; sortRange=\<RecoSortRange\>; sortSegment=\<RecoSortSegment\>; sortMaps=\<RecoSortMaps\>; frameDim = 2}>) (<compute>, 0, <RecoCastFilter CAST3{dataRep=FLOAT; wordSize=8}>) (<compute>, 0, <RecoReverseFilter REV3{segment=\<RecoReverseSegment\>}>) (<compute>, 0, <RecoZfillFilter Z3{fixedSize=\<RECO_ft_size[0]\>; dataPosition=0; fillingPosition=0.5}>) (<compute>, 0, <RecoFTShiftFilter FTS3{frameDim=2; winDirection=0; shift=\<RECO_rotate[0]\>; exponent=1}>) (<compute>, 0, <RecoFTFilter FT3{direction=0; exponent=1}>) (<compute>, 0, <RecoSortFilter REORD3{sortDim=\<RecoSortDim\>; sortSize=\<RecoSortSize\>; sortRange=\<RecoSortRange\>; sortSegment=\<RecoSortSegment\>; sortMaps=\<RecoSortMaps\>; frameDim = 2}>) (<compute>, 1, <RecoBufferSource Q0{procDim=2;frameDim=2;bufferId="FIRSTPASS0";memId="out0"}>) (<compute>, 1, <RecoBufferSource Q1{procDim=2;frameDim=2;bufferId="FIRSTPASS1";memId="out1"}>) (<compute>, 1, <RecoBufferSource Q2{procDim=2;frameDim=2;bufferId="FIRSTPASS2";memId="out2"}>) (<compute>, 1, <RecoBufferSource Q3{procDim=2;frameDim=2;bufferId="FIRSTPASS3";memId="out3"}>) (<compute>, 1, <RecoBufferSink S0{procDim=2;frameDim=2;bufferId="FTPASS10";memId="in0"}>) (<compute>, 1, <RecoBufferSink S1{procDim=2;frameDim=2;bufferId="FTPASS11";memId="in1"}>) (<compute>, 1, <RecoBufferSink S2{procDim=2;frameDim=2;bufferId="FTPASS12";memId="in2"}>) (<compute>, 1, <RecoBufferSink S3{procDim=2;frameDim=2;bufferId="FTPASS13";memId="in3"}>) (<compute>, 1, <RecoFTShiftFilter FTS0{frameDim=2; winDirection=1; shift=\<RECO_rotate[1]\>; exponent=1}>) (<compute>, 1, <RecoHalfFourierFilter FT0{echoPosition=16;direction=1;exponent=1;algorithm=2;}>) (<compute>, 1, <RecoFTShiftFilter FTS1{frameDim=2; winDirection=1; shift=\<RECO_rotate[1]\>; exponent=1}>) (<compute>, 1, <RecoHalfFourierFilter FT1{echoPosition=16;direction=1;exponent=1;algorithm=2;}>) (<compute>, 1, <RecoFTShiftFilter FTS2{frameDim=2; winDirection=1; shift=\<RECO_rotate[1]\>; exponent=1}>) (<compute>, 1, <RecoHalfFourierFilter FT2{echoPosition=16;direction=1;exponent=1;algorithm=2;}>) (<compute>, 1, <RecoFTShiftFilter FTS3{frameDim=2; winDirection=1; shift=\<RECO_rotate[1]\>; exponent=1}>) (<compute>, 1, <RecoHalfFourierFilter FT3{echoPosition=16;direction=1;exponent=1;algorithm=2;}>) (<compute>, 2, <RecoBufferSource Q0{procDim=2;frameDim=2;bufferId="FTPASS10";memId="in0"}>) (<compute>, 2, <RecoBufferSource Q1{procDim=2;frameDim=2;bufferId="FTPASS11";memId="in1"}>) (<compute>, 2, <RecoBufferSource Q2{procDim=2;frameDim=2;bufferId="FTPASS12";memId="in2"}>) (<compute>, 2, <RecoBufferSource Q3{procDim=2;frameDim=2;bufferId="FTPASS13";memId="in3"}>) (<compute>, 2, <RecoBufferSink S0{procDim=2;frameDim=2;bufferId="PREPPASS0";memId="out0"}>) (<compute>, 2, <RecoPhasCorrFilter PHCORR00{winDirection=0; ph0=0.000000; ph1=180.000000}>) (<compute>, 2, <RecoPhasCorrFilter PHCORR01{winDirection=0; ph0=0.000000; ph1=180.000000}>) (<compute>, 2, <RecoPhasCorrFilter PHCORR02{winDirection=0; ph0=0.000000; ph1=180.000000}>) (<compute>, 2, <RecoPhasCorrFilter PHCORR03{winDirection=0; ph0=0.000000; ph1=180.000000}>) (<compute>, 2, <RecoPhasCorrFilter PHCORR10{winDirection=1; ph0=0.000000; ph1=180.000000}>) (<compute>, 2, <RecoPhasCorrFilter PHCORR11{winDirection=1; ph0=0.000000; ph1=180.000000}>) (<compute>, 2, <RecoPhasCorrFilter PHCORR12{winDirection=1; ph0=0.000000; ph1=180.000000}>) (<compute>, 2, <RecoPhasCorrFilter PHCORR13{winDirection=1; ph0=0.000000; ph1=180.000000}>) (<compute>, 2, <RecoScaleFilter SCALE0{scaleFactor=\<RecoScaleChan[0]\>; phaseOffset=\<RecoPhaseChan[0]\>}>) (<compute>, 2, <RecoScaleFilter SCALE1{scaleFactor=\<RecoScaleChan[1]\>; phaseOffset=\<RecoPhaseChan[1]\>}>) (<compute>, 2, <RecoScaleFilter SCALE2{scaleFactor=\<RecoScaleChan[2]\>; phaseOffset=\<RecoPhaseChan[2]\>}>) (<compute>, 2, <RecoScaleFilter SCALE3{scaleFactor=\<RecoScaleChan[3]\>; phaseOffset=\<RecoPhaseChan[3]\>}>) (<compute>, 2, <RecoSumOfSquaresFilter SOS0>) (<compute>, 2, <RecoMagnitudeFilter G0>) (<compute>, 2, <RecoMinMaxFilter M0{map_min=\<RECO_map_min\>;map_max=\<RECO_map_max\>;}>) (<compute>, 3, <RecoBufferSource Q0{procDim=2;frameDim=2;bufferId="PREPPASS0";memId="out0"}>) (<compute>, 3, <RecoSharedQueueSink S0{initQueue=true;queueId=RecoComp_Out;appendPsId=true;}>) (<compute>, 3, <RecoMapFilter MAP0{symmetricMode=true;minima=\<RECO_minima\>;maxima=\<RECO_maxima\>;slope=\<RECO_map_slope\>;offset=\<RECO_map_offset\>;map_min=\<RECO_map_min\>;map_max=\<RECO_map_max\>;rangeMin=-8191.625000;rangeMax=8191.625000;perRepetitionMode=true;perObjectMode=false;cutoffMode=false;}>) (<compute>, 3, <RecoCastFilter CAST0{dataRep=SIGNED;wordSize=2}>) (<output>, 3, <RecoSharedQueueSource Q{queueId=RecoComp_Out;appendPsId=true;procDim=2;initFromRECO=true;}>) (<output>, 3, <RecoImageDisplayFilter DISP{showAll=1;selectedFrame=\<RecoDisplayFrame\>;modalityType=1;procnoPath="/opt/nmrdata/PV-360.3.6/data/nmrsu/20240725_090212_std_PV360_3_6_94T_protocols_1_1/20/pdata/1/";}>) (<output>, 3, <RecoFileSink S{writePars=true;shuffle=false;filename="2dseq";numChans=1;}>) (<compute>, 0, <RecoStabCorrFilter NAV0{innerSegments=1;navSize=256;echoSize=128;nEchoes=20;junkSize=88;nSlices=\<NI\>;nSegments=\<PVM_EpiNShots\>;sliding=true;useNav=true;select=0;drift=false;dyncor=0;junkSize0=0;navSize2=0;multiecho=1;amplitude=true;}>) (<compute>, 0, <RecoRegridFilter RGR0{rampForm=5;rampLength=0.0976563;ktraject=\<PVM_EpiTrajAdjkx\>;b0traject=\<PVM_EpiTrajAdjb0\>;ksize=128;nechoes=\<PVM_EpiNEchoes\>}>) (<compute>, 0, <RecoEpiGhostFilter EG0{innerSegments=1;nechoes=20;phc=\<PVM_EpiPhaseCorrection[0]\>;nslices=\<NI\>;adjust=0;refecho=5;time=true;center=\<PVM_EpiReadCenter\>;channel=0;maxorder=1;doubleshotadj=0;dyncor=0;usedyn=1;MbNBands=\<PVM_MbEncNBands\>}>) (<compute>, 0, <RecoStabCorrFilter NAV1{innerSegments=1;navSize=256;echoSize=128;nEchoes=20;junkSize=88;nSlices=\<NI\>;nSegments=\<PVM_EpiNShots\>;sliding=true;useNav=true;select=0;drift=false;dyncor=0;junkSize0=0;navSize2=0;multiecho=1;amplitude=true;}>) (<compute>, 0, <RecoRegridFilter RGR1{rampForm=5;rampLength=0.0976563;ktraject=\<PVM_EpiTrajAdjkx\>;b0traject=\<PVM_EpiTrajAdjb0\>;ksize=128;nechoes=\<PVM_EpiNEchoes\>}>) (<compute>, 0, <RecoEpiGhostFilter EG1{innerSegments=1;nechoes=20;phc=\<PVM_EpiPhaseCorrection[1]\>;nslices=\<NI\>;adjust=0;refecho=5;time=true;center=\<PVM_EpiReadCenter\>;channel=1;maxorder=1;doubleshotadj=0;dyncor=0;usedyn=1;MbNBands=\<PVM_MbEncNBands\>}>) (<compute>, 0, <RecoStabCorrFilter NAV2{innerSegments=1;navSize=256;echoSize=128;nEchoes=20;junkSize=88;nSlices=\<NI\>;nSegments=\<PVM_EpiNShots\>;sliding=true;useNav=true;select=0;drift=false;dyncor=0;junkSize0=0;navSize2=0;multiecho=1;amplitude=true;}>) (<compute>, 0, <RecoRegridFilter RGR2{rampForm=5;rampLength=0.0976563;ktraject=\<PVM_EpiTrajAdjkx\>;b0traject=\<PVM_EpiTrajAdjb0\>;ksize=128;nechoes=\<PVM_EpiNEchoes\>}>) (<compute>, 0, <RecoEpiGhostFilter EG2{innerSegments=1;nechoes=20;phc=\<PVM_EpiPhaseCorrection[2]\>;nslices=\<NI\>;adjust=0;refecho=5;time=true;center=\<PVM_EpiReadCenter\>;channel=2;maxorder=1;doubleshotadj=0;dyncor=0;usedyn=1;MbNBands=\<PVM_MbEncNBands\>}>) (<compute>, 0, <RecoStabCorrFilter NAV3{innerSegments=1;navSize=256;echoSize=128;nEchoes=20;junkSize=88;nSlices=\<NI\>;nSegments=\<PVM_EpiNShots\>;sliding=true;useNav=true;select=0;drift=false;dyncor=0;junkSize0=0;navSize2=0;multiecho=1;amplitude=true;}>) (<compute>, 0, <RecoRegridFilter RGR3{rampForm=5;rampLength=0.0976563;ktraject=\<PVM_EpiTrajAdjkx\>;b0traject=\<PVM_EpiTrajAdjb0\>;ksize=128;nechoes=\<PVM_EpiNEchoes\>}>) (<compute>, 0, <RecoEpiGhostFilter EG3{innerSegments=1;nechoes=20;phc=\<PVM_EpiPhaseCorrection[3]\>;nslices=\<NI\>;adjust=0;refecho=5;time=true;center=\<PVM_EpiReadCenter\>;channel=3;maxorder=1;doubleshotadj=0;dyncor=0;usedyn=1;MbNBands=\<PVM_MbEncNBands\>}>)
##$RecoStageNrEdges=85
##$RecoStageEdges=( 85 )
(<job0>, 0, <Q0-\>PM>) (<job0>, 0, <PM-\>CastToFloatMain>) (<job0>, 0, 
<CastToFloatMain-\>Av>) (<job0>, 0, <Av-\>CastToIntMain>) (<job0>, 0, 
<CastToIntMain-\>TeeStorage>) (<job0>, 0, <TeeStorage-\>QS>) (<job0>, 0, 
<TeeStorage-\>FS>) (<input>, 0, <FS0-\>JQ0>) (<compute>, 0, <Q0-\>SP0>) 
(<compute>, 0, <SP0-\>CAST0>) (<compute>, 0, <SP0-\>CAST1>) (<compute>, 0, 
<SP0-\>CAST2>) (<compute>, 0, <SP0-\>CAST3>) (<compute>, 0, <RGR0-\>REV0>) 
(<compute>, 0, <REV0-\>Z0>) (<compute>, 0, <EG0-\>FTS0>) (<compute>, 0, 
<FTS0-\>FT0>) (<compute>, 0, <FT0-\>REORD0>) (<compute>, 0, <REORD0-\>S0>) 
(<compute>, 0, <RGR1-\>REV1>) (<compute>, 0, <REV1-\>Z1>) (<compute>, 0, 
<EG1-\>FTS1>) (<compute>, 0, <FTS1-\>FT1>) (<compute>, 0, <FT1-\>REORD1>) 
(<compute>, 0, <REORD1-\>S1>) (<compute>, 0, <RGR2-\>REV2>) (<compute>, 0, 
<REV2-\>Z2>) (<compute>, 0, <EG2-\>FTS2>) (<compute>, 0, <FTS2-\>FT2>) 
(<compute>, 0, <FT2-\>REORD2>) (<compute>, 0, <REORD2-\>S2>) (<compute>, 0, 
<RGR3-\>REV3>) (<compute>, 0, <REV3-\>Z3>) (<compute>, 0, <EG3-\>FTS3>) 
(<compute>, 0, <FTS3-\>FT3>) (<compute>, 0, <FT3-\>REORD3>) (<compute>, 0, 
<REORD3-\>S3>) (<compute>, 1, <Q0-\>FTS0>) (<compute>, 1, <Q1-\>FTS1>) 
(<compute>, 1, <Q2-\>FTS2>) (<compute>, 1, <Q3-\>FTS3>) (<compute>, 1, 
<FTS0-\>FT0>) (<compute>, 1, <FT0-\>S0>) (<compute>, 1, <FTS1-\>FT1>) 
(<compute>, 1, <FT1-\>S1>) (<compute>, 1, <FTS2-\>FT2>) (<compute>, 1, 
<FT2-\>S2>) (<compute>, 1, <FTS3-\>FT3>) (<compute>, 1, <FT3-\>S3>) (<compute>
, 2, <Q0-\>PHCORR00>) (<compute>, 2, <Q1-\>PHCORR01>) (<compute>, 2, 
<Q2-\>PHCORR02>) (<compute>, 2, <Q3-\>PHCORR03>) (<compute>, 2, 
<PHCORR00-\>PHCORR10>) (<compute>, 2, <PHCORR01-\>PHCORR11>) (<compute>, 2, 
<PHCORR02-\>PHCORR12>) (<compute>, 2, <PHCORR03-\>PHCORR13>) (<compute>, 2, 
<PHCORR10-\>SCALE0>) (<compute>, 2, <PHCORR11-\>SCALE1>) (<compute>, 2, 
<PHCORR12-\>SCALE2>) (<compute>, 2, <PHCORR13-\>SCALE3>) (<compute>, 2, 
<SCALE0-\>SOS0.0>) (<compute>, 2, <SCALE1-\>SOS0.1>) (<compute>, 2, 
<SCALE2-\>SOS0.2>) (<compute>, 2, <SCALE3-\>SOS0.3>) (<compute>, 2, 
<SOS0-\>G0>) (<compute>, 2, <G0-\>M0>) (<compute>, 2, <M0-\>S0>) (<compute>, 
3, <Q0-\>MAP0>) (<compute>, 3, <MAP0-\>CAST0>) (<compute>, 3, <CAST0-\>S0>) 
(<output>, 3, <Q-\>DISP>) (<output>, 3, <DISP-\>S>) (<compute>, 0, 
<CAST0-\>NAV0>) (<compute>, 0, <NAV0-\>RGR0>) (<compute>, 0, <Z0-\>EG0>) 
(<compute>, 0, <CAST1-\>NAV1>) (<compute>, 0, <NAV1-\>RGR1>) (<compute>, 0, 
<Z1-\>EG1>) (<compute>, 0, <CAST2-\>NAV2>) (<compute>, 0, <NAV2-\>RGR2>) 
(<compute>, 0, <Z2-\>EG2>) (<compute>, 0, <CAST3-\>NAV3>) (<compute>, 0, 
<NAV3-\>RGR3>) (<compute>, 0, <Z3-\>EG3>)
##$ACQ_SetupRecoDisplay=Yes
##$ACQ_SetupImageType=MAGNITUDE_IMAGE
##$RecoDisplay=Yes
##$RecoEachNR=Yes
##$RecoDisplayFrame=-1
##$RecoPrototype=No
##$RecoGradientLinearityCorrection=No
##$RecoGradientLinearityCorrectionDebug=1
##$RecoGradientLinearityCorrectionApprox=No
$$ @vis= RECO RECO_INSTANCE RECO_fov RECO_size RecoAutoDerive RecoDim
$$ @vis= RecoSpatDim RecoObjectsPerRepetition RecoObjectsPerSetupStep
$$ @vis= RecoSortObjectsPerRepetition RecoNumRepetitions RecoNumOutputChan
$$ @vis= RecoDescriptionInSliceCount RecoDescriptionSliceCount
$$ @vis= RecoDescriptionOutSliceCount RecoEncodingFrames
$$ @vis= RecoRepetitionGroupSize RECO_inp_order RECO_inp_size RECO_ft_size
$$ @vis= RECO_wdw_mode RECO_ft_mode RECO_pc_mode RECO_pc_lin RECO_rotate
$$ @vis= RECO_transposition RECO_image_type RECO_wordtype RECO_map_mode
$$ @vis= RECO_byte_order RecoModeUser RecoUserUpdate RecoB0DemodOff RecoWindow
$$ @vis= RecoFTOrder RecoHalfFTAlgorithm RecoHalfFT RecoHalfFTPos
$$ @vis= RecoHalfFTAcq RecoNoFT RecoExportSortedData RecoCorrPhase
$$ @vis= RecoCorrPhaseRef RecoMap RecoNumInputChan RecoScaleChan RecoPhaseChan
$$ @vis= RecoCombineMode RecoEncGenInt RecoSortGroup RecoSortDim RecoSortSize
$$ @vis= RecoSortRange RecoSortSegment RecoSortMaps RecoGrappaGroup
$$ @vis= RecoGrappaCoefficients RecoSliceGrappaCoefficients
$$ @vis= RecoGrappaAccelFactor RecoGrappaAccelFactor2 RecoGrappaFirstRepOnly
$$ @vis= RecoGrappaCoefReps RecoSliceGrappaAccelFactor
$$ @vis= RecoSliceGrappaBlipValue RecoSliceGrappaOff RecoGrappa3D
$$ @vis= RecoGrappaCaipirinha RecoGrappaTCaipirinha RecoGrappaOne
$$ @vis= RecoSegGrappa RecoSegGrappaCalibrateFromB0 RecoSegGrappaInt
$$ @vis= RecoSegGrappaSegments RecoItGrappa RecoCSGroup RecoCS RecoNNGroup
$$ @vis= RecoNnDenoising RecoNnCpuOnly RecoNnParallelProcessing
$$ @vis= RecoNnDifferenceMode RecoNnPatchSizeMax RecoNnNdIso RecoNnPatchBorder
$$ @vis= RecoNnDenoisingLevel RecoNnDataConsistency
$$ @vis= RecoNnDataConsistencyCenter RecoNnDataConsistencyRatio
$$ @vis= RecoNnDataConsistencyCenterRatio RecoNnDenoisingPre
$$ @vis= RecoNnDenoisingLevelPre RecoNnDataConsistencyPre
$$ @vis= RecoNnDataConsistencyCenterPre RecoNnDataConsistencyRatioPre
$$ @vis= RecoNnDataConsistencyCenterRatioPre RecoRegridNGroup RecoRegridN
$$ @vis= RecoStageGroup RecoStageNrPasses RecoStagePasses RecoStageNrNodes
$$ @vis= RecoStageNodes RecoStageNrEdges RecoStageEdges RECO_GS
$$ @vis= ACQ_SetupRecoDisplay ACQ_SetupImageType RECO_GO RecoDisplay
$$ @vis= RecoEachNR RecoDisplayFrame RecoPrototype
$$ @vis= RecoGradientLinearityCorrection RecoGradientLinearityCorrectionDebug
$$ @vis= RecoGradientLinearityCorrectionApprox
##END=
$$ File finished by PARX at 2024-07-25 10:16:29.357 +0200
