##TITLE=Parameter List, ParaVision 360 V3.6
##JCAMPDX=4.24
##DATATYPE=Parameter Values
##ORIGIN=Bruker BioSpin GmbH & Co. KG
##OWNER=nmrsu
$$ Write Options: Symbolic Enums, RLE encoded arrays, symbol visibility
$$ 2024-07-25 10:16:29.438 +0200  nmrsu@host
$$ /opt/nmrdata/PV-360.3.6/data/nmrsu/20240725_090212_std_PV360_3_6_94T_protocols_1_1/20/pdata/1/visu_pars
$$ process /opt/PV-360.3.6/prog/bin/parxserver
##$VisuVersion=8
##$VisuUid=( 65 )
<2.16.756.5.5.200.906653985.1404.1721894766.1509>
##$VisuCreator=( 65 )
<ParaVision>
##$VisuCreatorVersion=( 195 )
<360.3.6>
##$VisuCreationDate=<2024-07-25T10:16:29,291+0200>
##$VisuInstanceType=STANDARD_INSTANCE
##$VisuInstanceModality=( 65 )
<MR>
##$VisuInstanceDeIdentified=No
##$VisuCoreFrameCount=325
##$VisuCoreDim=2
##$VisuCoreSize=( 2 )
128 128
##$VisuCoreDimDesc=( 2 )
spatial spatial
##$VisuCoreExtent=( 2 )
18 15
##$VisuCoreFrameThickness=( 1 )
0.80000000000000004
##$VisuCoreUnits=( 2, 65 )
<mm> <mm>
##$VisuCoreOrientation=( 5, 9 )
-0.99939082701909576 0 -0.034899496702500969 0 -1 0 -0.034899496702500969 0 
0.99939082701909576 -0.99939082701909576 0 -0.034899496702500969 0 -1 0 
-0.034899496702500969 0 0.99939082701909576 -0.99939082701909576 0 
-0.034899496702500969 0 -1 0 -0.034899496702500969 0 0.99939082701909576 
-0.99939082701909576 0 -0.034899496702500969 0 -1 0 -0.034899496702500969 0 
0.99939082701909576 -0.99939082701909576 0 -0.034899496702500969 0 -1 0 
-0.034899496702500969 0 0.99939082701909576
##$VisuCorePosition=( 5, 3 )
9.0991614082599686 9.8437499999999964 -2.6825156184690711 9.062516936722341 
9.8437499999999964 -1.6331552500990207 9.0258724651847153 9.8437499999999964 
-0.58379488172897032 8.9892279936470896 9.8437499999999964 
0.46556548664108044 8.9525835221094638 9.8437499999999964 1.5149258550111309
##$VisuCoreModalityOffset=( 1, 3 )
0 0 0
##$VisuCoreAtsCenterDistance=369.35388739293921
##$VisuCoreDataMin=( 325 )
23.382235580702215 27.80819324918242 28.329695838069373 23.091932274816262 
27.07995869617497 26.883497882455583 24.330592417970589 23.542045014497088 
21.197047471298674 25.121123173240111 17.948188307295535 25.784807798379699 
22.804726453199255 26.056781002963731 22.609458775288754 19.466250794764402 
23.866212986784394 29.315655517917275 27.003189090463664 30.197871493103243 
23.818364768115977 24.979404444449415 30.550687519975689 25.271214846442998 
20.524407875987237 26.888711892800682 26.085229113332339 19.043858987297931 
21.345014440891177 22.762344715039358 13.550229797201021 21.92356726289913 
20.125319487764077 20.04573803389798 24.468543333326611 28.098317163116104 
25.89145307777622 20.024118609642699 23.065440914646203 26.197530353732223 
17.089618685632121 23.732729020868621 20.641076889622394 26.979841742802613 
24.099082356044121 21.842137271914488 18.186118384173476 26.773718607091695 
30.366438623081276 23.734729304424377 23.134174245362335 17.087557841546708 
22.114127031517338 28.284634357050518 24.827194785565776 22.275604167428572 
26.084700542672007 17.47141086934376 23.781541698950704 24.284823521601933 
17.510667977116118 25.235400689589394 24.011795558869878 26.615510098388967 
26.782986186020992 27.383448957850419 25.514099222363313 22.018462487340312 
21.813485044081993 22.190677719774143 22.701591616786672 18.7128254851077 
20.275722325954096 24.615590371461693 22.821792976536056 22.530777801618001 
22.683406689843522 24.319583837160117 23.154477004608161 20.421508396523127 
25.762098937480388 23.200161025195236 21.683522220165951 23.87211113900155 
18.704548595791355 26.056404099443981 17.532681913419623 16.310966974451681 
20.054626014334058 26.290694206361696 27.222526481725613 21.973830980862619 
25.114351298210391 18.9284983501861 17.272521677320444 13.274678473128995 
28.693391375131053 23.085072867647995 24.925810398229341 21.18829428454217 
27.824059897635781 23.225329880688349 24.417791529021546 16.755353255186456 
18.930653017894862 23.364780836804474 25.774535525976265 24.344239771508782 
25.563682967277714 23.9925093341649 13.497887640804516 21.018849897733954 
28.418030069477147 20.902004075219516 23.65455101313087 24.338385713081223 
22.667029436126036 27.215009559319626 23.7318011597593 27.667382242449385 
26.791812511219373 25.311767808809314 23.057825638290961 30.21807203223231 
29.221680175735539 23.121792629574841 26.460127438266319 22.135696502268807 
26.688933325730808 26.494094920947258 23.663504462326514 27.722132720095843 
22.050606867258903 22.000329442775854 24.407937828090738 23.068445244356806 
14.991617229977805 22.088811846273327 23.168313362598731 20.160418406714953 
26.280480248627367 26.259702144254735 22.160642052373994 22.087504288578415 
27.150886740845362 28.032354804506269 17.662906946894239 28.926672016225567 
23.822496740129221 18.468854891388062 26.312365954339811 25.843525576790483 
21.613424930422237 22.238213097911597 26.679679146955255 22.037267797799814 
25.670766989265452 27.646482086004294 26.601226545678898 17.6447714395924 
22.316579552274693 23.571959156482251 23.192289576758725 20.295722553366986 
21.475276945520722 20.656026495916048 30.676477129069074 19.238411449338649 
23.620352780336013 21.580272203435495 21.335054188004719 22.387556419968661 
22.307092129261449 26.248777621339574 23.429424351828445 15.938137313804466 
21.251260676497218 33.106817067408677 28.085197175241838 22.489787349054151 
22.332563112229852 18.1808153737549 25.782176139443383 24.253184975727795 
22.7865827582565 13.720832810644914 28.858439718656523 20.961719459174081 
30.934218470492347 24.481098494284506 22.180544344654194 23.154405836261688 
22.628549103224167 19.520154335963287 25.964386515000541 14.976643052725919 
20.333234770669666 24.978655180407117 22.443723235482235 25.018153138412558 
24.153631869303613 20.707588665497948 20.127361334195324 19.707956034829422 
29.565696812924486 21.942082122098682 28.249549018325588 23.993428636570179 
25.005403897638722 20.911931012503654 29.576046338052308 21.539722340440935 
22.841041731887671 23.615576989994935 22.847153710434593 17.2353689772326 
17.71515409400298 23.537005043868348 12.806504725297547 22.437307167884281 
23.177355147196195 19.152235618703699 29.960140186305431 22.82592097820433 
30.168910328772654 9.778468500609474 28.787411097937149 23.746401684268744 
18.139668229470818 20.393980836786497 23.039874489739201 25.972105690552752 
23.7451034230284 27.933583177811283 25.176860859999397 22.725482713321469 
25.612044129261868 24.111478995717405 25.937014587284821 23.136294200150438 
25.554854366333146 29.144383727092873 28.022091636799189 30.171949802924271 
30.741144883187509 21.494141392250096 19.584551451415887 30.954073931811216 
26.203661748521395 22.949821497221496 19.659368559555489 23.617199260835093 
26.794635643792255 19.635773476405216 19.520531724732077 20.504953790469219 
23.503925867041865 21.925240739286696 21.906474457950655 22.913847370164504 
22.254777099803654 17.825127637295463 20.496333885528909 23.245692078624231 
24.588308968926142 26.647333804289257 24.179809754631897 21.089498266614918 
22.651955173509666 27.051592301192017 31.695126658350013 32.144197899989344 
24.342236694762839 27.4395377927857 24.607177526620369 15.165207100868219 
26.567952877354234 20.249348526662917 24.690112412642161 19.218308782273418 
25.631023475086323 31.111037815161186 26.479923451763657 30.237080693757029 
24.776912660895707 19.237665804237619 24.706165432730945 27.038777814757633 
24.552478397619648 19.859086147162476 26.556668649272442 22.728346313424009 
24.230576938286706 22.341359196640582 23.392271181011022 10.092290604448904 
27.123517472798998 15.615235430193191 13.631218040253183 22.662338050914119 
18.818071407365942 24.218299701179347 18.985415970021471 23.686032259102053 
24.946499382930376 18.677210086105934 22.931865197315183 21.720984713303974 
21.729632482558603 18.409323490374152 26.756901238497463 19.248963731014808 
23.191076980615808 27.553164669587154 25.428560588087638 20.889411453777441 
21.501820045692174 26.883035386275228 26.16878465544124 19.123534379182374 
21.710805389769014 23.443392340941511 23.197969421283648 32.312692002978331 
29.246416566030195
##$VisuCoreDataMax=( 325 )
6405.6664434921713 6049.2951375587454 7851.0812473960805 8191.625 
6827.8884232098198 6658.6572698692898 6198.5536028799834 7773.9124497803859 
8053.7896360451596 6573.1371361535739 6568.2132804588382 6353.0529406066516 
7765.9793632149476 8097.8921512804072 6588.5488396684514 6685.4002462680419 
6220.5813727256309 7764.6789621757962 8148.2799872971391 6644.6565619944431 
6477.7839407471311 6130.6251461141992 7666.100135172238 8231.6899814703756 
6666.193889931782 2091.1219741211944 2706.9764997222233 2395.879775024815 
2951.6711736474849 3645.5912841959448 2002.5759182661011 2690.9451431915522 
2311.9869385516636 2818.4207650589333 3607.2947058865625 2150.4408363549778 
2527.0509740223447 2339.0153657306514 3014.3425500330386 3533.6474529062989 
2084.1375690224531 2556.3182465017344 2322.2395746337957 3016.2150364458275 
3559.7812636019403 2064.291028352774 2683.8640419656572 2351.8616263440958 
2806.1754147772726 3715.0099258542027 2043.1918256130471 2674.6216873126928 
2409.8982053865452 2952.1817541349224 3651.4683400580643 2008.62307621838 
2706.5035520349707 2330.615472270797 2890.5136390035386 3568.8449701462046 
2074.2831179574505 2520.3025062977881 2414.37548104396 2949.7996929050346 
3717.4116987478201 1976.6298714921465 2327.1523679882685 2373.3436726426385 
3041.2724522225144 3556.5509167861728 2113.3617079047322 2545.0289483053539 
2385.3044138612995 2990.7001035795138 3761.45873860848 2083.5248293731897 
2612.0668839149571 2306.4009172009232 2984.1495827172894 3638.951102870546 
2028.275826400793 2607.0954947485384 2331.7647489912906 3013.2325283005766 
3803.0355362265332 2130.5849806106953 2547.7241946217691 2363.1434171221999 
2762.4963338220405 3724.6048394252261 2164.7540188474031 2563.6769077642025 
2289.5937494382315 2726.6649150091675 3587.2311035530442 2073.2380904669117 
2696.1707250498971 2396.7338231840076 2783.4924913641044 3484.6810869119117 
2032.6611911039997 2357.8656293091176 2486.3898920871461 2898.678057580642 
3567.3786193327519 2098.8249187211272 2376.3606938238968 2404.7816568313842 
2900.9024190953864 3576.9749319953162 2038.9143701458268 2657.5966190271706 
2311.4354814510607 2896.3975127181502 3567.1501605171607 2067.6630287403586 
2690.2544625466899 2368.7669823243027 2911.2169450433121 3593.4298782562155 
2163.5425136044109 2557.4941938019424 2462.10436353879 3148.1800370630399 
3592.4514543113428 2083.509933666202 2536.0227687552633 2540.8121810870912 
3046.012702570702 3897.910977257769 2072.8582922432643 2587.2573109040063 
2534.3733286964521 2973.6702495054319 3632.4363248665454 2043.5373235275072 
2493.8181350479576 2423.3947740814006 2759.9651042829837 3504.9400555153916 
2102.2480004464487 2540.0891542213226 2351.2980897774514 2747.361910968576 
3626.2423527473525 2066.5123475542928 2391.4168054646202 2550.0435120271322 
2897.2234620319987 3547.8191786398702 2062.002540953994 2349.0863972087882 
2332.8592091108198 2840.5595193718041 3793.4975089245818 2045.7465275824832 
2392.0782633297486 2366.260603294475 2745.7965659352226 3665.7710881579346 
2037.2125077548981 2514.0400279311234 2446.0441917856897 2868.7102660741762 
3525.700596535271 2144.124076583767 2647.8998066903214 2468.0614994112484 
3003.0300857371303 3803.0428169359698 2011.7803667680366 2597.0733739033922 
2443.1447541975008 3039.2906576174537 3827.9929167602227 1569.4143090084833 
1961.9368436851269 1906.9569773844569 2211.0437606656747 2811.7708143052118 
1585.1722092287666 1961.8335849683381 1774.5599930556434 2147.8606673898075 
2748.4945985150857 1554.967914984524 2081.5060570899627 1950.669992122389 
2191.0856423102723 2887.7711361511756 1516.0550469300704 1991.6019713093988 
1853.3566864617073 2251.606828802986 2840.8962620463149 1616.1141765869459 
1946.899446916136 1704.8875756054431 2322.3730965792188 2959.0521062524163 
1658.8399299005832 1963.644571503818 1810.5215932101548 2107.1865171042205 
2780.5841806602689 1621.9259936956907 2026.3474372445489 1893.2239533481529 
2012.7408662186995 3124.6465308993461 1615.0300083268269 2051.3059073091663 
1974.6728641786362 2110.7683580984567 2902.8926814928395 1587.9242278150846 
1868.1350262284607 1840.0478444573287 2239.1582625686174 2853.6518809490608 
1660.458986659698 1971.9418507623866 1874.5693658190012 2250.0191466505412 
2866.8817764233136 1595.2831269787901 1964.6769510747881 1786.7516560051806 
2361.2831639779115 2871.8124737219823 1757.35455142158 1908.7466206529971 
1893.8686906086459 2271.0283380334531 3106.9858177425417 1665.8573478747539 
1900.6026797464299 1764.4401256481542 2204.3274480692994 2822.564475243194 
1608.0749545091041 2204.5884727273033 1835.7846830264175 2106.8550291733964 
2886.9176106576824 1641.4334244054967 2124.4055313773479 1951.9563895675597 
2152.3768517254766 2856.2971038081032 1601.1104485241599 1777.4234567326628 
2016.9011742890787 2256.3582344516972 2961.6240471755859 1587.1584595977811 
1800.9244981965101 1914.1028691285883 2323.177681316105 2949.5912299101192 
1753.8957612540617 2016.7129910044218 1810.5055058680962 2277.4048442643957 
2819.6437470286041 1734.0285431638592 2099.880641849541 1963.2322031649294 
2375.8590696425103 2848.7087314284227 1619.2641006528172 1907.9844205199433 
1838.201466657966 2347.0978331523152 2970.5450119176298 1719.9925279365784 
1850.8447804166476 1888.1175290406302 2256.2837612837707 3098.8662824758408 
1852.5220463794728 1874.2391687479883 2030.5760150812303 2161.7583153641476 
2958.8480865838133 1752.3384321789842 2099.7259208421683 2033.3722140910918 
2346.9990892799378 2807.4809688124947 1653.2089597482338 2146.5329099450382 
1923.8602607215764 2166.5213413165584 2868.7672831835871 1661.4740776339688 
1786.3187467499706 1940.1279670683314 2140.0572403828619 2941.9661719702958 
1662.311564442889 1785.414758829337 2084.2792062189446 2127.7735455095385 
2919.9465880158414 1604.6257008138057 1999.8749273245146 1891.9362937006256 
2172.2650563650909 2764.1365918445708 1749.1832555636543 2096.2429957483778 
1978.6139402968422 2191.8375274447403 2721.9991660976075 1754.8476062385603 
1947.6229987922375 1896.5412539356589 2294.2604516495599 2914.2247833913384 
1725.3696058850228 2076.7514478023304 1915.5246341000452 2380.3291554456796 
3213.7087927930647
##$VisuCoreDataOffs=( 325 )
@325*(0)
##$VisuCoreDataSlope=( 325 )
@325*(42.265919849004014)
##$VisuCoreFrameType=( 1 )
MAGNITUDE_IMAGE
##$VisuFGElemComment=( 65, 65 )
<A0 1 B 25> <A0 2 B 25> <A0 3 B 25> <A0 4 B 25> <A0 5 B 25> <S/D 1/1 B 2027> 
<S/D 1/2 B 2020> <S/D 1/3 B 2020> <S/D 1/4 B 2018> <S/D 1/5 B 2018> <S/D 1/6 
B 2016> <S/D 1/7 B 2017> <S/D 1/8 B 2014> <S/D 1/9 B 2022> <S/D 1/10 B 2014> 
<S/D 1/11 B 2015> <S/D 1/12 B 2011> <S/D 1/13 B 2012> <S/D 1/14 B 2014> <S/D 
1/15 B 2010> <S/D 1/16 B 2012> <S/D 1/17 B 2011> <S/D 1/18 B 2013> <S/D 1/19 
B 2006> <S/D 1/20 B 2011> <S/D 1/21 B 2006> <S/D 1/22 B 2004> <S/D 1/23 B 
2005> <S/D 1/24 B 2005> <S/D 1/25 B 2007> <S/D 1/26 B 2003> <S/D 1/27 B 2005> 
<S/D 1/28 B 2017> <S/D 1/29 B 2003> <S/D 1/30 B 2004> <S/D 2/1 B 3031> <S/D 
2/2 B 3024> <S/D 2/3 B 3024> <S/D 2/4 B 3022> <S/D 2/5 B 3022> <S/D 2/6 B 
3020> <S/D 2/7 B 3021> <S/D 2/8 B 3017> <S/D 2/9 B 3026> <S/D 2/10 B 3017> 
<S/D 2/11 B 3018> <S/D 2/12 B 3014> <S/D 2/13 B 3015> <S/D 2/14 B 3017> <S/D 
2/15 B 3013> <S/D 2/16 B 3011> <S/D 2/17 B 3014> <S/D 2/18 B 3014> <S/D 2/19 
B 3008> <S/D 2/20 B 3014> <S/D 2/21 B 3008> <S/D 2/22 B 3004> <S/D 2/23 B 
3006> <S/D 2/24 B 3006> <S/D 2/25 B 3008> <S/D 2/26 B 3004> <S/D 2/27 B 3006> 
<S/D 2/28 B 3015> <S/D 2/29 B 3004> <S/D 2/30 B 3003>
##$VisuCoreSlicePacksDef=(0, 1)
##$VisuCoreSlicePacksSlices=( 1 )
(0, 5)
##$VisuCoreSlicePacksSliceDist=( 1 )
1.05
##$VisuCoreWordType=_16BIT_SGN_INT
##$VisuCoreByteOrder=littleEndian
##$VisuFGOrderDescDim=2
##$VisuFGOrderDesc=( 2 )
(5, <FG_SLICE>, <>, 0, 2) (65, <FG_DIFFUSION>, <diffusion>, 2, 3)
##$VisuGroupDepVals=( 5 )
(<VisuCoreOrientation>, 0) (<VisuCorePosition>, 0) (<VisuFGElemComment>, 0) 
(<VisuAcqDiffusionGradOrient>, 0) (<VisuAcqDiffusionBMatrix>, 0)
##$VisuSubjectName=( 65 )
<std_PV360_3.6^^^^>
##$VisuSubjectId=( 65 )
<std_PV360_3.6>
##$VisuSubjectUid=( 65 )
<2.16.756.5.5.200.906653985.1404.1721890932.8>
##$VisuSubjectInstanceCreationDate=(1721890932, 254, 120)
##$VisuSubjectBirthDate=( 9 )
<20240725>
##$VisuSubjectSex=UNKNOWN
##$VisuSubjectType=Quadruped
##$VisuStudyUid=( 65 )
<2.16.756.5.5.200.906653985.1404.1721890932.9>
##$VisuStudyDate=<2024-07-25T09:02:12,259+0200>
##$VisuStudyId=( 65 )
<94T_protocols>
##$VisuStudyNumber=1
##$VisuSubjectWeight=0.001
##$VisuStudyReferringPhysician=( 65 )
<nmrsu>
##$VisuExperimentNumber=20
##$VisuProcessingNumber=1
##$VisuSeriesDate=<2024-07-25T10:16:29,291+0200>
##$VisuSubjectPosition=Head_Prone
##$VisuSeriesTypeId=( 65 )
<ACQ_BRUKER_PVM>
##$VisuSeriesCreationId=VCMN_ACQUISITION
##$VisuSeriesExperimentComment=( 65 )
<DTI_EPI_seg_30dir_sat_multi>
##$VisuSeriesFrameOfReferenceUid=( 65 )
<2.16.756.5.5.200.906653985.1404.1721890932.9>
##$VisuManufacturer=( 65 )
<Bruker BioSpin GmbH & Co. KG>
##$VisuAcqSoftwareVersion=( 65 )
<PV-360.3.6>
##$VisuInstitution=( 65 )
<Bruker BioSpin>
##$VisuStation=( 65 )
<System C1 94/17 Maxwell PET/MR>
##$VisuSystemOrderNumber=( 65 )
<0>
##$VisuAcqDate=<2024-07-25T10:07:47,671+0200>
##$VisuAcqSequenceName=( 40 )
<Bruker:DtiEpi>
##$VisuAcquisitionProtocol=( 65 )
<DTI_EPI_seg_30dir_sat>
##$VisuAcqScanTime=520000
##$VisuAcqFrameNumbers=( 325 )
0 3 1 4 2 5 8 6 9 7 10 13 11 14 12 15 18 16 19 17 20 23 21 24 22 25 28 26 29 
27 30 33 31 34 32 35 38 36 39 37 40 43 41 44 42 45 48 46 49 47 50 53 51 54 52 
55 58 56 59 57 60 63 61 64 62 65 68 66 69 67 70 73 71 74 72 75 78 76 79 77 80 
83 81 84 82 85 88 86 89 87 90 93 91 94 92 95 98 96 99 97 100 103 101 104 102 
105 108 106 109 107 110 113 111 114 112 115 118 116 119 117 120 123 121 124 
122 125 128 126 129 127 130 133 131 134 132 135 138 136 139 137 140 143 141 
144 142 145 148 146 149 147 150 153 151 154 152 155 158 156 159 157 160 163 
161 164 162 165 168 166 169 167 170 173 171 174 172 175 178 176 179 177 180 
183 181 184 182 185 188 186 189 187 190 193 191 194 192 195 198 196 199 197 
200 203 201 204 202 205 208 206 209 207 210 213 211 214 212 215 218 216 219 
217 220 223 221 224 222 225 228 226 229 227 230 233 231 234 232 235 238 236 
239 237 240 243 241 244 242 245 248 246 249 247 250 253 251 254 252 255 258 
256 259 257 260 263 261 264 262 265 268 266 269 267 270 273 271 274 272 275 
278 276 279 277 280 283 281 284 282 285 288 286 289 287 290 293 291 294 292 
295 298 296 299 297 300 303 301 304 302 305 308 306 309 307 310 313 311 314 
312 315 318 316 319 317 320 323 321 324 322
##$VisuCardiacSynchUsed=No
##$VisuRespSynchUsed=No
##$VisuAcqNumberOfAverages=1
##$VisuAcqRepetitionTime=( 1 )
2000
##$VisuCoilReceiveName=( 65 )
<RF ARR 400 1H M.BR. 2x2 RO AD>
##$VisuCoilReceiveManufacturer=( 65 )
<BMRIDE>
##$VisuCoilReceiveType=MULTICOIL
##$VisuCoilReceiveIsQuadrature=No
##$VisuCoilReceiveMultiName=( 4 )
(<Element 1>, Yes) (<Element 2>, Yes) (<Element 3>, Yes) (<Element 4>, Yes)
##$VisuCoilTransmitName=( 65 )
<RF RES 400 1H 103/082 QSN TR AD SL>
##$VisuCoilTransmitManufacturer=( 65 )
<BMRIDE>
##$VisuCoilTransmitType=MULTICOIL
##$VisuCoilTransmitIsQuadrature=Yes
##$VisuCoilTransmitMultiName=( 2 )
(<Element 1>, Yes) (<Element 2>, Yes)
##$VisuAcqEchoTrainLength=20
##$VisuAcqImagingFrequency=400.38072797888503
##$VisuAcqImagedNucleus=( 8 )
<1H>
##$VisuAcqPixelBandwidth=1395.0892857142858
##$VisuAcqFlipAngle=90
##$VisuMrAcqFlipAngleVariable=No
##$VisuAcqSize=( 2 )
128 80
##$VisuAcqImageSizeAccellerated=Yes
##$VisuAcqGradEncoding=( 2 )
read_enc phase_enc
##$VisuAcqEchoTime=( 1 )
36
##$VisuAcqAntiAlias=( 2 )
1 1
##$VisuAcqEchoSequenceType=GradientEcho
##$VisuAcqSpinsVelocityEncoded=No
##$VisuAcqHasTimeOfFlightContrast=No
##$VisuAcqIsEpiSequence=Yes
##$VisuAcqSpectralSuppression=FatSuppression
##$VisuAcqKSpaceTraversal=RectilinearTraversal
##$VisuAcqEncodingOrder=( 2 )
LinearEncoding LinearEncoding
##$VisuAcqKSpaceTrajectoryCnt=0
##$VisuAcqKSpaceFiltering=( 2 )
DICOM_NONE DICOM_NONE
##$VisuAcqFlowCompensation=FlowNone
##$VisuAcqSpoiling=GradientSpoiled
##$VisuAcqSaturation=( 1 )
(FovSaturation, 9.0625013219420847, -0 0.9901920119220301 
-0.13971320455061556, 0 -3.6768010010645664 0.51878589623897264)
##$VisuAcqPartialFourier=( 2 )
1 1.6000000000000001
##$VisuAcqParallelReductionFactor=( 2 )
1 1
##$VisuAcqMagnetizationTransfer=No
##$VisuAcqBloodSignalNulling=No
##$VisuAcqDiffusionBMatrix=( 65, 9 )
6.8669947720662643 7.1558284890019346 8.3960209257064466 7.1558284890019346 
7.4569735912037771 8.7538293797638786 8.3960209257064466 8.7538293797638786 
10.399092177351385 6.8669947720662643 7.1558284890019346 8.3960209257064466 
7.1558284890019346 7.4569735912037771 8.7538293797638786 8.3960209257064466 
8.7538293797638786 10.399092177351385 6.8669947720662643 7.1558284890019346 
8.3960209257064466 7.1558284890019346 7.4569735912037771 8.7538293797638786 
8.3960209257064466 8.7538293797638786 10.399092177351385 6.8669947720662643 
7.1558284890019346 8.3960209257064466 7.1558284890019346 7.4569735912037771 
8.7538293797638786 8.3960209257064466 8.7538293797638786 10.399092177351385 
6.8669947720662643 7.1558284890019346 8.3960209257064466 7.1558284890019346 
7.4569735912037771 8.7538293797638786 8.3960209257064466 8.7538293797638786 
10.399092177351385 77.45579455899815 26.830379557005209 387.4904003882736 
26.830379557005209 10.52430174844341 134.62731395197005 387.49040038827366 
134.62731395197005 1938.8068819811085 164.7477939239165 -103.53877947254692 
-543.02132034393344 -103.53877947254692 65.070952924957055 341.2675483516839 
-543.02132034393344 341.2675483516839 1790.0084028982412 45.725259325288761 
94.852602235717995 -285.05362602650195 94.852602235717995 196.7636259616481 
-591.30381282345661 -285.05362602650189 -591.30381282345661 
1777.1708068173264 187.00362768406364 -231.83182147047884 537.22476165246633 
-231.83182147047884 287.40655776372597 -666.01763232275255 537.22476165246633 
-666.01763232275255 1543.6021457589179 90.923967697519075 196.84783581495807 
369.36008762077984 196.84783581495807 426.17126554084228 799.67280413533706 
369.36008762077984 799.67280413533706 1500.7308585259561 91.912745348731207 
-252.12581991444438 -336.61290747870351 -252.12581991444438 
691.60822527083303 923.34475947343753 -336.61290747870351 923.34475947343753 
1232.9443907755108 618.58529020258641 187.42262946119592 -911.06829466126351 
187.42262946119592 56.786440775696704 -276.03869854717095 -911.06829466126351 
-276.03869854717095 1342.0385387038245 473.81038529212617 575.95141032610218 
-630.76874231979559 575.95141032610218 700.11173500995051 -766.73713391757246 
-630.76874231979548 -766.73713391757246 839.91821799217155 4.1855286429927645 
-35.548188654943253 35.940605184837061 -35.548188654943253 1015.5732142892997 
-1008.8942570609398 35.940605184837054 -1008.8942570609398 1002.5152468580964 
934.74231537456649 -300.33251031042494 958.38187838911449 -300.33251031042494 
96.496799820377547 -307.93039969385802 958.38187838911438 -307.93039969385802 
982.8503299387495 802.60292464261818 280.55259276291508 945.63449984411136 
280.55259276291508 98.068148822990153 330.5525051004426 945.63449984411136 
330.5525051004426 1114.3891142443017 13.958780202870505 141.05178626148728 
89.314948539325471 141.05178626148728 1425.3380614696873 902.60972756129308 
89.314948539325471 902.60972756129308 571.80207797356877 670.7602365663264 
-694.88855045592049 -645.50237048297231 -694.88855045592049 
719.88508006262578 668.7145898518263 -645.50237048297242 668.7145898518263 
621.39672230460008 1120.4576706669125 -322.29873844074939 -946.96887957963122 
-322.29873844074939 92.70899192910143 272.39272934520017 -946.96887957963122 
272.39272934520017 800.54547289492848 1458.5352110349806 397.74491790007829 
-804.05081012243659 397.74491790007829 108.46570381197859 -219.26394887062287 
-804.05081012243647 -219.26394887062287 443.45849020319167 10.01820022344277 
-130.41451693363746 46.41802383148493 -130.41451693363746 1778.3086150536465 
-629.96212561665413 46.418023831484923 -629.96212561665413 223.39338458666521 
474.42052798321265 -651.23203032091567 552.26452819714928 -651.23203032091567 
893.93980036203936 -758.09840680451441 552.26452819714939 -758.09840680451441 
643.1145622743428 1734.6936745471039 -130.91736859593263 681.10149104889604 
-130.91736859593263 10.954157139315132 -51.725915064460217 681.10149104889604 
-51.725915064460217 267.64559453130084 1423.3564282418201 718.68686684625675 
559.48279208022313 718.68686684625675 362.88233756856181 282.50015648756323 
559.48279208022325 282.50015648756323 220.13880666170658 514.14848478174133 
665.63112516076171 571.50729806023037 665.63112516076171 861.74526270040258 
739.89957581704289 571.50729806023037 739.89957581704289 635.49749786579775 
192.28562793357676 -563.06899289660635 -178.10556312228039 
-563.06899289660635 1648.8342221323701 521.5242747328698 -178.10556312228042 
521.5242747328698 165.17284771358692 1080.5487067067311 -975.22958223203045 
-214.9547304597784 -975.22958223203045 880.17593589247849 193.9967423542781 
-214.9547304597784 193.9967423542781 42.973545944161465 1788.2369128568923 
-498.05676871658568 -372.82597135055187 -498.05676871658568 
138.71796265336906 103.83678977635027 -372.82597135055181 103.83678977635027 
77.941972862038284 1255.0898663536113 921.17998721580693 -303.23241738530515 
921.17998721580693 676.10516915723485 -222.55359786588181 -303.2324173853051 
-222.55359786588181 73.473336304638892 326.68614815016571 696.66737944512454 
-251.94928609038848 696.66737944512454 1485.6639330458288 -537.27331855461887 
-251.94928609038845 -537.27331855461887 194.51408127482617 418.23725563564636 
-799.83916922611627 151.90870637707363 -799.83916922611627 1529.6176744181416 
-290.52558823031825 151.90870637707363 -290.52558823031825 55.395881216092477 
1380.7355577902342 -804.9489688663067 462.71141540780707 -804.9489688663067 
469.27375923573118 -269.75853471222013 462.71141540780701 -269.75853471222013 
155.28403886604562 1950.2667603189986 317.06962159519423 -156.6457814712121 
317.06962159519423 51.548506966331708 -25.449550908993057 -156.6457814712121 
-25.449550908993057 15.662430139394846 635.63513145418415 915.92729911391768 
173.29509967355537 915.92729911391768 1319.8187487525579 249.72292787251041 
173.2950996735554 249.72292787251041 47.465428389061472 31.594193993189986 
248.22733378788124 26.234327356622149 248.22733378788124 1950.2869488976642 
206.22724907348612 26.234327356622149 206.22724907348612 22.200006760244868 
116.22247275512912 35.709512505509998 580.7794916344875 35.709512505509998 
11.803109207363686 178.77592889152808 580.77949163448739 178.77592889152808 
2902.5311166353617 247.06481714596771 -155.2903377435444 -813.62230378583172 
-155.2903377435444 97.606429387435611 511.39069617147658 -813.62230378583183 
511.39069617147658 2679.5515952749793 68.557865821816264 142.24789591747694 
-427.0555482158145 142.24789591747694 295.14543894247214 -886.0677824413699 
-427.0555482158145 -886.0677824413699 2660.3144441548361 280.56577069645056 
-347.78520721813533 805.06201737718425 -347.78520721813533 431.10983664558904 
-997.95330453677479 805.06201737718436 -997.95330453677479 2310.3245447664722 
136.42797975256494 295.31738740645801 553.52582723096032 295.31738740645801 
639.25689831126363 1198.2024284691529 553.52582723096032 1198.2024284691529 
2246.0871782427662 137.82660512177881 -378.13059676618781 -504.23121100585229 
-378.13059676618781 1037.4123379062498 1383.3524248775414 -504.23121100585229 
1383.3524248775414 1844.8665657374886 927.7678501898406 281.11728646352378 
-1364.9434228309915 281.11728646352378 85.179661163545092 -413.58103289489355 
-1364.9434228309917 -413.58103289489355 2008.3152689906099 710.61921653935781 
863.86862609438845 -944.70750989582496 863.86862609438845 1050.1676025149261 
-1148.4307837535009 -944.70750989582496 -1148.4307837535009 
1256.1037061312115 3.6428544623562611 -36.926877447230886 37.22297669245259 
-36.926877447230886 1523.3598214339502 -1510.7491097001987 37.222976692452583 
-1510.7491097001987 1498.497345810755 1402.2485115977547 -450.52047996916303 
1435.7104451515825 -450.52047996916303 144.74519973056636 -461.27377751791886 
1435.7104451515825 -461.27377751791886 1470.2019061812141 1204.0295077654489 
420.85077973289111 1416.7358729910163 420.85077973289111 147.10222323448528 
495.20189321333856 1416.7358729910163 495.20189321333856 1667.2527985012634 
20.954559710679774 211.66113439772022 133.79243933369688 211.66113439772022 
2138.007092204532 1351.5247526670212 133.79243933369688 1351.5247526670212 
854.57133484065946 1006.0257263996427 -1042.2735160784018 -966.55536387595748 
-1042.2735160784018 1079.8276200939388 1001.3734798931263 -966.55536387595748 
1001.3734798931263 928.83472077267481 1680.5383917865504 -483.42682360584485 
-1418.2682322010264 -483.42682360584485 139.06348789365217 407.97959841993497 
-1418.2682322010264 407.97959841993497 1197.1316297794458 2187.6338459701706 
596.59435502936776 -1203.6085008693628 596.59435502936776 162.69855571796793 
-328.23666461591154 -1203.6085008693626 -328.23666461591154 
662.41734284613131 11.486844516317975 -173.92625306377192 61.507893250721132 
-173.92625306377192 2667.4629225804697 -941.51291160871483 61.507893250721125 
-941.51291160871483 332.54220746653306 711.72695922101639 -976.91413728222744 
827.07773949766772 -976.91413728222744 1340.9097005430597 -1135.2549886576044 
827.07773949766761 -1135.2549886576044 961.35679551334249 2602.2245181217868 
-174.85707947262327 1019.0555936479712 -174.85707947262327 12.427529056785293 
-68.732484282220639 1019.0555936479714 -68.732484282220639 399.29303325925264 
2135.2013082441545 1078.0724094086272 836.87245984921424 1078.0724094086272 
544.32350635284274 422.54438675448972 836.87245984921424 422.54438675448972 
328.22572642141199 771.32284525499676 998.51157850719176 855.88499269830413 
998.51157850719176 1292.6178940506049 1107.9911353132777 855.88499269830413 
1107.9911353132777 949.95027185434412 288.36700875954176 -844.51372953065368 
-266.24851287681417 -844.51372953065368 2473.2513331985551 779.71602732363647 
-266.24851287681417 779.71602732363647 246.02824921589388 1620.6776052615105 
-1462.7787923239562 -320.33316756528455 -1462.7787923239562 
1320.2639038387181 289.11711871502399 -320.33316756528455 289.11711871502399 
63.527470192994052 2682.1682867307945 -747.05911794193503 -556.53896342485655 
-747.05911794193503 208.07694398005361 155.0096360032947 -556.53896342485655 
155.0096360032947 115.6918010603992 1882.4780465818708 1381.712502965464 
-452.58346412221863 1381.712502965464 1014.1577537358527 -332.18444629191163 
-452.58346412221852 -332.18444629191163 109.02140596233126 489.94918647816485 
1044.915866392834 -376.74532117149352 1044.915866392834 2228.4958995687439 
-803.47008959082768 -376.74532117149346 -803.47008959082768 
289.90140357691769 627.44616919458065 -1199.8452078000855 226.58859078638693 
-1199.8452078000855 2294.4265116272127 -433.31266482351901 226.58859078638696 
-433.31266482351901 82.048375450144604 2071.267486354845 -1207.4713390814366 
691.74616753720386 -1207.4713390814366 703.91063885359688 -403.26653268700869 
691.74616753720397 -403.26653268700869 231.24452711403887 2922.7655068500862 
475.39047416363968 -197.10332505616338 475.39047416363968 77.322760449497594 
-32.047364321531916 -197.10332505616333 -32.047364321531916 
15.342094869695895 953.56403125463737 1373.9712551518471 258.36558233444936 
1373.9712551518471 1979.7281231288375 372.2847150794417 258.3655823344493 
372.2847150794417 70.222895688534933 47.53543630828888 372.90862596293067 
37.352581063572075 372.90862596293067 2925.4304233464973 293.08621229061282 
37.352581063572089 293.08621229061282 29.578388040024009
##$VisuAcqDiffusionGradOrient=( 65, 3 )
@15*(0) -0.23103337134348603 0.044775381972999698 -0.9719149893354021 
0.25381890003299512 0.18037593094001908 -0.95028442559244442 
0.11821544042863905 -0.31365875243777913 -0.9421482349733713 
-0.33625201528673515 -0.37908215320938415 -0.86210863777933833 
-0.24331700959496391 0.46161199374628586 -0.85305990415172073 
0.18684427175640705 0.58805111396494814 -0.78694669798938821 
0.52721604988054993 -0.16850287946456094 -0.83285654008388577 
0.4638189798940161 -0.59165519308544512 -0.65940585862206214 
-0.0130463643594189 -0.71259147282622604 -0.70145789982888596 
-0.70769140522690088 -0.21965518411862894 -0.67150910273635589 
-0.65914596279819104 0.22143638908610996 -0.718674144042591 
-0.10214821384572401 0.84419727003517597 -0.52620976014635501 
0.55931750548686132 0.59995211478193233 -0.57203268090611936 
0.72595138124549752 0.21530094278602388 -0.65317692557468954 
0.83702184077613773 -0.23287947935786293 -0.4951379465944179 
-0.066256151043098427 -0.9429497905651304 -0.32627567320002715 
-0.50653233812793697 -0.66855807539885403 -0.54447689597413196 
-0.94350889903854918 -0.048352968895603317 -0.32780016448141913 
-0.85466908394756014 0.42595911632958505 -0.29681574783012704 
-0.52638513403301113 0.65640889036499295 -0.5404128600605721 
0.29985712365307299 0.90797417973540695 -0.29269197858554402 
0.72948285868264295 0.66339126309157803 -0.16663370289938301 
0.93812227121998804 0.26336093356206902 -0.22487245921714499 
0.78501537021647727 -0.58142289650358414 -0.21377156954391704 
0.39303312337140778 -0.8618770019689086 -0.32045748143864788 
-0.46281310463710484 -0.87453349690510462 -0.14489718067337795 
-0.84009526404321422 -0.48439331087233817 -0.24413739515751506 
-0.98411975986638744 0.16054361863109309 0.075723475602735527 
-0.56877377339627211 0.81234806233306123 -0.12879060649087404 
-0.12925317457738197 0.98749353134531082 -0.090278139174644487 
-0.23103337134348603 0.044775381972999705 -0.9719149893354021 
0.25381890003299507 0.18037593094001905 -0.9502844255924443 
0.11821544042863905 -0.31365875243777913 -0.9421482349733713 
-0.3362520152867351 -0.3790821532093841 -0.86210863777933822 
-0.24331700959496394 0.46161199374628586 -0.85305990415172084 
0.18684427175640705 0.58805111396494814 -0.78694669798938821 
0.52721604988054993 -0.16850287946456097 -0.83285654008388577 
0.4638189798940161 -0.59165519308544512 -0.65940585862206214 
-0.013046364359418899 -0.71259147282622592 -0.70145789982888596 
-0.70769140522690077 -0.21965518411862889 -0.67150910273635578 
-0.65914596279819093 0.22143638908610996 -0.71867414404259089 
-0.10214821384572399 0.84419727003517586 -0.5262097601463549 
0.55931750548686121 0.59995211478193222 -0.57203268090611925 
0.72595138124549752 0.21530094278602385 -0.65317692557468954 
0.83702184077613773 -0.23287947935786293 -0.4951379465944179 
-0.066256151043098427 -0.9429497905651304 -0.32627567320002715 
-0.50653233812793685 -0.66855807539885392 -0.54447689597413185 
-0.94350889903854929 -0.048352968895603317 -0.32780016448141913 
-0.85466908394756014 0.425959116329585 -0.29681574783012704 
-0.52638513403301102 0.65640889036499306 -0.5404128600605721 
0.29985712365307299 0.90797417973540695 -0.29269197858554402 
0.72948285868264295 0.66339126309157803 -0.16663370289938301 
0.93812227121998804 0.26336093356206902 -0.22487245921714499 
0.78501537021647716 -0.58142289650358414 -0.21377156954391702 
0.39303312337140783 -0.86187700196890871 -0.32045748143864788 
-0.46281310463710484 -0.87453349690510462 -0.14489718067337798 
-0.84009526404321411 -0.48439331087233806 -0.24413739515751504 
-0.98411975986638733 0.16054361863109307 0.075723475602735513 
-0.568773773396272 0.81234806233306112 -0.12879060649087404 
-0.12925317457738197 0.98749353134531082 -0.090278139174644487
##$VisuMagneticFieldStrength=9.4039066135589309
##$VisuMrMultiSpinEcho=No
##$VisuMrMultiPlanar=No
##$VisuMrSteadyStatePulse=MR_ST_TRANSVERSE
##$VisuMrSegmentedKSpaceTraversal=MR_SKST_PARTIAL
##$VisuMrCoverageOfKSpace=MR_CKS_FULL
##$VisuMrPercentSampling=62.5
$$ @vis= Visu VisuInstance VisuVersion VisuUid VisuCreator VisuCreatorVersion
$$ @vis= VisuCreationDate VisuInstanceType VisuInstanceModality
$$ @vis= VisuInstanceDeIdentified VisuCore VisuCoreFrameCount VisuCoreDim
$$ @vis= VisuCoreSize VisuCoreDimDesc VisuCoreExtent VisuCoreFrameThickness
$$ @vis= VisuCoreUnits VisuCoreOrientation VisuCorePosition
$$ @vis= VisuCoreModalityOffset VisuCoreAtsCenterDistance VisuCoreDataMin
$$ @vis= VisuCoreDataMax VisuCoreDataOffs VisuCoreDataSlope VisuCoreFrameType
$$ @vis= VisuFGElemComment VisuCoreSlicePacksDef VisuCoreSlicePacksSlices
$$ @vis= VisuCoreSlicePacksSliceDist VisuPixel VisuCoreWordType
$$ @vis= VisuCoreByteOrder VisuFrameOrderDesc VisuFGOrderDescDim
$$ @vis= VisuFGOrderDesc VisuGroupDepVals VisuSubject VisuSubjectName
$$ @vis= VisuSubjectId VisuSubjectUid VisuSubjectInstanceCreationDate
$$ @vis= VisuSubjectBirthDate VisuSubjectSex VisuSubjectType VisuStudy
$$ @vis= VisuStudyUid VisuStudyDate VisuStudyId VisuStudyNumber
$$ @vis= VisuSubjectWeight VisuStudyReferringPhysician VisuSeries
$$ @vis= VisuExperimentNumber VisuProcessingNumber VisuSeriesDate
$$ @vis= VisuSubjectPosition VisuSeriesTypeId VisuSeriesCreationId
$$ @vis= VisuSeriesExperimentComment VisuSeriesFrameOfReferenceUid
$$ @vis= VisuContrastAgent VisuEquipment VisuManufacturer
$$ @vis= VisuAcqSoftwareVersion VisuInstitution VisuStation
$$ @vis= VisuSystemOrderNumber VisuAcq VisuAcqDate VisuAcqSequenceName
$$ @vis= VisuAcquisitionProtocol VisuAcqScanTime VisuAcqFrameNumbers
$$ @vis= VisuCardiacSynchUsed VisuRespSynchUsed VisuAcqNumberOfAverages
$$ @vis= VisuMxi VisuAcqRepetitionTime VisuCoilReceive VisuCoilReceiveName
$$ @vis= VisuCoilReceiveManufacturer VisuCoilReceiveType
$$ @vis= VisuCoilReceiveIsQuadrature VisuCoilReceiveMultiName VisuCoilTransmit
$$ @vis= VisuCoilTransmitName VisuCoilTransmitManufacturer
$$ @vis= VisuCoilTransmitType VisuCoilTransmitIsQuadrature
$$ @vis= VisuCoilTransmitMultiName VisuMri VisuAcqEchoTrainLength
$$ @vis= VisuAcqImagingFrequency VisuAcqImagedNucleus VisuAcqPixelBandwidth
$$ @vis= VisuAcqFlipAngle VisuMrAcqFlipAngleVariable VisuAcqSize
$$ @vis= VisuAcqImageSizeAccellerated VisuAcqGradEncoding VisuAcqEchoTime
$$ @vis= VisuAcqAntiAlias VisuAcqEchoSequenceType VisuAcqSpinsVelocityEncoded
$$ @vis= VisuAcqHasTimeOfFlightContrast VisuAcqIsEpiSequence
$$ @vis= VisuAcqSpectralSuppression VisuAcqKSpaceTraversal
$$ @vis= VisuAcqEncodingOrder VisuAcqKSpaceTrajectoryCnt
$$ @vis= VisuAcqKSpaceFiltering VisuAcqFlowCompensation VisuAcqSpoiling
$$ @vis= VisuAcqSaturation VisuAcqPartialFourier
$$ @vis= VisuAcqParallelReductionFactor VisuAcqMagnetizationTransfer
$$ @vis= VisuAcqBloodSignalNulling VisuAcqDiffusionBMatrix
$$ @vis= VisuAcqDiffusionGradOrient VisuMagneticFieldStrength
$$ @vis= VisuMrMultiSpinEcho VisuMrMultiPlanar VisuMrSteadyStatePulse
$$ @vis= VisuMrSegmentedKSpaceTraversal VisuMrCoverageOfKSpace
$$ @vis= VisuMrPercentSampling VisuMrs
##END=
$$ File finished by PARX at 2024-07-25 10:16:29.443 +0200
